STORAGE: NONE
NUGET
  remote: https://api.nuget.org/v3/index.json
    FSharp.Core (4.2.3)
      System.Collections (>= 4.0.11) - restriction: >= netstandard1.6
      System.Console (>= 4.0) - restriction: >= netstandard1.6
      System.Diagnostics.Debug (>= 4.0.11) - restriction: >= netstandard1.6
      System.Diagnostics.Tools (>= 4.0.1) - restriction: >= netstandard1.6
      System.Globalization (>= 4.0.11) - restriction: >= netstandard1.6
      System.IO (>= 4.1) - restriction: >= netstandard1.6
      System.Linq (>= 4.1) - restriction: >= netstandard1.6
      System.Linq.Expressions (>= 4.1) - restriction: >= netstandard1.6
      System.Linq.Queryable (>= 4.0.1) - restriction: >= netstandard1.6
      System.Net.Requests (>= 4.0.11) - restriction: >= netstandard1.6
      System.Reflection (>= 4.1) - restriction: >= netstandard1.6
      System.Reflection.Extensions (>= 4.0.1) - restriction: >= netstandard1.6
      System.Resources.ResourceManager (>= 4.0.1) - restriction: >= netstandard1.6
      System.Runtime (>= 4.1) - restriction: >= netstandard1.6
      System.Runtime.Extensions (>= 4.1) - restriction: >= netstandard1.6
      System.Runtime.Numerics (>= 4.0.1) - restriction: >= netstandard1.6
      System.Text.RegularExpressions (>= 4.1) - restriction: >= netstandard1.6
      System.Threading (>= 4.0.11) - restriction: >= netstandard1.6
      System.Threading.Tasks (>= 4.0.11) - restriction: >= netstandard1.6
      System.Threading.Tasks.Parallel (>= 4.0.1) - restriction: >= netstandard1.6
      System.Threading.Thread (>= 4.0) - restriction: >= netstandard1.6
      System.Threading.ThreadPool (>= 4.0.10) - restriction: >= netstandard1.6
      System.Threading.Timer (>= 4.0.1) - restriction: >= netstandard1.6
    Google.Protobuf (3.4)
      NETStandard.Library (>= 1.6.1) - restriction: && (< net451) (>= netstandard1.0)
    Google.Protobuf.Tools (3.4)
    Microsoft.NETCore.Platforms (2.0) - restriction: || (&& (>= net45) (< portable-net451+win81+wpa81)) (&& (< net45) (>= net46) (< netstandard1.2)) (&& (< net45) (>= net46) (< netstandard1.3)) (&& (< net45) (>= net46) (< netstandard1.4)) (&& (< net45) (>= netstandard1.1) (< portable-net451+win81+wpa81)) (&& (< net45) (>= netstandard1.2) (< netstandard1.3) (< monoandroid) (< wpa81)) (&& (< net45) (>= netstandard1.2) (< win8) (< portable-net451+win81+wpa81)) (&& (< net45) (< netstandard1.2) (>= netstandard1.3) (< monoandroid) (< win8)) (&& (< net45) (< netstandard1.2) (>= netstandard1.4) (< monoandroid) (< win8)) (&& (< net45) (>= netstandard1.3) (< netstandard1.4) (< monoandroid) (< wpa81)) (&& (< net45) (>= netstandard1.3) (< win8) (< portable-net451+win81+wpa81)) (&& (< net45) (< netstandard1.3) (>= netstandard1.4) (< monoandroid) (< win8) (< wpa81)) (&& (< net45) (>= netstandard1.4) (< netstandard1.5) (< monoandroid) (< wpa81)) (&& (< net45) (>= netstandard1.5) (< monoandroid)) (&& (< net45) (>= netstandard1.5) (< portable-net451+win81+wpa81)) (&& (< net451) (>= net46) (< netstandard1.4)) (&& (< net451) (>= net461)) (&& (>= net46) (>= dnxcore50)) (>= uap10.0) (&& (>= dnxcore50) (>= netstandard1.0)) (&& (>= dnxcore50) (>= netstandard1.1)) (&& (>= dnxcore50) (>= netstandard1.2)) (&& (>= dnxcore50) (>= netstandard1.3)) (&& (>= dnxcore50) (>= netstandard1.4)) (&& (>= dnxcore50) (>= netstandard1.5)) (&& (>= netstandard1.0) (< portable-net45+win8+wpa81)) (&& (>= netstandard1.1) (< portable-net45+win8+wpa81)) (&& (< netstandard1.1) (>= netstandard1.2) (< monoandroid) (< win8)) (&& (< netstandard1.1) (>= netstandard1.3) (< monoandroid) (< win8)) (&& (< netstandard1.1) (>= netstandard1.4) (< monoandroid) (< win8)) (&& (< netstandard1.1) (>= netstandard1.5) (< monoandroid)) (&& (>= netstandard1.2) (< portable-net45+win8+wpa81)) (&& (>= netstandard1.3) (< portable-net45+win8+wpa81)) (&& (< netstandard1.3) (>= netcoreapp1.1)) (&& (< netstandard1.3) (>= wpa81)) (&& (< netstandard1.4) (>= netcoreapp1.1)) (&& (>= netstandard1.5) (< portable-net45+win8+wpa81)) (&& (< netstandard1.5) (>= netcoreapp1.1)) (>= netstandard1.6) (&& (< netstandard2.0) (>= netcoreapp1.1)) (&& (>= netcoreapp1.1) (< portable-net451+win81+wpa81))
    Microsoft.NETCore.Targets (2.0) - restriction: || (&& (< net45) (>= net46) (< netstandard1.2)) (&& (< net45) (>= net46) (< netstandard1.3)) (&& (< net45) (>= net46) (< netstandard1.4)) (&& (< net45) (>= netstandard1.1) (< win8) (< portable-net451+win81+wpa81)) (&& (< net45) (>= netstandard1.2) (< netstandard1.3) (< monoandroid) (< win8) (< wpa81)) (&& (< net45) (>= netstandard1.2) (< netstandard1.3) (< monoandroid) (< win81) (< wpa81)) (&& (< net45) (>= netstandard1.2) (< win8) (< portable-net451+win81+wpa81)) (&& (< net45) (< netstandard1.2) (>= netstandard1.3) (< monoandroid) (< win8)) (&& (< net45) (< netstandard1.2) (>= netstandard1.4) (< monoandroid) (< win8)) (&& (< net45) (< netstandard1.2) (>= netstandard1.5) (< monoandroid)) (&& (< net45) (>= netstandard1.3) (< netstandard1.4) (< monoandroid) (< wpa81)) (&& (< net45) (>= netstandard1.3) (< win8) (< portable-net451+win81+wpa81)) (&& (< net45) (< netstandard1.3) (>= netstandard1.4) (< monoandroid) (< win8) (< wpa81)) (&& (< net45) (< netstandard1.3) (>= netstandard1.5) (< monoandroid)) (&& (< net45) (>= netstandard1.4) (< netstandard1.5) (< monoandroid) (< wpa81)) (&& (< net45) (< netstandard1.4) (>= netstandard1.5) (< monoandroid)) (&& (< net45) (>= netstandard1.5) (< netstandard1.6) (< monoandroid)) (&& (< net45) (>= netstandard1.5) (< monoandroid) (< monotouch) (< xamarintvos) (< xamarinwatchos) (< xamarinios) (< xamarinmac)) (&& (< net45) (>= netstandard1.5) (< portable-net451+win81+wpa81)) (&& (< net451) (>= net46) (< netstandard1.4)) (&& (>= net46) (>= dnxcore50)) (&& (>= net46) (< netstandard1.2) (>= netstandard1.6)) (&& (>= net46) (< netstandard1.3) (>= netstandard1.6)) (&& (>= net46) (< netstandard1.4) (>= netstandard1.6)) (&& (>= uap10.0) (< uap10.1)) (&& (>= uap10.0) (>= dnxcore50)) (&& (>= uap10.0) (< netstandard1.1) (< win8)) (&& (>= uap10.0) (< netstandard1.2) (< win8)) (&& (>= uap10.0) (>= netstandard1.5)) (&& (>= uap10.0) (>= netstandard1.6)) (&& (>= uap10.0) (< win8) (< wpa81)) (&& (>= uap10.0) (< win81) (< wpa81)) (&& (>= dnxcore50) (>= netstandard1.0)) (&& (>= dnxcore50) (>= netstandard1.1)) (&& (>= dnxcore50) (>= netstandard1.2)) (&& (>= dnxcore50) (>= netstandard1.3)) (&& (>= dnxcore50) (>= netstandard1.4)) (&& (>= dnxcore50) (>= netstandard1.5)) (&& (>= dnxcore50) (>= netstandard1.6)) (&& (>= netstandard1.0) (< wp8) (< portable-net45+win8+wpa81)) (&& (>= netstandard1.1) (< portable-net45+win8+wpa81)) (&& (< netstandard1.1) (>= netstandard1.2) (< monoandroid) (< win8)) (&& (< netstandard1.1) (>= netstandard1.3) (< monoandroid) (< win8)) (&& (< netstandard1.1) (>= netstandard1.4) (< monoandroid) (< win8)) (&& (< netstandard1.1) (>= netstandard1.5) (< monoandroid)) (&& (< netstandard1.1) (>= netstandard1.6) (< monoandroid)) (&& (>= netstandard1.2) (< portable-net45+win8+wpa81)) (&& (< netstandard1.2) (>= netstandard1.6) (< monoandroid)) (&& (>= netstandard1.3) (< portable-net45+win8+wpa81)) (&& (< netstandard1.3) (>= netstandard1.6) (< monoandroid)) (&& (< netstandard1.4) (>= netstandard1.6) (< monoandroid)) (&& (>= netstandard1.5) (< portable-net45+win8+wpa81)) (&& (< netstandard1.5) (>= netstandard1.6) (< monoandroid)) (&& (>= netstandard1.6) (< monotouch) (< xamarintvos) (< xamarinwatchos) (< xamarinios) (< xamarinmac)) (&& (>= netstandard1.6) (< portable-net451+win81+wpa81)) (>= netcoreapp1.1)
    Microsoft.Win32.Primitives (4.3) - restriction: || (&& (< net45) (>= net46) (< netstandard1.4)) (&& (< net45) (>= netstandard1.3) (< netstandard1.4) (< monoandroid) (< wpa81)) (&& (< net45) (>= netstandard1.3) (< win8) (< portable-net451+win81+wpa81)) (&& (< net45) (>= netstandard1.4) (< netstandard1.5) (< monoandroid) (< wpa81)) (&& (< net45) (>= netstandard1.5) (< netstandard1.6) (< monoandroid)) (&& (< net451) (>= net46) (< netstandard1.4)) (&& (>= uap10.0) (< uap10.1)) (&& (>= uap10.0) (< win8) (< wpa81)) (&& (>= netstandard1.6) (< netstandard2.0) (< monotouch) (< xamarintvos) (< xamarinwatchos) (< xamarinios) (< xamarinmac))
      Microsoft.NETCore.Platforms (>= 1.1) - restriction: && (< net46) (>= netstandard1.3) (< monotouch) (< xamarintvos) (< xamarinwatchos) (< xamarinios) (< xamarinmac)
      Microsoft.NETCore.Targets (>= 1.1) - restriction: && (< net46) (>= netstandard1.3) (< monotouch) (< xamarintvos) (< xamarinwatchos) (< xamarinios) (< xamarinmac)
      System.Runtime (>= 4.3) - restriction: && (< net46) (>= netstandard1.3) (< monotouch) (< xamarintvos) (< xamarinwatchos) (< xamarinios) (< xamarinmac)
    NETStandard.Library (2.0) - restriction: && (< net451) (>= netstandard1.0)
      Microsoft.NETCore.Platforms (>= 1.1) - restriction: || (&& (>= net45) (< portable-net451+win81+wpa81)) (&& (< net45) (>= netstandard1.1) (< portable-net451+win81+wpa81)) (&& (< net45) (>= netstandard1.2) (< netstandard1.3) (< monoandroid) (< wpa81)) (&& (< net45) (>= netstandard1.3) (< netstandard1.4) (< monoandroid) (< wpa81)) (&& (< net45) (>= netstandard1.4) (< netstandard1.5) (< monoandroid) (< wpa81)) (&& (< net45) (>= netstandard1.5) (< monoandroid)) (&& (>= net451) (< netstandard1.3)) (&& (>= net46) (< netstandard1.4)) (>= net461) (>= uap10.0) (&& (>= netstandard1.0) (< portable-net45+win8+wpa81)) (&& (< netstandard1.0) (>= monoandroid)) (&& (< netstandard1.0) (< monoandroid) (>= portable-net451+win81+wpa81)) (&& (< netstandard1.0) (>= portable-net45+win8+wpa81) (< portable-net451+win81+wpa81)) (&& (< netstandard1.0) (< portable-net45+win8+wpa81) (>= portable-net45+win8+wp8+wpa81)) (&& (< netstandard1.3) (>= wpa81)) (>= netstandard1.6)
      Microsoft.Win32.Primitives (>= 4.3) - restriction: || (&& (< net45) (>= netstandard1.3) (< netstandard1.4) (< monoandroid) (< wpa81)) (&& (< net45) (>= netstandard1.4) (< netstandard1.5) (< monoandroid) (< wpa81)) (&& (< net45) (>= netstandard1.5) (< netstandard1.6) (< monoandroid)) (&& (>= net46) (< netstandard1.4)) (&& (>= uap10.0) (< uap10.1)) (&& (>= netstandard1.6) (< netstandard2.0) (< monotouch) (< xamarintvos) (< xamarinwatchos) (< xamarinios) (< xamarinmac))
      System.AppContext (>= 4.3) - restriction: || (&& (< net45) (>= netstandard1.3) (< netstandard1.4) (< monoandroid) (< wpa81)) (&& (< net45) (>= netstandard1.4) (< netstandard1.5) (< monoandroid) (< wpa81)) (&& (< net45) (>= netstandard1.5) (< netstandard1.6) (< monoandroid)) (&& (>= net46) (< netstandard1.4)) (&& (>= uap10.0) (< uap10.1)) (&& (>= netstandard1.6) (< netstandard2.0) (< monotouch) (< xamarintvos) (< xamarinwatchos) (< xamarinios) (< xamarinmac))
      System.Collections (>= 4.3) - restriction: || (&& (< net45) (>= netstandard1.1) (< portable-net451+win81+wpa81)) (&& (< net45) (>= netstandard1.2) (< netstandard1.3) (< monoandroid) (< wpa81)) (&& (< net45) (>= netstandard1.3) (< netstandard1.4) (< monoandroid) (< wpa81)) (&& (< net45) (>= netstandard1.4) (< netstandard1.5) (< monoandroid) (< wpa81)) (&& (< net45) (>= netstandard1.5) (< netstandard1.6) (< monoandroid)) (&& (>= uap10.0) (< uap10.1)) (&& (>= netstandard1.0) (< portable-net45+win8+wpa81)) (&& (>= netstandard1.6) (< netstandard2.0) (< monotouch) (< xamarintvos) (< xamarinwatchos) (< xamarinios) (< xamarinmac))
      System.Collections.Concurrent (>= 4.3) - restriction: || (&& (< net45) (>= netstandard1.1) (< portable-net451+win81+wpa81)) (&& (< net45) (>= netstandard1.2) (< netstandard1.3) (< monoandroid) (< wpa81)) (&& (< net45) (>= netstandard1.3) (< netstandard1.4) (< monoandroid) (< wpa81)) (&& (< net45) (>= netstandard1.4) (< netstandard1.5) (< monoandroid) (< wpa81)) (&& (< net45) (>= netstandard1.5) (< netstandard1.6) (< monoandroid)) (&& (>= uap10.0) (< uap10.1)) (&& (>= netstandard1.6) (< netstandard2.0) (< monotouch) (< xamarintvos) (< xamarinwatchos) (< xamarinios) (< xamarinmac))
      System.Console (>= 4.3) - restriction: || (&& (< net45) (>= netstandard1.3) (< netstandard1.4) (< monoandroid) (< wpa81)) (&& (< net45) (>= netstandard1.4) (< netstandard1.5) (< monoandroid) (< wpa81)) (&& (< net45) (>= netstandard1.5) (< netstandard1.6) (< monoandroid)) (&& (>= net46) (< netstandard1.4)) (&& (>= uap10.0) (< uap10.1)) (&& (>= netstandard1.6) (< netstandard2.0) (< monotouch) (< xamarintvos) (< xamarinwatchos) (< xamarinios) (< xamarinmac))
      System.Diagnostics.Debug (>= 4.3) - restriction: || (&& (< net45) (>= netstandard1.1) (< portable-net451+win81+wpa81)) (&& (< net45) (>= netstandard1.2) (< netstandard1.3) (< monoandroid) (< wpa81)) (&& (< net45) (>= netstandard1.3) (< netstandard1.4) (< monoandroid) (< wpa81)) (&& (< net45) (>= netstandard1.4) (< netstandard1.5) (< monoandroid) (< wpa81)) (&& (< net45) (>= netstandard1.5) (< netstandard1.6) (< monoandroid)) (&& (>= uap10.0) (< uap10.1)) (&& (>= netstandard1.0) (< portable-net45+win8+wpa81)) (&& (>= netstandard1.6) (< netstandard2.0) (< monotouch) (< xamarintvos) (< xamarinwatchos) (< xamarinios) (< xamarinmac))
      System.Diagnostics.Tools (>= 4.3) - restriction: || (&& (< net45) (>= netstandard1.1) (< portable-net451+win81+wpa81)) (&& (< net45) (>= netstandard1.2) (< netstandard1.3) (< monoandroid) (< wpa81)) (&& (< net45) (>= netstandard1.3) (< netstandard1.4) (< monoandroid) (< wpa81)) (&& (< net45) (>= netstandard1.4) (< netstandard1.5) (< monoandroid) (< wpa81)) (&& (< net45) (>= netstandard1.5) (< netstandard1.6) (< monoandroid)) (&& (>= uap10.0) (< uap10.1)) (&& (>= netstandard1.0) (< portable-net45+win8+wpa81)) (&& (>= netstandard1.6) (< netstandard2.0) (< monotouch) (< xamarintvos) (< xamarinwatchos) (< xamarinios) (< xamarinmac))
      System.Diagnostics.Tracing (>= 4.3) - restriction: || (&& (< net45) (>= netstandard1.1) (< portable-net451+win81+wpa81)) (&& (< net45) (>= netstandard1.2) (< netstandard1.3) (< monoandroid) (< wpa81)) (&& (< net45) (>= netstandard1.3) (< netstandard1.4) (< monoandroid) (< wpa81)) (&& (< net45) (>= netstandard1.4) (< netstandard1.5) (< monoandroid) (< wpa81)) (&& (< net45) (>= netstandard1.5) (< netstandard1.6) (< monoandroid)) (&& (>= uap10.0) (< uap10.1)) (&& (>= netstandard1.6) (< netstandard2.0) (< monotouch) (< xamarintvos) (< xamarinwatchos) (< xamarinios) (< xamarinmac))
      System.Globalization (>= 4.3) - restriction: || (&& (< net45) (>= netstandard1.1) (< portable-net451+win81+wpa81)) (&& (< net45) (>= netstandard1.2) (< netstandard1.3) (< monoandroid) (< wpa81)) (&& (< net45) (>= netstandard1.3) (< netstandard1.4) (< monoandroid) (< wpa81)) (&& (< net45) (>= netstandard1.4) (< netstandard1.5) (< monoandroid) (< wpa81)) (&& (< net45) (>= netstandard1.5) (< netstandard1.6) (< monoandroid)) (&& (>= uap10.0) (< uap10.1)) (&& (>= netstandard1.0) (< portable-net45+win8+wpa81)) (&& (>= netstandard1.6) (< netstandard2.0) (< monotouch) (< xamarintvos) (< xamarinwatchos) (< xamarinios) (< xamarinmac))
      System.Globalization.Calendars (>= 4.3) - restriction: || (&& (< net45) (>= netstandard1.3) (< netstandard1.4) (< monoandroid) (< wpa81)) (&& (< net45) (>= netstandard1.4) (< netstandard1.5) (< monoandroid) (< wpa81)) (&& (< net45) (>= netstandard1.5) (< netstandard1.6) (< monoandroid)) (&& (>= net46) (< netstandard1.4)) (&& (>= uap10.0) (< uap10.1)) (&& (>= netstandard1.6) (< netstandard2.0) (< monotouch) (< xamarintvos) (< xamarinwatchos) (< xamarinios) (< xamarinmac))
      System.IO (>= 4.3) - restriction: || (&& (< net45) (>= netstandard1.1) (< portable-net451+win81+wpa81)) (&& (< net45) (>= netstandard1.2) (< netstandard1.3) (< monoandroid) (< wpa81)) (&& (< net45) (>= netstandard1.3) (< netstandard1.4) (< monoandroid) (< wpa81)) (&& (< net45) (>= netstandard1.4) (< netstandard1.5) (< monoandroid) (< wpa81)) (&& (< net45) (>= netstandard1.5) (< netstandard1.6) (< monoandroid)) (&& (>= uap10.0) (< uap10.1)) (&& (>= netstandard1.0) (< portable-net45+win8+wpa81)) (&& (>= netstandard1.6) (< netstandard2.0) (< monotouch) (< xamarintvos) (< xamarinwatchos) (< xamarinios) (< xamarinmac))
      System.IO.Compression (>= 4.3) - restriction: || (&& (< net45) (>= netstandard1.1) (< portable-net451+win81+wpa81)) (&& (< net45) (>= netstandard1.2) (< netstandard1.3) (< monoandroid) (< wpa81)) (&& (< net45) (>= netstandard1.3) (< netstandard1.4) (< monoandroid) (< wpa81)) (&& (< net45) (>= netstandard1.4) (< netstandard1.5) (< monoandroid) (< wpa81)) (&& (< net45) (>= netstandard1.5) (< netstandard1.6) (< monoandroid)) (&& (>= net46) (< netstandard1.4)) (&& (>= uap10.0) (< uap10.1)) (&& (>= netstandard1.6) (< netstandard2.0) (< monotouch) (< xamarintvos) (< xamarinwatchos) (< xamarinios) (< xamarinmac))
      System.IO.Compression.ZipFile (>= 4.3) - restriction: || (&& (< net45) (>= netstandard1.3) (< netstandard1.4) (< monoandroid) (< wpa81)) (&& (< net45) (>= netstandard1.4) (< netstandard1.5) (< monoandroid) (< wpa81)) (&& (< net45) (>= netstandard1.5) (< netstandard1.6) (< monoandroid)) (&& (>= net46) (< netstandard1.4)) (&& (>= uap10.0) (< uap10.1)) (&& (>= netstandard1.6) (< netstandard2.0) (< monotouch) (< xamarintvos) (< xamarinwatchos) (< xamarinios) (< xamarinmac))
      System.IO.FileSystem (>= 4.3) - restriction: || (&& (< net45) (>= netstandard1.3) (< netstandard1.4) (< monoandroid) (< wpa81)) (&& (< net45) (>= netstandard1.4) (< netstandard1.5) (< monoandroid) (< wpa81)) (&& (< net45) (>= netstandard1.5) (< netstandard1.6) (< monoandroid)) (&& (>= net46) (< netstandard1.4)) (&& (>= uap10.0) (< uap10.1)) (&& (>= netstandard1.6) (< netstandard2.0) (< monotouch) (< xamarintvos) (< xamarinwatchos) (< xamarinios) (< xamarinmac))
      System.IO.FileSystem.Primitives (>= 4.3) - restriction: || (&& (< net45) (>= netstandard1.3) (< netstandard1.4) (< monoandroid) (< wpa81)) (&& (< net45) (>= netstandard1.4) (< netstandard1.5) (< monoandroid) (< wpa81)) (&& (< net45) (>= netstandard1.5) (< netstandard1.6) (< monoandroid)) (&& (>= net46) (< netstandard1.4)) (&& (>= uap10.0) (< uap10.1)) (&& (>= netstandard1.6) (< netstandard2.0) (< monotouch) (< xamarintvos) (< xamarinwatchos) (< xamarinios) (< xamarinmac))
      System.Linq (>= 4.3) - restriction: || (&& (< net45) (>= netstandard1.1) (< portable-net451+win81+wpa81)) (&& (< net45) (>= netstandard1.2) (< netstandard1.3) (< monoandroid) (< wpa81)) (&& (< net45) (>= netstandard1.3) (< netstandard1.4) (< monoandroid) (< wpa81)) (&& (< net45) (>= netstandard1.4) (< netstandard1.5) (< monoandroid) (< wpa81)) (&& (< net45) (>= netstandard1.5) (< netstandard1.6) (< monoandroid)) (&& (>= uap10.0) (< uap10.1)) (&& (>= netstandard1.0) (< portable-net45+win8+wpa81)) (&& (>= netstandard1.6) (< netstandard2.0) (< monotouch) (< xamarintvos) (< xamarinwatchos) (< xamarinios) (< xamarinmac))
      System.Linq.Expressions (>= 4.3) - restriction: || (&& (< net45) (>= netstandard1.1) (< portable-net451+win81+wpa81)) (&& (< net45) (>= netstandard1.2) (< netstandard1.3) (< monoandroid) (< wpa81)) (&& (< net45) (>= netstandard1.3) (< netstandard1.4) (< monoandroid) (< wpa81)) (&& (< net45) (>= netstandard1.4) (< netstandard1.5) (< monoandroid) (< wpa81)) (&& (< net45) (>= netstandard1.5) (< netstandard1.6) (< monoandroid)) (&& (>= uap10.0) (< uap10.1)) (&& (>= netstandard1.0) (< portable-net45+win8+wpa81)) (&& (>= netstandard1.6) (< netstandard2.0) (< monotouch) (< xamarintvos) (< xamarinwatchos) (< xamarinios) (< xamarinmac))
      System.Net.Http (>= 4.3.2) - restriction: || (&& (< net45) (>= netstandard1.1) (< portable-net451+win81+wpa81)) (&& (< net45) (>= netstandard1.2) (< netstandard1.3) (< monoandroid) (< wpa81)) (&& (< net45) (>= netstandard1.3) (< netstandard1.4) (< monoandroid) (< wpa81)) (&& (< net45) (>= netstandard1.4) (< netstandard1.5) (< monoandroid) (< wpa81)) (&& (< net45) (>= netstandard1.5) (< netstandard1.6) (< monoandroid)) (&& (>= net46) (< netstandard1.4)) (&& (>= uap10.0) (< uap10.1)) (&& (>= netstandard1.6) (< netstandard2.0) (< monotouch) (< xamarintvos) (< xamarinwatchos) (< xamarinios) (< xamarinmac))
      System.Net.Primitives (>= 4.3) - restriction: || (&& (< net45) (>= netstandard1.1) (< portable-net451+win81+wpa81)) (&& (< net45) (>= netstandard1.2) (< netstandard1.3) (< monoandroid) (< wpa81)) (&& (< net45) (>= netstandard1.3) (< netstandard1.4) (< monoandroid) (< wpa81)) (&& (< net45) (>= netstandard1.4) (< netstandard1.5) (< monoandroid) (< wpa81)) (&& (< net45) (>= netstandard1.5) (< netstandard1.6) (< monoandroid)) (&& (>= uap10.0) (< uap10.1)) (&& (>= netstandard1.0) (< portable-net45+win8+wpa81)) (&& (>= netstandard1.6) (< netstandard2.0) (< monotouch) (< xamarintvos) (< xamarinwatchos) (< xamarinios) (< xamarinmac))
      System.Net.Sockets (>= 4.3) - restriction: || (&& (< net45) (>= netstandard1.3) (< netstandard1.4) (< monoandroid) (< wpa81)) (&& (< net45) (>= netstandard1.4) (< netstandard1.5) (< monoandroid) (< wpa81)) (&& (< net45) (>= netstandard1.5) (< netstandard1.6) (< monoandroid)) (&& (>= net46) (< netstandard1.4)) (&& (>= uap10.0) (< uap10.1)) (&& (>= netstandard1.6) (< netstandard2.0) (< monotouch) (< xamarintvos) (< xamarinwatchos) (< xamarinios) (< xamarinmac))
      System.ObjectModel (>= 4.3) - restriction: || (&& (< net45) (>= netstandard1.1) (< portable-net451+win81+wpa81)) (&& (< net45) (>= netstandard1.2) (< netstandard1.3) (< monoandroid) (< wpa81)) (&& (< net45) (>= netstandard1.3) (< netstandard1.4) (< monoandroid) (< wpa81)) (&& (< net45) (>= netstandard1.4) (< netstandard1.5) (< monoandroid) (< wpa81)) (&& (< net45) (>= netstandard1.5) (< netstandard1.6) (< monoandroid)) (&& (>= uap10.0) (< uap10.1)) (&& (>= netstandard1.0) (< portable-net45+win8+wpa81)) (&& (>= netstandard1.6) (< netstandard2.0) (< monotouch) (< xamarintvos) (< xamarinwatchos) (< xamarinios) (< xamarinmac))
      System.Reflection (>= 4.3) - restriction: || (&& (< net45) (>= netstandard1.1) (< portable-net451+win81+wpa81)) (&& (< net45) (>= netstandard1.2) (< netstandard1.3) (< monoandroid) (< wpa81)) (&& (< net45) (>= netstandard1.3) (< netstandard1.4) (< monoandroid) (< wpa81)) (&& (< net45) (>= netstandard1.4) (< netstandard1.5) (< monoandroid) (< wpa81)) (&& (< net45) (>= netstandard1.5) (< netstandard1.6) (< monoandroid)) (&& (>= uap10.0) (< uap10.1)) (&& (>= netstandard1.0) (< portable-net45+win8+wpa81)) (&& (>= netstandard1.6) (< netstandard2.0) (< monotouch) (< xamarintvos) (< xamarinwatchos) (< xamarinios) (< xamarinmac))
      System.Reflection.Extensions (>= 4.3) - restriction: || (&& (< net45) (>= netstandard1.1) (< portable-net451+win81+wpa81)) (&& (< net45) (>= netstandard1.2) (< netstandard1.3) (< monoandroid) (< wpa81)) (&& (< net45) (>= netstandard1.3) (< netstandard1.4) (< monoandroid) (< wpa81)) (&& (< net45) (>= netstandard1.4) (< netstandard1.5) (< monoandroid) (< wpa81)) (&& (< net45) (>= netstandard1.5) (< netstandard1.6) (< monoandroid)) (&& (>= uap10.0) (< uap10.1)) (&& (>= netstandard1.0) (< portable-net45+win8+wpa81)) (&& (>= netstandard1.6) (< netstandard2.0) (< monotouch) (< xamarintvos) (< xamarinwatchos) (< xamarinios) (< xamarinmac))
      System.Reflection.Primitives (>= 4.3) - restriction: || (&& (< net45) (>= netstandard1.1) (< portable-net451+win81+wpa81)) (&& (< net45) (>= netstandard1.2) (< netstandard1.3) (< monoandroid) (< wpa81)) (&& (< net45) (>= netstandard1.3) (< netstandard1.4) (< monoandroid) (< wpa81)) (&& (< net45) (>= netstandard1.4) (< netstandard1.5) (< monoandroid) (< wpa81)) (&& (< net45) (>= netstandard1.5) (< netstandard1.6) (< monoandroid)) (&& (>= uap10.0) (< uap10.1)) (&& (>= netstandard1.0) (< portable-net45+win8+wpa81)) (&& (>= netstandard1.6) (< netstandard2.0) (< monotouch) (< xamarintvos) (< xamarinwatchos) (< xamarinios) (< xamarinmac))
      System.Resources.ResourceManager (>= 4.3) - restriction: || (&& (< net45) (>= netstandard1.1) (< portable-net451+win81+wpa81)) (&& (< net45) (>= netstandard1.2) (< netstandard1.3) (< monoandroid) (< wpa81)) (&& (< net45) (>= netstandard1.3) (< netstandard1.4) (< monoandroid) (< wpa81)) (&& (< net45) (>= netstandard1.4) (< netstandard1.5) (< monoandroid) (< wpa81)) (&& (< net45) (>= netstandard1.5) (< netstandard1.6) (< monoandroid)) (&& (>= uap10.0) (< uap10.1)) (&& (>= netstandard1.0) (< portable-net45+win8+wpa81)) (&& (>= netstandard1.6) (< netstandard2.0) (< monotouch) (< xamarintvos) (< xamarinwatchos) (< xamarinios) (< xamarinmac))
      System.Runtime (>= 4.3) - restriction: || (&& (< net45) (>= netstandard1.1) (< portable-net451+win81+wpa81)) (&& (< net45) (>= netstandard1.2) (< netstandard1.3) (< monoandroid) (< wpa81)) (&& (< net45) (>= netstandard1.3) (< netstandard1.4) (< monoandroid) (< wpa81)) (&& (< net45) (>= netstandard1.4) (< netstandard1.5) (< monoandroid) (< wpa81)) (&& (< net45) (>= netstandard1.5) (< netstandard1.6) (< monoandroid)) (&& (>= uap10.0) (< uap10.1)) (&& (>= netstandard1.0) (< portable-net45+win8+wpa81)) (&& (>= netstandard1.6) (< netstandard2.0) (< monotouch) (< xamarintvos) (< xamarinwatchos) (< xamarinios) (< xamarinmac))
      System.Runtime.Extensions (>= 4.3) - restriction: || (&& (< net45) (>= netstandard1.1) (< portable-net451+win81+wpa81)) (&& (< net45) (>= netstandard1.2) (< netstandard1.3) (< monoandroid) (< wpa81)) (&& (< net45) (>= netstandard1.3) (< netstandard1.4) (< monoandroid) (< wpa81)) (&& (< net45) (>= netstandard1.4) (< netstandard1.5) (< monoandroid) (< wpa81)) (&& (< net45) (>= netstandard1.5) (< netstandard1.6) (< monoandroid)) (&& (>= uap10.0) (< uap10.1)) (&& (>= netstandard1.0) (< portable-net45+win8+wpa81)) (&& (>= netstandard1.6) (< netstandard2.0) (< monotouch) (< xamarintvos) (< xamarinwatchos) (< xamarinios) (< xamarinmac))
      System.Runtime.Handles (>= 4.3) - restriction: || (&& (< net45) (>= netstandard1.3) (< netstandard1.4) (< monoandroid) (< wpa81)) (&& (< net45) (>= netstandard1.4) (< netstandard1.5) (< monoandroid) (< wpa81)) (&& (< net45) (>= netstandard1.5) (< netstandard1.6) (< monoandroid)) (&& (>= uap10.0) (< uap10.1)) (&& (>= netstandard1.6) (< netstandard2.0) (< monotouch) (< xamarintvos) (< xamarinwatchos) (< xamarinios) (< xamarinmac))
      System.Runtime.InteropServices (>= 4.3) - restriction: || (&& (< net45) (>= netstandard1.1) (< portable-net451+win81+wpa81)) (&& (< net45) (>= netstandard1.2) (< netstandard1.3) (< monoandroid) (< wpa81)) (&& (< net45) (>= netstandard1.3) (< netstandard1.4) (< monoandroid) (< wpa81)) (&& (< net45) (>= netstandard1.4) (< netstandard1.5) (< monoandroid) (< wpa81)) (&& (< net45) (>= netstandard1.5) (< netstandard1.6) (< monoandroid)) (&& (>= uap10.0) (< uap10.1)) (&& (>= netstandard1.6) (< netstandard2.0) (< monotouch) (< xamarintvos) (< xamarinwatchos) (< xamarinios) (< xamarinmac))
      System.Runtime.InteropServices.RuntimeInformation (>= 4.3) - restriction: || (&& (>= net45) (< portable-net451+win81+wpa81)) (&& (< net45) (>= netstandard1.1) (< portable-net451+win81+wpa81)) (&& (< net45) (>= netstandard1.2) (< netstandard1.3) (< monoandroid) (< wpa81)) (&& (< net45) (>= netstandard1.3) (< netstandard1.4) (< monoandroid) (< wpa81)) (&& (< net45) (>= netstandard1.4) (< netstandard1.5) (< monoandroid) (< wpa81)) (&& (< net45) (>= netstandard1.5) (< netstandard1.6) (< monoandroid)) (&& (>= net451) (< netstandard1.3)) (&& (>= net46) (< netstandard1.4)) (&& (>= uap10.0) (< uap10.1)) (&& (< netstandard1.0) (< monoandroid) (>= portable-net451+win81+wpa81)) (&& (< netstandard1.0) (>= portable-net45+win8+wpa81) (< portable-net451+win81+wpa81)) (&& (< netstandard1.3) (>= wpa81)) (&& (>= netstandard1.6) (< netstandard2.0) (< monotouch) (< xamarintvos) (< xamarinwatchos) (< xamarinios) (< xamarinmac))
      System.Runtime.Numerics (>= 4.3) - restriction: || (&& (< net45) (>= netstandard1.1) (< portable-net451+win81+wpa81)) (&& (< net45) (>= netstandard1.2) (< netstandard1.3) (< monoandroid) (< wpa81)) (&& (< net45) (>= netstandard1.3) (< netstandard1.4) (< monoandroid) (< wpa81)) (&& (< net45) (>= netstandard1.4) (< netstandard1.5) (< monoandroid) (< wpa81)) (&& (< net45) (>= netstandard1.5) (< netstandard1.6) (< monoandroid)) (&& (>= uap10.0) (< uap10.1)) (&& (>= netstandard1.6) (< netstandard2.0) (< monotouch) (< xamarintvos) (< xamarinwatchos) (< xamarinios) (< xamarinmac))
      System.Security.Cryptography.Algorithms (>= 4.3) - restriction: || (&& (< net45) (>= netstandard1.3) (< netstandard1.4) (< monoandroid) (< wpa81)) (&& (< net45) (>= netstandard1.4) (< netstandard1.5) (< monoandroid) (< wpa81)) (&& (< net45) (>= netstandard1.5) (< netstandard1.6) (< monoandroid)) (&& (>= net46) (< netstandard1.4)) (&& (>= uap10.0) (< uap10.1)) (&& (>= netstandard1.6) (< netstandard2.0) (< monotouch) (< xamarintvos) (< xamarinwatchos) (< xamarinios) (< xamarinmac))
      System.Security.Cryptography.Encoding (>= 4.3) - restriction: || (&& (< net45) (>= netstandard1.3) (< netstandard1.4) (< monoandroid) (< wpa81)) (&& (< net45) (>= netstandard1.4) (< netstandard1.5) (< monoandroid) (< wpa81)) (&& (< net45) (>= netstandard1.5) (< netstandard1.6) (< monoandroid)) (&& (>= net46) (< netstandard1.4)) (&& (>= uap10.0) (< uap10.1)) (&& (>= netstandard1.6) (< netstandard2.0) (< monotouch) (< xamarintvos) (< xamarinwatchos) (< xamarinios) (< xamarinmac))
      System.Security.Cryptography.Primitives (>= 4.3) - restriction: || (&& (< net45) (>= netstandard1.3) (< netstandard1.4) (< monoandroid) (< wpa81)) (&& (< net45) (>= netstandard1.4) (< netstandard1.5) (< monoandroid) (< wpa81)) (&& (< net45) (>= netstandard1.5) (< netstandard1.6) (< monoandroid)) (&& (>= net46) (< netstandard1.4)) (&& (>= uap10.0) (< uap10.1)) (&& (>= netstandard1.6) (< netstandard2.0) (< monotouch) (< xamarintvos) (< xamarinwatchos) (< xamarinios) (< xamarinmac))
      System.Security.Cryptography.X509Certificates (>= 4.3) - restriction: || (&& (< net45) (>= netstandard1.3) (< netstandard1.4) (< monoandroid) (< wpa81)) (&& (< net45) (>= netstandard1.4) (< netstandard1.5) (< monoandroid) (< wpa81)) (&& (< net45) (>= netstandard1.5) (< netstandard1.6) (< monoandroid)) (&& (>= net46) (< netstandard1.4)) (&& (>= uap10.0) (< uap10.1)) (&& (>= netstandard1.6) (< netstandard2.0) (< monotouch) (< xamarintvos) (< xamarinwatchos) (< xamarinios) (< xamarinmac))
      System.Text.Encoding (>= 4.3) - restriction: || (&& (< net45) (>= netstandard1.1) (< portable-net451+win81+wpa81)) (&& (< net45) (>= netstandard1.2) (< netstandard1.3) (< monoandroid) (< wpa81)) (&& (< net45) (>= netstandard1.3) (< netstandard1.4) (< monoandroid) (< wpa81)) (&& (< net45) (>= netstandard1.4) (< netstandard1.5) (< monoandroid) (< wpa81)) (&& (< net45) (>= netstandard1.5) (< netstandard1.6) (< monoandroid)) (&& (>= uap10.0) (< uap10.1)) (&& (>= netstandard1.0) (< portable-net45+win8+wpa81)) (&& (>= netstandard1.6) (< netstandard2.0) (< monotouch) (< xamarintvos) (< xamarinwatchos) (< xamarinios) (< xamarinmac))
      System.Text.Encoding.Extensions (>= 4.3) - restriction: || (&& (< net45) (>= netstandard1.1) (< portable-net451+win81+wpa81)) (&& (< net45) (>= netstandard1.2) (< netstandard1.3) (< monoandroid) (< wpa81)) (&& (< net45) (>= netstandard1.3) (< netstandard1.4) (< monoandroid) (< wpa81)) (&& (< net45) (>= netstandard1.4) (< netstandard1.5) (< monoandroid) (< wpa81)) (&& (< net45) (>= netstandard1.5) (< netstandard1.6) (< monoandroid)) (&& (>= uap10.0) (< uap10.1)) (&& (>= netstandard1.0) (< portable-net45+win8+wpa81)) (&& (>= netstandard1.6) (< netstandard2.0) (< monotouch) (< xamarintvos) (< xamarinwatchos) (< xamarinios) (< xamarinmac))
      System.Text.RegularExpressions (>= 4.3) - restriction: || (&& (< net45) (>= netstandard1.1) (< portable-net451+win81+wpa81)) (&& (< net45) (>= netstandard1.2) (< netstandard1.3) (< monoandroid) (< wpa81)) (&& (< net45) (>= netstandard1.3) (< netstandard1.4) (< monoandroid) (< wpa81)) (&& (< net45) (>= netstandard1.4) (< netstandard1.5) (< monoandroid) (< wpa81)) (&& (< net45) (>= netstandard1.5) (< netstandard1.6) (< monoandroid)) (&& (>= uap10.0) (< uap10.1)) (&& (>= netstandard1.0) (< portable-net45+win8+wpa81)) (&& (>= netstandard1.6) (< netstandard2.0) (< monotouch) (< xamarintvos) (< xamarinwatchos) (< xamarinios) (< xamarinmac))
      System.Threading (>= 4.3) - restriction: || (&& (< net45) (>= netstandard1.1) (< portable-net451+win81+wpa81)) (&& (< net45) (>= netstandard1.2) (< netstandard1.3) (< monoandroid) (< wpa81)) (&& (< net45) (>= netstandard1.3) (< netstandard1.4) (< monoandroid) (< wpa81)) (&& (< net45) (>= netstandard1.4) (< netstandard1.5) (< monoandroid) (< wpa81)) (&& (< net45) (>= netstandard1.5) (< netstandard1.6) (< monoandroid)) (&& (>= uap10.0) (< uap10.1)) (&& (>= netstandard1.0) (< portable-net45+win8+wpa81)) (&& (>= netstandard1.6) (< netstandard2.0) (< monotouch) (< xamarintvos) (< xamarinwatchos) (< xamarinios) (< xamarinmac))
      System.Threading.Tasks (>= 4.3) - restriction: || (&& (< net45) (>= netstandard1.1) (< portable-net451+win81+wpa81)) (&& (< net45) (>= netstandard1.2) (< netstandard1.3) (< monoandroid) (< wpa81)) (&& (< net45) (>= netstandard1.3) (< netstandard1.4) (< monoandroid) (< wpa81)) (&& (< net45) (>= netstandard1.4) (< netstandard1.5) (< monoandroid) (< wpa81)) (&& (< net45) (>= netstandard1.5) (< netstandard1.6) (< monoandroid)) (&& (>= uap10.0) (< uap10.1)) (&& (>= netstandard1.0) (< portable-net45+win8+wpa81)) (&& (>= netstandard1.6) (< netstandard2.0) (< monotouch) (< xamarintvos) (< xamarinwatchos) (< xamarinios) (< xamarinmac))
      System.Threading.Timer (>= 4.3) - restriction: || (&& (< net45) (>= netstandard1.2) (< netstandard1.3) (< monoandroid) (< wpa81)) (&& (< net45) (>= netstandard1.3) (< netstandard1.4) (< monoandroid) (< wpa81)) (&& (< net45) (>= netstandard1.4) (< netstandard1.5) (< monoandroid) (< wpa81)) (&& (< net45) (>= netstandard1.5) (< netstandard1.6) (< monoandroid)) (&& (>= uap10.0) (< uap10.1)) (&& (>= netstandard1.6) (< netstandard2.0) (< monotouch) (< xamarintvos) (< xamarinwatchos) (< xamarinios) (< xamarinmac))
      System.Xml.ReaderWriter (>= 4.3) - restriction: || (&& (< net45) (>= netstandard1.1) (< portable-net451+win81+wpa81)) (&& (< net45) (>= netstandard1.2) (< netstandard1.3) (< monoandroid) (< wpa81)) (&& (< net45) (>= netstandard1.3) (< netstandard1.4) (< monoandroid) (< wpa81)) (&& (< net45) (>= netstandard1.4) (< netstandard1.5) (< monoandroid) (< wpa81)) (&& (< net45) (>= netstandard1.5) (< netstandard1.6) (< monoandroid)) (&& (>= net46) (< netstandard1.4)) (&& (>= uap10.0) (< uap10.1)) (&& (>= netstandard1.0) (< portable-net45+win8+wpa81)) (&& (>= netstandard1.6) (< netstandard2.0) (< monotouch) (< xamarintvos) (< xamarinwatchos) (< xamarinios) (< xamarinmac))
      System.Xml.XDocument (>= 4.3) - restriction: || (&& (< net45) (>= netstandard1.1) (< portable-net451+win81+wpa81)) (&& (< net45) (>= netstandard1.2) (< netstandard1.3) (< monoandroid) (< wpa81)) (&& (< net45) (>= netstandard1.3) (< netstandard1.4) (< monoandroid) (< wpa81)) (&& (< net45) (>= netstandard1.4) (< netstandard1.5) (< monoandroid) (< wpa81)) (&& (< net45) (>= netstandard1.5) (< netstandard1.6) (< monoandroid)) (&& (>= uap10.0) (< uap10.1)) (&& (>= netstandard1.0) (< portable-net45+win8+wpa81)) (&& (>= netstandard1.6) (< netstandard2.0) (< monotouch) (< xamarintvos) (< xamarinwatchos) (< xamarinios) (< xamarinmac))
    runtime.debian.8-x64.runtime.native.System.Security.Cryptography.OpenSsl (4.3.1) - restriction: || (&& (< net45) (>= netstandard1.3) (< netstandard1.4) (< monoandroid) (< wpa81)) (&& (< net45) (>= netstandard1.4) (< netstandard1.5) (< monoandroid) (< wpa81)) (&& (< net45) (>= netstandard1.5) (< netstandard1.6) (< monoandroid)) (&& (< net451) (>= net46) (< netstandard1.4)) (&& (>= net46) (< netstandard1.4) (>= netstandard1.6)) (&& (>= uap10.0) (< uap10.1)) (&& (>= uap10.0) (>= netstandard1.6)) (&& (>= dnxcore50) (>= netstandard1.6)) (&& (< netstandard1.3) (>= netstandard1.6) (< monoandroid)) (&& (< netstandard1.4) (>= netstandard1.6) (< monoandroid)) (&& (< netstandard1.5) (>= netstandard1.6) (< monoandroid)) (&& (>= netstandard1.6) (< monotouch) (< xamarintvos) (< xamarinwatchos) (< xamarinios) (< xamarinmac)) (&& (>= netstandard1.6) (< portable-net451+win81+wpa81))
    runtime.fedora.23-x64.runtime.native.System.Security.Cryptography.OpenSsl (4.3.1) - restriction: || (&& (< net45) (>= netstandard1.3) (< netstandard1.4) (< monoandroid) (< wpa81)) (&& (< net45) (>= netstandard1.4) (< netstandard1.5) (< monoandroid) (< wpa81)) (&& (< net45) (>= netstandard1.5) (< netstandard1.6) (< monoandroid)) (&& (< net451) (>= net46) (< netstandard1.4)) (&& (>= net46) (< netstandard1.4) (>= netstandard1.6)) (&& (>= uap10.0) (< uap10.1)) (&& (>= uap10.0) (>= netstandard1.6)) (&& (>= dnxcore50) (>= netstandard1.6)) (&& (< netstandard1.3) (>= netstandard1.6) (< monoandroid)) (&& (< netstandard1.4) (>= netstandard1.6) (< monoandroid)) (&& (< netstandard1.5) (>= netstandard1.6) (< monoandroid)) (&& (>= netstandard1.6) (< monotouch) (< xamarintvos) (< xamarinwatchos) (< xamarinios) (< xamarinmac)) (&& (>= netstandard1.6) (< portable-net451+win81+wpa81))
    runtime.fedora.24-x64.runtime.native.System.Security.Cryptography.OpenSsl (4.3.1) - restriction: || (&& (< net45) (>= netstandard1.3) (< netstandard1.4) (< monoandroid) (< wpa81)) (&& (< net45) (>= netstandard1.4) (< netstandard1.5) (< monoandroid) (< wpa81)) (&& (< net45) (>= netstandard1.5) (< netstandard1.6) (< monoandroid)) (&& (< net451) (>= net46) (< netstandard1.4)) (&& (>= net46) (< netstandard1.4) (>= netstandard1.6)) (&& (>= uap10.0) (< uap10.1)) (&& (>= uap10.0) (>= netstandard1.6)) (&& (>= dnxcore50) (>= netstandard1.6)) (&& (< netstandard1.3) (>= netstandard1.6) (< monoandroid)) (&& (< netstandard1.4) (>= netstandard1.6) (< monoandroid)) (&& (< netstandard1.5) (>= netstandard1.6) (< monoandroid)) (&& (>= netstandard1.6) (< monotouch) (< xamarintvos) (< xamarinwatchos) (< xamarinios) (< xamarinmac)) (&& (>= netstandard1.6) (< portable-net451+win81+wpa81))
    runtime.native.System (4.3) - restriction: || (&& (< net45) (>= net46) (< netstandard1.4)) (&& (< net45) (>= netstandard1.1) (< win8) (< portable-net451+win81+wpa81)) (&& (< net45) (>= netstandard1.2) (< netstandard1.3) (< monoandroid) (< win8) (< wpa81)) (&& (< net45) (>= netstandard1.3) (< netstandard1.4) (< monoandroid) (< win8) (< wpa81)) (&& (< net45) (>= netstandard1.3) (< win8) (< portable-net451+win81+wpa81)) (&& (< net45) (>= netstandard1.4) (< netstandard1.5) (< monoandroid) (< win8) (< wpa81)) (&& (< net45) (>= netstandard1.5) (< netstandard1.6) (< monoandroid)) (&& (>= net46) (< netstandard1.4) (>= netstandard1.6)) (&& (>= uap10.0) (>= netstandard1.6)) (&& (>= uap10.0) (< win8) (< wpa81)) (&& (>= dnxcore50) (>= netstandard1.6)) (&& (< netstandard1.3) (>= netstandard1.6) (< monoandroid)) (&& (< netstandard1.4) (>= netstandard1.6) (< monoandroid)) (&& (< netstandard1.5) (>= netstandard1.6) (< monoandroid)) (&& (>= netstandard1.6) (< monotouch) (< xamarintvos) (< xamarinwatchos) (< xamarinios) (< xamarinmac)) (&& (>= netstandard1.6) (< portable-net451+win81+wpa81))
      Microsoft.NETCore.Platforms (>= 1.1)
      Microsoft.NETCore.Targets (>= 1.1)
    runtime.native.System.IO.Compression (4.3) - restriction: || (&& (< net45) (>= net46) (< netstandard1.4)) (&& (< net45) (>= netstandard1.3) (< netstandard1.4) (< monoandroid) (< win8) (< wpa81)) (&& (< net45) (>= netstandard1.3) (< win8) (< portable-net451+win81+wpa81)) (&& (< net45) (>= netstandard1.4) (< netstandard1.5) (< monoandroid) (< win8) (< wpa81)) (&& (< net45) (>= netstandard1.5) (< netstandard1.6) (< monoandroid)) (&& (>= net46) (>= dnxcore50)) (&& (>= uap10.0) (>= dnxcore50)) (&& (>= uap10.0) (< win8) (< wpa81)) (&& (>= dnxcore50) (>= netstandard1.1)) (&& (>= dnxcore50) (>= netstandard1.2)) (&& (>= dnxcore50) (>= netstandard1.3)) (&& (>= dnxcore50) (>= netstandard1.4)) (&& (>= dnxcore50) (>= netstandard1.5)) (&& (>= dnxcore50) (>= netstandard1.6)) (&& (>= netstandard1.6) (< netstandard2.0) (< monotouch) (< xamarintvos) (< xamarinwatchos) (< xamarinios) (< xamarinmac))
      Microsoft.NETCore.Platforms (>= 1.1)
      Microsoft.NETCore.Targets (>= 1.1)
    runtime.native.System.Net.Http (4.3) - restriction: || (&& (>= net46) (< netstandard1.4) (>= netstandard1.6)) (&& (>= uap10.0) (>= netstandard1.6)) (&& (>= dnxcore50) (>= netstandard1.6)) (&& (< netstandard1.3) (>= netstandard1.6) (< monoandroid)) (&& (< netstandard1.4) (>= netstandard1.6) (< monoandroid)) (&& (< netstandard1.5) (>= netstandard1.6) (< monoandroid)) (&& (>= netstandard1.6) (< monotouch) (< xamarintvos) (< xamarinwatchos) (< xamarinios) (< xamarinmac)) (&& (>= netstandard1.6) (< portable-net451+win81+wpa81))
      Microsoft.NETCore.Platforms (>= 1.1)
      Microsoft.NETCore.Targets (>= 1.1)
    runtime.native.System.Security.Cryptography.Apple (4.3) - restriction: || (&& (>= net46) (< netstandard1.4) (>= netstandard1.6)) (&& (>= uap10.0) (>= netstandard1.6)) (&& (>= dnxcore50) (>= netstandard1.6)) (&& (< netstandard1.3) (>= netstandard1.6) (< monoandroid)) (&& (< netstandard1.4) (>= netstandard1.6) (< monoandroid)) (&& (< netstandard1.5) (>= netstandard1.6) (< monoandroid)) (&& (>= netstandard1.6) (< monotouch) (< xamarintvos) (< xamarinwatchos) (< xamarinios) (< xamarinmac)) (&& (>= netstandard1.6) (< portable-net451+win81+wpa81))
      runtime.osx.10.10-x64.runtime.native.System.Security.Cryptography.Apple (>= 4.3)
    runtime.native.System.Security.Cryptography.OpenSsl (4.3.1) - restriction: || (&& (< net45) (>= net46) (< netstandard1.4)) (&& (< net45) (>= netstandard1.3) (< netstandard1.4) (< monoandroid) (< wpa81)) (&& (< net45) (>= netstandard1.3) (< win8) (< portable-net451+win81+wpa81)) (&& (< net45) (>= netstandard1.4) (< netstandard1.5) (< monoandroid) (< wpa81)) (&& (< net45) (>= netstandard1.5) (< netstandard1.6) (< monoandroid)) (&& (< net451) (>= net46) (< netstandard1.4)) (&& (>= net46) (< netstandard1.4) (>= netstandard1.6)) (&& (>= uap10.0) (< uap10.1)) (&& (>= uap10.0) (>= netstandard1.6)) (&& (>= uap10.0) (< win8) (< wpa81)) (&& (>= dnxcore50) (>= netstandard1.6)) (&& (< netstandard1.3) (>= netstandard1.6) (< monoandroid)) (&& (< netstandard1.4) (>= netstandard1.6) (< monoandroid)) (&& (< netstandard1.5) (>= netstandard1.6) (< monoandroid)) (&& (>= netstandard1.6) (< monotouch) (< xamarintvos) (< xamarinwatchos) (< xamarinios) (< xamarinmac)) (&& (>= netstandard1.6) (< portable-net451+win81+wpa81))
      runtime.debian.8-x64.runtime.native.System.Security.Cryptography.OpenSsl (>= 4.3.1)
      runtime.fedora.23-x64.runtime.native.System.Security.Cryptography.OpenSsl (>= 4.3.1)
      runtime.fedora.24-x64.runtime.native.System.Security.Cryptography.OpenSsl (>= 4.3.1)
      runtime.opensuse.13.2-x64.runtime.native.System.Security.Cryptography.OpenSsl (>= 4.3.1)
      runtime.opensuse.42.1-x64.runtime.native.System.Security.Cryptography.OpenSsl (>= 4.3.1)
      runtime.osx.10.10-x64.runtime.native.System.Security.Cryptography.OpenSsl (>= 4.3.1)
      runtime.rhel.7-x64.runtime.native.System.Security.Cryptography.OpenSsl (>= 4.3.1)
      runtime.ubuntu.14.04-x64.runtime.native.System.Security.Cryptography.OpenSsl (>= 4.3.1)
      runtime.ubuntu.16.04-x64.runtime.native.System.Security.Cryptography.OpenSsl (>= 4.3.1)
      runtime.ubuntu.16.10-x64.runtime.native.System.Security.Cryptography.OpenSsl (>= 4.3.1)
    runtime.opensuse.13.2-x64.runtime.native.System.Security.Cryptography.OpenSsl (4.3.1) - restriction: || (&& (< net45) (>= netstandard1.3) (< netstandard1.4) (< monoandroid) (< wpa81)) (&& (< net45) (>= netstandard1.4) (< netstandard1.5) (< monoandroid) (< wpa81)) (&& (< net45) (>= netstandard1.5) (< netstandard1.6) (< monoandroid)) (&& (< net451) (>= net46) (< netstandard1.4)) (&& (>= net46) (< netstandard1.4) (>= netstandard1.6)) (&& (>= uap10.0) (< uap10.1)) (&& (>= uap10.0) (>= netstandard1.6)) (&& (>= dnxcore50) (>= netstandard1.6)) (&& (< netstandard1.3) (>= netstandard1.6) (< monoandroid)) (&& (< netstandard1.4) (>= netstandard1.6) (< monoandroid)) (&& (< netstandard1.5) (>= netstandard1.6) (< monoandroid)) (&& (>= netstandard1.6) (< monotouch) (< xamarintvos) (< xamarinwatchos) (< xamarinios) (< xamarinmac)) (&& (>= netstandard1.6) (< portable-net451+win81+wpa81))
    runtime.opensuse.42.1-x64.runtime.native.System.Security.Cryptography.OpenSsl (4.3.1) - restriction: || (&& (< net45) (>= netstandard1.3) (< netstandard1.4) (< monoandroid) (< wpa81)) (&& (< net45) (>= netstandard1.4) (< netstandard1.5) (< monoandroid) (< wpa81)) (&& (< net45) (>= netstandard1.5) (< netstandard1.6) (< monoandroid)) (&& (< net451) (>= net46) (< netstandard1.4)) (&& (>= net46) (< netstandard1.4) (>= netstandard1.6)) (&& (>= uap10.0) (< uap10.1)) (&& (>= uap10.0) (>= netstandard1.6)) (&& (>= dnxcore50) (>= netstandard1.6)) (&& (< netstandard1.3) (>= netstandard1.6) (< monoandroid)) (&& (< netstandard1.4) (>= netstandard1.6) (< monoandroid)) (&& (< netstandard1.5) (>= netstandard1.6) (< monoandroid)) (&& (>= netstandard1.6) (< monotouch) (< xamarintvos) (< xamarinwatchos) (< xamarinios) (< xamarinmac)) (&& (>= netstandard1.6) (< portable-net451+win81+wpa81))
    runtime.osx.10.10-x64.runtime.native.System.Security.Cryptography.Apple (4.3) - restriction: || (&& (>= net46) (< netstandard1.4) (>= netstandard1.6)) (&& (>= uap10.0) (>= netstandard1.6)) (&& (>= dnxcore50) (>= netstandard1.6)) (&& (< netstandard1.3) (>= netstandard1.6) (< monoandroid)) (&& (< netstandard1.4) (>= netstandard1.6) (< monoandroid)) (&& (< netstandard1.5) (>= netstandard1.6) (< monoandroid)) (&& (>= netstandard1.6) (< monotouch) (< xamarintvos) (< xamarinwatchos) (< xamarinios) (< xamarinmac)) (&& (>= netstandard1.6) (< portable-net451+win81+wpa81))
    runtime.osx.10.10-x64.runtime.native.System.Security.Cryptography.OpenSsl (4.3.1) - restriction: || (&& (< net45) (>= netstandard1.3) (< netstandard1.4) (< monoandroid) (< wpa81)) (&& (< net45) (>= netstandard1.4) (< netstandard1.5) (< monoandroid) (< wpa81)) (&& (< net45) (>= netstandard1.5) (< netstandard1.6) (< monoandroid)) (&& (< net451) (>= net46) (< netstandard1.4)) (&& (>= net46) (< netstandard1.4) (>= netstandard1.6)) (&& (>= uap10.0) (< uap10.1)) (&& (>= uap10.0) (>= netstandard1.6)) (&& (>= dnxcore50) (>= netstandard1.6)) (&& (< netstandard1.3) (>= netstandard1.6) (< monoandroid)) (&& (< netstandard1.4) (>= netstandard1.6) (< monoandroid)) (&& (< netstandard1.5) (>= netstandard1.6) (< monoandroid)) (&& (>= netstandard1.6) (< monotouch) (< xamarintvos) (< xamarinwatchos) (< xamarinios) (< xamarinmac)) (&& (>= netstandard1.6) (< portable-net451+win81+wpa81))
    runtime.rhel.7-x64.runtime.native.System.Security.Cryptography.OpenSsl (4.3.1) - restriction: || (&& (< net45) (>= netstandard1.3) (< netstandard1.4) (< monoandroid) (< wpa81)) (&& (< net45) (>= netstandard1.4) (< netstandard1.5) (< monoandroid) (< wpa81)) (&& (< net45) (>= netstandard1.5) (< netstandard1.6) (< monoandroid)) (&& (< net451) (>= net46) (< netstandard1.4)) (&& (>= net46) (< netstandard1.4) (>= netstandard1.6)) (&& (>= uap10.0) (< uap10.1)) (&& (>= uap10.0) (>= netstandard1.6)) (&& (>= dnxcore50) (>= netstandard1.6)) (&& (< netstandard1.3) (>= netstandard1.6) (< monoandroid)) (&& (< netstandard1.4) (>= netstandard1.6) (< monoandroid)) (&& (< netstandard1.5) (>= netstandard1.6) (< monoandroid)) (&& (>= netstandard1.6) (< monotouch) (< xamarintvos) (< xamarinwatchos) (< xamarinios) (< xamarinmac)) (&& (>= netstandard1.6) (< portable-net451+win81+wpa81))
    runtime.ubuntu.14.04-x64.runtime.native.System.Security.Cryptography.OpenSsl (4.3.1) - restriction: || (&& (< net45) (>= netstandard1.3) (< netstandard1.4) (< monoandroid) (< wpa81)) (&& (< net45) (>= netstandard1.4) (< netstandard1.5) (< monoandroid) (< wpa81)) (&& (< net45) (>= netstandard1.5) (< netstandard1.6) (< monoandroid)) (&& (< net451) (>= net46) (< netstandard1.4)) (&& (>= net46) (< netstandard1.4) (>= netstandard1.6)) (&& (>= uap10.0) (< uap10.1)) (&& (>= uap10.0) (>= netstandard1.6)) (&& (>= dnxcore50) (>= netstandard1.6)) (&& (< netstandard1.3) (>= netstandard1.6) (< monoandroid)) (&& (< netstandard1.4) (>= netstandard1.6) (< monoandroid)) (&& (< netstandard1.5) (>= netstandard1.6) (< monoandroid)) (&& (>= netstandard1.6) (< monotouch) (< xamarintvos) (< xamarinwatchos) (< xamarinios) (< xamarinmac)) (&& (>= netstandard1.6) (< portable-net451+win81+wpa81))
    runtime.ubuntu.16.04-x64.runtime.native.System.Security.Cryptography.OpenSsl (4.3.1) - restriction: || (&& (< net45) (>= netstandard1.3) (< netstandard1.4) (< monoandroid) (< wpa81)) (&& (< net45) (>= netstandard1.4) (< netstandard1.5) (< monoandroid) (< wpa81)) (&& (< net45) (>= netstandard1.5) (< netstandard1.6) (< monoandroid)) (&& (< net451) (>= net46) (< netstandard1.4)) (&& (>= net46) (< netstandard1.4) (>= netstandard1.6)) (&& (>= uap10.0) (< uap10.1)) (&& (>= uap10.0) (>= netstandard1.6)) (&& (>= dnxcore50) (>= netstandard1.6)) (&& (< netstandard1.3) (>= netstandard1.6) (< monoandroid)) (&& (< netstandard1.4) (>= netstandard1.6) (< monoandroid)) (&& (< netstandard1.5) (>= netstandard1.6) (< monoandroid)) (&& (>= netstandard1.6) (< monotouch) (< xamarintvos) (< xamarinwatchos) (< xamarinios) (< xamarinmac)) (&& (>= netstandard1.6) (< portable-net451+win81+wpa81))
    runtime.ubuntu.16.10-x64.runtime.native.System.Security.Cryptography.OpenSsl (4.3.1) - restriction: || (&& (< net45) (>= netstandard1.3) (< netstandard1.4) (< monoandroid) (< wpa81)) (&& (< net45) (>= netstandard1.4) (< netstandard1.5) (< monoandroid) (< wpa81)) (&& (< net45) (>= netstandard1.5) (< netstandard1.6) (< monoandroid)) (&& (< net451) (>= net46) (< netstandard1.4)) (&& (>= net46) (< netstandard1.4) (>= netstandard1.6)) (&& (>= uap10.0) (< uap10.1)) (&& (>= uap10.0) (>= netstandard1.6)) (&& (>= dnxcore50) (>= netstandard1.6)) (&& (< netstandard1.3) (>= netstandard1.6) (< monoandroid)) (&& (< netstandard1.4) (>= netstandard1.6) (< monoandroid)) (&& (< netstandard1.5) (>= netstandard1.6) (< monoandroid)) (&& (>= netstandard1.6) (< monotouch) (< xamarintvos) (< xamarinwatchos) (< xamarinios) (< xamarinmac)) (&& (>= netstandard1.6) (< portable-net451+win81+wpa81))
    System.AppContext (4.3) - restriction: || (&& (< net45) (>= netstandard1.3) (< netstandard1.4) (< monoandroid) (< wpa81)) (&& (< net45) (>= netstandard1.4) (< netstandard1.5) (< monoandroid) (< wpa81)) (&& (< net45) (>= netstandard1.5) (< netstandard1.6) (< monoandroid)) (&& (< net451) (>= net46) (< netstandard1.4)) (&& (>= uap10.0) (< uap10.1)) (&& (>= netstandard1.6) (< netstandard2.0) (< monotouch) (< xamarintvos) (< xamarinwatchos) (< xamarinios) (< xamarinmac))
      System.Runtime (>= 4.3) - restriction: || (&& (< net46) (>= netstandard1.3) (< netstandard1.6) (< monoandroid)) (>= dnxcore50) (&& (>= netstandard1.6) (< monotouch) (< xamarintvos) (< xamarinwatchos) (< xamarinios) (< xamarinmac))
    System.Buffers (4.4) - restriction: || (&& (< net45) (>= net46) (< netstandard1.4)) (&& (< net45) (>= netstandard1.3) (< netstandard1.4) (< monoandroid) (< wpa81)) (&& (< net45) (>= netstandard1.3) (< win8) (< portable-net451+win81+wpa81)) (&& (< net45) (>= netstandard1.4) (< netstandard1.5) (< monoandroid) (< wpa81)) (&& (< net45) (>= netstandard1.5) (< netstandard1.6) (< monoandroid)) (&& (< net451) (>= net46) (< netstandard1.4)) (&& (>= net46) (>= dnxcore50)) (&& (>= uap10.0) (< uap10.1)) (&& (>= uap10.0) (>= dnxcore50)) (&& (>= uap10.0) (< win8) (< wpa81)) (&& (>= dnxcore50) (>= netstandard1.1)) (&& (>= dnxcore50) (>= netstandard1.2)) (&& (>= dnxcore50) (>= netstandard1.3)) (&& (>= dnxcore50) (>= netstandard1.4)) (&& (>= dnxcore50) (>= netstandard1.5)) (&& (>= dnxcore50) (>= netstandard1.6)) (&& (>= netstandard1.6) (< netstandard2.0) (< monotouch) (< xamarintvos) (< xamarinwatchos) (< xamarinios) (< xamarinmac))
      System.Diagnostics.Debug (>= 4.3) - restriction: && (>= netstandard1.1) (< netstandard2.0) (< xamarinmac)
      System.Diagnostics.Tracing (>= 4.3) - restriction: && (>= netstandard1.1) (< netstandard2.0) (< xamarinmac)
      System.Resources.ResourceManager (>= 4.3) - restriction: && (>= netstandard1.1) (< netstandard2.0) (< xamarinmac)
      System.Runtime (>= 4.3) - restriction: && (>= netstandard1.1) (< netstandard2.0) (< xamarinmac)
      System.Threading (>= 4.3) - restriction: && (>= netstandard1.1) (< netstandard2.0) (< xamarinmac)
    System.Collections (4.3) - restriction: || (&& (< net45) (>= net46) (< netstandard1.3)) (&& (< net45) (>= net46) (< netstandard1.4)) (&& (< net45) (>= netstandard1.1) (< portable-net451+win81+wpa81)) (&& (< net45) (>= netstandard1.2) (< netstandard1.3) (< monoandroid) (< wpa81)) (&& (< net45) (>= netstandard1.3) (< netstandard1.4) (< monoandroid) (< wpa81)) (&& (< net45) (>= netstandard1.3) (< win8) (< portable-net451+win81+wpa81)) (&& (< net45) (< netstandard1.3) (>= netstandard1.4) (< monoandroid) (< win8) (< wpa81)) (&& (< net45) (>= netstandard1.4) (< netstandard1.5) (< monoandroid) (< wpa81)) (&& (< net45) (>= netstandard1.5) (< monoandroid)) (&& (< net451) (>= net46) (< netstandard1.4)) (&& (>= net46) (>= dnxcore50)) (&& (>= uap10.0) (< uap10.1)) (&& (>= uap10.0) (>= dnxcore50)) (&& (>= uap10.0) (< win8) (< wpa81)) (&& (>= dnxcore50) (>= netstandard1.0)) (&& (>= dnxcore50) (>= netstandard1.1)) (&& (>= dnxcore50) (>= netstandard1.2)) (&& (>= dnxcore50) (>= netstandard1.3)) (&& (>= dnxcore50) (>= netstandard1.4)) (&& (>= dnxcore50) (>= netstandard1.5)) (&& (>= netstandard1.0) (< portable-net45+win8+wpa81)) (&& (>= netstandard1.3) (< portable-net45+win8+wpa81)) (>= netstandard1.6)
      Microsoft.NETCore.Platforms (>= 1.1) - restriction: || (&& (< net45) (>= netstandard1.0) (< netstandard1.3) (< monoandroid) (< win8) (< wp8) (< wpa81)) (&& (< net45) (>= netstandard1.3) (< monotouch) (< xamarintvos) (< xamarinwatchos) (< xamarinios) (< xamarinmac) (< win8) (< wpa81)) (>= dnxcore50)
      Microsoft.NETCore.Targets (>= 1.1) - restriction: || (&& (< net45) (>= netstandard1.0) (< netstandard1.3) (< monoandroid) (< win8) (< wp8) (< wpa81)) (&& (< net45) (>= netstandard1.3) (< monotouch) (< xamarintvos) (< xamarinwatchos) (< xamarinios) (< xamarinmac) (< win8) (< wpa81)) (>= dnxcore50)
      System.Runtime (>= 4.3) - restriction: || (&& (< net45) (>= netstandard1.0) (< netstandard1.3) (< monoandroid) (< win8) (< wp8) (< wpa81)) (&& (< net45) (>= netstandard1.3) (< monotouch) (< xamarintvos) (< xamarinwatchos) (< xamarinios) (< xamarinmac) (< win8) (< wpa81)) (>= dnxcore50)
    System.Collections.Concurrent (4.3) - restriction: || (&& (< net45) (>= net46) (< netstandard1.4)) (&& (< net45) (>= netstandard1.1) (< portable-net451+win81+wpa81)) (&& (< net45) (>= netstandard1.2) (< netstandard1.3) (< monoandroid) (< wpa81)) (&& (< net45) (>= netstandard1.3) (< netstandard1.4) (< monoandroid) (< wpa81)) (&& (< net45) (>= netstandard1.3) (< win8) (< portable-net451+win81+wpa81)) (&& (< net45) (>= netstandard1.4) (< netstandard1.5) (< monoandroid) (< wpa81)) (&& (< net45) (>= netstandard1.5) (< netstandard1.6) (< monoandroid)) (&& (< net451) (>= net46) (< netstandard1.4)) (&& (>= net46) (< netstandard1.4) (>= netstandard1.6)) (&& (>= uap10.0) (< uap10.1)) (&& (>= uap10.0) (>= netstandard1.6)) (&& (>= uap10.0) (< win8) (< wpa81)) (&& (>= dnxcore50) (>= netstandard1.6)) (&& (< netstandard1.3) (>= netstandard1.6) (< monoandroid)) (&& (< netstandard1.4) (>= netstandard1.6) (< monoandroid)) (&& (< netstandard1.5) (>= netstandard1.6) (< monoandroid)) (&& (>= netstandard1.6) (< monotouch) (< xamarintvos) (< xamarinwatchos) (< xamarinios) (< xamarinmac)) (&& (>= netstandard1.6) (< portable-net451+win81+wpa81))
      System.Collections (>= 4.3) - restriction: || (&& (< net45) (>= netstandard1.3) (< monotouch) (< xamarintvos) (< xamarinwatchos) (< xamarinios) (< xamarinmac) (< win8) (< wpa81)) (>= dnxcore50)
      System.Diagnostics.Debug (>= 4.3) - restriction: || (&& (< net45) (>= netstandard1.3) (< monotouch) (< xamarintvos) (< xamarinwatchos) (< xamarinios) (< xamarinmac) (< win8) (< wpa81)) (>= dnxcore50)
      System.Diagnostics.Tracing (>= 4.3) - restriction: || (&& (< net45) (>= netstandard1.3) (< monotouch) (< xamarintvos) (< xamarinwatchos) (< xamarinios) (< xamarinmac) (< win8) (< wpa81)) (>= dnxcore50)
      System.Globalization (>= 4.3) - restriction: || (&& (< net45) (>= netstandard1.3) (< monotouch) (< xamarintvos) (< xamarinwatchos) (< xamarinios) (< xamarinmac) (< win8) (< wpa81)) (>= dnxcore50)
      System.Reflection (>= 4.3) - restriction: && (< net45) (>= netstandard1.3) (< monotouch) (< xamarintvos) (< xamarinwatchos) (< xamarinios) (< xamarinmac) (< win8) (< wpa81)
      System.Resources.ResourceManager (>= 4.3) - restriction: || (&& (< net45) (>= netstandard1.3) (< monotouch) (< xamarintvos) (< xamarinwatchos) (< xamarinios) (< xamarinmac) (< win8) (< wpa81)) (>= dnxcore50)
      System.Runtime (>= 4.3) - restriction: || (&& (< net45) (>= netstandard1.1) (< netstandard1.3) (< monoandroid) (< win8) (< wpa81)) (&& (< net45) (>= netstandard1.3) (< monotouch) (< xamarintvos) (< xamarinwatchos) (< xamarinios) (< xamarinmac) (< win8) (< wpa81)) (>= dnxcore50)
      System.Runtime.Extensions (>= 4.3) - restriction: || (&& (< net45) (>= netstandard1.3) (< monotouch) (< xamarintvos) (< xamarinwatchos) (< xamarinios) (< xamarinmac) (< win8) (< wpa81)) (>= dnxcore50)
      System.Threading (>= 4.3) - restriction: || (&& (< net45) (>= netstandard1.3) (< monotouch) (< xamarintvos) (< xamarinwatchos) (< xamarinios) (< xamarinmac) (< win8) (< wpa81)) (>= dnxcore50)
      System.Threading.Tasks (>= 4.3) - restriction: || (&& (< net45) (>= netstandard1.1) (< netstandard1.3) (< monoandroid) (< win8) (< wpa81)) (&& (< net45) (>= netstandard1.3) (< monotouch) (< xamarintvos) (< xamarinwatchos) (< xamarinios) (< xamarinmac) (< win8) (< wpa81)) (>= dnxcore50)
    System.Console (4.3) - restriction: || (&& (< net45) (>= netstandard1.3) (< netstandard1.4) (< monoandroid) (< wpa81)) (&& (< net45) (>= netstandard1.4) (< netstandard1.5) (< monoandroid) (< wpa81)) (&& (< net45) (>= netstandard1.5) (< monoandroid)) (&& (< net451) (>= net46) (< netstandard1.4)) (&& (>= uap10.0) (< uap10.1)) (>= netstandard1.6)
      Microsoft.NETCore.Platforms (>= 1.1) - restriction: && (< net46) (>= netstandard1.3) (< monotouch) (< xamarintvos) (< xamarinwatchos) (< xamarinios) (< xamarinmac)
      Microsoft.NETCore.Targets (>= 1.1) - restriction: && (< net46) (>= netstandard1.3) (< monotouch) (< xamarintvos) (< xamarinwatchos) (< xamarinios) (< xamarinmac)
      System.IO (>= 4.3) - restriction: && (< net46) (>= netstandard1.3) (< monotouch) (< xamarintvos) (< xamarinwatchos) (< xamarinios) (< xamarinmac)
      System.Runtime (>= 4.3) - restriction: && (< net46) (>= netstandard1.3) (< monotouch) (< xamarintvos) (< xamarinwatchos) (< xamarinios) (< xamarinmac)
      System.Text.Encoding (>= 4.3) - restriction: && (< net46) (>= netstandard1.3) (< monotouch) (< xamarintvos) (< xamarinwatchos) (< xamarinios) (< xamarinmac)
    System.Diagnostics.Debug (4.3) - restriction: || (&& (< net45) (>= net46) (< netstandard1.4)) (&& (< net45) (>= netstandard1.1) (< portable-net451+win81+wpa81)) (&& (< net45) (>= netstandard1.2) (< netstandard1.3) (< monoandroid) (< wpa81)) (&& (< net45) (>= netstandard1.3) (< netstandard1.4) (< monoandroid) (< wpa81)) (&& (< net45) (>= netstandard1.3) (< win8) (< portable-net451+win81+wpa81)) (&& (< net45) (>= netstandard1.4) (< netstandard1.5) (< monoandroid) (< wpa81)) (&& (< net45) (>= netstandard1.5) (< monoandroid)) (&& (< net451) (>= net46) (< netstandard1.4)) (&& (>= net46) (>= dnxcore50)) (&& (>= uap10.0) (< uap10.1)) (&& (>= uap10.0) (>= dnxcore50)) (&& (>= uap10.0) (< win8) (< wpa81)) (&& (>= dnxcore50) (>= netstandard1.0)) (&& (>= dnxcore50) (>= netstandard1.1)) (&& (>= dnxcore50) (>= netstandard1.2)) (&& (>= dnxcore50) (>= netstandard1.3)) (&& (>= dnxcore50) (>= netstandard1.4)) (&& (>= dnxcore50) (>= netstandard1.5)) (&& (>= netstandard1.0) (< portable-net45+win8+wpa81)) (&& (>= netstandard1.3) (< portable-net45+win8+wpa81)) (>= netstandard1.6)
      Microsoft.NETCore.Platforms (>= 1.1) - restriction: || (&& (< net45) (>= netstandard1.0) (< netstandard1.3) (< monoandroid) (< win8) (< wp8) (< wpa81)) (&& (< net45) (>= netstandard1.3) (< monotouch) (< xamarintvos) (< xamarinwatchos) (< xamarinios) (< xamarinmac) (< win8) (< wpa81)) (>= dnxcore50)
      Microsoft.NETCore.Targets (>= 1.1) - restriction: || (&& (< net45) (>= netstandard1.0) (< netstandard1.3) (< monoandroid) (< win8) (< wp8) (< wpa81)) (&& (< net45) (>= netstandard1.3) (< monotouch) (< xamarintvos) (< xamarinwatchos) (< xamarinios) (< xamarinmac) (< win8) (< wpa81)) (>= dnxcore50)
      System.Runtime (>= 4.3) - restriction: || (&& (< net45) (>= netstandard1.0) (< netstandard1.3) (< monoandroid) (< win8) (< wp8) (< wpa81)) (&& (< net45) (>= netstandard1.3) (< monotouch) (< xamarintvos) (< xamarinwatchos) (< xamarinios) (< xamarinmac) (< win8) (< wpa81)) (>= dnxcore50)
    System.Diagnostics.DiagnosticSource (4.4.1) - restriction: || (&& (< net45) (>= net46) (< netstandard1.4)) (&& (< net45) (>= netstandard1.3) (< netstandard1.4) (< monoandroid) (< win8) (< wpa81)) (&& (< net45) (>= netstandard1.3) (< win8) (< portable-net451+win81+wpa81)) (&& (< net45) (>= netstandard1.4) (< netstandard1.5) (< monoandroid) (< win8) (< wpa81)) (&& (< net45) (>= netstandard1.5) (< netstandard1.6) (< monoandroid)) (&& (>= net46) (>= dnxcore50)) (&& (>= net46) (< netstandard1.4) (>= netstandard1.6)) (&& (>= uap10.0) (>= dnxcore50)) (&& (>= uap10.0) (>= netstandard1.6)) (&& (>= uap10.0) (< win8) (< wpa81)) (&& (>= dnxcore50) (>= netstandard1.1)) (&& (>= dnxcore50) (>= netstandard1.2)) (&& (>= dnxcore50) (>= netstandard1.3)) (&& (>= dnxcore50) (>= netstandard1.4)) (&& (>= dnxcore50) (>= netstandard1.5)) (&& (>= dnxcore50) (>= netstandard1.6)) (&& (< netstandard1.3) (>= netstandard1.6) (< monoandroid)) (&& (< netstandard1.4) (>= netstandard1.6) (< monoandroid)) (&& (< netstandard1.5) (>= netstandard1.6) (< monoandroid)) (&& (>= netstandard1.6) (< monotouch) (< xamarintvos) (< xamarinwatchos) (< xamarinios) (< xamarinmac)) (&& (>= netstandard1.6) (< portable-net451+win81+wpa81))
      System.Collections (>= 4.3) - restriction: || (&& (< net45) (>= netstandard1.1) (< netstandard1.3)) (&& (< net45) (>= netstandard1.3) (< netcoreapp2.0) (< xamarinmac))
      System.Diagnostics.Debug (>= 4.3) - restriction: && (< net45) (>= netstandard1.3) (< netcoreapp2.0) (< xamarinmac)
      System.Diagnostics.Tracing (>= 4.3) - restriction: || (&& (< net45) (>= netstandard1.1) (< netstandard1.3)) (&& (< net45) (>= netstandard1.3) (< netcoreapp2.0) (< xamarinmac))
      System.Reflection (>= 4.3) - restriction: || (&& (< net45) (>= netstandard1.1) (< netstandard1.3)) (&& (< net45) (>= netstandard1.3) (< netcoreapp2.0) (< xamarinmac))
      System.Runtime (>= 4.3) - restriction: || (&& (< net45) (>= netstandard1.1) (< netstandard1.3)) (&& (< net45) (>= netstandard1.3) (< netcoreapp2.0) (< xamarinmac))
      System.Runtime.Extensions (>= 4.3) - restriction: && (< net45) (>= netstandard1.3) (< netcoreapp2.0) (< xamarinmac)
      System.Threading (>= 4.3) - restriction: || (&& (< net45) (>= netstandard1.1) (< netstandard1.3)) (&& (< net45) (>= netstandard1.3) (< netcoreapp2.0) (< xamarinmac))
    System.Diagnostics.Tools (4.3) - restriction: || (&& (< net45) (>= netstandard1.1) (< portable-net451+win81+wpa81)) (&& (< net45) (>= netstandard1.2) (< netstandard1.3) (< monoandroid) (< wpa81)) (&& (< net45) (>= netstandard1.3) (< netstandard1.4) (< monoandroid) (< wpa81)) (&& (< net45) (>= netstandard1.3) (< win8) (< portable-net451+win81+wpa81)) (&& (< net45) (>= netstandard1.4) (< netstandard1.5) (< monoandroid) (< wpa81)) (&& (< net45) (>= netstandard1.5) (< monoandroid)) (&& (>= uap10.0) (< uap10.1)) (&& (>= uap10.0) (>= dnxcore50)) (&& (>= uap10.0) (< win8) (< wpa81)) (&& (>= dnxcore50) (>= netstandard1.0)) (&& (>= dnxcore50) (>= netstandard1.1)) (&& (>= dnxcore50) (>= netstandard1.2)) (&& (>= dnxcore50) (>= netstandard1.3)) (&& (>= dnxcore50) (>= netstandard1.4)) (&& (>= dnxcore50) (>= netstandard1.5)) (&& (>= netstandard1.0) (< portable-net45+win8+wpa81)) (&& (>= netstandard1.3) (< portable-net45+win8+wpa81)) (>= netstandard1.6)
      Microsoft.NETCore.Platforms (>= 1.1) - restriction: || (&& (< net45) (>= netstandard1.0) (< monotouch) (< xamarintvos) (< xamarinwatchos) (< xamarinios) (< xamarinmac) (< win8) (< wp8) (< wpa81)) (>= dnxcore50)
      Microsoft.NETCore.Targets (>= 1.1) - restriction: || (&& (< net45) (>= netstandard1.0) (< monotouch) (< xamarintvos) (< xamarinwatchos) (< xamarinios) (< xamarinmac) (< win8) (< wp8) (< wpa81)) (>= dnxcore50)
      System.Runtime (>= 4.3) - restriction: || (&& (< net45) (>= netstandard1.0) (< monotouch) (< xamarintvos) (< xamarinwatchos) (< xamarinios) (< xamarinmac) (< win8) (< wp8) (< wpa81)) (>= dnxcore50)
    System.Diagnostics.Tracing (4.3) - restriction: || (&& (< net45) (>= net46) (< netstandard1.3)) (&& (< net45) (>= net46) (< netstandard1.4)) (&& (< net45) (>= netstandard1.1) (< portable-net451+win81+wpa81)) (&& (< net45) (>= netstandard1.2) (< netstandard1.3) (< monoandroid) (< wpa81)) (&& (< net45) (>= netstandard1.3) (< netstandard1.4) (< monoandroid) (< wpa81)) (&& (< net45) (>= netstandard1.3) (< win8) (< portable-net451+win81+wpa81)) (&& (< net45) (< netstandard1.3) (>= netstandard1.4) (< monoandroid) (< win8) (< wpa81)) (&& (< net45) (< netstandard1.3) (>= netstandard1.5) (< monoandroid)) (&& (< net45) (>= netstandard1.4) (< netstandard1.5) (< monoandroid) (< wpa81)) (&& (< net45) (>= netstandard1.5) (< netstandard1.6) (< monoandroid)) (&& (< net451) (>= net46) (< netstandard1.4)) (&& (>= net46) (>= dnxcore50)) (&& (>= net46) (< netstandard1.4) (>= netstandard1.6)) (&& (>= uap10.0) (< uap10.1)) (&& (>= uap10.0) (>= dnxcore50)) (&& (>= uap10.0) (>= netstandard1.6)) (&& (>= uap10.0) (< win8) (< wpa81)) (&& (>= dnxcore50) (>= netstandard1.1)) (&& (>= dnxcore50) (>= netstandard1.2)) (&& (>= dnxcore50) (>= netstandard1.3)) (&& (>= dnxcore50) (>= netstandard1.4)) (&& (>= dnxcore50) (>= netstandard1.5)) (&& (>= dnxcore50) (>= netstandard1.6)) (&& (< netstandard1.3) (>= netstandard1.6)) (&& (< netstandard1.4) (>= netstandard1.6) (< monoandroid)) (&& (< netstandard1.5) (>= netstandard1.6) (< monoandroid)) (&& (>= netstandard1.6) (< monotouch) (< xamarintvos) (< xamarinwatchos) (< xamarinios) (< xamarinmac)) (&& (>= netstandard1.6) (< portable-net451+win81+wpa81))
      Microsoft.NETCore.Platforms (>= 1.1) - restriction: || (&& (< net45) (>= netstandard1.1) (< netstandard1.2) (< monoandroid) (< win8)) (&& (< net45) (>= netstandard1.2) (< netstandard1.3) (< monoandroid) (< win8) (< wpa81)) (&& (< net45) (>= netstandard1.3) (< netstandard1.5) (< monoandroid) (< win8) (< wpa81)) (&& (< net45) (>= netstandard1.5) (< monotouch) (< xamarintvos) (< xamarinwatchos) (< xamarinios) (< xamarinmac)) (>= dnxcore50)
      Microsoft.NETCore.Targets (>= 1.1) - restriction: || (&& (< net45) (>= netstandard1.1) (< netstandard1.2) (< monoandroid) (< win8)) (&& (< net45) (>= netstandard1.2) (< netstandard1.3) (< monoandroid) (< win8) (< wpa81)) (&& (< net45) (>= netstandard1.3) (< netstandard1.5) (< monoandroid) (< win8) (< wpa81)) (&& (< net45) (>= netstandard1.5) (< monotouch) (< xamarintvos) (< xamarinwatchos) (< xamarinios) (< xamarinmac)) (>= dnxcore50)
      System.Runtime (>= 4.3) - restriction: || (&& (< net45) (>= netstandard1.1) (< netstandard1.2) (< monoandroid) (< win8)) (&& (< net45) (>= netstandard1.2) (< netstandard1.3) (< monoandroid) (< win8) (< wpa81)) (&& (< net45) (>= netstandard1.3) (< netstandard1.5) (< monoandroid) (< win8) (< wpa81)) (&& (< net45) (>= netstandard1.5) (< monotouch) (< xamarintvos) (< xamarinwatchos) (< xamarinios) (< xamarinmac)) (>= dnxcore50)
    System.Globalization (4.3) - restriction: || (&& (< net45) (>= net46) (< netstandard1.4)) (&& (< net45) (>= netstandard1.1) (< portable-net451+win81+wpa81)) (&& (< net45) (>= netstandard1.2) (< netstandard1.3) (< monoandroid) (< wpa81)) (&& (< net45) (>= netstandard1.3) (< netstandard1.4) (< monoandroid) (< wpa81)) (&& (< net45) (>= netstandard1.3) (< win8) (< portable-net451+win81+wpa81)) (&& (< net45) (>= netstandard1.4) (< netstandard1.5) (< monoandroid) (< wpa81)) (&& (< net45) (>= netstandard1.5) (< monoandroid)) (&& (< net451) (>= net46) (< netstandard1.4)) (&& (>= net46) (>= dnxcore50)) (&& (>= uap10.0) (< uap10.1)) (&& (>= uap10.0) (>= dnxcore50)) (&& (>= uap10.0) (< win8) (< wpa81)) (&& (>= dnxcore50) (>= netstandard1.0)) (&& (>= dnxcore50) (>= netstandard1.1)) (&& (>= dnxcore50) (>= netstandard1.2)) (&& (>= dnxcore50) (>= netstandard1.3)) (&& (>= dnxcore50) (>= netstandard1.4)) (&& (>= dnxcore50) (>= netstandard1.5)) (&& (>= netstandard1.0) (< portable-net45+win8+wpa81)) (&& (>= netstandard1.3) (< portable-net45+win8+wpa81)) (>= netstandard1.6)
      Microsoft.NETCore.Platforms (>= 1.1) - restriction: || (&& (< net45) (>= netstandard1.0) (< netstandard1.3) (< monoandroid) (< win8) (< wp8) (< wpa81)) (&& (< net45) (>= netstandard1.3) (< monotouch) (< xamarintvos) (< xamarinwatchos) (< xamarinios) (< xamarinmac) (< win8) (< wpa81)) (>= dnxcore50)
      Microsoft.NETCore.Targets (>= 1.1) - restriction: || (&& (< net45) (>= netstandard1.0) (< netstandard1.3) (< monoandroid) (< win8) (< wp8) (< wpa81)) (&& (< net45) (>= netstandard1.3) (< monotouch) (< xamarintvos) (< xamarinwatchos) (< xamarinios) (< xamarinmac) (< win8) (< wpa81)) (>= dnxcore50)
      System.Runtime (>= 4.3) - restriction: || (&& (< net45) (>= netstandard1.0) (< netstandard1.3) (< monoandroid) (< win8) (< wp8) (< wpa81)) (&& (< net45) (>= netstandard1.3) (< monotouch) (< xamarintvos) (< xamarinwatchos) (< xamarinios) (< xamarinmac) (< win8) (< wpa81)) (>= dnxcore50)
    System.Globalization.Calendars (4.3) - restriction: || (&& (< net45) (>= netstandard1.3) (< netstandard1.4) (< monoandroid) (< wpa81)) (&& (< net45) (>= netstandard1.4) (< netstandard1.5) (< monoandroid) (< wpa81)) (&& (< net45) (>= netstandard1.5) (< netstandard1.6) (< monoandroid)) (&& (< net451) (>= net46) (< netstandard1.4)) (&& (>= net46) (>= dnxcore50)) (&& (>= net46) (>= netstandard1.6)) (&& (>= uap10.0) (< uap10.1)) (&& (>= uap10.0) (>= dnxcore50)) (&& (>= uap10.0) (>= netstandard1.6)) (&& (>= dnxcore50) (>= netstandard1.1)) (&& (>= dnxcore50) (>= netstandard1.2)) (&& (>= dnxcore50) (>= netstandard1.3)) (&& (>= dnxcore50) (>= netstandard1.4)) (&& (>= dnxcore50) (>= netstandard1.5)) (&& (>= dnxcore50) (>= netstandard1.6)) (&& (< netstandard1.3) (>= netstandard1.6) (< monoandroid)) (&& (< netstandard1.4) (>= netstandard1.6) (< monoandroid)) (&& (< netstandard1.5) (>= netstandard1.6) (< monoandroid)) (&& (>= netstandard1.6) (< monotouch) (< xamarintvos) (< xamarinwatchos) (< xamarinios) (< xamarinmac)) (&& (>= netstandard1.6) (< portable-net451+win81+wpa81))
      Microsoft.NETCore.Platforms (>= 1.1) - restriction: && (< net46) (>= netstandard1.3) (< monotouch) (< xamarintvos) (< xamarinwatchos) (< xamarinios) (< xamarinmac)
      Microsoft.NETCore.Targets (>= 1.1) - restriction: && (< net46) (>= netstandard1.3) (< monotouch) (< xamarintvos) (< xamarinwatchos) (< xamarinios) (< xamarinmac)
      System.Globalization (>= 4.3) - restriction: && (< net46) (>= netstandard1.3) (< monotouch) (< xamarintvos) (< xamarinwatchos) (< xamarinios) (< xamarinmac)
      System.Runtime (>= 4.3) - restriction: && (< net46) (>= netstandard1.3) (< monotouch) (< xamarintvos) (< xamarinwatchos) (< xamarinios) (< xamarinmac)
    System.Globalization.Extensions (4.3) - restriction: || (&& (>= net46) (< netstandard1.4) (>= netstandard1.6)) (&& (>= uap10.0) (>= netstandard1.6)) (&& (>= dnxcore50) (>= netstandard1.6)) (&& (< netstandard1.3) (>= netstandard1.6) (< monoandroid)) (&& (< netstandard1.4) (>= netstandard1.6) (< monoandroid)) (&& (< netstandard1.5) (>= netstandard1.6) (< monoandroid)) (&& (>= netstandard1.6) (< monotouch) (< xamarintvos) (< xamarinwatchos) (< xamarinios) (< xamarinmac)) (&& (>= netstandard1.6) (< portable-net451+win81+wpa81))
      Microsoft.NETCore.Platforms (>= 1.1) - restriction: && (< net46) (>= netstandard1.3) (< monotouch) (< xamarintvos) (< xamarinwatchos) (< xamarinios) (< xamarinmac)
      System.Globalization (>= 4.3) - restriction: && (< net46) (>= netstandard1.3) (< monotouch) (< xamarintvos) (< xamarinwatchos) (< xamarinios) (< xamarinmac)
      System.Resources.ResourceManager (>= 4.3) - restriction: && (< net46) (>= netstandard1.3) (< monotouch) (< xamarintvos) (< xamarinwatchos) (< xamarinios) (< xamarinmac)
      System.Runtime (>= 4.3) - restriction: && (< net46) (>= netstandard1.3) (< monotouch) (< xamarintvos) (< xamarinwatchos) (< xamarinios) (< xamarinmac)
      System.Runtime.Extensions (>= 4.3) - restriction: && (< net46) (>= netstandard1.3) (< monotouch) (< xamarintvos) (< xamarinwatchos) (< xamarinios) (< xamarinmac)
      System.Runtime.InteropServices (>= 4.3) - restriction: && (< net46) (>= netstandard1.3) (< monotouch) (< xamarintvos) (< xamarinwatchos) (< xamarinios) (< xamarinmac)
    System.IO (4.3) - restriction: || (&& (< net45) (>= net46) (< netstandard1.3)) (&& (< net45) (>= net46) (< netstandard1.4)) (&& (< net45) (>= net463)) (&& (< net45) (>= netstandard1.1) (< portable-net451+win81+wpa81)) (&& (< net45) (>= netstandard1.2) (< netstandard1.3) (< monoandroid) (< wpa81)) (&& (< net45) (>= netstandard1.3) (< netstandard1.4) (< monoandroid) (< wpa81)) (&& (< net45) (>= netstandard1.3) (< win8) (< portable-net451+win81+wpa81)) (&& (< net45) (< netstandard1.3) (>= netstandard1.4) (< monoandroid) (< win8) (< wpa81)) (&& (< net45) (>= netstandard1.4) (< netstandard1.5) (< monoandroid) (< wpa81)) (&& (< net45) (>= netstandard1.5) (< monoandroid)) (&& (< net45) (>= netstandard1.5) (< portable-net451+win81+wpa81)) (&& (< net451) (>= net46) (< netstandard1.4)) (&& (< net451) (>= net463) (< netstandard1.4)) (&& (>= net46) (>= dnxcore50)) (&& (>= net463) (>= uap10.0)) (&& (>= uap10.0) (< uap10.1)) (&& (>= uap10.0) (>= dnxcore50)) (&& (>= uap10.0) (< netstandard1.4)) (&& (>= uap10.0) (>= netstandard1.5)) (&& (>= uap10.0) (< win8) (< wpa81)) (&& (>= dnxcore50) (>= netstandard1.0)) (&& (>= dnxcore50) (>= netstandard1.1)) (&& (>= dnxcore50) (>= netstandard1.2)) (&& (>= dnxcore50) (>= netstandard1.3)) (&& (>= dnxcore50) (>= netstandard1.4)) (&& (>= dnxcore50) (>= netstandard1.5)) (&& (>= netstandard1.0) (< portable-net45+win8+wpa81)) (&& (>= netstandard1.3) (< portable-net45+win8+wpa81)) (&& (>= netstandard1.5) (< portable-net45+win8+wpa81)) (>= netstandard1.6)
      Microsoft.NETCore.Platforms (>= 1.1) - restriction: || (&& (< net45) (>= netstandard1.0) (< netstandard1.3) (< monoandroid) (< win8) (< wp8) (< wpa81)) (&& (< net45) (>= netstandard1.3) (< netstandard1.5) (< monoandroid) (< win8) (< wpa81)) (&& (< net45) (>= netstandard1.5) (< monotouch) (< xamarintvos) (< xamarinwatchos) (< xamarinios) (< xamarinmac)) (>= dnxcore50)
      Microsoft.NETCore.Targets (>= 1.1) - restriction: || (&& (< net45) (>= netstandard1.0) (< netstandard1.3) (< monoandroid) (< win8) (< wp8) (< wpa81)) (&& (< net45) (>= netstandard1.3) (< netstandard1.5) (< monoandroid) (< win8) (< wpa81)) (&& (< net45) (>= netstandard1.5) (< monotouch) (< xamarintvos) (< xamarinwatchos) (< xamarinios) (< xamarinmac)) (>= dnxcore50)
      System.Runtime (>= 4.3) - restriction: || (&& (< net45) (>= netstandard1.0) (< netstandard1.3) (< monoandroid) (< win8) (< wp8) (< wpa81)) (&& (< net45) (>= netstandard1.3) (< netstandard1.5) (< monoandroid) (< win8) (< wpa81)) (&& (< net45) (>= netstandard1.5) (< monotouch) (< xamarintvos) (< xamarinwatchos) (< xamarinios) (< xamarinmac)) (>= dnxcore50)
      System.Text.Encoding (>= 4.3) - restriction: || (&& (< net45) (>= netstandard1.0) (< netstandard1.3) (< monoandroid) (< win8) (< wp8) (< wpa81)) (&& (< net45) (>= netstandard1.3) (< netstandard1.5) (< monoandroid) (< win8) (< wpa81)) (&& (< net45) (>= netstandard1.5) (< monotouch) (< xamarintvos) (< xamarinwatchos) (< xamarinios) (< xamarinmac)) (>= dnxcore50)
      System.Threading.Tasks (>= 4.3) - restriction: || (&& (< net45) (>= netstandard1.0) (< netstandard1.3) (< monoandroid) (< win8) (< wp8) (< wpa81)) (&& (< net45) (>= netstandard1.3) (< netstandard1.5) (< monoandroid) (< win8) (< wpa81)) (&& (< net45) (>= netstandard1.5) (< monotouch) (< xamarintvos) (< xamarinwatchos) (< xamarinios) (< xamarinmac)) (>= dnxcore50)
    System.IO.Compression (4.3) - restriction: || (&& (< net45) (>= net46) (< netstandard1.4)) (&& (< net45) (>= netstandard1.1) (< portable-net451+win81+wpa81)) (&& (< net45) (>= netstandard1.2) (< netstandard1.3) (< monoandroid) (< wpa81)) (&& (< net45) (>= netstandard1.3) (< netstandard1.4) (< monoandroid) (< wpa81)) (&& (< net45) (>= netstandard1.3) (< win8) (< portable-net451+win81+wpa81)) (&& (< net45) (>= netstandard1.4) (< netstandard1.5) (< monoandroid) (< wpa81)) (&& (< net45) (>= netstandard1.5) (< netstandard1.6) (< monoandroid)) (&& (< net451) (>= net46) (< netstandard1.4)) (&& (>= uap10.0) (< uap10.1)) (&& (>= uap10.0) (< win8) (< wpa81)) (&& (>= netstandard1.6) (< netstandard2.0) (< monotouch) (< xamarintvos) (< xamarinwatchos) (< xamarinios) (< xamarinmac))
      Microsoft.NETCore.Platforms (>= 1.1) - restriction: && (< net45) (>= netstandard1.3) (< monotouch) (< xamarintvos) (< xamarinwatchos) (< xamarinios) (< xamarinmac) (< win8) (< wpa81)
      runtime.native.System (>= 4.3) - restriction: && (< net45) (>= netstandard1.3) (< monotouch) (< xamarintvos) (< xamarinwatchos) (< xamarinios) (< xamarinmac) (< win8) (< wpa81)
      runtime.native.System.IO.Compression (>= 4.3) - restriction: || (&& (< net45) (>= netstandard1.3) (< monotouch) (< xamarintvos) (< xamarinwatchos) (< xamarinios) (< xamarinmac) (< win8) (< wpa81)) (>= dnxcore50)
      System.Buffers (>= 4.3) - restriction: || (&& (< net45) (>= netstandard1.3) (< monotouch) (< xamarintvos) (< xamarinwatchos) (< xamarinios) (< xamarinmac) (< win8) (< wpa81)) (>= dnxcore50)
      System.Collections (>= 4.3) - restriction: || (&& (< net45) (>= netstandard1.3) (< monotouch) (< xamarintvos) (< xamarinwatchos) (< xamarinios) (< xamarinmac) (< win8) (< wpa81)) (>= dnxcore50)
      System.Diagnostics.Debug (>= 4.3) - restriction: || (&& (< net45) (>= netstandard1.3) (< monotouch) (< xamarintvos) (< xamarinwatchos) (< xamarinios) (< xamarinmac) (< win8) (< wpa81)) (>= dnxcore50)
      System.IO (>= 4.3) - restriction: || (&& (< net45) (>= netstandard1.1) (< netstandard1.3) (< monoandroid) (< win8) (< wpa81)) (&& (< net45) (>= netstandard1.3) (< monotouch) (< xamarintvos) (< xamarinwatchos) (< xamarinios) (< xamarinmac) (< win8) (< wpa81)) (>= dnxcore50)
      System.Resources.ResourceManager (>= 4.3) - restriction: || (&& (< net45) (>= netstandard1.3) (< monotouch) (< xamarintvos) (< xamarinwatchos) (< xamarinios) (< xamarinmac) (< win8) (< wpa81)) (>= dnxcore50)
      System.Runtime (>= 4.3) - restriction: || (&& (< net45) (>= netstandard1.1) (< netstandard1.3) (< monoandroid) (< win8) (< wpa81)) (&& (< net45) (>= netstandard1.3) (< monotouch) (< xamarintvos) (< xamarinwatchos) (< xamarinios) (< xamarinmac) (< win8) (< wpa81)) (>= dnxcore50)
      System.Runtime.Extensions (>= 4.3) - restriction: || (&& (< net45) (>= netstandard1.3) (< monotouch) (< xamarintvos) (< xamarinwatchos) (< xamarinios) (< xamarinmac) (< win8) (< wpa81)) (>= dnxcore50)
      System.Runtime.Handles (>= 4.3) - restriction: || (&& (< net45) (>= netstandard1.3) (< monotouch) (< xamarintvos) (< xamarinwatchos) (< xamarinios) (< xamarinmac) (< win8) (< wpa81)) (>= dnxcore50)
      System.Runtime.InteropServices (>= 4.3) - restriction: || (&& (< net45) (>= netstandard1.3) (< monotouch) (< xamarintvos) (< xamarinwatchos) (< xamarinios) (< xamarinmac) (< win8) (< wpa81)) (>= dnxcore50)
      System.Text.Encoding (>= 4.3) - restriction: || (&& (< net45) (>= netstandard1.1) (< netstandard1.3) (< monoandroid) (< win8) (< wpa81)) (&& (< net45) (>= netstandard1.3) (< monotouch) (< xamarintvos) (< xamarinwatchos) (< xamarinios) (< xamarinmac) (< win8) (< wpa81)) (>= dnxcore50)
      System.Threading (>= 4.3) - restriction: || (&& (< net45) (>= netstandard1.3) (< monotouch) (< xamarintvos) (< xamarinwatchos) (< xamarinios) (< xamarinmac) (< win8) (< wpa81)) (>= dnxcore50)
      System.Threading.Tasks (>= 4.3) - restriction: || (&& (< net45) (>= netstandard1.3) (< monotouch) (< xamarintvos) (< xamarinwatchos) (< xamarinios) (< xamarinmac) (< win8) (< wpa81)) (>= dnxcore50)
    System.IO.Compression.ZipFile (4.3) - restriction: || (&& (< net45) (>= netstandard1.3) (< netstandard1.4) (< monoandroid) (< wpa81)) (&& (< net45) (>= netstandard1.4) (< netstandard1.5) (< monoandroid) (< wpa81)) (&& (< net45) (>= netstandard1.5) (< netstandard1.6) (< monoandroid)) (&& (< net451) (>= net46) (< netstandard1.4)) (&& (>= uap10.0) (< uap10.1)) (&& (>= netstandard1.6) (< netstandard2.0) (< monotouch) (< xamarintvos) (< xamarinwatchos) (< xamarinios) (< xamarinmac))
      System.Buffers (>= 4.3) - restriction: && (< net46) (>= netstandard1.3) (< monotouch) (< xamarintvos) (< xamarinwatchos) (< xamarinios) (< xamarinmac)
      System.IO (>= 4.3) - restriction: && (< net46) (>= netstandard1.3) (< monotouch) (< xamarintvos) (< xamarinwatchos) (< xamarinios) (< xamarinmac)
      System.IO.Compression (>= 4.3) - restriction: && (< net46) (>= netstandard1.3) (< monotouch) (< xamarintvos) (< xamarinwatchos) (< xamarinios) (< xamarinmac)
      System.IO.FileSystem (>= 4.3) - restriction: && (< net46) (>= netstandard1.3) (< monotouch) (< xamarintvos) (< xamarinwatchos) (< xamarinios) (< xamarinmac)
      System.IO.FileSystem.Primitives (>= 4.3) - restriction: && (< net46) (>= netstandard1.3) (< monotouch) (< xamarintvos) (< xamarinwatchos) (< xamarinios) (< xamarinmac)
      System.Resources.ResourceManager (>= 4.3) - restriction: && (< net46) (>= netstandard1.3) (< monotouch) (< xamarintvos) (< xamarinwatchos) (< xamarinios) (< xamarinmac)
      System.Runtime (>= 4.3) - restriction: && (< net46) (>= netstandard1.3) (< monotouch) (< xamarintvos) (< xamarinwatchos) (< xamarinios) (< xamarinmac)
      System.Runtime.Extensions (>= 4.3) - restriction: && (< net46) (>= netstandard1.3) (< monotouch) (< xamarintvos) (< xamarinwatchos) (< xamarinios) (< xamarinmac)
      System.Text.Encoding (>= 4.3) - restriction: && (< net46) (>= netstandard1.3) (< monotouch) (< xamarintvos) (< xamarinwatchos) (< xamarinios) (< xamarinmac)
    System.IO.FileSystem (4.3) - restriction: || (&& (< net45) (>= net46) (< netstandard1.4)) (&& (< net45) (>= netstandard1.3) (< netstandard1.4) (< monoandroid) (< wpa81)) (&& (< net45) (>= netstandard1.3) (< win8) (< portable-net451+win81+wpa81)) (&& (< net45) (>= netstandard1.4) (< netstandard1.5) (< monoandroid) (< wpa81)) (&& (< net45) (>= netstandard1.5) (< netstandard1.6) (< monoandroid)) (&& (< net451) (>= net46) (< netstandard1.4)) (&& (>= net46) (>= dnxcore50)) (&& (>= net46) (< netstandard1.4) (>= netstandard1.6)) (&& (>= uap10.0) (< uap10.1)) (&& (>= uap10.0) (>= dnxcore50)) (&& (>= uap10.0) (>= netstandard1.6)) (&& (>= uap10.0) (< win8) (< wpa81)) (&& (>= dnxcore50) (>= netstandard1.0)) (&& (>= dnxcore50) (>= netstandard1.1)) (&& (>= dnxcore50) (>= netstandard1.2)) (&& (>= dnxcore50) (>= netstandard1.3)) (&& (>= dnxcore50) (>= netstandard1.4)) (&& (>= dnxcore50) (>= netstandard1.5)) (&& (>= dnxcore50) (>= netstandard1.6)) (&& (>= netstandard1.3) (< portable-net45+win8+wpa81)) (&& (< netstandard1.3) (>= netstandard1.6) (< monoandroid)) (&& (< netstandard1.4) (>= netstandard1.6) (< monoandroid)) (&& (< netstandard1.5) (>= netstandard1.6) (< monoandroid)) (&& (>= netstandard1.6) (< monotouch) (< xamarintvos) (< xamarinwatchos) (< xamarinios) (< xamarinmac)) (&& (>= netstandard1.6) (< portable-net451+win81+wpa81))
      Microsoft.NETCore.Platforms (>= 1.1) - restriction: && (< net46) (>= netstandard1.3) (< monotouch) (< xamarintvos) (< xamarinwatchos) (< xamarinios) (< xamarinmac)
      Microsoft.NETCore.Targets (>= 1.1) - restriction: && (< net46) (>= netstandard1.3) (< monotouch) (< xamarintvos) (< xamarinwatchos) (< xamarinios) (< xamarinmac)
      System.IO (>= 4.3) - restriction: && (< net46) (>= netstandard1.3) (< monotouch) (< xamarintvos) (< xamarinwatchos) (< xamarinios) (< xamarinmac)
      System.IO.FileSystem.Primitives (>= 4.3) - restriction: || (>= net46) (&& (>= netstandard1.3) (< monotouch) (< xamarintvos) (< xamarinwatchos) (< xamarinios) (< xamarinmac))
      System.Runtime (>= 4.3) - restriction: && (< net46) (>= netstandard1.3) (< monotouch) (< xamarintvos) (< xamarinwatchos) (< xamarinios) (< xamarinmac)
      System.Runtime.Handles (>= 4.3) - restriction: && (< net46) (>= netstandard1.3) (< monotouch) (< xamarintvos) (< xamarinwatchos) (< xamarinios) (< xamarinmac)
      System.Text.Encoding (>= 4.3) - restriction: && (< net46) (>= netstandard1.3) (< monotouch) (< xamarintvos) (< xamarinwatchos) (< xamarinios) (< xamarinmac)
      System.Threading.Tasks (>= 4.3) - restriction: && (< net46) (>= netstandard1.3) (< monotouch) (< xamarintvos) (< xamarinwatchos) (< xamarinios) (< xamarinmac)
    System.IO.FileSystem.Primitives (4.3) - restriction: || (&& (< net45) (>= net46) (>= netstandard1.4) (< netstandard1.5)) (&& (< net45) (>= net46) (< netstandard1.4)) (&& (< net45) (>= net46) (>= netstandard1.5)) (&& (< net45) (>= netstandard1.3) (< netstandard1.4) (< monoandroid) (< wpa81)) (&& (< net45) (>= netstandard1.3) (< win8) (< portable-net451+win81+wpa81)) (&& (< net45) (>= netstandard1.4) (< netstandard1.5) (< monoandroid) (< wpa81)) (&& (< net45) (>= netstandard1.5) (< netstandard1.6) (< monoandroid)) (&& (< net451) (>= net46) (< netstandard1.4)) (&& (>= net46) (>= uap10.0)) (&& (>= net46) (>= dnxcore50)) (&& (>= net46) (>= netstandard1.6)) (&& (>= uap10.0) (< uap10.1)) (&& (>= uap10.0) (>= dnxcore50)) (&& (>= uap10.0) (>= netstandard1.6)) (&& (>= uap10.0) (< win8) (< wpa81)) (&& (>= dnxcore50) (>= netstandard1.0)) (&& (>= dnxcore50) (>= netstandard1.1)) (&& (>= dnxcore50) (>= netstandard1.2)) (&& (>= dnxcore50) (>= netstandard1.3)) (&& (>= dnxcore50) (>= netstandard1.4)) (&& (>= dnxcore50) (>= netstandard1.5)) (&& (>= dnxcore50) (>= netstandard1.6)) (&& (>= netstandard1.3) (< portable-net45+win8+wpa81)) (&& (< netstandard1.3) (>= netstandard1.6) (< monoandroid)) (&& (< netstandard1.4) (>= netstandard1.6) (< monoandroid)) (&& (< netstandard1.5) (>= netstandard1.6) (< monoandroid)) (&& (>= netstandard1.6) (< monotouch) (< xamarintvos) (< xamarinwatchos) (< xamarinios) (< xamarinmac)) (&& (>= netstandard1.6) (< portable-net451+win81+wpa81))
      System.Runtime (>= 4.3) - restriction: && (< net46) (>= netstandard1.3) (< monotouch) (< xamarintvos) (< xamarinwatchos) (< xamarinios) (< xamarinmac)
    System.Linq (4.3) - restriction: || (&& (< net45) (>= net46) (< netstandard1.4)) (&& (< net45) (>= netstandard1.1) (< portable-net451+win81+wpa81)) (&& (< net45) (>= netstandard1.2) (< netstandard1.3) (< monoandroid) (< wpa81)) (&& (< net45) (>= netstandard1.3) (< netstandard1.4) (< monoandroid) (< wpa81)) (&& (< net45) (>= netstandard1.3) (< win8) (< portable-net451+win81+wpa81)) (&& (< net45) (>= netstandard1.4) (< netstandard1.5) (< monoandroid) (< wpa81)) (&& (< net45) (>= netstandard1.5) (< monoandroid)) (&& (< net451) (>= net46) (< netstandard1.4)) (&& (>= uap10.0) (< uap10.1)) (&& (>= uap10.0) (< win8) (< wpa81)) (&& (>= netstandard1.0) (< portable-net45+win8+wpa81)) (>= netstandard1.6)
      System.Collections (>= 4.3) - restriction: || (&& (< net45) (>= netstandard1.0) (< netstandard1.6) (< monoandroid) (< win8) (< wp8) (< wpa81)) (>= dnxcore50) (&& (>= netstandard1.6) (< monotouch) (< xamarintvos) (< xamarinwatchos) (< xamarinios) (< xamarinmac))
      System.Diagnostics.Debug (>= 4.3) - restriction: || (>= dnxcore50) (&& (>= netstandard1.6) (< monotouch) (< xamarintvos) (< xamarinwatchos) (< xamarinios) (< xamarinmac))
      System.Resources.ResourceManager (>= 4.3) - restriction: || (>= dnxcore50) (&& (>= netstandard1.6) (< monotouch) (< xamarintvos) (< xamarinwatchos) (< xamarinios) (< xamarinmac))
      System.Runtime (>= 4.3) - restriction: || (&& (< net45) (>= netstandard1.0) (< netstandard1.6) (< monoandroid) (< win8) (< wp8) (< wpa81)) (>= dnxcore50) (&& (>= netstandard1.6) (< monotouch) (< xamarintvos) (< xamarinwatchos) (< xamarinios) (< xamarinmac))
      System.Runtime.Extensions (>= 4.3) - restriction: || (>= dnxcore50) (&& (>= netstandard1.6) (< monotouch) (< xamarintvos) (< xamarinwatchos) (< xamarinios) (< xamarinmac))
    System.Linq.Expressions (4.3) - restriction: || (&& (< net45) (>= netstandard1.1) (< portable-net451+win81+wpa81)) (&& (< net45) (>= netstandard1.2) (< netstandard1.3) (< monoandroid) (< wpa81)) (&& (< net45) (>= netstandard1.3) (< netstandard1.4) (< monoandroid) (< wpa81)) (&& (< net45) (>= netstandard1.4) (< netstandard1.5) (< monoandroid) (< wpa81)) (&& (< net45) (>= netstandard1.5) (< monoandroid)) (&& (>= uap10.0) (< uap10.1)) (&& (>= netstandard1.0) (< portable-net45+win8+wpa81)) (>= netstandard1.6)
      System.Collections (>= 4.3) - restriction: || (>= dnxcore50) (&& (>= netstandard1.6) (< monotouch) (< xamarintvos) (< xamarinwatchos) (< xamarinios) (< xamarinmac))
      System.Diagnostics.Debug (>= 4.3) - restriction: || (>= dnxcore50) (&& (>= netstandard1.6) (< monotouch) (< xamarintvos) (< xamarinwatchos) (< xamarinios) (< xamarinmac))
      System.Globalization (>= 4.3) - restriction: || (>= dnxcore50) (&& (>= netstandard1.6) (< monotouch) (< xamarintvos) (< xamarinwatchos) (< xamarinios) (< xamarinmac))
      System.IO (>= 4.3) - restriction: || (>= dnxcore50) (&& (>= netstandard1.6) (< monotouch) (< xamarintvos) (< xamarinwatchos) (< xamarinios) (< xamarinmac))
      System.Linq (>= 4.3) - restriction: || (>= dnxcore50) (&& (>= netstandard1.6) (< monotouch) (< xamarintvos) (< xamarinwatchos) (< xamarinios) (< xamarinmac))
      System.ObjectModel (>= 4.3) - restriction: && (>= netstandard1.6) (< monotouch) (< xamarintvos) (< xamarinwatchos) (< xamarinios) (< xamarinmac)
      System.Reflection (>= 4.3) - restriction: || (&& (< net45) (>= netstandard1.0) (< netstandard1.3) (< monoandroid) (< win8) (< wp8) (< wpa81)) (&& (< net45) (>= netstandard1.3) (< netstandard1.6) (< monoandroid) (< win8) (< wpa81)) (>= dnxcore50) (&& (>= netstandard1.6) (< monotouch) (< xamarintvos) (< xamarinwatchos) (< xamarinios) (< xamarinmac))
      System.Reflection.Emit (>= 4.3) - restriction: && (>= netstandard1.6) (< monotouch) (< xamarintvos) (< xamarinwatchos) (< xamarinios) (< xamarinmac)
      System.Reflection.Emit.ILGeneration (>= 4.3) - restriction: || (>= dnxcore50) (&& (>= netstandard1.6) (< monotouch) (< xamarintvos) (< xamarinwatchos) (< xamarinios) (< xamarinmac))
      System.Reflection.Emit.Lightweight (>= 4.3) - restriction: || (>= dnxcore50) (&& (>= netstandard1.6) (< monotouch) (< xamarintvos) (< xamarinwatchos) (< xamarinios) (< xamarinmac))
      System.Reflection.Extensions (>= 4.3) - restriction: || (>= dnxcore50) (&& (>= netstandard1.6) (< monotouch) (< xamarintvos) (< xamarinwatchos) (< xamarinios) (< xamarinmac))
      System.Reflection.Primitives (>= 4.3) - restriction: || (>= dnxcore50) (&& (>= netstandard1.6) (< monotouch) (< xamarintvos) (< xamarinwatchos) (< xamarinios) (< xamarinmac))
      System.Reflection.TypeExtensions (>= 4.3) - restriction: || (>= dnxcore50) (&& (>= netstandard1.6) (< monotouch) (< xamarintvos) (< xamarinwatchos) (< xamarinios) (< xamarinmac))
      System.Resources.ResourceManager (>= 4.3) - restriction: || (>= dnxcore50) (&& (>= netstandard1.6) (< monotouch) (< xamarintvos) (< xamarinwatchos) (< xamarinios) (< xamarinmac))
      System.Runtime (>= 4.3) - restriction: || (&& (< net45) (>= netstandard1.0) (< netstandard1.3) (< monoandroid) (< win8) (< wp8) (< wpa81)) (&& (< net45) (>= netstandard1.3) (< netstandard1.6) (< monoandroid) (< win8) (< wpa81)) (>= dnxcore50) (&& (>= netstandard1.6) (< monotouch) (< xamarintvos) (< xamarinwatchos) (< xamarinios) (< xamarinmac))
      System.Runtime.Extensions (>= 4.3) - restriction: || (>= dnxcore50) (&& (>= netstandard1.6) (< monotouch) (< xamarintvos) (< xamarinwatchos) (< xamarinios) (< xamarinmac))
      System.Threading (>= 4.3) - restriction: || (>= dnxcore50) (&& (>= netstandard1.6) (< monotouch) (< xamarintvos) (< xamarinwatchos) (< xamarinios) (< xamarinmac))
    System.Linq.Queryable (4.3) - restriction: >= netstandard1.6
      System.Collections (>= 4.3) - restriction: || (&& (< net45) (>= netstandard1.3) (< monotouch) (< xamarintvos) (< xamarinwatchos) (< xamarinios) (< xamarinmac) (< win8) (< wpa81)) (>= dnxcore50)
      System.Diagnostics.Debug (>= 4.3) - restriction: || (&& (< net45) (>= netstandard1.3) (< monotouch) (< xamarintvos) (< xamarinwatchos) (< xamarinios) (< xamarinmac) (< win8) (< wpa81)) (>= dnxcore50)
      System.Linq (>= 4.3) - restriction: || (&& (< net45) (>= netstandard1.0) (< netstandard1.3) (< monoandroid) (< win8) (< wp8) (< wpa81)) (&& (< net45) (>= netstandard1.3) (< monotouch) (< xamarintvos) (< xamarinwatchos) (< xamarinios) (< xamarinmac) (< win8) (< wpa81)) (>= dnxcore50)
      System.Linq.Expressions (>= 4.3) - restriction: || (&& (< net45) (>= netstandard1.0) (< netstandard1.3) (< monoandroid) (< win8) (< wp8) (< wpa81)) (&& (< net45) (>= netstandard1.3) (< monotouch) (< xamarintvos) (< xamarinwatchos) (< xamarinios) (< xamarinmac) (< win8) (< wpa81)) (>= dnxcore50)
      System.Reflection (>= 4.3) - restriction: || (&& (< net45) (>= netstandard1.3) (< monotouch) (< xamarintvos) (< xamarinwatchos) (< xamarinios) (< xamarinmac) (< win8) (< wpa81)) (>= dnxcore50)
      System.Reflection.Extensions (>= 4.3) - restriction: || (&& (< net45) (>= netstandard1.3) (< monotouch) (< xamarintvos) (< xamarinwatchos) (< xamarinios) (< xamarinmac) (< win8) (< wpa81)) (>= dnxcore50)
      System.Resources.ResourceManager (>= 4.3) - restriction: || (&& (< net45) (>= netstandard1.3) (< monotouch) (< xamarintvos) (< xamarinwatchos) (< xamarinios) (< xamarinmac) (< win8) (< wpa81)) (>= dnxcore50)
      System.Runtime (>= 4.3) - restriction: || (&& (< net45) (>= netstandard1.0) (< netstandard1.3) (< monoandroid) (< win8) (< wp8) (< wpa81)) (&& (< net45) (>= netstandard1.3) (< monotouch) (< xamarintvos) (< xamarinwatchos) (< xamarinios) (< xamarinmac) (< win8) (< wpa81)) (>= dnxcore50)
    System.Net.Http (4.3.2) - restriction: || (&& (< net45) (>= netstandard1.1) (< portable-net451+win81+wpa81)) (&& (< net45) (>= netstandard1.2) (< netstandard1.3) (< monoandroid) (< wpa81)) (&& (< net45) (>= netstandard1.3) (< netstandard1.4) (< monoandroid) (< wpa81)) (&& (< net45) (>= netstandard1.4) (< netstandard1.5) (< monoandroid) (< wpa81)) (&& (< net45) (>= netstandard1.5) (< netstandard1.6) (< monoandroid)) (&& (< net451) (>= net46) (< netstandard1.4)) (&& (>= uap10.0) (< uap10.1)) (&& (>= dnxcore50) (>= netstandard1.6)) (&& (>= netstandard1.6) (< monotouch) (< xamarintvos) (< xamarinwatchos) (< xamarinios) (< xamarinmac))
      Microsoft.NETCore.Platforms (>= 1.1) - restriction: || (&& (< net45) (>= netstandard1.3) (< netstandard1.6) (< monoandroid) (< win8) (< wpa81)) (>= dnxcore50) (&& (>= netstandard1.6) (< monotouch) (< xamarintvos) (< xamarinwatchos) (< xamarinios) (< xamarinmac))
      Microsoft.Win32.Primitives (>= 4.3) - restriction: && (< net45) (>= netstandard1.3) (< netstandard1.6) (< monoandroid) (< win8) (< wpa81)
      runtime.native.System (>= 4.3) - restriction: && (>= netstandard1.6) (< monotouch) (< xamarintvos) (< xamarinwatchos) (< xamarinios) (< xamarinmac)
      runtime.native.System.Net.Http (>= 4.3) - restriction: && (>= netstandard1.6) (< monotouch) (< xamarintvos) (< xamarinwatchos) (< xamarinios) (< xamarinmac)
      runtime.native.System.Security.Cryptography.OpenSsl (>= 4.3) - restriction: && (>= netstandard1.6) (< monotouch) (< xamarintvos) (< xamarinwatchos) (< xamarinios) (< xamarinmac)
      System.Collections (>= 4.3) - restriction: || (&& (< net45) (>= netstandard1.3) (< netstandard1.6) (< monoandroid) (< win8) (< wpa81)) (>= dnxcore50) (&& (>= netstandard1.6) (< monotouch) (< xamarintvos) (< xamarinwatchos) (< xamarinios) (< xamarinmac))
      System.Diagnostics.Debug (>= 4.3) - restriction: || (&& (< net45) (>= netstandard1.3) (< netstandard1.6) (< monoandroid) (< win8) (< wpa81)) (>= dnxcore50) (&& (>= netstandard1.6) (< monotouch) (< xamarintvos) (< xamarinwatchos) (< xamarinios) (< xamarinmac))
      System.Diagnostics.DiagnosticSource (>= 4.3) - restriction: || (&& (< net45) (>= netstandard1.3) (< netstandard1.6) (< monoandroid) (< win8) (< wpa81)) (>= dnxcore50) (&& (>= netstandard1.6) (< monotouch) (< xamarintvos) (< xamarinwatchos) (< xamarinios) (< xamarinmac))
      System.Diagnostics.Tracing (>= 4.3) - restriction: || (&& (< net45) (>= netstandard1.3) (< netstandard1.6) (< monoandroid) (< win8) (< wpa81)) (>= dnxcore50) (&& (>= netstandard1.6) (< monotouch) (< xamarintvos) (< xamarinwatchos) (< xamarinios) (< xamarinmac))
      System.Globalization (>= 4.3) - restriction: || (&& (< net45) (>= netstandard1.3) (< netstandard1.6) (< monoandroid) (< win8) (< wpa81)) (>= dnxcore50) (&& (>= netstandard1.6) (< monotouch) (< xamarintvos) (< xamarinwatchos) (< xamarinios) (< xamarinmac))
      System.Globalization.Extensions (>= 4.3) - restriction: && (>= netstandard1.6) (< monotouch) (< xamarintvos) (< xamarinwatchos) (< xamarinios) (< xamarinmac)
      System.IO (>= 4.3) - restriction: || (&& (< net45) (>= netstandard1.1) (< netstandard1.3) (< monoandroid) (< win8) (< wpa81)) (&& (< net45) (>= netstandard1.3) (< netstandard1.6) (< monoandroid) (< win8) (< wpa81)) (>= dnxcore50) (&& (>= netstandard1.6) (< monotouch) (< xamarintvos) (< xamarinwatchos) (< xamarinios) (< xamarinmac))
      System.IO.Compression (>= 4.3) - restriction: && (< net45) (>= netstandard1.3) (< netstandard1.6) (< monoandroid) (< win8) (< wpa81)
      System.IO.FileSystem (>= 4.3) - restriction: && (>= netstandard1.6) (< monotouch) (< xamarintvos) (< xamarinwatchos) (< xamarinios) (< xamarinmac)
      System.Net.Primitives (>= 4.3) - restriction: || (&& (< net45) (>= netstandard1.1) (< netstandard1.3) (< monoandroid) (< win8) (< wpa81)) (&& (< net45) (>= netstandard1.3) (< netstandard1.6) (< monoandroid) (< win8) (< wpa81)) (>= dnxcore50) (&& (>= netstandard1.6) (< monotouch) (< xamarintvos) (< xamarinwatchos) (< xamarinios) (< xamarinmac))
      System.Resources.ResourceManager (>= 4.3) - restriction: || (&& (< net45) (>= netstandard1.3) (< netstandard1.6) (< monoandroid) (< win8) (< wpa81)) (>= dnxcore50) (&& (>= netstandard1.6) (< monotouch) (< xamarintvos) (< xamarinwatchos) (< xamarinios) (< xamarinmac))
      System.Runtime (>= 4.3) - restriction: || (&& (< net45) (>= netstandard1.1) (< netstandard1.3) (< monoandroid) (< win8) (< wpa81)) (&& (< net45) (>= netstandard1.3) (< netstandard1.6) (< monoandroid) (< win8) (< wpa81)) (>= dnxcore50) (&& (>= netstandard1.6) (< monotouch) (< xamarintvos) (< xamarinwatchos) (< xamarinios) (< xamarinmac))
      System.Runtime.Extensions (>= 4.3) - restriction: || (&& (< net45) (>= netstandard1.3) (< netstandard1.6) (< monoandroid) (< win8) (< wpa81)) (>= dnxcore50) (&& (>= netstandard1.6) (< monotouch) (< xamarintvos) (< xamarinwatchos) (< xamarinios) (< xamarinmac))
      System.Runtime.Handles (>= 4.3) - restriction: || (&& (< net45) (>= netstandard1.3) (< netstandard1.6) (< monoandroid) (< win8) (< wpa81)) (&& (>= netstandard1.6) (< monotouch) (< xamarintvos) (< xamarinwatchos) (< xamarinios) (< xamarinmac))
      System.Runtime.InteropServices (>= 4.3) - restriction: || (&& (< net45) (>= netstandard1.3) (< netstandard1.6) (< monoandroid) (< win8) (< wpa81)) (>= dnxcore50) (&& (>= netstandard1.6) (< monotouch) (< xamarintvos) (< xamarinwatchos) (< xamarinios) (< xamarinmac))
      System.Security.Cryptography.Algorithms (>= 4.3) - restriction: && (>= netstandard1.6) (< monotouch) (< xamarintvos) (< xamarinwatchos) (< xamarinios) (< xamarinmac)
      System.Security.Cryptography.Encoding (>= 4.3) - restriction: || (&& (< net45) (>= netstandard1.3) (< netstandard1.6) (< monoandroid) (< win8) (< wpa81)) (&& (>= netstandard1.6) (< monotouch) (< xamarintvos) (< xamarinwatchos) (< xamarinios) (< xamarinmac))
      System.Security.Cryptography.OpenSsl (>= 4.3) - restriction: && (>= netstandard1.6) (< monotouch) (< xamarintvos) (< xamarinwatchos) (< xamarinios) (< xamarinmac)
      System.Security.Cryptography.Primitives (>= 4.3) - restriction: && (>= netstandard1.6) (< monotouch) (< xamarintvos) (< xamarinwatchos) (< xamarinios) (< xamarinmac)
      System.Security.Cryptography.X509Certificates (>= 4.3) - restriction: || (&& (< net45) (>= netstandard1.3) (< netstandard1.6) (< monoandroid) (< win8) (< wpa81)) (>= net46) (>= dnxcore50) (&& (>= netstandard1.6) (< monotouch) (< xamarintvos) (< xamarinwatchos) (< xamarinios) (< xamarinmac))
      System.Text.Encoding (>= 4.3) - restriction: || (&& (< net45) (>= netstandard1.1) (< netstandard1.3) (< monoandroid) (< win8) (< wpa81)) (&& (< net45) (>= netstandard1.3) (< netstandard1.6) (< monoandroid) (< win8) (< wpa81)) (>= dnxcore50) (&& (>= netstandard1.6) (< monotouch) (< xamarintvos) (< xamarinwatchos) (< xamarinios) (< xamarinmac))
      System.Threading (>= 4.3) - restriction: || (&& (< net45) (>= netstandard1.3) (< netstandard1.6) (< monoandroid) (< win8) (< wpa81)) (>= dnxcore50) (&& (>= netstandard1.6) (< monotouch) (< xamarintvos) (< xamarinwatchos) (< xamarinios) (< xamarinmac))
      System.Threading.Tasks (>= 4.3) - restriction: || (&& (< net45) (>= netstandard1.1) (< netstandard1.3) (< monoandroid) (< win8) (< wpa81)) (&& (< net45) (>= netstandard1.3) (< netstandard1.6) (< monoandroid) (< win8) (< wpa81)) (>= dnxcore50) (&& (>= netstandard1.6) (< monotouch) (< xamarintvos) (< xamarinwatchos) (< xamarinios) (< xamarinmac))
    System.Net.Primitives (4.3) - restriction: || (&& (< net45) (>= net46) (< netstandard1.3)) (&& (< net45) (>= net46) (< netstandard1.4)) (&& (< net45) (>= netstandard1.1) (< portable-net451+win81+wpa81)) (&& (< net45) (>= netstandard1.2) (< netstandard1.3) (< monoandroid) (< wpa81)) (&& (< net45) (>= netstandard1.3) (< netstandard1.4) (< monoandroid) (< wpa81)) (&& (< net45) (>= netstandard1.3) (< win8) (< portable-net451+win81+wpa81)) (&& (< net45) (< netstandard1.3) (>= netstandard1.4) (< monoandroid) (< win8) (< wpa81)) (&& (< net45) (< netstandard1.3) (>= netstandard1.5) (< monoandroid)) (&& (< net45) (>= netstandard1.4) (< netstandard1.5) (< monoandroid) (< wpa81)) (&& (< net45) (>= netstandard1.5) (< netstandard1.6) (< monoandroid)) (&& (< net451) (>= net46) (< netstandard1.4)) (&& (>= net46) (>= dnxcore50)) (&& (>= net46) (< netstandard1.4) (>= netstandard1.6)) (&& (>= uap10.0) (< uap10.1)) (&& (>= uap10.0) (>= dnxcore50)) (&& (>= uap10.0) (>= netstandard1.6)) (&& (>= uap10.0) (< win8) (< wpa81)) (&& (>= dnxcore50) (>= netstandard1.1)) (&& (>= dnxcore50) (>= netstandard1.2)) (&& (>= dnxcore50) (>= netstandard1.3)) (&& (>= dnxcore50) (>= netstandard1.4)) (&& (>= dnxcore50) (>= netstandard1.5)) (&& (>= dnxcore50) (>= netstandard1.6)) (&& (>= netstandard1.0) (< portable-net45+win8+wpa81)) (&& (< netstandard1.1) (>= netstandard1.6) (< monoandroid)) (&& (< netstandard1.3) (>= netstandard1.6) (< monoandroid)) (&& (< netstandard1.4) (>= netstandard1.6) (< monoandroid)) (&& (< netstandard1.5) (>= netstandard1.6) (< monoandroid)) (&& (>= netstandard1.6) (< monotouch) (< xamarintvos) (< xamarinwatchos) (< xamarinios) (< xamarinmac)) (&& (>= netstandard1.6) (< portable-net451+win81+wpa81))
      Microsoft.NETCore.Platforms (>= 1.1) - restriction: || (&& (< net45) (>= netstandard1.1) (< netstandard1.3) (< monoandroid) (< win8) (< wpa81)) (&& (< net45) (>= netstandard1.3) (< monotouch) (< xamarintvos) (< xamarinwatchos) (< xamarinios) (< xamarinmac) (< win8) (< wpa81)) (>= dnxcore50) (&& (>= netstandard1.0) (< netstandard1.1) (< monoandroid) (< win8) (< wp8))
      Microsoft.NETCore.Targets (>= 1.1) - restriction: || (&& (< net45) (>= netstandard1.1) (< netstandard1.3) (< monoandroid) (< win8) (< wpa81)) (&& (< net45) (>= netstandard1.3) (< monotouch) (< xamarintvos) (< xamarinwatchos) (< xamarinios) (< xamarinmac) (< win8) (< wpa81)) (>= dnxcore50) (&& (>= netstandard1.0) (< netstandard1.1) (< monoandroid) (< win8) (< wp8))
      System.Runtime (>= 4.3) - restriction: || (&& (< net45) (>= netstandard1.1) (< netstandard1.3) (< monoandroid) (< win8) (< wpa81)) (&& (< net45) (>= netstandard1.3) (< monotouch) (< xamarintvos) (< xamarinwatchos) (< xamarinios) (< xamarinmac) (< win8) (< wpa81)) (>= dnxcore50) (&& (>= netstandard1.0) (< netstandard1.1) (< monoandroid) (< win8) (< wp8))
      System.Runtime.Handles (>= 4.3) - restriction: || (&& (< net45) (>= netstandard1.3) (< monotouch) (< xamarintvos) (< xamarinwatchos) (< xamarinios) (< xamarinmac) (< win8) (< wpa81)) (>= dnxcore50)
    System.Net.Requests (4.3) - restriction: >= netstandard1.6
      Microsoft.NETCore.Platforms (>= 1.1) - restriction: && (< net45) (>= netstandard1.3) (< monotouch) (< xamarintvos) (< xamarinwatchos) (< xamarinios) (< xamarinmac) (< win8) (< wpa81)
      System.Collections (>= 4.3) - restriction: || (&& (< net45) (>= netstandard1.3) (< monotouch) (< xamarintvos) (< xamarinwatchos) (< xamarinios) (< xamarinmac) (< win8) (< wpa81)) (>= dnxcore50)
      System.Diagnostics.Debug (>= 4.3) - restriction: || (&& (< net45) (>= netstandard1.3) (< monotouch) (< xamarintvos) (< xamarinwatchos) (< xamarinios) (< xamarinmac) (< win8) (< wpa81)) (>= dnxcore50)
      System.Diagnostics.Tracing (>= 4.3) - restriction: || (&& (< net45) (>= netstandard1.3) (< monotouch) (< xamarintvos) (< xamarinwatchos) (< xamarinios) (< xamarinmac) (< win8) (< wpa81)) (>= dnxcore50)
      System.Globalization (>= 4.3) - restriction: || (&& (< net45) (>= netstandard1.3) (< monotouch) (< xamarintvos) (< xamarinwatchos) (< xamarinios) (< xamarinmac) (< win8) (< wpa81)) (>= dnxcore50)
      System.IO (>= 4.3) - restriction: || (&& (< net45) (>= netstandard1.1) (< netstandard1.3) (< monoandroid) (< win8) (< wpa81)) (&& (< net45) (>= netstandard1.3) (< monotouch) (< xamarintvos) (< xamarinwatchos) (< xamarinios) (< xamarinmac) (< win8) (< wpa81)) (>= dnxcore50) (&& (>= netstandard1.0) (< netstandard1.1) (< monoandroid) (< win8) (< wp8))
      System.Net.Http (>= 4.3) - restriction: || (&& (< net45) (>= netstandard1.3) (< monotouch) (< xamarintvos) (< xamarinwatchos) (< xamarinios) (< xamarinmac) (< win8) (< wpa81)) (>= dnxcore50)
      System.Net.Primitives (>= 4.3) - restriction: || (&& (< net45) (>= netstandard1.1) (< netstandard1.3) (< monoandroid) (< win8) (< wpa81)) (&& (< net45) (>= netstandard1.3) (< monotouch) (< xamarintvos) (< xamarinwatchos) (< xamarinios) (< xamarinmac) (< win8) (< wpa81)) (>= dnxcore50) (&& (>= netstandard1.0) (< netstandard1.1) (< monoandroid) (< win8) (< wp8))
      System.Net.WebHeaderCollection (>= 4.3) - restriction: || (&& (< net45) (>= netstandard1.3) (< monotouch) (< xamarintvos) (< xamarinwatchos) (< xamarinios) (< xamarinmac) (< win8) (< wpa81)) (>= dnxcore50)
      System.Resources.ResourceManager (>= 4.3) - restriction: || (&& (< net45) (>= netstandard1.3) (< monotouch) (< xamarintvos) (< xamarinwatchos) (< xamarinios) (< xamarinmac) (< win8) (< wpa81)) (>= dnxcore50)
      System.Runtime (>= 4.3) - restriction: || (&& (< net45) (>= netstandard1.1) (< netstandard1.3) (< monoandroid) (< win8) (< wpa81)) (&& (< net45) (>= netstandard1.3) (< monotouch) (< xamarintvos) (< xamarinwatchos) (< xamarinios) (< xamarinmac) (< win8) (< wpa81)) (>= dnxcore50) (&& (>= netstandard1.0) (< netstandard1.1) (< monoandroid) (< win8) (< wp8))
      System.Threading (>= 4.3) - restriction: || (&& (< net45) (>= netstandard1.3) (< monotouch) (< xamarintvos) (< xamarinwatchos) (< xamarinios) (< xamarinmac) (< win8) (< wpa81)) (>= dnxcore50)
      System.Threading.Tasks (>= 4.3) - restriction: || (&& (< net45) (>= netstandard1.1) (< netstandard1.3) (< monoandroid) (< win8) (< wpa81)) (&& (< net45) (>= netstandard1.3) (< monotouch) (< xamarintvos) (< xamarinwatchos) (< xamarinios) (< xamarinmac) (< win8) (< wpa81)) (>= dnxcore50)
    System.Net.Sockets (4.3) - restriction: || (&& (< net45) (>= netstandard1.3) (< netstandard1.4) (< monoandroid) (< wpa81)) (&& (< net45) (>= netstandard1.4) (< netstandard1.5) (< monoandroid) (< wpa81)) (&& (< net45) (>= netstandard1.5) (< netstandard1.6) (< monoandroid)) (&& (< net451) (>= net46) (< netstandard1.4)) (&& (>= uap10.0) (< uap10.1)) (&& (>= netstandard1.6) (< netstandard2.0) (< monotouch) (< xamarintvos) (< xamarinwatchos) (< xamarinios) (< xamarinmac))
      Microsoft.NETCore.Platforms (>= 1.1) - restriction: && (< net46) (>= netstandard1.3) (< monotouch) (< xamarintvos) (< xamarinwatchos) (< xamarinios) (< xamarinmac)
      Microsoft.NETCore.Targets (>= 1.1) - restriction: && (< net46) (>= netstandard1.3) (< monotouch) (< xamarintvos) (< xamarinwatchos) (< xamarinios) (< xamarinmac)
      System.IO (>= 4.3) - restriction: && (< net46) (>= netstandard1.3) (< monotouch) (< xamarintvos) (< xamarinwatchos) (< xamarinios) (< xamarinmac)
      System.Net.Primitives (>= 4.3) - restriction: && (< net46) (>= netstandard1.3) (< monotouch) (< xamarintvos) (< xamarinwatchos) (< xamarinios) (< xamarinmac)
      System.Runtime (>= 4.3) - restriction: && (< net46) (>= netstandard1.3) (< monotouch) (< xamarintvos) (< xamarinwatchos) (< xamarinios) (< xamarinmac)
      System.Threading.Tasks (>= 4.3) - restriction: && (< net46) (>= netstandard1.3) (< monotouch) (< xamarintvos) (< xamarinwatchos) (< xamarinios) (< xamarinmac)
    System.Net.WebHeaderCollection (4.3) - restriction: || (&& (>= dnxcore50) (>= netstandard1.6)) (&& (>= netstandard1.6) (< monotouch) (< xamarintvos) (< xamarinwatchos) (< xamarinios) (< xamarinmac))
      System.Collections (>= 4.3) - restriction: && (< net46) (>= netstandard1.3) (< monotouch) (< xamarintvos) (< xamarinwatchos) (< xamarinios) (< xamarinmac)
      System.Resources.ResourceManager (>= 4.3) - restriction: && (< net46) (>= netstandard1.3) (< monotouch) (< xamarintvos) (< xamarinwatchos) (< xamarinios) (< xamarinmac)
      System.Runtime (>= 4.3) - restriction: && (< net46) (>= netstandard1.3) (< monotouch) (< xamarintvos) (< xamarinwatchos) (< xamarinios) (< xamarinmac)
      System.Runtime.Extensions (>= 4.3) - restriction: && (< net46) (>= netstandard1.3) (< monotouch) (< xamarintvos) (< xamarinwatchos) (< xamarinios) (< xamarinmac)
    System.ObjectModel (4.3) - restriction: || (&& (< net45) (>= netstandard1.1) (< portable-net451+win81+wpa81)) (&& (< net45) (>= netstandard1.2) (< netstandard1.3) (< monoandroid) (< wpa81)) (&& (< net45) (>= netstandard1.3) (< netstandard1.4) (< monoandroid) (< wpa81)) (&& (< net45) (>= netstandard1.4) (< netstandard1.5) (< monoandroid) (< wpa81)) (&& (< net45) (>= netstandard1.5) (< netstandard1.6) (< monoandroid)) (&& (>= uap10.0) (< uap10.1)) (&& (>= netstandard1.0) (< portable-net45+win8+wpa81)) (&& (>= netstandard1.6) (< monotouch) (< xamarintvos) (< xamarinwatchos) (< xamarinios) (< xamarinmac))
      System.Collections (>= 4.3) - restriction: || (&& (< net45) (>= netstandard1.3) (< monotouch) (< xamarintvos) (< xamarinwatchos) (< xamarinios) (< xamarinmac) (< win8) (< wpa81)) (>= dnxcore50)
      System.Diagnostics.Debug (>= 4.3) - restriction: || (&& (< net45) (>= netstandard1.3) (< monotouch) (< xamarintvos) (< xamarinwatchos) (< xamarinios) (< xamarinmac) (< win8) (< wpa81)) (>= dnxcore50)
      System.Resources.ResourceManager (>= 4.3) - restriction: || (&& (< net45) (>= netstandard1.3) (< monotouch) (< xamarintvos) (< xamarinwatchos) (< xamarinios) (< xamarinmac) (< win8) (< wpa81)) (>= dnxcore50)
      System.Runtime (>= 4.3) - restriction: || (&& (< net45) (>= netstandard1.0) (< netstandard1.3) (< monoandroid) (< win8) (< wp8) (< wpa81)) (&& (< net45) (>= netstandard1.3) (< monotouch) (< xamarintvos) (< xamarinwatchos) (< xamarinios) (< xamarinmac) (< win8) (< wpa81)) (>= dnxcore50)
      System.Threading (>= 4.3) - restriction: || (&& (< net45) (>= netstandard1.3) (< monotouch) (< xamarintvos) (< xamarinwatchos) (< xamarinios) (< xamarinmac) (< win8) (< wpa81)) (>= dnxcore50)
    System.Reflection (4.3) - restriction: || (&& (>= net45) (>= dnxcore50)) (&& (< net45) (>= net46) (< netstandard1.2)) (&& (< net45) (>= net46) (< netstandard1.3)) (&& (< net45) (>= net46) (< netstandard1.4)) (&& (< net45) (>= netstandard1.1) (< portable-net451+win81+wpa81)) (&& (< net45) (>= netstandard1.2) (< netstandard1.3) (< monoandroid) (< wpa81)) (&& (< net45) (>= netstandard1.2) (< win8) (< portable-net451+win81+wpa81)) (&& (< net45) (< netstandard1.2) (>= netstandard1.3) (< monoandroid) (< win8)) (&& (< net45) (< netstandard1.2) (>= netstandard1.4) (< monoandroid) (< win8)) (&& (< net45) (>= netstandard1.3) (< netstandard1.4) (< monoandroid) (< wpa81)) (&& (< net45) (>= netstandard1.3) (< win8) (< portable-net451+win81+wpa81)) (&& (< net45) (< netstandard1.3) (>= netstandard1.4) (< monoandroid) (< win8) (< wpa81)) (&& (< net45) (>= netstandard1.4) (< netstandard1.5) (< monoandroid) (< wpa81)) (&& (< net45) (>= netstandard1.5) (< monoandroid)) (&& (< net45) (>= netstandard1.5) (< portable-net451+win81+wpa81)) (&& (>= net46) (>= dnxcore50)) (&& (>= uap10.0) (< uap10.1)) (&& (>= uap10.0) (>= dnxcore50)) (&& (>= uap10.0) (< netstandard1.2) (< win8)) (&& (>= uap10.0) (>= netstandard1.5)) (&& (>= uap10.0) (>= netcoreapp1.1)) (&& (>= uap10.0) (< win8) (< wpa81)) (&& (>= dnxcore50) (>= netstandard1.0)) (&& (>= dnxcore50) (>= netstandard1.1)) (&& (>= dnxcore50) (>= netstandard1.2)) (&& (>= dnxcore50) (>= netstandard1.3)) (&& (>= dnxcore50) (>= netstandard1.4)) (&& (>= dnxcore50) (>= netstandard1.5)) (&& (>= dnxcore50) (>= wpa81)) (&& (>= netstandard1.0) (< portable-net45+win8+wpa81)) (&& (>= netstandard1.3) (< portable-net45+win8+wpa81)) (&& (< netstandard1.3) (>= netcoreapp1.1)) (&& (< netstandard1.4) (>= netcoreapp1.1)) (&& (< netstandard1.5) (>= netcoreapp1.1)) (>= netstandard1.6) (&& (< netstandard2.0) (>= netcoreapp1.1)) (&& (>= netcoreapp1.1) (< portable-net451+win81+wpa81))
      Microsoft.NETCore.Platforms (>= 1.1) - restriction: || (&& (< net45) (>= netstandard1.0) (< netstandard1.3) (< monoandroid) (< win8) (< wp8) (< wpa81)) (&& (< net45) (>= netstandard1.3) (< netstandard1.5) (< monoandroid) (< win8) (< wpa81)) (&& (< net45) (>= netstandard1.5) (< monotouch) (< xamarintvos) (< xamarinwatchos) (< xamarinios) (< xamarinmac)) (>= dnxcore50)
      Microsoft.NETCore.Targets (>= 1.1) - restriction: || (&& (< net45) (>= netstandard1.0) (< netstandard1.3) (< monoandroid) (< win8) (< wp8) (< wpa81)) (&& (< net45) (>= netstandard1.3) (< netstandard1.5) (< monoandroid) (< win8) (< wpa81)) (&& (< net45) (>= netstandard1.5) (< monotouch) (< xamarintvos) (< xamarinwatchos) (< xamarinios) (< xamarinmac)) (>= dnxcore50)
      System.IO (>= 4.3) - restriction: || (&& (< net45) (>= netstandard1.0) (< netstandard1.3) (< monoandroid) (< win8) (< wp8) (< wpa81)) (&& (< net45) (>= netstandard1.3) (< netstandard1.5) (< monoandroid) (< win8) (< wpa81)) (&& (< net45) (>= netstandard1.5) (< monotouch) (< xamarintvos) (< xamarinwatchos) (< xamarinios) (< xamarinmac)) (>= dnxcore50)
      System.Reflection.Primitives (>= 4.3) - restriction: || (&& (< net45) (>= netstandard1.0) (< netstandard1.3) (< monoandroid) (< win8) (< wp8) (< wpa81)) (&& (< net45) (>= netstandard1.3) (< netstandard1.5) (< monoandroid) (< win8) (< wpa81)) (&& (< net45) (>= netstandard1.5) (< monotouch) (< xamarintvos) (< xamarinwatchos) (< xamarinios) (< xamarinmac)) (>= dnxcore50)
      System.Runtime (>= 4.3) - restriction: || (&& (< net45) (>= netstandard1.0) (< netstandard1.3) (< monoandroid) (< win8) (< wp8) (< wpa81)) (&& (< net45) (>= netstandard1.3) (< netstandard1.5) (< monoandroid) (< win8) (< wpa81)) (&& (< net45) (>= netstandard1.5) (< monotouch) (< xamarintvos) (< xamarinwatchos) (< xamarinios) (< xamarinmac)) (>= dnxcore50)
    System.Reflection.Emit (4.3) - restriction: && (>= netstandard1.6) (< monotouch) (< xamarintvos) (< xamarinwatchos) (< xamarinios) (< xamarinmac)
      System.IO (>= 4.3) - restriction: && (< net45) (>= netstandard1.1) (< monotouch) (< xamarintvos) (< xamarinwatchos) (< xamarinios) (< xamarinmac)
      System.Reflection (>= 4.3) - restriction: && (< net45) (>= netstandard1.1) (< monotouch) (< xamarintvos) (< xamarinwatchos) (< xamarinios) (< xamarinmac)
      System.Reflection.Emit.ILGeneration (>= 4.3) - restriction: && (< net45) (>= netstandard1.1) (< monotouch) (< xamarintvos) (< xamarinwatchos) (< xamarinios) (< xamarinmac)
      System.Reflection.Primitives (>= 4.3) - restriction: && (< net45) (>= netstandard1.1) (< monotouch) (< xamarintvos) (< xamarinwatchos) (< xamarinios) (< xamarinmac)
      System.Runtime (>= 4.3) - restriction: && (< net45) (>= netstandard1.1) (< monotouch) (< xamarintvos) (< xamarinwatchos) (< xamarinios) (< xamarinmac)
    System.Reflection.Emit.ILGeneration (4.3) - restriction: || (&& (>= dnxcore50) (>= netstandard1.6)) (&& (>= netstandard1.6) (< monotouch) (< xamarintvos) (< xamarinwatchos) (< xamarinios) (< xamarinmac))
      System.Reflection (>= 4.3) - restriction: && (< net45) (>= netstandard1.0) (< monotouch) (< xamarintvos) (< xamarinwatchos) (< xamarinios) (< xamarinmac) (< wp8)
      System.Reflection.Primitives (>= 4.3) - restriction: && (< net45) (>= netstandard1.0) (< monotouch) (< xamarintvos) (< xamarinwatchos) (< xamarinios) (< xamarinmac) (< wp8)
      System.Runtime (>= 4.3) - restriction: && (< net45) (>= netstandard1.0) (< monotouch) (< xamarintvos) (< xamarinwatchos) (< xamarinios) (< xamarinmac) (< wp8)
    System.Reflection.Emit.Lightweight (4.3) - restriction: || (&& (>= dnxcore50) (>= netstandard1.6)) (&& (>= netstandard1.6) (< monotouch) (< xamarintvos) (< xamarinwatchos) (< xamarinios) (< xamarinmac))
      System.Reflection (>= 4.3) - restriction: && (< net45) (>= netstandard1.0) (< monotouch) (< xamarintvos) (< xamarinwatchos) (< xamarinios) (< xamarinmac) (< wp8)
      System.Reflection.Emit.ILGeneration (>= 4.3) - restriction: && (< net45) (>= netstandard1.0) (< monotouch) (< xamarintvos) (< xamarinwatchos) (< xamarinios) (< xamarinmac) (< wp8)
      System.Reflection.Primitives (>= 4.3) - restriction: && (< net45) (>= netstandard1.0) (< monotouch) (< xamarintvos) (< xamarinwatchos) (< xamarinios) (< xamarinmac) (< wp8)
      System.Runtime (>= 4.3) - restriction: && (< net45) (>= netstandard1.0) (< monotouch) (< xamarintvos) (< xamarinwatchos) (< xamarinios) (< xamarinmac) (< wp8)
    System.Reflection.Extensions (4.3) - restriction: || (&& (>= net45) (>= dnxcore50)) (&& (< net45) (>= net46) (< netstandard1.4)) (&& (< net45) (>= netstandard1.1) (< portable-net451+win81+wpa81)) (&& (< net45) (>= netstandard1.2) (< netstandard1.3) (< monoandroid) (< wpa81)) (&& (< net45) (>= netstandard1.3) (< netstandard1.4) (< monoandroid) (< wpa81)) (&& (< net45) (>= netstandard1.4) (< netstandard1.5) (< monoandroid) (< wpa81)) (&& (< net45) (>= netstandard1.5) (< monoandroid)) (&& (>= net46) (>= dnxcore50)) (&& (>= uap10.0) (< uap10.1)) (&& (>= uap10.0) (>= dnxcore50)) (&& (>= uap10.0) (< win8) (< wpa81)) (&& (>= dnxcore50) (>= netstandard1.1)) (&& (>= dnxcore50) (>= netstandard1.2)) (&& (>= dnxcore50) (>= netstandard1.3)) (&& (>= dnxcore50) (>= netstandard1.4)) (&& (>= dnxcore50) (>= netstandard1.5)) (&& (>= dnxcore50) (>= wpa81)) (&& (>= netstandard1.0) (< portable-net45+win8+wpa81)) (>= netstandard1.6)
      Microsoft.NETCore.Platforms (>= 1.1) - restriction: || (&& (< net45) (>= netstandard1.0) (< monotouch) (< xamarintvos) (< xamarinwatchos) (< xamarinios) (< xamarinmac) (< win8) (< wp8) (< wpa81)) (>= dnxcore50)
      Microsoft.NETCore.Targets (>= 1.1) - restriction: || (&& (< net45) (>= netstandard1.0) (< monotouch) (< xamarintvos) (< xamarinwatchos) (< xamarinios) (< xamarinmac) (< win8) (< wp8) (< wpa81)) (>= dnxcore50)
      System.Reflection (>= 4.3) - restriction: || (&& (< net45) (>= netstandard1.0) (< monotouch) (< xamarintvos) (< xamarinwatchos) (< xamarinios) (< xamarinmac) (< win8) (< wp8) (< wpa81)) (>= dnxcore50)
      System.Runtime (>= 4.3) - restriction: || (&& (< net45) (>= netstandard1.0) (< monotouch) (< xamarintvos) (< xamarinwatchos) (< xamarinios) (< xamarinmac) (< win8) (< wp8) (< wpa81)) (>= dnxcore50)
    System.Reflection.Primitives (4.3) - restriction: || (&& (< net45) (>= net46) (< netstandard1.2)) (&& (< net45) (>= net46) (< netstandard1.3)) (&& (< net45) (>= net46) (< netstandard1.4)) (&& (< net45) (>= netstandard1.1) (< portable-net451+win81+wpa81)) (&& (< net45) (>= netstandard1.2) (< netstandard1.3) (< monoandroid) (< wpa81)) (&& (< net45) (>= netstandard1.2) (< win8) (< portable-net451+win81+wpa81)) (&& (< net45) (< netstandard1.2) (>= netstandard1.3) (< monoandroid) (< win8)) (&& (< net45) (< netstandard1.2) (>= netstandard1.4) (< monoandroid) (< win8)) (&& (< net45) (< netstandard1.2) (>= netstandard1.5) (< monoandroid)) (&& (< net45) (>= netstandard1.3) (< netstandard1.4) (< monoandroid) (< wpa81)) (&& (< net45) (>= netstandard1.3) (< win8) (< portable-net451+win81+wpa81)) (&& (< net45) (< netstandard1.3) (>= netstandard1.4) (< monoandroid) (< win8) (< wpa81)) (&& (< net45) (< netstandard1.3) (>= netstandard1.5) (< monoandroid)) (&& (< net45) (>= netstandard1.4) (< netstandard1.5) (< monoandroid) (< wpa81)) (&& (< net45) (< netstandard1.4) (>= netstandard1.5) (< monoandroid)) (&& (< net45) (>= netstandard1.5) (< netstandard1.6) (< monoandroid)) (&& (< net45) (>= netstandard1.5) (< monoandroid) (< monotouch) (< xamarintvos) (< xamarinwatchos) (< xamarinios) (< xamarinmac)) (&& (< net45) (>= netstandard1.5) (< portable-net451+win81+wpa81)) (&& (>= net46) (>= dnxcore50)) (&& (>= net46) (< netstandard1.2) (>= netstandard1.6)) (&& (>= net46) (< netstandard1.3) (>= netstandard1.6)) (&& (>= net46) (< netstandard1.4) (>= netstandard1.6)) (&& (>= uap10.0) (< uap10.1)) (&& (>= uap10.0) (>= dnxcore50)) (&& (>= uap10.0) (< netstandard1.2) (< win8)) (&& (>= uap10.0) (>= netstandard1.5)) (&& (>= uap10.0) (>= netstandard1.6)) (&& (>= uap10.0) (< win8) (< wpa81)) (&& (>= dnxcore50) (>= netstandard1.0)) (&& (>= dnxcore50) (>= netstandard1.1)) (&& (>= dnxcore50) (>= netstandard1.2)) (&& (>= dnxcore50) (>= netstandard1.3)) (&& (>= dnxcore50) (>= netstandard1.4)) (&& (>= dnxcore50) (>= netstandard1.5)) (&& (>= dnxcore50) (>= netstandard1.6)) (&& (>= netstandard1.0) (< portable-net45+win8+wpa81)) (&& (< netstandard1.2) (>= netstandard1.6) (< monoandroid)) (&& (>= netstandard1.3) (< portable-net45+win8+wpa81)) (&& (< netstandard1.3) (>= netstandard1.6) (< monoandroid)) (&& (< netstandard1.4) (>= netstandard1.6) (< monoandroid)) (&& (>= netstandard1.5) (< portable-net45+win8+wpa81)) (&& (< netstandard1.5) (>= netstandard1.6) (< monoandroid)) (&& (>= netstandard1.6) (< monotouch) (< xamarintvos) (< xamarinwatchos) (< xamarinios) (< xamarinmac)) (&& (>= netstandard1.6) (< portable-net451+win81+wpa81)) (>= netcoreapp1.1)
      Microsoft.NETCore.Platforms (>= 1.1) - restriction: || (&& (< net45) (>= netstandard1.0) (< monotouch) (< xamarintvos) (< xamarinwatchos) (< xamarinios) (< xamarinmac) (< win8) (< wp8) (< wpa81)) (>= dnxcore50)
      Microsoft.NETCore.Targets (>= 1.1) - restriction: || (&& (< net45) (>= netstandard1.0) (< monotouch) (< xamarintvos) (< xamarinwatchos) (< xamarinios) (< xamarinmac) (< win8) (< wp8) (< wpa81)) (>= dnxcore50)
      System.Runtime (>= 4.3) - restriction: || (&& (< net45) (>= netstandard1.0) (< monotouch) (< xamarintvos) (< xamarinwatchos) (< xamarinios) (< xamarinmac) (< win8) (< wp8) (< wpa81)) (>= dnxcore50)
    System.Reflection.TypeExtensions (4.4) - restriction: || (&& (>= dnxcore50) (>= netstandard1.6)) (&& (>= netstandard1.6) (< monotouch) (< xamarintvos) (< xamarinwatchos) (< xamarinios) (< xamarinmac))
      System.Reflection (>= 4.3) - restriction: || (&& (< net46) (>= netstandard1.3) (< netstandard1.5) (< monoandroid)) (&& (< net46) (>= netstandard1.5) (< netstandard2.0) (< monotouch) (< xamarintvos) (< xamarinwatchos) (< xamarinios) (< xamarinmac)) (>= dnxcore50)
      System.Resources.ResourceManager (>= 4.3) - restriction: || (&& (< net46) (>= netstandard1.3) (< netstandard1.5) (< monoandroid)) (&& (< net46) (>= netstandard1.5) (< netstandard2.0) (< monotouch) (< xamarintvos) (< xamarinwatchos) (< xamarinios) (< xamarinmac)) (>= dnxcore50)
      System.Runtime (>= 4.3) - restriction: || (&& (< net46) (>= netstandard1.3) (< netstandard1.5) (< monoandroid)) (&& (< net46) (>= netstandard1.5) (< netstandard2.0) (< monotouch) (< xamarintvos) (< xamarinwatchos) (< xamarinios) (< xamarinmac)) (>= dnxcore50)
    System.Resources.ResourceManager (4.3) - restriction: || (&& (>= net45) (>= dnxcore50)) (&& (< net45) (>= net46) (< netstandard1.4)) (&& (< net45) (>= netstandard1.1) (< portable-net451+win81+wpa81)) (&& (< net45) (>= netstandard1.2) (< netstandard1.3) (< monoandroid) (< wpa81)) (&& (< net45) (>= netstandard1.3) (< netstandard1.4) (< monoandroid) (< wpa81)) (&& (< net45) (>= netstandard1.3) (< win8) (< portable-net451+win81+wpa81)) (&& (< net45) (>= netstandard1.4) (< netstandard1.5) (< monoandroid) (< wpa81)) (&& (< net45) (>= netstandard1.5) (< monoandroid)) (&& (< net451) (>= net46) (< netstandard1.4)) (&& (>= net46) (>= dnxcore50)) (&& (>= uap10.0) (< uap10.1)) (&& (>= uap10.0) (>= dnxcore50)) (&& (>= uap10.0) (< win8) (< wpa81)) (&& (>= dnxcore50) (>= netstandard1.0)) (&& (>= dnxcore50) (>= netstandard1.1)) (&& (>= dnxcore50) (>= netstandard1.2)) (&& (>= dnxcore50) (>= netstandard1.3)) (&& (>= dnxcore50) (>= netstandard1.4)) (&& (>= dnxcore50) (>= netstandard1.5)) (&& (>= dnxcore50) (>= wpa81)) (&& (>= netstandard1.0) (< portable-net45+win8+wpa81)) (&& (>= netstandard1.3) (< portable-net45+win8+wpa81)) (>= netstandard1.6)
      Microsoft.NETCore.Platforms (>= 1.1) - restriction: || (&& (< net45) (>= netstandard1.0) (< monotouch) (< xamarintvos) (< xamarinwatchos) (< xamarinios) (< xamarinmac) (< win8) (< wp8) (< wpa81)) (>= dnxcore50)
      Microsoft.NETCore.Targets (>= 1.1) - restriction: || (&& (< net45) (>= netstandard1.0) (< monotouch) (< xamarintvos) (< xamarinwatchos) (< xamarinios) (< xamarinmac) (< win8) (< wp8) (< wpa81)) (>= dnxcore50)
      System.Globalization (>= 4.3) - restriction: || (&& (< net45) (>= netstandard1.0) (< monotouch) (< xamarintvos) (< xamarinwatchos) (< xamarinios) (< xamarinmac) (< win8) (< wp8) (< wpa81)) (>= dnxcore50)
      System.Reflection (>= 4.3) - restriction: || (&& (< net45) (>= netstandard1.0) (< monotouch) (< xamarintvos) (< xamarinwatchos) (< xamarinios) (< xamarinmac) (< win8) (< wp8) (< wpa81)) (>= dnxcore50)
      System.Runtime (>= 4.3) - restriction: || (&& (< net45) (>= netstandard1.0) (< monotouch) (< xamarintvos) (< xamarinwatchos) (< xamarinios) (< xamarinmac) (< win8) (< wp8) (< wpa81)) (>= dnxcore50)
    System.Runtime (4.3) - restriction: || (&& (>= net45) (>= dnxcore50)) (&& (< net45) (>= net46) (< netstandard1.3)) (&& (< net45) (>= net46) (< netstandard1.4)) (&& (< net45) (>= net462)) (&& (< net45) (>= net463)) (&& (< net45) (>= netstandard1.1) (< portable-net451+win81+wpa81)) (&& (< net45) (>= netstandard1.2) (< netstandard1.3) (< monoandroid) (< wpa81)) (&& (< net45) (>= netstandard1.2) (< win8) (< portable-net451+win81+wpa81)) (&& (< net45) (< netstandard1.2) (>= netstandard1.3) (< monoandroid) (< win8)) (&& (< net45) (< netstandard1.2) (>= netstandard1.4) (< monoandroid) (< win8)) (&& (< net45) (>= netstandard1.3) (< netstandard1.4) (< monoandroid) (< wpa81)) (&& (< net45) (>= netstandard1.3) (< win8) (< portable-net451+win81+wpa81)) (&& (< net45) (< netstandard1.3) (>= netstandard1.4) (< monoandroid) (< win8) (< wpa81)) (&& (< net45) (>= netstandard1.4) (< netstandard1.5) (< monoandroid) (< wpa81)) (&& (< net45) (>= netstandard1.5) (< monoandroid)) (&& (< net45) (>= netstandard1.5) (< portable-net451+win81+wpa81)) (&& (< net451) (>= net46) (< netstandard1.4)) (&& (< net451) (>= net463) (< netstandard1.4)) (&& (>= net46) (>= dnxcore50)) (&& (>= net462) (>= uap10.0)) (&& (>= net463) (>= uap10.0)) (&& (>= uap10.0) (< uap10.1)) (&& (>= uap10.0) (>= dnxcore50)) (&& (>= uap10.0) (< netstandard1.1) (< win8)) (&& (>= uap10.0) (< netstandard1.2) (< win8)) (&& (>= uap10.0) (< netstandard1.4)) (&& (>= uap10.0) (>= netstandard1.5)) (&& (>= uap10.0) (>= netcoreapp1.1)) (&& (>= uap10.0) (< win8) (< wpa81)) (&& (>= uap10.0) (< win81) (< wpa81)) (&& (>= dnxcore50) (>= netstandard1.0)) (&& (>= dnxcore50) (>= netstandard1.1)) (&& (>= dnxcore50) (>= netstandard1.2)) (&& (>= dnxcore50) (>= netstandard1.3)) (&& (>= dnxcore50) (>= netstandard1.4)) (&& (>= dnxcore50) (>= netstandard1.5)) (&& (>= dnxcore50) (>= wpa81)) (&& (>= netstandard1.0) (< portable-net45+win8+wpa81)) (&& (>= netstandard1.1) (< portable-net45+win8+wpa81)) (&& (< netstandard1.1) (>= netstandard1.2) (< monoandroid) (< win8)) (&& (< netstandard1.1) (>= netstandard1.3) (< monoandroid) (< win8)) (&& (< netstandard1.1) (>= netstandard1.4) (< monoandroid) (< win8)) (&& (< netstandard1.1) (>= netstandard1.5) (< monoandroid)) (&& (>= netstandard1.3) (< portable-net45+win8+wpa81)) (&& (< netstandard1.3) (>= netcoreapp1.1)) (&& (< netstandard1.4) (>= netcoreapp1.1)) (&& (>= netstandard1.5) (< portable-net45+win8+wpa81)) (&& (< netstandard1.5) (>= netcoreapp1.1)) (>= netstandard1.6) (&& (< netstandard2.0) (>= netcoreapp1.1)) (&& (>= netcoreapp1.1) (< portable-net451+win81+wpa81))
      Microsoft.NETCore.Platforms (>= 1.1) - restriction: || (&& (< net45) (>= netstandard1.0) (< netstandard1.2) (< monoandroid) (< win8) (< wp8)) (&& (< net45) (>= netstandard1.2) (< netstandard1.3) (< monoandroid) (< win8) (< wpa81)) (&& (< net45) (>= netstandard1.3) (< netstandard1.5) (< monoandroid) (< win8) (< wpa81)) (&& (< net45) (>= netstandard1.5) (< monotouch) (< xamarintvos) (< xamarinwatchos) (< xamarinios) (< xamarinmac)) (>= dnxcore50)
      Microsoft.NETCore.Targets (>= 1.1) - restriction: || (&& (< net45) (>= netstandard1.0) (< netstandard1.2) (< monoandroid) (< win8) (< wp8)) (&& (< net45) (>= netstandard1.2) (< netstandard1.3) (< monoandroid) (< win8) (< wpa81)) (&& (< net45) (>= netstandard1.3) (< netstandard1.5) (< monoandroid) (< win8) (< wpa81)) (&& (< net45) (>= netstandard1.5) (< monotouch) (< xamarintvos) (< xamarinwatchos) (< xamarinios) (< xamarinmac)) (>= dnxcore50)
    System.Runtime.Extensions (4.3) - restriction: || (&& (< net45) (>= net46) (< netstandard1.4)) (&& (< net45) (>= netstandard1.1) (< portable-net451+win81+wpa81)) (&& (< net45) (>= netstandard1.2) (< netstandard1.3) (< monoandroid) (< wpa81)) (&& (< net45) (>= netstandard1.3) (< netstandard1.4) (< monoandroid) (< wpa81)) (&& (< net45) (>= netstandard1.3) (< win8) (< portable-net451+win81+wpa81)) (&& (< net45) (>= netstandard1.4) (< netstandard1.5) (< monoandroid) (< wpa81)) (&& (< net45) (>= netstandard1.5) (< monoandroid)) (&& (< net451) (>= net46) (< netstandard1.4)) (&& (>= net46) (>= dnxcore50)) (&& (>= uap10.0) (< uap10.1)) (&& (>= uap10.0) (>= dnxcore50)) (&& (>= uap10.0) (< win8) (< wpa81)) (&& (>= dnxcore50) (>= netstandard1.0)) (&& (>= dnxcore50) (>= netstandard1.1)) (&& (>= dnxcore50) (>= netstandard1.2)) (&& (>= dnxcore50) (>= netstandard1.3)) (&& (>= dnxcore50) (>= netstandard1.4)) (&& (>= dnxcore50) (>= netstandard1.5)) (&& (>= netstandard1.0) (< portable-net45+win8+wpa81)) (&& (>= netstandard1.3) (< portable-net45+win8+wpa81)) (>= netstandard1.6)
      Microsoft.NETCore.Platforms (>= 1.1) - restriction: || (&& (< net45) (>= netstandard1.0) (< netstandard1.3) (< monoandroid) (< win8) (< wp8) (< wpa81)) (&& (< net45) (>= netstandard1.3) (< netstandard1.5) (< monoandroid) (< win8) (< wpa81)) (&& (< net45) (>= netstandard1.5) (< monotouch) (< xamarintvos) (< xamarinwatchos) (< xamarinios) (< xamarinmac)) (>= dnxcore50)
      Microsoft.NETCore.Targets (>= 1.1) - restriction: || (&& (< net45) (>= netstandard1.0) (< netstandard1.3) (< monoandroid) (< win8) (< wp8) (< wpa81)) (&& (< net45) (>= netstandard1.3) (< netstandard1.5) (< monoandroid) (< win8) (< wpa81)) (&& (< net45) (>= netstandard1.5) (< monotouch) (< xamarintvos) (< xamarinwatchos) (< xamarinios) (< xamarinmac)) (>= dnxcore50)
      System.Runtime (>= 4.3) - restriction: || (&& (< net45) (>= netstandard1.0) (< netstandard1.3) (< monoandroid) (< win8) (< wp8) (< wpa81)) (&& (< net45) (>= netstandard1.3) (< netstandard1.5) (< monoandroid) (< win8) (< wpa81)) (&& (< net45) (>= netstandard1.5) (< monotouch) (< xamarintvos) (< xamarinwatchos) (< xamarinios) (< xamarinmac)) (>= dnxcore50)
    System.Runtime.Handles (4.3) - restriction: || (&& (< net45) (>= net46) (< netstandard1.3)) (&& (< net45) (>= net46) (>= netstandard1.4) (< netstandard1.5)) (&& (< net45) (>= net46) (< netstandard1.4)) (&& (< net45) (>= net46) (>= netstandard1.5)) (&& (< net45) (>= net46) (< portable-net451+win81+wpa81)) (&& (< net45) (>= netstandard1.3) (< netstandard1.4) (< monoandroid) (< wpa81)) (&& (< net45) (>= netstandard1.3) (< win8) (< portable-net451+win81+wpa81)) (&& (< net45) (< netstandard1.3) (>= netstandard1.5) (< monoandroid)) (&& (< net45) (>= netstandard1.4) (< netstandard1.5) (< monoandroid) (< wpa81)) (&& (< net45) (>= netstandard1.4) (< win8) (< portable-net451+win81+wpa81)) (&& (< net45) (< netstandard1.4) (>= netstandard1.5) (< monoandroid)) (&& (< net45) (>= netstandard1.5) (< netstandard1.6) (< monoandroid)) (&& (< net45) (>= netstandard1.5) (< portable-net451+win81+wpa81)) (&& (< net451) (>= net46) (< netstandard1.4)) (&& (>= net46) (>= uap10.0)) (&& (>= net46) (>= dnxcore50)) (&& (>= net46) (>= netstandard1.6)) (&& (>= uap10.0) (< uap10.1)) (&& (>= uap10.0) (>= dnxcore50)) (&& (>= uap10.0) (< netstandard1.4)) (&& (>= uap10.0) (>= netstandard1.5)) (&& (>= uap10.0) (>= netstandard1.6)) (&& (>= uap10.0) (>= netcoreapp1.1)) (&& (>= uap10.0) (< win8) (< wpa81)) (&& (>= dnxcore50) (>= netstandard1.0)) (&& (>= dnxcore50) (>= netstandard1.1)) (&& (>= dnxcore50) (>= netstandard1.2)) (&& (>= dnxcore50) (>= netstandard1.3)) (&& (>= dnxcore50) (>= netstandard1.4)) (&& (>= dnxcore50) (>= netstandard1.5)) (&& (>= dnxcore50) (>= netstandard1.6)) (&& (< netstandard1.1) (>= netstandard1.6) (< monoandroid)) (&& (>= netstandard1.3) (< portable-net45+win8+wpa81)) (&& (< netstandard1.3) (>= netstandard1.6) (< monoandroid)) (&& (< netstandard1.3) (>= netcoreapp1.1)) (&& (< netstandard1.4) (>= netstandard1.6) (< monoandroid)) (&& (< netstandard1.4) (>= netcoreapp1.1)) (&& (< netstandard1.5) (>= netstandard1.6) (< monoandroid)) (&& (< netstandard1.5) (>= netcoreapp1.1)) (&& (>= netstandard1.6) (< monotouch) (< xamarintvos) (< xamarinwatchos) (< xamarinios) (< xamarinmac)) (&& (>= netstandard1.6) (< portable-net451+win81+wpa81)) (&& (< netstandard1.6) (>= netcoreapp1.1)) (&& (< netstandard2.0) (>= netcoreapp1.1)) (&& (>= netcoreapp1.1) (< portable-net451+win81+wpa81))
      Microsoft.NETCore.Platforms (>= 1.1) - restriction: && (< net46) (>= netstandard1.3) (< monotouch) (< xamarintvos) (< xamarinwatchos) (< xamarinios) (< xamarinmac)
      Microsoft.NETCore.Targets (>= 1.1) - restriction: && (< net46) (>= netstandard1.3) (< monotouch) (< xamarintvos) (< xamarinwatchos) (< xamarinios) (< xamarinmac)
      System.Runtime (>= 4.3) - restriction: && (< net46) (>= netstandard1.3) (< monotouch) (< xamarintvos) (< xamarinwatchos) (< xamarinios) (< xamarinmac)
    System.Runtime.InteropServices (4.3) - restriction: || (&& (< net45) (>= net46) (< netstandard1.4)) (&& (< net45) (>= netstandard1.1) (< portable-net451+win81+wpa81)) (&& (< net45) (>= netstandard1.2) (< netstandard1.3) (< monoandroid) (< wpa81)) (&& (< net45) (>= netstandard1.3) (< netstandard1.4) (< monoandroid) (< wpa81)) (&& (< net45) (>= netstandard1.3) (< win8) (< portable-net451+win81+wpa81)) (&& (< net45) (>= netstandard1.4) (< netstandard1.5) (< monoandroid) (< wpa81)) (&& (< net45) (>= netstandard1.5) (< netstandard1.6) (< monoandroid)) (&& (< net451) (>= net46) (< netstandard1.4)) (&& (>= net46) (>= dnxcore50)) (&& (>= net46) (>= netstandard1.6)) (&& (>= uap10.0) (< uap10.1)) (&& (>= uap10.0) (>= dnxcore50)) (&& (>= uap10.0) (>= netstandard1.6)) (&& (>= uap10.0) (< win8) (< wpa81)) (&& (>= dnxcore50) (>= netstandard1.0)) (&& (>= dnxcore50) (>= netstandard1.1)) (&& (>= dnxcore50) (>= netstandard1.2)) (&& (>= dnxcore50) (>= netstandard1.3)) (&& (>= dnxcore50) (>= netstandard1.4)) (&& (>= dnxcore50) (>= netstandard1.5)) (&& (>= dnxcore50) (>= netstandard1.6)) (&& (>= netstandard1.3) (< portable-net45+win8+wpa81)) (&& (< netstandard1.3) (>= netstandard1.6) (< monoandroid)) (&& (< netstandard1.4) (>= netstandard1.6) (< monoandroid)) (&& (< netstandard1.5) (>= netstandard1.6) (< monoandroid)) (&& (>= netstandard1.6) (< monotouch) (< xamarintvos) (< xamarinwatchos) (< xamarinios) (< xamarinmac)) (&& (>= netstandard1.6) (< portable-net451+win81+wpa81))
      Microsoft.NETCore.Platforms (>= 1.1) - restriction: || (&& (< net45) (>= netstandard1.1) (< netstandard1.2) (< monoandroid) (< win8)) (&& (< net45) (>= netstandard1.2) (< netstandard1.3) (< monoandroid) (< win8) (< wpa81)) (&& (< net45) (>= netstandard1.3) (< netstandard1.5) (< monoandroid) (< win8) (< wpa81)) (&& (< net45) (>= netstandard1.5) (< monotouch) (< xamarintvos) (< xamarinwatchos) (< xamarinios) (< xamarinmac)) (>= dnxcore50) (>= netcoreapp1.1)
      Microsoft.NETCore.Targets (>= 1.1) - restriction: || (&& (< net45) (>= netstandard1.1) (< netstandard1.2) (< monoandroid) (< win8)) (&& (< net45) (>= netstandard1.2) (< netstandard1.3) (< monoandroid) (< win8) (< wpa81)) (&& (< net45) (>= netstandard1.3) (< netstandard1.5) (< monoandroid) (< win8) (< wpa81)) (&& (< net45) (>= netstandard1.5) (< monotouch) (< xamarintvos) (< xamarinwatchos) (< xamarinios) (< xamarinmac)) (>= dnxcore50) (>= netcoreapp1.1)
      System.Reflection (>= 4.3) - restriction: || (&& (< net45) (>= netstandard1.1) (< netstandard1.2) (< monoandroid) (< win8)) (&& (< net45) (>= netstandard1.2) (< netstandard1.3) (< monoandroid) (< win8) (< wpa81)) (&& (< net45) (>= netstandard1.3) (< netstandard1.5) (< monoandroid) (< win8) (< wpa81)) (&& (< net45) (>= netstandard1.5) (< monotouch) (< xamarintvos) (< xamarinwatchos) (< xamarinios) (< xamarinmac)) (>= dnxcore50) (>= netcoreapp1.1)
      System.Reflection.Primitives (>= 4.3) - restriction: || (&& (< net45) (>= netstandard1.1) (< netstandard1.2) (< monoandroid) (< win8)) (&& (< net45) (>= netstandard1.2) (< netstandard1.3) (< monoandroid) (< win8) (< wpa81)) (&& (< net45) (>= netstandard1.3) (< netstandard1.5) (< monoandroid) (< win8) (< wpa81)) (&& (< net45) (>= netstandard1.5) (< monotouch) (< xamarintvos) (< xamarinwatchos) (< xamarinios) (< xamarinmac)) (>= dnxcore50) (>= netcoreapp1.1)
      System.Runtime (>= 4.3) - restriction: || (&& (< net45) (>= netstandard1.1) (< netstandard1.2) (< monoandroid) (< win8)) (&& (< net45) (>= netstandard1.2) (< netstandard1.3) (< monoandroid) (< win8) (< wpa81)) (&& (< net45) (>= netstandard1.3) (< netstandard1.5) (< monoandroid) (< win8) (< wpa81)) (&& (< net45) (>= netstandard1.5) (< monotouch) (< xamarintvos) (< xamarinwatchos) (< xamarinios) (< xamarinmac)) (>= net462) (>= dnxcore50) (>= netcoreapp1.1)
      System.Runtime.Handles (>= 4.3) - restriction: || (&& (< net45) (>= netstandard1.3) (< netstandard1.5) (< monoandroid) (< win8) (< wpa81)) (&& (< net45) (>= netstandard1.5) (< monotouch) (< xamarintvos) (< xamarinwatchos) (< xamarinios) (< xamarinmac)) (>= dnxcore50) (>= netcoreapp1.1)
    System.Runtime.InteropServices.RuntimeInformation (4.3) - restriction: || (&& (>= net45) (< portable-net451+win81+wpa81)) (&& (< net45) (>= netstandard1.1) (< portable-net451+win81+wpa81)) (&& (< net45) (>= netstandard1.2) (< netstandard1.3) (< monoandroid) (< wpa81)) (&& (< net45) (>= netstandard1.3) (< netstandard1.4) (< monoandroid) (< wpa81)) (&& (< net45) (>= netstandard1.4) (< netstandard1.5) (< monoandroid) (< wpa81)) (&& (< net45) (>= netstandard1.5) (< netstandard1.6) (< monoandroid)) (&& (< net451) (>= net46) (< netstandard1.4)) (&& (>= uap10.0) (< uap10.1)) (&& (< netstandard1.3) (>= wpa81)) (&& (>= netstandard1.6) (< netstandard2.0) (< monotouch) (< xamarintvos) (< xamarinwatchos) (< xamarinios) (< xamarinmac))
      runtime.native.System (>= 4.3) - restriction: && (< net45) (>= netstandard1.1) (< monotouch) (< xamarintvos) (< xamarinwatchos) (< xamarinios) (< xamarinmac) (< win8) (< wpa81)
      System.Reflection (>= 4.3) - restriction: || (&& (< net45) (>= netstandard1.1) (< monotouch) (< xamarintvos) (< xamarinwatchos) (< xamarinios) (< xamarinmac) (< win8) (< wpa81)) (>= dnxcore50)
      System.Reflection.Extensions (>= 4.3) - restriction: || (&& (< net45) (>= netstandard1.1) (< monotouch) (< xamarintvos) (< xamarinwatchos) (< xamarinios) (< xamarinmac) (< win8) (< wpa81)) (>= dnxcore50)
      System.Resources.ResourceManager (>= 4.3) - restriction: || (&& (< net45) (>= netstandard1.1) (< monotouch) (< xamarintvos) (< xamarinwatchos) (< xamarinios) (< xamarinmac) (< win8) (< wpa81)) (>= dnxcore50)
      System.Runtime (>= 4.3) - restriction: || (&& (< net45) (>= netstandard1.1) (< monotouch) (< xamarintvos) (< xamarinwatchos) (< xamarinios) (< xamarinmac) (< win8) (< wpa81)) (>= dnxcore50)
      System.Runtime.InteropServices (>= 4.3) - restriction: && (< net45) (>= netstandard1.1) (< monotouch) (< xamarintvos) (< xamarinwatchos) (< xamarinios) (< xamarinmac) (< win8) (< wpa81)
      System.Threading (>= 4.3) - restriction: || (&& (< net45) (>= netstandard1.1) (< monotouch) (< xamarintvos) (< xamarinwatchos) (< xamarinios) (< xamarinmac) (< win8) (< wpa81)) (>= dnxcore50)
    System.Runtime.Numerics (4.3) - restriction: || (&& (< net45) (>= netstandard1.1) (< portable-net451+win81+wpa81)) (&& (< net45) (>= netstandard1.2) (< netstandard1.3) (< monoandroid) (< wpa81)) (&& (< net45) (>= netstandard1.3) (< netstandard1.4) (< monoandroid) (< wpa81)) (&& (< net45) (>= netstandard1.4) (< netstandard1.5) (< monoandroid) (< wpa81)) (&& (< net45) (>= netstandard1.5) (< monoandroid)) (&& (>= net46) (>= dnxcore50)) (&& (>= uap10.0) (< uap10.1)) (&& (>= uap10.0) (>= dnxcore50)) (&& (>= dnxcore50) (>= netstandard1.1)) (&& (>= dnxcore50) (>= netstandard1.2)) (&& (>= dnxcore50) (>= netstandard1.3)) (&& (>= dnxcore50) (>= netstandard1.4)) (&& (>= dnxcore50) (>= netstandard1.5)) (>= netstandard1.6)
      System.Globalization (>= 4.3) - restriction: || (&& (< net45) (>= netstandard1.3) (< monotouch) (< xamarintvos) (< xamarinwatchos) (< xamarinios) (< xamarinmac) (< win8) (< wpa81)) (>= dnxcore50)
      System.Resources.ResourceManager (>= 4.3) - restriction: || (&& (< net45) (>= netstandard1.3) (< monotouch) (< xamarintvos) (< xamarinwatchos) (< xamarinios) (< xamarinmac) (< win8) (< wpa81)) (>= dnxcore50)
      System.Runtime (>= 4.3) - restriction: || (&& (< net45) (>= netstandard1.1) (< netstandard1.3) (< monoandroid) (< win8) (< wpa81)) (&& (< net45) (>= netstandard1.3) (< monotouch) (< xamarintvos) (< xamarinwatchos) (< xamarinios) (< xamarinmac) (< win8) (< wpa81)) (>= dnxcore50)
      System.Runtime.Extensions (>= 4.3) - restriction: || (&& (< net45) (>= netstandard1.3) (< monotouch) (< xamarintvos) (< xamarinwatchos) (< xamarinios) (< xamarinmac) (< win8) (< wpa81)) (>= dnxcore50)
    System.Security.Cryptography.Algorithms (4.3) - restriction: || (&& (< net45) (>= net46) (< netstandard1.3)) (&& (< net45) (>= net46) (>= netstandard1.4) (< netstandard1.5)) (&& (< net45) (>= net46) (< netstandard1.4)) (&& (< net45) (>= net46) (>= netstandard1.5)) (&& (< net45) (>= net46) (< portable-net451+win81+wpa81)) (&& (< net45) (>= net461) (< netstandard1.3)) (&& (< net45) (>= net461) (< netstandard1.4)) (&& (< net45) (>= net461) (>= netstandard1.5)) (&& (< net45) (>= net461) (< netstandard1.5)) (&& (< net45) (>= net461) (< portable-net451+win81+wpa81)) (&& (< net45) (>= netstandard1.3) (< netstandard1.4) (< monoandroid) (< wpa81)) (&& (< net45) (>= netstandard1.3) (< win8) (< portable-net451+win81+wpa81)) (&& (< net45) (>= netstandard1.4) (< netstandard1.5) (< monoandroid) (< wpa81)) (&& (< net45) (>= netstandard1.4) (< win8) (< portable-net451+win81+wpa81)) (&& (< net45) (< netstandard1.4) (>= netstandard1.5) (< monoandroid)) (&& (< net45) (>= netstandard1.5) (< netstandard1.6) (< monoandroid)) (&& (< net451) (>= net46) (< netstandard1.4)) (&& (< net451) (>= net461) (< netstandard1.4)) (&& (>= net46) (>= uap10.0)) (&& (>= net46) (>= dnxcore50)) (&& (>= net46) (>= netstandard1.6)) (&& (>= net461) (>= uap10.0)) (&& (>= net461) (>= dnxcore50)) (&& (>= net461) (>= netstandard1.6)) (&& (>= uap10.0) (< uap10.1)) (&& (>= uap10.0) (>= dnxcore50)) (&& (>= uap10.0) (< netstandard1.4)) (&& (>= uap10.0) (>= netstandard1.6)) (&& (>= uap10.0) (< win8) (< wpa81)) (&& (>= dnxcore50) (>= netstandard1.1)) (&& (>= dnxcore50) (>= netstandard1.2)) (&& (>= dnxcore50) (>= netstandard1.3)) (&& (>= dnxcore50) (>= netstandard1.4)) (&& (>= dnxcore50) (>= netstandard1.5)) (&& (>= dnxcore50) (>= netstandard1.6)) (&& (< netstandard1.3) (>= netstandard1.6) (< monoandroid)) (&& (< netstandard1.4) (>= netstandard1.6) (< monoandroid)) (&& (< netstandard1.5) (>= netstandard1.6) (< monoandroid)) (&& (>= netstandard1.6) (< monotouch) (< xamarintvos) (< xamarinwatchos) (< xamarinios) (< xamarinmac)) (&& (>= netstandard1.6) (< portable-net451+win81+wpa81))
      Microsoft.NETCore.Platforms (>= 1.1) - restriction: || (>= dnxcore50) (&& (>= netstandard1.6) (< monotouch) (< xamarintvos) (< xamarinwatchos) (< xamarinios) (< xamarinmac))
      runtime.native.System.Security.Cryptography.Apple (>= 4.3) - restriction: && (>= netstandard1.6) (< monotouch) (< xamarintvos) (< xamarinwatchos) (< xamarinios) (< xamarinmac)
      runtime.native.System.Security.Cryptography.OpenSsl (>= 4.3) - restriction: && (>= netstandard1.6) (< monotouch) (< xamarintvos) (< xamarinwatchos) (< xamarinios) (< xamarinmac)
      System.Collections (>= 4.3) - restriction: && (>= netstandard1.6) (< monotouch) (< xamarintvos) (< xamarinwatchos) (< xamarinios) (< xamarinmac)
      System.IO (>= 4.3) - restriction: || (&& (< net46) (>= netstandard1.3) (< netstandard1.4) (< monoandroid)) (&& (< net46) (>= netstandard1.4) (< netstandard1.6) (< monoandroid)) (>= net463) (>= dnxcore50) (&& (>= netstandard1.6) (< monotouch) (< xamarintvos) (< xamarinwatchos) (< xamarinios) (< xamarinmac))
      System.Resources.ResourceManager (>= 4.3) - restriction: || (>= dnxcore50) (&& (>= netstandard1.6) (< monotouch) (< xamarintvos) (< xamarinwatchos) (< xamarinios) (< xamarinmac))
      System.Runtime (>= 4.3) - restriction: || (&& (< net46) (>= netstandard1.3) (< netstandard1.4) (< monoandroid)) (&& (< net46) (>= netstandard1.4) (< netstandard1.6) (< monoandroid)) (>= net463) (>= dnxcore50) (&& (>= netstandard1.6) (< monotouch) (< xamarintvos) (< xamarinwatchos) (< xamarinios) (< xamarinmac))
      System.Runtime.Extensions (>= 4.3) - restriction: || (>= dnxcore50) (&& (>= netstandard1.6) (< monotouch) (< xamarintvos) (< xamarinwatchos) (< xamarinios) (< xamarinmac))
      System.Runtime.Handles (>= 4.3) - restriction: || (>= dnxcore50) (&& (>= netstandard1.6) (< monotouch) (< xamarintvos) (< xamarinwatchos) (< xamarinios) (< xamarinmac))
      System.Runtime.InteropServices (>= 4.3) - restriction: || (>= dnxcore50) (&& (>= netstandard1.6) (< monotouch) (< xamarintvos) (< xamarinwatchos) (< xamarinios) (< xamarinmac))
      System.Runtime.Numerics (>= 4.3) - restriction: && (>= netstandard1.6) (< monotouch) (< xamarintvos) (< xamarinwatchos) (< xamarinios) (< xamarinmac)
      System.Security.Cryptography.Encoding (>= 4.3) - restriction: || (>= net463) (>= dnxcore50) (&& (>= netstandard1.6) (< monotouch) (< xamarintvos) (< xamarinwatchos) (< xamarinios) (< xamarinmac))
      System.Security.Cryptography.Primitives (>= 4.3) - restriction: || (&& (>= net46) (< netstandard1.4)) (&& (< net46) (>= netstandard1.3) (< netstandard1.4) (< monoandroid)) (&& (< net46) (>= netstandard1.4) (< netstandard1.6) (< monoandroid)) (>= net461) (>= dnxcore50) (&& (>= netstandard1.6) (< monotouch) (< xamarintvos) (< xamarinwatchos) (< xamarinios) (< xamarinmac))
      System.Text.Encoding (>= 4.3) - restriction: || (>= dnxcore50) (&& (>= netstandard1.6) (< monotouch) (< xamarintvos) (< xamarinwatchos) (< xamarinios) (< xamarinmac))
    System.Security.Cryptography.Cng (4.4) - restriction: || (&& (>= net46) (>= dnxcore50)) (&& (>= net46) (>= netstandard1.6)) (&& (>= uap10.0) (>= dnxcore50)) (&& (>= uap10.0) (>= netstandard1.6)) (&& (>= dnxcore50) (>= netstandard1.1)) (&& (>= dnxcore50) (>= netstandard1.2)) (&& (>= dnxcore50) (>= netstandard1.3)) (&& (>= dnxcore50) (>= netstandard1.4)) (&& (>= dnxcore50) (>= netstandard1.5)) (&& (>= dnxcore50) (>= netstandard1.6)) (&& (< netstandard1.3) (>= netstandard1.6) (< monoandroid)) (&& (< netstandard1.4) (>= netstandard1.6) (< monoandroid)) (&& (< netstandard1.5) (>= netstandard1.6) (< monoandroid)) (&& (>= netstandard1.6) (< monotouch) (< xamarintvos) (< xamarinwatchos) (< xamarinios) (< xamarinmac)) (&& (>= netstandard1.6) (< portable-net451+win81+wpa81))
      System.IO (>= 4.3) - restriction: || (&& (< net46) (>= netstandard1.3) (< netstandard1.4) (< monoandroid)) (&& (< net46) (>= netstandard1.4) (< netstandard1.6) (< monoandroid)) (&& (>= netstandard1.6) (< netstandard2.0) (< monotouch) (< xamarintvos) (< xamarinwatchos) (< xamarinios) (< xamarinmac))
      System.Resources.ResourceManager (>= 4.3) - restriction: || (&& (< net46) (>= netstandard1.3) (< netstandard1.4) (< monoandroid)) (&& (< net46) (>= netstandard1.4) (< netstandard1.6) (< monoandroid)) (&& (>= netstandard1.6) (< netstandard2.0) (< monotouch) (< xamarintvos) (< xamarinwatchos) (< xamarinios) (< xamarinmac))
      System.Runtime (>= 4.3) - restriction: || (&& (< net46) (>= netstandard1.3) (< netstandard1.4) (< monoandroid)) (&& (< net46) (>= netstandard1.4) (< netstandard1.6) (< monoandroid)) (&& (>= netstandard1.6) (< netstandard2.0) (< monotouch) (< xamarintvos) (< xamarinwatchos) (< xamarinios) (< xamarinmac))
      System.Runtime.Extensions (>= 4.3) - restriction: || (&& (< net46) (>= netstandard1.4) (< netstandard1.6) (< monoandroid)) (&& (>= netstandard1.6) (< netstandard2.0) (< monotouch) (< xamarintvos) (< xamarinwatchos) (< xamarinios) (< xamarinmac))
      System.Runtime.Handles (>= 4.3) - restriction: || (&& (< net46) (>= netstandard1.3) (< netstandard1.4) (< monoandroid)) (&& (< net46) (>= netstandard1.4) (< netstandard1.6) (< monoandroid)) (&& (>= netstandard1.6) (< netstandard2.0) (< monotouch) (< xamarintvos) (< xamarinwatchos) (< xamarinios) (< xamarinmac))
      System.Runtime.InteropServices (>= 4.3) - restriction: || (&& (< net46) (>= netstandard1.3) (< netstandard1.4) (< monoandroid)) (&& (< net46) (>= netstandard1.4) (< netstandard1.6) (< monoandroid)) (&& (>= netstandard1.6) (< netstandard2.0) (< monotouch) (< xamarintvos) (< xamarinwatchos) (< xamarinios) (< xamarinmac))
      System.Security.Cryptography.Algorithms (>= 4.3) - restriction: || (&& (>= net46) (< netstandard1.4)) (&& (< net46) (>= netstandard1.3) (< netstandard1.4) (< monoandroid)) (&& (< net46) (>= netstandard1.4) (< netstandard1.6) (< monoandroid)) (&& (>= netstandard1.6) (< netstandard2.0) (< monotouch) (< xamarintvos) (< xamarinwatchos) (< xamarinios) (< xamarinmac))
      System.Security.Cryptography.Encoding (>= 4.3) - restriction: || (&& (< net46) (>= netstandard1.4) (< netstandard1.6) (< monoandroid)) (&& (>= netstandard1.6) (< netstandard2.0) (< monotouch) (< xamarintvos) (< xamarinwatchos) (< xamarinios) (< xamarinmac))
      System.Security.Cryptography.Primitives (>= 4.3) - restriction: || (&& (>= net46) (< netstandard1.4)) (&& (< net46) (>= netstandard1.3) (< netstandard1.4) (< monoandroid)) (&& (< net46) (>= netstandard1.4) (< netstandard1.6) (< monoandroid)) (&& (>= netstandard1.6) (< netstandard2.0) (< monotouch) (< xamarintvos) (< xamarinwatchos) (< xamarinios) (< xamarinmac))
      System.Text.Encoding (>= 4.3) - restriction: || (&& (< net46) (>= netstandard1.4) (< netstandard1.6) (< monoandroid)) (&& (>= netstandard1.6) (< netstandard2.0) (< monotouch) (< xamarintvos) (< xamarinwatchos) (< xamarinios) (< xamarinmac))
    System.Security.Cryptography.Csp (4.3) - restriction: || (&& (>= net46) (>= netstandard1.6)) (&& (>= uap10.0) (>= netstandard1.6)) (&& (>= dnxcore50) (>= netstandard1.6)) (&& (< netstandard1.3) (>= netstandard1.6) (< monoandroid)) (&& (< netstandard1.4) (>= netstandard1.6) (< monoandroid)) (&& (< netstandard1.5) (>= netstandard1.6) (< monoandroid)) (&& (>= netstandard1.6) (< monotouch) (< xamarintvos) (< xamarinwatchos) (< xamarinios) (< xamarinmac)) (&& (>= netstandard1.6) (< portable-net451+win81+wpa81))
      Microsoft.NETCore.Platforms (>= 1.1) - restriction: && (< net46) (>= netstandard1.3) (< monotouch) (< xamarintvos) (< xamarinwatchos) (< xamarinios) (< xamarinmac)
      System.IO (>= 4.3) - restriction: && (< net46) (>= netstandard1.3) (< monotouch) (< xamarintvos) (< xamarinwatchos) (< xamarinios) (< xamarinmac)
      System.Reflection (>= 4.3) - restriction: && (< net46) (>= netstandard1.3) (< monotouch) (< xamarintvos) (< xamarinwatchos) (< xamarinios) (< xamarinmac)
      System.Resources.ResourceManager (>= 4.3) - restriction: && (< net46) (>= netstandard1.3) (< monotouch) (< xamarintvos) (< xamarinwatchos) (< xamarinios) (< xamarinmac)
      System.Runtime (>= 4.3) - restriction: && (< net46) (>= netstandard1.3) (< monotouch) (< xamarintvos) (< xamarinwatchos) (< xamarinios) (< xamarinmac)
      System.Runtime.Extensions (>= 4.3) - restriction: && (< net46) (>= netstandard1.3) (< monotouch) (< xamarintvos) (< xamarinwatchos) (< xamarinios) (< xamarinmac)
      System.Runtime.Handles (>= 4.3) - restriction: && (< net46) (>= netstandard1.3) (< monotouch) (< xamarintvos) (< xamarinwatchos) (< xamarinios) (< xamarinmac)
      System.Runtime.InteropServices (>= 4.3) - restriction: && (< net46) (>= netstandard1.3) (< monotouch) (< xamarintvos) (< xamarinwatchos) (< xamarinios) (< xamarinmac)
      System.Security.Cryptography.Algorithms (>= 4.3) - restriction: || (>= net46) (&& (>= netstandard1.3) (< monotouch) (< xamarintvos) (< xamarinwatchos) (< xamarinios) (< xamarinmac))
      System.Security.Cryptography.Encoding (>= 4.3) - restriction: && (< net46) (>= netstandard1.3) (< monotouch) (< xamarintvos) (< xamarinwatchos) (< xamarinios) (< xamarinmac)
      System.Security.Cryptography.Primitives (>= 4.3) - restriction: || (>= net46) (&& (>= netstandard1.3) (< monotouch) (< xamarintvos) (< xamarinwatchos) (< xamarinios) (< xamarinmac))
      System.Text.Encoding (>= 4.3) - restriction: && (< net46) (>= netstandard1.3) (< monotouch) (< xamarintvos) (< xamarinwatchos) (< xamarinios) (< xamarinmac)
      System.Threading (>= 4.3) - restriction: && (< net46) (>= netstandard1.3) (< monotouch) (< xamarintvos) (< xamarinwatchos) (< xamarinios) (< xamarinmac)
    System.Security.Cryptography.Encoding (4.3) - restriction: || (&& (< net45) (>= net46) (< netstandard1.3)) (&& (< net45) (>= net46) (>= netstandard1.4) (< netstandard1.5)) (&& (< net45) (>= net46) (< netstandard1.4)) (&& (< net45) (>= net46) (>= netstandard1.5)) (&& (< net45) (>= net46) (< portable-net451+win81+wpa81)) (&& (< net45) (>= net461) (< netstandard1.3)) (&& (< net45) (>= net461) (< netstandard1.4)) (&& (< net45) (>= net461) (>= netstandard1.5)) (&& (< net45) (>= net461) (< netstandard1.5)) (&& (< net45) (>= net461) (< portable-net451+win81+wpa81)) (&& (< net45) (>= net463)) (&& (< net45) (>= netstandard1.3) (< netstandard1.4) (< monoandroid) (< wpa81)) (&& (< net45) (>= netstandard1.3) (< win8) (< portable-net451+win81+wpa81)) (&& (< net45) (>= netstandard1.4) (< netstandard1.5) (< monoandroid) (< wpa81)) (&& (< net45) (>= netstandard1.4) (< win8) (< portable-net451+win81+wpa81)) (&& (< net45) (< netstandard1.4) (>= netstandard1.5) (< monoandroid)) (&& (< net45) (>= netstandard1.5) (< netstandard1.6) (< monoandroid)) (&& (< net451) (>= net46) (< netstandard1.4)) (&& (< net451) (>= net461) (< netstandard1.4)) (&& (< net451) (>= net463) (< netstandard1.4)) (&& (>= net46) (>= uap10.0)) (&& (>= net46) (>= dnxcore50)) (&& (>= net46) (>= netstandard1.6)) (&& (>= net461) (>= uap10.0)) (&& (>= net461) (>= dnxcore50)) (&& (>= net461) (>= netstandard1.6)) (&& (>= net463) (>= uap10.0)) (&& (>= net463) (>= netstandard1.6)) (&& (>= uap10.0) (< uap10.1)) (&& (>= uap10.0) (>= dnxcore50)) (&& (>= uap10.0) (< netstandard1.4)) (&& (>= uap10.0) (>= netstandard1.6)) (&& (>= uap10.0) (< win8) (< wpa81)) (&& (>= dnxcore50) (>= netstandard1.1)) (&& (>= dnxcore50) (>= netstandard1.2)) (&& (>= dnxcore50) (>= netstandard1.3)) (&& (>= dnxcore50) (>= netstandard1.4)) (&& (>= dnxcore50) (>= netstandard1.5)) (&& (>= dnxcore50) (>= netstandard1.6)) (&& (< netstandard1.3) (>= netstandard1.6) (< monoandroid)) (&& (< netstandard1.4) (>= netstandard1.6) (< monoandroid)) (&& (< netstandard1.5) (>= netstandard1.6) (< monoandroid)) (&& (>= netstandard1.6) (< monotouch) (< xamarintvos) (< xamarinwatchos) (< xamarinios) (< xamarinmac)) (&& (>= netstandard1.6) (< portable-net451+win81+wpa81))
      Microsoft.NETCore.Platforms (>= 1.1) - restriction: && (< net46) (>= netstandard1.3) (< monotouch) (< xamarintvos) (< xamarinwatchos) (< xamarinios) (< xamarinmac)
      runtime.native.System.Security.Cryptography.OpenSsl (>= 4.3) - restriction: && (< net46) (>= netstandard1.3) (< monotouch) (< xamarintvos) (< xamarinwatchos) (< xamarinios) (< xamarinmac)
      System.Collections (>= 4.3) - restriction: && (< net46) (>= netstandard1.3) (< monotouch) (< xamarintvos) (< xamarinwatchos) (< xamarinios) (< xamarinmac)
      System.Collections.Concurrent (>= 4.3) - restriction: && (< net46) (>= netstandard1.3) (< monotouch) (< xamarintvos) (< xamarinwatchos) (< xamarinios) (< xamarinmac)
      System.Linq (>= 4.3) - restriction: && (< net46) (>= netstandard1.3) (< monotouch) (< xamarintvos) (< xamarinwatchos) (< xamarinios) (< xamarinmac)
      System.Resources.ResourceManager (>= 4.3) - restriction: && (< net46) (>= netstandard1.3) (< monotouch) (< xamarintvos) (< xamarinwatchos) (< xamarinios) (< xamarinmac)
      System.Runtime (>= 4.3) - restriction: && (< net46) (>= netstandard1.3) (< monotouch) (< xamarintvos) (< xamarinwatchos) (< xamarinios) (< xamarinmac)
      System.Runtime.Extensions (>= 4.3) - restriction: && (< net46) (>= netstandard1.3) (< monotouch) (< xamarintvos) (< xamarinwatchos) (< xamarinios) (< xamarinmac)
      System.Runtime.Handles (>= 4.3) - restriction: && (< net46) (>= netstandard1.3) (< monotouch) (< xamarintvos) (< xamarinwatchos) (< xamarinios) (< xamarinmac)
      System.Runtime.InteropServices (>= 4.3) - restriction: && (< net46) (>= netstandard1.3) (< monotouch) (< xamarintvos) (< xamarinwatchos) (< xamarinios) (< xamarinmac)
      System.Security.Cryptography.Primitives (>= 4.3) - restriction: && (< net46) (>= netstandard1.3) (< monotouch) (< xamarintvos) (< xamarinwatchos) (< xamarinios) (< xamarinmac)
      System.Text.Encoding (>= 4.3) - restriction: && (< net46) (>= netstandard1.3) (< monotouch) (< xamarintvos) (< xamarinwatchos) (< xamarinios) (< xamarinmac)
    System.Security.Cryptography.OpenSsl (4.4) - restriction: || (&& (>= net46) (< netstandard1.4) (>= netstandard1.6)) (&& (>= uap10.0) (>= netstandard1.6)) (&& (>= dnxcore50) (>= netstandard1.6)) (&& (< netstandard1.3) (>= netstandard1.6) (< monoandroid)) (&& (< netstandard1.4) (>= netstandard1.6) (< monoandroid)) (&& (< netstandard1.5) (>= netstandard1.6) (< monoandroid)) (&& (>= netstandard1.6) (< monotouch) (< xamarintvos) (< xamarinwatchos) (< xamarinios) (< xamarinmac)) (&& (>= netstandard1.6) (< portable-net451+win81+wpa81))
      Microsoft.NETCore.Platforms (>= 2.0) - restriction: >= netcoreapp2.0
      System.Collections (>= 4.3) - restriction: && (>= netstandard1.6) (< netstandard2.0) (< monotouch) (< xamarintvos) (< xamarinwatchos) (< xamarinios) (< xamarinmac)
      System.IO (>= 4.3) - restriction: && (>= netstandard1.6) (< netstandard2.0) (< monotouch) (< xamarintvos) (< xamarinwatchos) (< xamarinios) (< xamarinmac)
      System.Resources.ResourceManager (>= 4.3) - restriction: && (>= netstandard1.6) (< netstandard2.0) (< monotouch) (< xamarintvos) (< xamarinwatchos) (< xamarinios) (< xamarinmac)
      System.Runtime (>= 4.3) - restriction: && (>= netstandard1.6) (< netstandard2.0) (< monotouch) (< xamarintvos) (< xamarinwatchos) (< xamarinios) (< xamarinmac)
      System.Runtime.Extensions (>= 4.3) - restriction: && (>= netstandard1.6) (< netstandard2.0) (< monotouch) (< xamarintvos) (< xamarinwatchos) (< xamarinios) (< xamarinmac)
      System.Runtime.Handles (>= 4.3) - restriction: && (>= netstandard1.6) (< netstandard2.0) (< monotouch) (< xamarintvos) (< xamarinwatchos) (< xamarinios) (< xamarinmac)
      System.Runtime.InteropServices (>= 4.3) - restriction: && (>= netstandard1.6) (< netstandard2.0) (< monotouch) (< xamarintvos) (< xamarinwatchos) (< xamarinios) (< xamarinmac)
      System.Runtime.Numerics (>= 4.3) - restriction: && (>= netstandard1.6) (< netstandard2.0) (< monotouch) (< xamarintvos) (< xamarinwatchos) (< xamarinios) (< xamarinmac)
      System.Security.Cryptography.Algorithms (>= 4.3) - restriction: && (>= netstandard1.6) (< netstandard2.0) (< monotouch) (< xamarintvos) (< xamarinwatchos) (< xamarinios) (< xamarinmac)
      System.Security.Cryptography.Encoding (>= 4.3) - restriction: && (>= netstandard1.6) (< netstandard2.0) (< monotouch) (< xamarintvos) (< xamarinwatchos) (< xamarinios) (< xamarinmac)
      System.Security.Cryptography.Primitives (>= 4.3) - restriction: && (>= netstandard1.6) (< netstandard2.0) (< monotouch) (< xamarintvos) (< xamarinwatchos) (< xamarinios) (< xamarinmac)
      System.Text.Encoding (>= 4.3) - restriction: && (>= netstandard1.6) (< netstandard2.0) (< monotouch) (< xamarintvos) (< xamarinwatchos) (< xamarinios) (< xamarinmac)
    System.Security.Cryptography.Primitives (4.3) - restriction: || (&& (< net45) (>= net46) (< netstandard1.4)) (&& (< net45) (>= net461) (< netstandard1.4)) (&& (< net45) (>= net461) (>= netstandard1.5)) (&& (< net45) (>= net461) (< netstandard1.5)) (&& (< net45) (>= netstandard1.3) (< netstandard1.4) (< monoandroid) (< wpa81)) (&& (< net45) (>= netstandard1.3) (< win8) (< portable-net451+win81+wpa81)) (&& (< net45) (>= netstandard1.4) (< netstandard1.5) (< monoandroid) (< wpa81)) (&& (< net45) (< netstandard1.4) (>= netstandard1.5) (< monoandroid)) (&& (< net45) (>= netstandard1.5) (< netstandard1.6) (< monoandroid)) (&& (< net451) (>= net46) (< netstandard1.4)) (&& (< net451) (>= net461) (< netstandard1.4)) (&& (>= net46) (>= dnxcore50)) (&& (>= net46) (< netstandard1.3) (>= netstandard1.6)) (&& (>= net46) (< netstandard1.4) (>= netstandard1.6)) (&& (>= net461) (>= uap10.0)) (&& (>= net461) (>= netstandard1.6)) (&& (>= uap10.0) (< uap10.1)) (&& (>= uap10.0) (>= dnxcore50)) (&& (>= uap10.0) (< netstandard1.4)) (&& (>= uap10.0) (>= netstandard1.6)) (&& (>= uap10.0) (< win8) (< wpa81)) (&& (>= dnxcore50) (>= netstandard1.3)) (&& (>= dnxcore50) (>= netstandard1.4)) (&& (>= dnxcore50) (>= netstandard1.5)) (&& (>= dnxcore50) (>= netstandard1.6)) (&& (< netstandard1.3) (>= netstandard1.6) (< monoandroid)) (&& (< netstandard1.4) (>= netstandard1.6) (< monoandroid)) (&& (< netstandard1.5) (>= netstandard1.6) (< monoandroid)) (&& (>= netstandard1.6) (< monotouch) (< xamarintvos) (< xamarinwatchos) (< xamarinios) (< xamarinmac)) (&& (>= netstandard1.6) (< portable-net451+win81+wpa81))
      System.Diagnostics.Debug (>= 4.3) - restriction: && (< net46) (>= netstandard1.3) (< monotouch) (< xamarintvos) (< xamarinwatchos) (< xamarinios) (< xamarinmac)
      System.Globalization (>= 4.3) - restriction: && (< net46) (>= netstandard1.3) (< monotouch) (< xamarintvos) (< xamarinwatchos) (< xamarinios) (< xamarinmac)
      System.IO (>= 4.3) - restriction: && (< net46) (>= netstandard1.3) (< monotouch) (< xamarintvos) (< xamarinwatchos) (< xamarinios) (< xamarinmac)
      System.Resources.ResourceManager (>= 4.3) - restriction: && (< net46) (>= netstandard1.3) (< monotouch) (< xamarintvos) (< xamarinwatchos) (< xamarinios) (< xamarinmac)
      System.Runtime (>= 4.3) - restriction: && (< net46) (>= netstandard1.3) (< monotouch) (< xamarintvos) (< xamarinwatchos) (< xamarinios) (< xamarinmac)
      System.Threading (>= 4.3) - restriction: && (< net46) (>= netstandard1.3) (< monotouch) (< xamarintvos) (< xamarinwatchos) (< xamarinios) (< xamarinmac)
      System.Threading.Tasks (>= 4.3) - restriction: && (< net46) (>= netstandard1.3) (< monotouch) (< xamarintvos) (< xamarinwatchos) (< xamarinios) (< xamarinmac)
    System.Security.Cryptography.X509Certificates (4.3) - restriction: || (&& (< net45) (>= net46) (< netstandard1.3)) (&& (< net45) (>= net46) (>= netstandard1.4) (< netstandard1.5)) (&& (< net45) (>= net46) (< netstandard1.4)) (&& (< net45) (>= net46) (>= netstandard1.5)) (&& (< net45) (>= net46) (< portable-net451+win81+wpa81)) (&& (< net45) (>= netstandard1.3) (< netstandard1.4) (< monoandroid) (< wpa81)) (&& (< net45) (>= netstandard1.3) (< win8) (< portable-net451+win81+wpa81)) (&& (< net45) (>= netstandard1.4) (< netstandard1.5) (< monoandroid) (< wpa81)) (&& (< net45) (>= netstandard1.5) (< netstandard1.6) (< monoandroid)) (&& (< net451) (>= net46) (< netstandard1.4)) (&& (>= net46) (>= uap10.0)) (&& (>= net46) (>= dnxcore50)) (&& (>= net46) (>= netstandard1.6)) (&& (>= uap10.0) (< uap10.1)) (&& (>= uap10.0) (>= dnxcore50)) (&& (>= uap10.0) (>= netstandard1.6)) (&& (>= uap10.0) (< win8) (< wpa81)) (&& (>= dnxcore50) (>= netstandard1.1)) (&& (>= dnxcore50) (>= netstandard1.2)) (&& (>= dnxcore50) (>= netstandard1.3)) (&& (>= dnxcore50) (>= netstandard1.4)) (&& (>= dnxcore50) (>= netstandard1.5)) (&& (>= dnxcore50) (>= netstandard1.6)) (&& (< netstandard1.3) (>= netstandard1.6) (< monoandroid)) (&& (< netstandard1.4) (>= netstandard1.6) (< monoandroid)) (&& (< netstandard1.5) (>= netstandard1.6) (< monoandroid)) (&& (>= netstandard1.6) (< monotouch) (< xamarintvos) (< xamarinwatchos) (< xamarinios) (< xamarinmac)) (&& (>= netstandard1.6) (< portable-net451+win81+wpa81))
      Microsoft.NETCore.Platforms (>= 1.1) - restriction: || (>= dnxcore50) (&& (>= netstandard1.6) (< monotouch) (< xamarintvos) (< xamarinwatchos) (< xamarinios) (< xamarinmac))
      runtime.native.System (>= 4.3) - restriction: && (>= netstandard1.6) (< monotouch) (< xamarintvos) (< xamarinwatchos) (< xamarinios) (< xamarinmac)
      runtime.native.System.Net.Http (>= 4.3) - restriction: && (>= netstandard1.6) (< monotouch) (< xamarintvos) (< xamarinwatchos) (< xamarinios) (< xamarinmac)
      runtime.native.System.Security.Cryptography.OpenSsl (>= 4.3) - restriction: && (>= netstandard1.6) (< monotouch) (< xamarintvos) (< xamarinwatchos) (< xamarinios) (< xamarinmac)
      System.Collections (>= 4.3) - restriction: || (>= dnxcore50) (&& (>= netstandard1.6) (< monotouch) (< xamarintvos) (< xamarinwatchos) (< xamarinios) (< xamarinmac))
      System.Diagnostics.Debug (>= 4.3) - restriction: && (>= netstandard1.6) (< monotouch) (< xamarintvos) (< xamarinwatchos) (< xamarinios) (< xamarinmac)
      System.Globalization (>= 4.3) - restriction: || (>= dnxcore50) (&& (>= netstandard1.6) (< monotouch) (< xamarintvos) (< xamarinwatchos) (< xamarinios) (< xamarinmac))
      System.Globalization.Calendars (>= 4.3) - restriction: || (>= dnxcore50) (&& (>= netstandard1.6) (< monotouch) (< xamarintvos) (< xamarinwatchos) (< xamarinios) (< xamarinmac))
      System.IO (>= 4.3) - restriction: || (>= dnxcore50) (&& (>= netstandard1.6) (< monotouch) (< xamarintvos) (< xamarinwatchos) (< xamarinios) (< xamarinmac))
      System.IO.FileSystem (>= 4.3) - restriction: || (>= dnxcore50) (&& (>= netstandard1.6) (< monotouch) (< xamarintvos) (< xamarinwatchos) (< xamarinios) (< xamarinmac))
      System.IO.FileSystem.Primitives (>= 4.3) - restriction: && (>= netstandard1.6) (< monotouch) (< xamarintvos) (< xamarinwatchos) (< xamarinios) (< xamarinmac)
      System.Resources.ResourceManager (>= 4.3) - restriction: || (>= dnxcore50) (&& (>= netstandard1.6) (< monotouch) (< xamarintvos) (< xamarinwatchos) (< xamarinios) (< xamarinmac))
      System.Runtime (>= 4.3) - restriction: || (&& (< net46) (>= netstandard1.3) (< netstandard1.4) (< monoandroid)) (&& (< net46) (>= netstandard1.4) (< netstandard1.6) (< monoandroid)) (>= dnxcore50) (&& (>= netstandard1.6) (< monotouch) (< xamarintvos) (< xamarinwatchos) (< xamarinios) (< xamarinmac))
      System.Runtime.Extensions (>= 4.3) - restriction: || (>= dnxcore50) (&& (>= netstandard1.6) (< monotouch) (< xamarintvos) (< xamarinwatchos) (< xamarinios) (< xamarinmac))
      System.Runtime.Handles (>= 4.3) - restriction: || (&& (< net46) (>= netstandard1.3) (< netstandard1.4) (< monoandroid)) (&& (< net46) (>= netstandard1.4) (< netstandard1.6) (< monoandroid)) (>= dnxcore50) (&& (>= netstandard1.6) (< monotouch) (< xamarintvos) (< xamarinwatchos) (< xamarinios) (< xamarinmac))
      System.Runtime.InteropServices (>= 4.3) - restriction: || (>= dnxcore50) (&& (>= netstandard1.6) (< monotouch) (< xamarintvos) (< xamarinwatchos) (< xamarinios) (< xamarinmac))
      System.Runtime.Numerics (>= 4.3) - restriction: || (>= dnxcore50) (&& (>= netstandard1.6) (< monotouch) (< xamarintvos) (< xamarinwatchos) (< xamarinios) (< xamarinmac))
      System.Security.Cryptography.Algorithms (>= 4.3) - restriction: || (&& (>= net46) (< netstandard1.4)) (&& (< net46) (>= netstandard1.3) (< netstandard1.4) (< monoandroid)) (&& (< net46) (>= netstandard1.4) (< netstandard1.6) (< monoandroid)) (>= net461) (>= dnxcore50) (&& (>= netstandard1.6) (< monotouch) (< xamarintvos) (< xamarinwatchos) (< xamarinios) (< xamarinmac))
      System.Security.Cryptography.Cng (>= 4.3) - restriction: || (>= dnxcore50) (&& (>= netstandard1.6) (< monotouch) (< xamarintvos) (< xamarinwatchos) (< xamarinios) (< xamarinmac))
      System.Security.Cryptography.Csp (>= 4.3) - restriction: && (>= netstandard1.6) (< monotouch) (< xamarintvos) (< xamarinwatchos) (< xamarinios) (< xamarinmac)
      System.Security.Cryptography.Encoding (>= 4.3) - restriction: || (&& (>= net46) (< netstandard1.4)) (&& (< net46) (>= netstandard1.3) (< netstandard1.4) (< monoandroid)) (&& (< net46) (>= netstandard1.4) (< netstandard1.6) (< monoandroid)) (>= net461) (>= dnxcore50) (&& (>= netstandard1.6) (< monotouch) (< xamarintvos) (< xamarinwatchos) (< xamarinios) (< xamarinmac))
      System.Security.Cryptography.OpenSsl (>= 4.3) - restriction: && (>= netstandard1.6) (< monotouch) (< xamarintvos) (< xamarinwatchos) (< xamarinios) (< xamarinmac)
      System.Security.Cryptography.Primitives (>= 4.3) - restriction: || (>= dnxcore50) (&& (>= netstandard1.6) (< monotouch) (< xamarintvos) (< xamarinwatchos) (< xamarinios) (< xamarinmac))
      System.Text.Encoding (>= 4.3) - restriction: || (>= dnxcore50) (&& (>= netstandard1.6) (< monotouch) (< xamarintvos) (< xamarinwatchos) (< xamarinios) (< xamarinmac))
      System.Threading (>= 4.3) - restriction: || (>= dnxcore50) (&& (>= netstandard1.6) (< monotouch) (< xamarintvos) (< xamarinwatchos) (< xamarinios) (< xamarinmac))
    System.Text.Encoding (4.3) - restriction: || (&& (< net45) (>= net46) (< netstandard1.3)) (&& (< net45) (>= net46) (< netstandard1.4)) (&& (< net45) (>= netstandard1.1) (< portable-net451+win81+wpa81)) (&& (< net45) (>= netstandard1.2) (< netstandard1.3) (< monoandroid) (< wpa81)) (&& (< net45) (>= netstandard1.3) (< netstandard1.4) (< monoandroid) (< wpa81)) (&& (< net45) (>= netstandard1.3) (< win8) (< portable-net451+win81+wpa81)) (&& (< net45) (< netstandard1.3) (>= netstandard1.4) (< monoandroid) (< win8) (< wpa81)) (&& (< net45) (< netstandard1.3) (>= netstandard1.5) (< monoandroid)) (&& (< net45) (>= netstandard1.4) (< netstandard1.5) (< monoandroid) (< wpa81)) (&& (< net45) (< netstandard1.4) (>= netstandard1.5) (< monoandroid)) (&& (< net45) (>= netstandard1.5) (< netstandard1.6) (< monoandroid)) (&& (< net45) (>= netstandard1.5) (< monoandroid) (< monotouch) (< xamarintvos) (< xamarinwatchos) (< xamarinios) (< xamarinmac)) (&& (< net45) (>= netstandard1.5) (< portable-net451+win81+wpa81)) (&& (< net451) (>= net46) (< netstandard1.4)) (&& (>= net46) (>= dnxcore50)) (&& (>= net46) (< netstandard1.4) (>= netstandard1.6)) (&& (>= uap10.0) (< uap10.1)) (&& (>= uap10.0) (>= dnxcore50)) (&& (>= uap10.0) (>= netstandard1.5)) (&& (>= uap10.0) (>= netstandard1.6)) (&& (>= uap10.0) (< win8) (< wpa81)) (&& (>= dnxcore50) (>= netstandard1.0)) (&& (>= dnxcore50) (>= netstandard1.1)) (&& (>= dnxcore50) (>= netstandard1.2)) (&& (>= dnxcore50) (>= netstandard1.3)) (&& (>= dnxcore50) (>= netstandard1.4)) (&& (>= dnxcore50) (>= netstandard1.5)) (&& (>= dnxcore50) (>= netstandard1.6)) (&& (>= netstandard1.0) (< portable-net45+win8+wpa81)) (&& (>= netstandard1.3) (< portable-net45+win8+wpa81)) (&& (< netstandard1.3) (>= netstandard1.6) (< monoandroid)) (&& (< netstandard1.4) (>= netstandard1.6) (< monoandroid)) (&& (>= netstandard1.5) (< portable-net45+win8+wpa81)) (&& (< netstandard1.5) (>= netstandard1.6) (< monoandroid)) (&& (>= netstandard1.6) (< monotouch) (< xamarintvos) (< xamarinwatchos) (< xamarinios) (< xamarinmac)) (&& (>= netstandard1.6) (< portable-net451+win81+wpa81))
      Microsoft.NETCore.Platforms (>= 1.1) - restriction: || (&& (< net45) (>= netstandard1.0) (< netstandard1.3) (< monoandroid) (< win8) (< wp8) (< wpa81)) (&& (< net45) (>= netstandard1.3) (< monotouch) (< xamarintvos) (< xamarinwatchos) (< xamarinios) (< xamarinmac) (< win8) (< wpa81)) (>= dnxcore50)
      Microsoft.NETCore.Targets (>= 1.1) - restriction: || (&& (< net45) (>= netstandard1.0) (< netstandard1.3) (< monoandroid) (< win8) (< wp8) (< wpa81)) (&& (< net45) (>= netstandard1.3) (< monotouch) (< xamarintvos) (< xamarinwatchos) (< xamarinios) (< xamarinmac) (< win8) (< wpa81)) (>= dnxcore50)
      System.Runtime (>= 4.3) - restriction: || (&& (< net45) (>= netstandard1.0) (< netstandard1.3) (< monoandroid) (< win8) (< wp8) (< wpa81)) (&& (< net45) (>= netstandard1.3) (< monotouch) (< xamarintvos) (< xamarinwatchos) (< xamarinios) (< xamarinmac) (< win8) (< wpa81)) (>= dnxcore50)
    System.Text.Encoding.Extensions (4.3) - restriction: || (&& (< net45) (>= net46) (< netstandard1.4)) (&& (< net45) (>= netstandard1.1) (< portable-net451+win81+wpa81)) (&& (< net45) (>= netstandard1.2) (< netstandard1.3) (< monoandroid) (< wpa81)) (&& (< net45) (>= netstandard1.3) (< netstandard1.4) (< monoandroid) (< wpa81)) (&& (< net45) (>= netstandard1.3) (< win8) (< portable-net451+win81+wpa81)) (&& (< net45) (>= netstandard1.4) (< netstandard1.5) (< monoandroid) (< wpa81)) (&& (< net45) (>= netstandard1.5) (< netstandard1.6) (< monoandroid)) (&& (>= net46) (>= dnxcore50)) (&& (>= uap10.0) (< uap10.1)) (&& (>= uap10.0) (>= dnxcore50)) (&& (>= uap10.0) (< win8) (< wpa81)) (&& (>= dnxcore50) (>= netstandard1.0)) (&& (>= dnxcore50) (>= netstandard1.1)) (&& (>= dnxcore50) (>= netstandard1.2)) (&& (>= dnxcore50) (>= netstandard1.3)) (&& (>= dnxcore50) (>= netstandard1.4)) (&& (>= dnxcore50) (>= netstandard1.5)) (&& (>= dnxcore50) (>= netstandard1.6)) (&& (>= netstandard1.0) (< portable-net45+win8+wpa81)) (&& (>= netstandard1.3) (< portable-net45+win8+wpa81)) (&& (>= netstandard1.6) (< netstandard2.0) (< monotouch) (< xamarintvos) (< xamarinwatchos) (< xamarinios) (< xamarinmac))
      Microsoft.NETCore.Platforms (>= 1.1) - restriction: || (&& (< net45) (>= netstandard1.0) (< netstandard1.3) (< monoandroid) (< win8) (< wp8) (< wpa81)) (&& (< net45) (>= netstandard1.3) (< monotouch) (< xamarintvos) (< xamarinwatchos) (< xamarinios) (< xamarinmac) (< win8) (< wpa81)) (>= dnxcore50)
      Microsoft.NETCore.Targets (>= 1.1) - restriction: || (&& (< net45) (>= netstandard1.0) (< netstandard1.3) (< monoandroid) (< win8) (< wp8) (< wpa81)) (&& (< net45) (>= netstandard1.3) (< monotouch) (< xamarintvos) (< xamarinwatchos) (< xamarinios) (< xamarinmac) (< win8) (< wpa81)) (>= dnxcore50)
      System.Runtime (>= 4.3) - restriction: || (&& (< net45) (>= netstandard1.0) (< netstandard1.3) (< monoandroid) (< win8) (< wp8) (< wpa81)) (&& (< net45) (>= netstandard1.3) (< monotouch) (< xamarintvos) (< xamarinwatchos) (< xamarinios) (< xamarinmac) (< win8) (< wpa81)) (>= dnxcore50)
      System.Text.Encoding (>= 4.3) - restriction: || (&& (< net45) (>= netstandard1.0) (< netstandard1.3) (< monoandroid) (< win8) (< wp8) (< wpa81)) (&& (< net45) (>= netstandard1.3) (< monotouch) (< xamarintvos) (< xamarinwatchos) (< xamarinios) (< xamarinmac) (< win8) (< wpa81)) (>= dnxcore50)
    System.Text.RegularExpressions (4.3) - restriction: || (&& (< net45) (>= net46) (< netstandard1.4)) (&& (< net45) (>= netstandard1.1) (< portable-net451+win81+wpa81)) (&& (< net45) (>= netstandard1.2) (< netstandard1.3) (< monoandroid) (< wpa81)) (&& (< net45) (>= netstandard1.3) (< netstandard1.4) (< monoandroid) (< wpa81)) (&& (< net45) (>= netstandard1.3) (< win8) (< portable-net451+win81+wpa81)) (&& (< net45) (>= netstandard1.4) (< netstandard1.5) (< monoandroid) (< wpa81)) (&& (< net45) (>= netstandard1.5) (< monoandroid)) (&& (>= net46) (>= dnxcore50)) (&& (>= uap10.0) (< uap10.1)) (&& (>= uap10.0) (>= dnxcore50)) (&& (>= uap10.0) (< win8) (< wpa81)) (&& (>= dnxcore50) (>= netstandard1.0)) (&& (>= dnxcore50) (>= netstandard1.1)) (&& (>= dnxcore50) (>= netstandard1.2)) (&& (>= dnxcore50) (>= netstandard1.3)) (&& (>= dnxcore50) (>= netstandard1.4)) (&& (>= dnxcore50) (>= netstandard1.5)) (&& (>= netstandard1.0) (< portable-net45+win8+wpa81)) (&& (>= netstandard1.3) (< portable-net45+win8+wpa81)) (>= netstandard1.6)
      System.Collections (>= 4.3) - restriction: || (>= dnxcore50) (&& (>= netstandard1.6) (< netcoreapp1.1) (< monotouch) (< xamarintvos) (< xamarinwatchos) (< xamarinios) (< xamarinmac))
      System.Globalization (>= 4.3) - restriction: || (>= dnxcore50) (&& (>= netstandard1.6) (< netcoreapp1.1) (< monotouch) (< xamarintvos) (< xamarinwatchos) (< xamarinios) (< xamarinmac))
      System.Resources.ResourceManager (>= 4.3) - restriction: || (>= dnxcore50) (&& (>= netstandard1.6) (< netcoreapp1.1) (< monotouch) (< xamarintvos) (< xamarinwatchos) (< xamarinios) (< xamarinmac))
      System.Runtime (>= 4.3) - restriction: || (&& (< net45) (>= netstandard1.0) (< netstandard1.3) (< monoandroid) (< win8) (< wp8) (< wpa81)) (&& (< net45) (>= netstandard1.3) (< netstandard1.6) (< monoandroid) (< win8) (< wpa81)) (>= dnxcore50) (&& (>= netstandard1.6) (< monotouch) (< xamarintvos) (< xamarinwatchos) (< xamarinios) (< xamarinmac)) (>= netcoreapp1.1)
      System.Runtime.Extensions (>= 4.3) - restriction: || (>= dnxcore50) (&& (>= netstandard1.6) (< netcoreapp1.1) (< monotouch) (< xamarintvos) (< xamarinwatchos) (< xamarinios) (< xamarinmac))
      System.Threading (>= 4.3) - restriction: || (>= dnxcore50) (&& (>= netstandard1.6) (< netcoreapp1.1) (< monotouch) (< xamarintvos) (< xamarinwatchos) (< xamarinios) (< xamarinmac))
    System.Threading (4.3) - restriction: || (&& (>= net45) (>= dnxcore50)) (&& (< net45) (>= net46) (< netstandard1.3)) (&& (< net45) (>= net46) (< netstandard1.4)) (&& (< net45) (>= netstandard1.1) (< portable-net451+win81+wpa81)) (&& (< net45) (>= netstandard1.2) (< netstandard1.3) (< monoandroid) (< wpa81)) (&& (< net45) (>= netstandard1.3) (< netstandard1.4) (< monoandroid) (< wpa81)) (&& (< net45) (>= netstandard1.3) (< win8) (< portable-net451+win81+wpa81)) (&& (< net45) (< netstandard1.3) (>= netstandard1.4) (< monoandroid) (< win8) (< wpa81)) (&& (< net45) (>= netstandard1.4) (< netstandard1.5) (< monoandroid) (< wpa81)) (&& (< net45) (>= netstandard1.5) (< monoandroid)) (&& (< net451) (>= net46) (< netstandard1.4)) (&& (>= net46) (>= dnxcore50)) (&& (>= uap10.0) (< uap10.1)) (&& (>= uap10.0) (>= dnxcore50)) (&& (>= uap10.0) (< win8) (< wpa81)) (&& (>= dnxcore50) (>= netstandard1.0)) (&& (>= dnxcore50) (>= netstandard1.1)) (&& (>= dnxcore50) (>= netstandard1.2)) (&& (>= dnxcore50) (>= netstandard1.3)) (&& (>= dnxcore50) (>= netstandard1.4)) (&& (>= dnxcore50) (>= netstandard1.5)) (&& (>= dnxcore50) (>= wpa81)) (&& (>= netstandard1.0) (< portable-net45+win8+wpa81)) (&& (>= netstandard1.3) (< portable-net45+win8+wpa81)) (>= netstandard1.6)
      System.Runtime (>= 4.3) - restriction: || (&& (< net45) (>= netstandard1.0) (< netstandard1.3) (< monoandroid) (< win8) (< wp8) (< wpa81)) (&& (< net45) (>= netstandard1.3) (< monotouch) (< xamarintvos) (< xamarinwatchos) (< xamarinios) (< xamarinmac) (< win8) (< wpa81)) (>= dnxcore50)
      System.Threading.Tasks (>= 4.3) - restriction: || (&& (< net45) (>= netstandard1.0) (< netstandard1.3) (< monoandroid) (< win8) (< wp8) (< wpa81)) (&& (< net45) (>= netstandard1.3) (< monotouch) (< xamarintvos) (< xamarinwatchos) (< xamarinios) (< xamarinmac) (< win8) (< wpa81)) (>= dnxcore50)
    System.Threading.Tasks (4.3) - restriction: || (&& (< net45) (>= net46) (< netstandard1.3)) (&& (< net45) (>= net46) (< netstandard1.4)) (&& (< net45) (>= netstandard1.1) (< portable-net451+win81+wpa81)) (&& (< net45) (>= netstandard1.2) (< netstandard1.3) (< monoandroid) (< wpa81)) (&& (< net45) (>= netstandard1.3) (< netstandard1.4) (< monoandroid) (< wpa81)) (&& (< net45) (>= netstandard1.3) (< win8) (< portable-net451+win81+wpa81)) (&& (< net45) (< netstandard1.3) (>= netstandard1.4) (< monoandroid) (< win8) (< wpa81)) (&& (< net45) (>= netstandard1.4) (< netstandard1.5) (< monoandroid) (< wpa81)) (&& (< net45) (>= netstandard1.5) (< monoandroid)) (&& (< net45) (>= netstandard1.5) (< portable-net451+win81+wpa81)) (&& (< net451) (>= net46) (< netstandard1.4)) (&& (>= net46) (>= dnxcore50)) (&& (>= uap10.0) (< uap10.1)) (&& (>= uap10.0) (>= dnxcore50)) (&& (>= uap10.0) (>= netstandard1.5)) (&& (>= uap10.0) (< win8) (< wpa81)) (&& (>= dnxcore50) (>= netstandard1.0)) (&& (>= dnxcore50) (>= netstandard1.1)) (&& (>= dnxcore50) (>= netstandard1.2)) (&& (>= dnxcore50) (>= netstandard1.3)) (&& (>= dnxcore50) (>= netstandard1.4)) (&& (>= dnxcore50) (>= netstandard1.5)) (&& (>= netstandard1.0) (< portable-net45+win8+wpa81)) (&& (>= netstandard1.3) (< portable-net45+win8+wpa81)) (&& (>= netstandard1.5) (< portable-net45+win8+wpa81)) (>= netstandard1.6)
      Microsoft.NETCore.Platforms (>= 1.1) - restriction: || (&& (< net45) (>= netstandard1.0) (< netstandard1.3) (< monoandroid) (< win8) (< wp8) (< wpa81)) (&& (< net45) (>= netstandard1.3) (< monotouch) (< xamarintvos) (< xamarinwatchos) (< xamarinios) (< xamarinmac) (< win8) (< wpa81)) (>= dnxcore50)
      Microsoft.NETCore.Targets (>= 1.1) - restriction: || (&& (< net45) (>= netstandard1.0) (< netstandard1.3) (< monoandroid) (< win8) (< wp8) (< wpa81)) (&& (< net45) (>= netstandard1.3) (< monotouch) (< xamarintvos) (< xamarinwatchos) (< xamarinios) (< xamarinmac) (< win8) (< wpa81)) (>= dnxcore50)
      System.Runtime (>= 4.3) - restriction: || (&& (< net45) (>= netstandard1.0) (< netstandard1.3) (< monoandroid) (< win8) (< wp8) (< wpa81)) (&& (< net45) (>= netstandard1.3) (< monotouch) (< xamarintvos) (< xamarinwatchos) (< xamarinios) (< xamarinmac) (< win8) (< wpa81)) (>= dnxcore50)
    System.Threading.Tasks.Extensions (4.4) - restriction: || (&& (< net45) (>= net46) (< netstandard1.4)) (&& (< net45) (>= netstandard1.3) (< netstandard1.4) (< monoandroid) (< win8) (< wpa81)) (&& (< net45) (>= netstandard1.3) (< win8) (< portable-net451+win81+wpa81)) (&& (< net45) (>= netstandard1.4) (< netstandard1.5) (< monoandroid) (< win8) (< wpa81)) (&& (< net45) (>= netstandard1.5) (< netstandard1.6) (< monoandroid)) (&& (>= net46) (>= dnxcore50)) (&& (>= uap10.0) (>= dnxcore50)) (&& (>= uap10.0) (< win8) (< wpa81)) (&& (>= dnxcore50) (>= netstandard1.0)) (&& (>= dnxcore50) (>= netstandard1.1)) (&& (>= dnxcore50) (>= netstandard1.2)) (&& (>= dnxcore50) (>= netstandard1.3)) (&& (>= dnxcore50) (>= netstandard1.4)) (&& (>= dnxcore50) (>= netstandard1.5)) (&& (>= dnxcore50) (>= netstandard1.6)) (&& (>= netstandard1.3) (< portable-net45+win8+wpa81)) (&& (>= netstandard1.6) (< netstandard2.0) (< monotouch) (< xamarintvos) (< xamarinwatchos) (< xamarinios) (< xamarinmac))
      System.Collections (>= 4.3) - restriction: && (>= netstandard1.0) (< netstandard2.0) (< xamarinmac)
      System.Runtime (>= 4.3) - restriction: && (>= netstandard1.0) (< netstandard2.0) (< xamarinmac)
      System.Threading.Tasks (>= 4.3) - restriction: && (>= netstandard1.0) (< netstandard2.0) (< xamarinmac)
    System.Threading.Tasks.Parallel (4.3) - restriction: >= netstandard1.6
      System.Collections.Concurrent (>= 4.3) - restriction: || (&& (< net45) (>= netstandard1.1) (< netstandard1.3) (< monoandroid) (< win8) (< wpa81)) (&& (< net45) (>= netstandard1.3) (< monotouch) (< xamarintvos) (< xamarinwatchos) (< xamarinios) (< xamarinmac) (< win8) (< wpa81)) (>= dnxcore50)
      System.Diagnostics.Debug (>= 4.3) - restriction: || (&& (< net45) (>= netstandard1.3) (< monotouch) (< xamarintvos) (< xamarinwatchos) (< xamarinios) (< xamarinmac) (< win8) (< wpa81)) (>= dnxcore50)
      System.Diagnostics.Tracing (>= 4.3) - restriction: || (&& (< net45) (>= netstandard1.3) (< monotouch) (< xamarintvos) (< xamarinwatchos) (< xamarinios) (< xamarinmac) (< win8) (< wpa81)) (>= dnxcore50)
      System.Resources.ResourceManager (>= 4.3) - restriction: || (&& (< net45) (>= netstandard1.3) (< monotouch) (< xamarintvos) (< xamarinwatchos) (< xamarinios) (< xamarinmac) (< win8) (< wpa81)) (>= dnxcore50)
      System.Runtime (>= 4.3) - restriction: || (&& (< net45) (>= netstandard1.1) (< netstandard1.3) (< monoandroid) (< win8) (< wpa81)) (&& (< net45) (>= netstandard1.3) (< monotouch) (< xamarintvos) (< xamarinwatchos) (< xamarinios) (< xamarinmac) (< win8) (< wpa81)) (>= dnxcore50)
      System.Runtime.Extensions (>= 4.3) - restriction: || (&& (< net45) (>= netstandard1.3) (< monotouch) (< xamarintvos) (< xamarinwatchos) (< xamarinios) (< xamarinmac) (< win8) (< wpa81)) (>= dnxcore50)
      System.Threading (>= 4.3) - restriction: || (&& (< net45) (>= netstandard1.3) (< monotouch) (< xamarintvos) (< xamarinwatchos) (< xamarinios) (< xamarinmac) (< win8) (< wpa81)) (>= dnxcore50)
      System.Threading.Tasks (>= 4.3) - restriction: || (&& (< net45) (>= netstandard1.1) (< netstandard1.3) (< monoandroid) (< win8) (< wpa81)) (&& (< net45) (>= netstandard1.3) (< monotouch) (< xamarintvos) (< xamarinwatchos) (< xamarinios) (< xamarinmac) (< win8) (< wpa81)) (>= dnxcore50)
    System.Threading.Thread (4.3) - restriction: >= netstandard1.6
      System.Runtime (>= 4.3) - restriction: && (< net46) (>= netstandard1.3) (< monotouch) (< xamarintvos) (< xamarinwatchos) (< xamarinios) (< xamarinmac)
    System.Threading.ThreadPool (4.3) - restriction: >= netstandard1.6
      System.Runtime (>= 4.3) - restriction: && (< net46) (>= netstandard1.3) (< monotouch) (< xamarintvos) (< xamarinwatchos) (< xamarinios) (< xamarinmac)
      System.Runtime.Handles (>= 4.3) - restriction: && (< net46) (>= netstandard1.3) (< monotouch) (< xamarintvos) (< xamarinwatchos) (< xamarinios) (< xamarinmac)
    System.Threading.Timer (4.3) - restriction: || (&& (< net45) (>= netstandard1.2) (< netstandard1.3) (< monoandroid) (< wpa81)) (&& (< net45) (>= netstandard1.3) (< netstandard1.4) (< monoandroid) (< wpa81)) (&& (< net45) (>= netstandard1.4) (< netstandard1.5) (< monoandroid) (< wpa81)) (&& (< net45) (>= netstandard1.5) (< monoandroid)) (&& (>= uap10.0) (< uap10.1)) (>= netstandard1.6)
      Microsoft.NETCore.Platforms (>= 1.1) - restriction: || (&& (< net451) (>= netstandard1.2) (< monotouch) (< xamarintvos) (< xamarinwatchos) (< xamarinios) (< xamarinmac) (< win81) (< wpa81)) (>= dnxcore50)
      Microsoft.NETCore.Targets (>= 1.1) - restriction: || (&& (< net451) (>= netstandard1.2) (< monotouch) (< xamarintvos) (< xamarinwatchos) (< xamarinios) (< xamarinmac) (< win81) (< wpa81)) (>= dnxcore50)
      System.Runtime (>= 4.3) - restriction: || (&& (< net451) (>= netstandard1.2) (< monotouch) (< xamarintvos) (< xamarinwatchos) (< xamarinios) (< xamarinmac) (< win81) (< wpa81)) (>= dnxcore50)
    System.Xml.ReaderWriter (4.3) - restriction: || (&& (< net45) (>= netstandard1.1) (< portable-net451+win81+wpa81)) (&& (< net45) (>= netstandard1.2) (< netstandard1.3) (< monoandroid) (< wpa81)) (&& (< net45) (>= netstandard1.3) (< netstandard1.4) (< monoandroid) (< wpa81)) (&& (< net45) (>= netstandard1.3) (< win8) (< portable-net451+win81+wpa81)) (&& (< net45) (< netstandard1.3) (>= netstandard1.4) (< monoandroid) (< win8) (< wpa81)) (&& (< net45) (< netstandard1.3) (>= netstandard1.5) (< monoandroid)) (&& (< net45) (>= netstandard1.4) (< netstandard1.5) (< monoandroid) (< wpa81)) (&& (< net45) (>= netstandard1.5) (< netstandard1.6) (< monoandroid)) (&& (< net451) (>= net46) (< netstandard1.4)) (&& (>= uap10.0) (< uap10.1)) (&& (>= uap10.0) (>= dnxcore50)) (&& (>= uap10.0) (< win8) (< wpa81)) (&& (>= dnxcore50) (>= netstandard1.0)) (&& (>= dnxcore50) (>= netstandard1.1)) (&& (>= dnxcore50) (>= netstandard1.2)) (&& (>= dnxcore50) (>= netstandard1.3)) (&& (>= dnxcore50) (>= netstandard1.4)) (&& (>= dnxcore50) (>= netstandard1.5)) (&& (>= dnxcore50) (>= netstandard1.6)) (&& (>= netstandard1.0) (< portable-net45+win8+wpa81)) (&& (>= netstandard1.3) (< portable-net45+win8+wpa81)) (&& (< netstandard1.3) (>= netstandard1.6) (< monoandroid)) (&& (>= netstandard1.6) (< netstandard2.0) (< monotouch) (< xamarintvos) (< xamarinwatchos) (< xamarinios) (< xamarinmac))
      System.Collections (>= 4.3) - restriction: || (&& (< net45) (>= netstandard1.3) (< monotouch) (< xamarintvos) (< xamarinwatchos) (< xamarinios) (< xamarinmac) (< win8) (< wpa81)) (>= dnxcore50)
      System.Diagnostics.Debug (>= 4.3) - restriction: || (&& (< net45) (>= netstandard1.3) (< monotouch) (< xamarintvos) (< xamarinwatchos) (< xamarinios) (< xamarinmac) (< win8) (< wpa81)) (>= dnxcore50)
      System.Globalization (>= 4.3) - restriction: || (&& (< net45) (>= netstandard1.3) (< monotouch) (< xamarintvos) (< xamarinwatchos) (< xamarinios) (< xamarinmac) (< win8) (< wpa81)) (>= dnxcore50)
      System.IO (>= 4.3) - restriction: || (&& (< net45) (>= netstandard1.0) (< netstandard1.3) (< monoandroid) (< win8) (< wp8) (< wpa81)) (&& (< net45) (>= netstandard1.3) (< monotouch) (< xamarintvos) (< xamarinwatchos) (< xamarinios) (< xamarinmac) (< win8) (< wpa81)) (>= dnxcore50)
      System.IO.FileSystem (>= 4.3) - restriction: || (&& (< net45) (>= netstandard1.3) (< monotouch) (< xamarintvos) (< xamarinwatchos) (< xamarinios) (< xamarinmac) (< win8) (< wpa81)) (>= dnxcore50)
      System.IO.FileSystem.Primitives (>= 4.3) - restriction: || (&& (< net45) (>= netstandard1.3) (< monotouch) (< xamarintvos) (< xamarinwatchos) (< xamarinios) (< xamarinmac) (< win8) (< wpa81)) (>= dnxcore50)
      System.Resources.ResourceManager (>= 4.3) - restriction: || (&& (< net45) (>= netstandard1.3) (< monotouch) (< xamarintvos) (< xamarinwatchos) (< xamarinios) (< xamarinmac) (< win8) (< wpa81)) (>= dnxcore50)
      System.Runtime (>= 4.3) - restriction: || (&& (< net45) (>= netstandard1.0) (< netstandard1.3) (< monoandroid) (< win8) (< wp8) (< wpa81)) (&& (< net45) (>= netstandard1.3) (< monotouch) (< xamarintvos) (< xamarinwatchos) (< xamarinios) (< xamarinmac) (< win8) (< wpa81)) (>= dnxcore50)
      System.Runtime.Extensions (>= 4.3) - restriction: || (&& (< net45) (>= netstandard1.3) (< monotouch) (< xamarintvos) (< xamarinwatchos) (< xamarinios) (< xamarinmac) (< win8) (< wpa81)) (>= dnxcore50)
      System.Runtime.InteropServices (>= 4.3) - restriction: || (&& (< net45) (>= netstandard1.3) (< monotouch) (< xamarintvos) (< xamarinwatchos) (< xamarinios) (< xamarinmac) (< win8) (< wpa81)) (>= dnxcore50)
      System.Text.Encoding (>= 4.3) - restriction: || (&& (< net45) (>= netstandard1.0) (< netstandard1.3) (< monoandroid) (< win8) (< wp8) (< wpa81)) (&& (< net45) (>= netstandard1.3) (< monotouch) (< xamarintvos) (< xamarinwatchos) (< xamarinios) (< xamarinmac) (< win8) (< wpa81)) (>= dnxcore50)
      System.Text.Encoding.Extensions (>= 4.3) - restriction: || (&& (< net45) (>= netstandard1.3) (< monotouch) (< xamarintvos) (< xamarinwatchos) (< xamarinios) (< xamarinmac) (< win8) (< wpa81)) (>= dnxcore50)
      System.Text.RegularExpressions (>= 4.3) - restriction: || (&& (< net45) (>= netstandard1.3) (< monotouch) (< xamarintvos) (< xamarinwatchos) (< xamarinios) (< xamarinmac) (< win8) (< wpa81)) (>= dnxcore50)
      System.Threading.Tasks (>= 4.3) - restriction: || (&& (< net45) (>= netstandard1.0) (< netstandard1.3) (< monoandroid) (< win8) (< wp8) (< wpa81)) (&& (< net45) (>= netstandard1.3) (< monotouch) (< xamarintvos) (< xamarinwatchos) (< xamarinios) (< xamarinmac) (< win8) (< wpa81)) (>= dnxcore50)
      System.Threading.Tasks.Extensions (>= 4.3) - restriction: || (&& (< net45) (>= netstandard1.3) (< monotouch) (< xamarintvos) (< xamarinwatchos) (< xamarinios) (< xamarinmac) (< win8) (< wpa81)) (>= dnxcore50)
    System.Xml.XDocument (4.3) - restriction: || (&& (< net45) (>= netstandard1.1) (< portable-net451+win81+wpa81)) (&& (< net45) (>= netstandard1.2) (< netstandard1.3) (< monoandroid) (< wpa81)) (&& (< net45) (>= netstandard1.3) (< netstandard1.4) (< monoandroid) (< wpa81)) (&& (< net45) (>= netstandard1.4) (< netstandard1.5) (< monoandroid) (< wpa81)) (&& (< net45) (>= netstandard1.5) (< netstandard1.6) (< monoandroid)) (&& (>= uap10.0) (< uap10.1)) (&& (>= netstandard1.0) (< portable-net45+win8+wpa81)) (&& (>= netstandard1.6) (< netstandard2.0) (< monotouch) (< xamarintvos) (< xamarinwatchos) (< xamarinios) (< xamarinmac))
      System.Collections (>= 4.3) - restriction: || (&& (< net45) (>= netstandard1.3) (< monotouch) (< xamarintvos) (< xamarinwatchos) (< xamarinios) (< xamarinmac) (< win8) (< wpa81)) (>= dnxcore50)
      System.Diagnostics.Debug (>= 4.3) - restriction: || (&& (< net45) (>= netstandard1.3) (< monotouch) (< xamarintvos) (< xamarinwatchos) (< xamarinios) (< xamarinmac) (< win8) (< wpa81)) (>= dnxcore50)
      System.Diagnostics.Tools (>= 4.3) - restriction: || (&& (< net45) (>= netstandard1.3) (< monotouch) (< xamarintvos) (< xamarinwatchos) (< xamarinios) (< xamarinmac) (< win8) (< wpa81)) (>= dnxcore50)
      System.Globalization (>= 4.3) - restriction: || (&& (< net45) (>= netstandard1.3) (< monotouch) (< xamarintvos) (< xamarinwatchos) (< xamarinios) (< xamarinmac) (< win8) (< wpa81)) (>= dnxcore50)
      System.IO (>= 4.3) - restriction: || (&& (< net45) (>= netstandard1.0) (< netstandard1.3) (< monoandroid) (< win8) (< wp8) (< wpa81)) (&& (< net45) (>= netstandard1.3) (< monotouch) (< xamarintvos) (< xamarinwatchos) (< xamarinios) (< xamarinmac) (< win8) (< wpa81)) (>= dnxcore50)
      System.Reflection (>= 4.3) - restriction: || (&& (< net45) (>= netstandard1.3) (< monotouch) (< xamarintvos) (< xamarinwatchos) (< xamarinios) (< xamarinmac) (< win8) (< wpa81)) (>= dnxcore50)
      System.Resources.ResourceManager (>= 4.3) - restriction: || (&& (< net45) (>= netstandard1.3) (< monotouch) (< xamarintvos) (< xamarinwatchos) (< xamarinios) (< xamarinmac) (< win8) (< wpa81)) (>= dnxcore50)
      System.Runtime (>= 4.3) - restriction: || (&& (< net45) (>= netstandard1.0) (< netstandard1.3) (< monoandroid) (< win8) (< wp8) (< wpa81)) (&& (< net45) (>= netstandard1.3) (< monotouch) (< xamarintvos) (< xamarinwatchos) (< xamarinios) (< xamarinmac) (< win8) (< wpa81)) (>= dnxcore50)
      System.Runtime.Extensions (>= 4.3) - restriction: || (&& (< net45) (>= netstandard1.3) (< monotouch) (< xamarintvos) (< xamarinwatchos) (< xamarinios) (< xamarinmac) (< win8) (< wpa81)) (>= dnxcore50)
      System.Text.Encoding (>= 4.3) - restriction: || (&& (< net45) (>= netstandard1.3) (< monotouch) (< xamarintvos) (< xamarinwatchos) (< xamarinios) (< xamarinmac) (< win8) (< wpa81)) (>= dnxcore50)
      System.Threading (>= 4.3) - restriction: || (&& (< net45) (>= netstandard1.3) (< monotouch) (< xamarintvos) (< xamarinwatchos) (< xamarinios) (< xamarinmac) (< win8) (< wpa81)) (>= dnxcore50)
      System.Xml.ReaderWriter (>= 4.3) - restriction: || (&& (< net45) (>= netstandard1.0) (< netstandard1.3) (< monoandroid) (< win8) (< wp8) (< wpa81)) (&& (< net45) (>= netstandard1.3) (< monotouch) (< xamarintvos) (< xamarinwatchos) (< xamarinios) (< xamarinmac) (< win8) (< wpa81)) (>= dnxcore50)

GROUP NetcoreBuild
STORAGE: NONE
NUGET
  remote: https://api.nuget.org/v3/index.json
    Chessie (0.6)
      FSharp.Core  - restriction: < netstandard1.6
      FSharp.Core (>= 4.0.1.7-alpha) - restriction: >= netstandard1.6
      NETStandard.Library (>= 1.6) - restriction: >= netstandard1.6
    Fake.Api.GitHub (5.0.0-beta010)
      FSharp.Core (>= 4.1.18) - restriction: || (>= net46) (>= netstandard1.6)
      NETStandard.Library (>= 1.6.1) - restriction: && (< net46) (>= netstandard1.6) (< netstandard2.0)
      NETStandard.Library (>= 2.0.1) - restriction: >= net46
      Octokit (>= 0.27) - restriction: || (>= net46) (>= netstandard1.6)
    Fake.Core.BuildServer (5.0.0-beta010) - restriction: || (>= net46) (>= netstandard1.6)
      Fake.Core.Environment (>= 5.0.0-beta010) - restriction: || (>= net46) (>= netstandard1.6)
      Fake.Core.String (>= 5.0.0-beta010) - restriction: || (>= net46) (>= netstandard1.6)
      FSharp.Core (>= 4.1.18) - restriction: || (>= net46) (>= netstandard1.6)
      NETStandard.Library (>= 1.6.1) - restriction: && (< net46) (>= netstandard1.6) (< netstandard2.0)
      NETStandard.Library (>= 2.0.1) - restriction: >= net46
    Fake.Core.Context (5.0.0-beta010) - restriction: || (>= net46) (>= netstandard1.6)
      FSharp.Core (>= 4.1.18) - restriction: || (>= net46) (>= netstandard1.6)
      NETStandard.Library (>= 1.6.1) - restriction: && (< net46) (>= netstandard1.6) (< netstandard2.0)
      NETStandard.Library (>= 2.0.1) - restriction: >= net46
    Fake.Core.Environment (5.0.0-beta010) - restriction: || (>= net46) (>= netstandard1.6)
      FSharp.Core (>= 4.1.18) - restriction: || (>= net46) (>= netstandard1.6)
      NETStandard.Library (>= 1.6.1) - restriction: && (< net46) (>= netstandard1.6) (< netstandard2.0)
      NETStandard.Library (>= 2.0.1) - restriction: >= net46
    Fake.Core.Globbing (5.0.0-beta010)
      FSharp.Core (>= 4.1.18) - restriction: || (>= net46) (>= netstandard1.6)
      NETStandard.Library (>= 1.6.1) - restriction: && (< net46) (>= netstandard1.6) (< netstandard2.0)
      NETStandard.Library (>= 2.0.1) - restriction: >= net46
    Fake.Core.Process (5.0.0-beta010) - restriction: || (>= net46) (>= netstandard1.6)
      Fake.Core.BuildServer (>= 5.0.0-beta010) - restriction: || (>= net46) (>= netstandard1.6)
      Fake.Core.Context (>= 5.0.0-beta010) - restriction: || (>= net46) (>= netstandard1.6)
      Fake.Core.Environment (>= 5.0.0-beta010) - restriction: || (>= net46) (>= netstandard1.6)
      Fake.Core.String (>= 5.0.0-beta010) - restriction: || (>= net46) (>= netstandard1.6)
      Fake.Core.Tracing (>= 5.0.0-beta010) - restriction: || (>= net46) (>= netstandard1.6)
      Fake.IO.FileSystem (>= 5.0.0-beta010) - restriction: || (>= net46) (>= netstandard1.6)
      FSharp.Core (>= 4.1.18) - restriction: || (>= net46) (>= netstandard1.6)
      NETStandard.Library (>= 1.6.1) - restriction: && (< net46) (>= netstandard1.6) (< netstandard2.0)
      NETStandard.Library (>= 2.0.1) - restriction: >= net46
      System.Diagnostics.Process (>= 4.3) - restriction: || (>= net46) (>= netstandard1.6)
    Fake.Core.ReleaseNotes (5.0.0-beta010)
      Fake.Core.SemVer (>= 5.0.0-beta010) - restriction: || (>= net46) (>= netstandard1.6)
      Fake.Core.String (>= 5.0.0-beta010) - restriction: || (>= net46) (>= netstandard1.6)
      FSharp.Core (>= 4.1.18) - restriction: || (>= net46) (>= netstandard1.6)
      NETStandard.Library (>= 1.6.1) - restriction: && (< net46) (>= netstandard1.6) (< netstandard2.0)
      NETStandard.Library (>= 2.0.1) - restriction: >= net46
    Fake.Core.SemVer (5.0.0-beta010)
      Fake.Core.String (>= 5.0.0-beta010) - restriction: || (>= net46) (>= netstandard1.6)
      FSharp.Core (>= 4.1.18) - restriction: || (>= net46) (>= netstandard1.6)
      NETStandard.Library (>= 1.6.1) - restriction: && (< net46) (>= netstandard1.6) (< netstandard2.0)
      NETStandard.Library (>= 2.0.1) - restriction: >= net46
    Fake.Core.String (5.0.0-beta010) - restriction: || (>= net46) (>= netstandard1.6)
      FSharp.Core (>= 4.1.18) - restriction: || (>= net46) (>= netstandard1.6)
      NETStandard.Library (>= 1.6.1) - restriction: && (< net46) (>= netstandard1.6) (< netstandard2.0)
      NETStandard.Library (>= 2.0.1) - restriction: >= net46
    Fake.Core.Targets (5.0.0-alpha018)
      Fake.Core.BuildServer (>= 5.0.0-alpha018) - restriction: >= netstandard1.6
      Fake.Core.Context (>= 5.0.0-alpha018) - restriction: >= netstandard1.6
      Fake.Core.Environment (>= 5.0.0-alpha018) - restriction: >= netstandard1.6
      Fake.Core.String (>= 5.0.0-alpha018) - restriction: >= netstandard1.6
      Fake.Core.Tracing (>= 5.0.0-alpha018) - restriction: >= netstandard1.6
      FSharp.Core (>= 4.1.18) - restriction: >= netstandard1.6
      NETStandard.Library (>= 1.6.1) - restriction: >= netstandard1.6
    Fake.Core.Tasks (5.0.0-beta010) - restriction: || (>= net46) (>= netstandard1.6)
      Fake.Core.BuildServer (>= 5.0.0-beta010) - restriction: || (>= net46) (>= netstandard1.6)
      Fake.Core.Context (>= 5.0.0-beta010) - restriction: || (>= net46) (>= netstandard1.6)
      Fake.Core.Environment (>= 5.0.0-beta010) - restriction: || (>= net46) (>= netstandard1.6)
      Fake.Core.Process (>= 5.0.0-beta010) - restriction: || (>= net46) (>= netstandard1.6)
      Fake.Core.String (>= 5.0.0-beta010) - restriction: || (>= net46) (>= netstandard1.6)
      Fake.Core.Tracing (>= 5.0.0-beta010) - restriction: || (>= net46) (>= netstandard1.6)
      Fake.IO.FileSystem (>= 5.0.0-beta010) - restriction: || (>= net46) (>= netstandard1.6)
      FSharp.Core (>= 4.1.18) - restriction: || (>= net46) (>= netstandard1.6)
      NETStandard.Library (>= 1.6.1) - restriction: && (< net46) (>= netstandard1.6) (< netstandard2.0)
      NETStandard.Library (>= 2.0.1) - restriction: >= net46
    Fake.Core.Tracing (5.0.0-beta010) - restriction: || (>= net46) (>= netstandard1.6)
      Fake.Core.BuildServer (>= 5.0.0-beta010) - restriction: || (>= net46) (>= netstandard1.6)
      Fake.Core.Environment (>= 5.0.0-beta010) - restriction: || (>= net46) (>= netstandard1.6)
      Fake.Core.String (>= 5.0.0-beta010) - restriction: || (>= net46) (>= netstandard1.6)
      FSharp.Core (>= 4.1.18) - restriction: || (>= net46) (>= netstandard1.6)
      NETStandard.Library (>= 1.6.1) - restriction: && (< net46) (>= netstandard1.6) (< netstandard2.0)
      NETStandard.Library (>= 2.0.1) - restriction: >= net46
    Fake.Core.Xml (5.0.0-beta010) - restriction: || (>= net46) (>= netstandard1.6)
      Fake.Core.BuildServer (>= 5.0.0-beta010) - restriction: || (>= net46) (>= netstandard1.6)
      Fake.Core.Context (>= 5.0.0-beta010) - restriction: || (>= net46) (>= netstandard1.6)
      Fake.Core.Environment (>= 5.0.0-beta010) - restriction: || (>= net46) (>= netstandard1.6)
      Fake.Core.Process (>= 5.0.0-beta010) - restriction: || (>= net46) (>= netstandard1.6)
      Fake.Core.String (>= 5.0.0-beta010) - restriction: || (>= net46) (>= netstandard1.6)
      Fake.Core.Tracing (>= 5.0.0-beta010) - restriction: || (>= net46) (>= netstandard1.6)
      Fake.IO.FileSystem (>= 5.0.0-beta010) - restriction: || (>= net46) (>= netstandard1.6)
      FSharp.Core (>= 4.1.18) - restriction: || (>= net46) (>= netstandard1.6)
      NETStandard.Library (>= 1.6.1) - restriction: && (< net46) (>= netstandard1.6) (< netstandard2.0)
      NETStandard.Library (>= 2.0.1) - restriction: >= net46
      System.Xml.ReaderWriter (>= 4.3) - restriction: || (>= net46) (>= netstandard1.6)
      System.Xml.XDocument (>= 4.3) - restriction: || (&& (< net46) (>= netstandard1.6) (< netstandard2.0)) (&& (< net46) (>= netstandard2.0))
      System.Xml.XPath (>= 4.3) - restriction: || (&& (< net46) (>= netstandard1.6) (< netstandard2.0)) (&& (< net46) (>= netstandard2.0))
      System.Xml.XPath.XDocument (>= 4.3) - restriction: || (&& (< net46) (>= netstandard1.6) (< netstandard2.0)) (&& (< net46) (>= netstandard2.0))
      System.Xml.XPath.XmlDocument (>= 4.3) - restriction: || (&& (< net46) (>= netstandard1.6) (< netstandard2.0)) (&& (< net46) (>= netstandard2.0))
    Fake.DotNet.AssemblyInfoFile (5.0.0-beta010)
      Fake.Core.BuildServer (>= 5.0.0-beta010) - restriction: || (>= net46) (>= netstandard1.6)
      Fake.Core.Environment (>= 5.0.0-beta010) - restriction: || (>= net46) (>= netstandard1.6)
      Fake.Core.String (>= 5.0.0-beta010) - restriction: || (>= net46) (>= netstandard1.6)
      Fake.Core.Tracing (>= 5.0.0-beta010) - restriction: || (>= net46) (>= netstandard1.6)
      Fake.IO.FileSystem (>= 5.0.0-beta010) - restriction: || (>= net46) (>= netstandard1.6)
      FSharp.Core (>= 4.1.18) - restriction: || (>= net46) (>= netstandard1.6)
      NETStandard.Library (>= 1.6.1) - restriction: && (< net46) (>= netstandard1.6) (< netstandard2.0)
      NETStandard.Library (>= 2.0.1) - restriction: >= net46
    Fake.DotNet.Cli (5.0.0-beta010)
      Fake.Core.BuildServer (>= 5.0.0-beta010) - restriction: || (>= net46) (>= netstandard1.6)
      Fake.Core.Context (>= 5.0.0-beta010) - restriction: || (>= net46) (>= netstandard1.6)
      Fake.Core.Environment (>= 5.0.0-beta010) - restriction: || (>= net46) (>= netstandard1.6)
      Fake.Core.Process (>= 5.0.0-beta010) - restriction: || (>= net46) (>= netstandard1.6)
      Fake.Core.String (>= 5.0.0-beta010) - restriction: || (>= net46) (>= netstandard1.6)
      Fake.Core.Tracing (>= 5.0.0-beta010) - restriction: || (>= net46) (>= netstandard1.6)
      Fake.IO.FileSystem (>= 5.0.0-beta010) - restriction: || (>= net46) (>= netstandard1.6)
      FSharp.Core (>= 4.1.18) - restriction: || (>= net46) (>= netstandard1.6)
      NETStandard.Library (>= 1.6.1) - restriction: && (< net46) (>= netstandard1.6) (< netstandard2.0)
      NETStandard.Library (>= 2.0.1) - restriction: >= net46
    Fake.DotNet.FSFormatting (5.0.0-beta010)
      Fake.Core.BuildServer (>= 5.0.0-beta010) - restriction: || (>= net46) (>= netstandard1.6)
      Fake.Core.Context (>= 5.0.0-beta010) - restriction: || (>= net46) (>= netstandard1.6)
      Fake.Core.Environment (>= 5.0.0-beta010) - restriction: || (>= net46) (>= netstandard1.6)
      Fake.Core.Globbing (>= 5.0.0-beta010) - restriction: || (>= net46) (>= netstandard1.6)
      Fake.Core.Process (>= 5.0.0-beta010) - restriction: || (>= net46) (>= netstandard1.6)
      Fake.Core.String (>= 5.0.0-beta010) - restriction: || (>= net46) (>= netstandard1.6)
      Fake.Core.Tracing (>= 5.0.0-beta010) - restriction: || (>= net46) (>= netstandard1.6)
      Fake.IO.FileSystem (>= 5.0.0-beta010) - restriction: || (>= net46) (>= netstandard1.6)
      FSharp.Core (>= 4.1.18) - restriction: || (>= net46) (>= netstandard1.6)
      NETStandard.Library (>= 1.6.1) - restriction: && (< net46) (>= netstandard1.6) (< netstandard2.0)
      NETStandard.Library (>= 2.0.1) - restriction: >= net46
    Fake.DotNet.MsBuild (5.0.0-beta010)
      Fake.Core.BuildServer (>= 5.0.0-beta010) - restriction: || (>= net46) (>= netstandard1.6)
      Fake.Core.Context (>= 5.0.0-beta010) - restriction: || (>= net46) (>= netstandard1.6)
      Fake.Core.Environment (>= 5.0.0-beta010) - restriction: || (>= net46) (>= netstandard1.6)
      Fake.Core.Globbing (>= 5.0.0-beta010) - restriction: || (>= net46) (>= netstandard1.6)
      Fake.Core.Process (>= 5.0.0-beta010) - restriction: || (>= net46) (>= netstandard1.6)
      Fake.Core.String (>= 5.0.0-beta010) - restriction: || (>= net46) (>= netstandard1.6)
      Fake.Core.Tracing (>= 5.0.0-beta010) - restriction: || (>= net46) (>= netstandard1.6)
      Fake.IO.FileSystem (>= 5.0.0-beta010) - restriction: || (>= net46) (>= netstandard1.6)
      FSharp.Core (>= 4.1.18) - restriction: || (>= net46) (>= netstandard1.6)
      NETStandard.Library (>= 1.6.1) - restriction: && (< net46) (>= netstandard1.6) (< netstandard2.0)
      NETStandard.Library (>= 2.0.1) - restriction: >= net46
    Fake.DotNet.NuGet (5.0.0-beta010)
      Fake.Core.BuildServer (>= 5.0.0-beta010) - restriction: || (>= net46) (>= netstandard1.6)
      Fake.Core.Context (>= 5.0.0-beta010) - restriction: || (>= net46) (>= netstandard1.6)
      Fake.Core.Environment (>= 5.0.0-beta010) - restriction: || (>= net46) (>= netstandard1.6)
      Fake.Core.Globbing (>= 5.0.0-beta010) - restriction: || (>= net46) (>= netstandard1.6)
      Fake.Core.Process (>= 5.0.0-beta010) - restriction: || (>= net46) (>= netstandard1.6)
      Fake.Core.SemVer (>= 5.0.0-beta010) - restriction: || (>= net46) (>= netstandard1.6)
      Fake.Core.String (>= 5.0.0-beta010) - restriction: || (>= net46) (>= netstandard1.6)
      Fake.Core.Tasks (>= 5.0.0-beta010) - restriction: || (>= net46) (>= netstandard1.6)
      Fake.Core.Tracing (>= 5.0.0-beta010) - restriction: || (>= net46) (>= netstandard1.6)
      Fake.Core.Xml (>= 5.0.0-beta010) - restriction: || (>= net46) (>= netstandard1.6)
      Fake.IO.FileSystem (>= 5.0.0-beta010) - restriction: || (>= net46) (>= netstandard1.6)
      FSharp.Core (>= 4.1.18) - restriction: || (>= net46) (>= netstandard1.6)
      NETStandard.Library (>= 1.6.1) - restriction: && (< net46) (>= netstandard1.6) (< netstandard2.0)
      NETStandard.Library (>= 2.0.1) - restriction: >= net46
      Newtonsoft.Json (>= 10.0.3) - restriction: || (>= net46) (>= netstandard1.6)
      System.Net.Http (>= 4.3.3) - restriction: || (>= net46) (>= netstandard1.6)
    Fake.DotNet.Paket (5.0.0-beta010)
      Fake.Core.BuildServer (>= 5.0.0-beta010) - restriction: || (>= net46) (>= netstandard1.6)
      Fake.Core.Context (>= 5.0.0-beta010) - restriction: || (>= net46) (>= netstandard1.6)
      Fake.Core.Environment (>= 5.0.0-beta010) - restriction: || (>= net46) (>= netstandard1.6)
      Fake.Core.Globbing (>= 5.0.0-beta010) - restriction: || (>= net46) (>= netstandard1.6)
      Fake.Core.Process (>= 5.0.0-beta010) - restriction: || (>= net46) (>= netstandard1.6)
      Fake.Core.String (>= 5.0.0-beta010) - restriction: || (>= net46) (>= netstandard1.6)
      Fake.Core.Tracing (>= 5.0.0-beta010) - restriction: || (>= net46) (>= netstandard1.6)
      Fake.IO.FileSystem (>= 5.0.0-beta010) - restriction: || (>= net46) (>= netstandard1.6)
      FSharp.Core (>= 4.1.18) - restriction: || (>= net46) (>= netstandard1.6)
      NETStandard.Library (>= 1.6.1) - restriction: && (< net46) (>= netstandard1.6) (< netstandard2.0)
      NETStandard.Library (>= 2.0.1) - restriction: >= net46
    Fake.DotNet.Testing.MSpec (5.0.0-beta010)
      Fake.Core.BuildServer (>= 5.0.0-beta010) - restriction: || (>= net46) (>= netstandard1.6)
      Fake.Core.Context (>= 5.0.0-beta010) - restriction: || (>= net46) (>= netstandard1.6)
      Fake.Core.Environment (>= 5.0.0-beta010) - restriction: || (>= net46) (>= netstandard1.6)
      Fake.Core.Globbing (>= 5.0.0-beta010) - restriction: || (>= net46) (>= netstandard1.6)
      Fake.Core.Process (>= 5.0.0-beta010) - restriction: || (>= net46) (>= netstandard1.6)
      Fake.Core.String (>= 5.0.0-beta010) - restriction: || (>= net46) (>= netstandard1.6)
      Fake.Core.Tracing (>= 5.0.0-beta010) - restriction: || (>= net46) (>= netstandard1.6)
      Fake.IO.FileSystem (>= 5.0.0-beta010) - restriction: || (>= net46) (>= netstandard1.6)
      Fake.Testing.Common (>= 5.0.0-beta010) - restriction: || (>= net46) (>= netstandard1.6)
      FSharp.Core (>= 4.1.18) - restriction: || (>= net46) (>= netstandard1.6)
      NETStandard.Library (>= 1.6.1) - restriction: && (< net46) (>= netstandard1.6) (< netstandard2.0)
      NETStandard.Library (>= 2.0.1) - restriction: >= net46
    Fake.DotNet.Testing.NUnit (5.0.0-beta010)
      Fake.Core.BuildServer (>= 5.0.0-beta010) - restriction: || (>= net46) (>= netstandard1.6)
      Fake.Core.Context (>= 5.0.0-beta010) - restriction: || (>= net46) (>= netstandard1.6)
      Fake.Core.Environment (>= 5.0.0-beta010) - restriction: || (>= net46) (>= netstandard1.6)
      Fake.Core.Globbing (>= 5.0.0-beta010) - restriction: || (>= net46) (>= netstandard1.6)
      Fake.Core.Process (>= 5.0.0-beta010) - restriction: || (>= net46) (>= netstandard1.6)
      Fake.Core.String (>= 5.0.0-beta010) - restriction: || (>= net46) (>= netstandard1.6)
      Fake.Core.Tracing (>= 5.0.0-beta010) - restriction: || (>= net46) (>= netstandard1.6)
      Fake.IO.FileSystem (>= 5.0.0-beta010) - restriction: || (>= net46) (>= netstandard1.6)
      Fake.Testing.Common (>= 5.0.0-beta010) - restriction: || (>= net46) (>= netstandard1.6)
      FSharp.Core (>= 4.1.18) - restriction: || (>= net46) (>= netstandard1.6)
      NETStandard.Library (>= 1.6.1) - restriction: && (< net46) (>= netstandard1.6) (< netstandard2.0)
      NETStandard.Library (>= 2.0.1) - restriction: >= net46
      System.Linq.Parallel (>= 4.3) - restriction: || (>= net46) (>= netstandard1.6)
      System.Xml.XDocument (>= 4.3) - restriction: || (&& (< net46) (>= netstandard1.6) (< netstandard2.0)) (&& (< net46) (>= netstandard2.0))
    Fake.DotNet.Testing.XUnit2 (5.0.0-beta010)
      Fake.Core.BuildServer (>= 5.0.0-beta010) - restriction: || (>= net46) (>= netstandard1.6)
      Fake.Core.Context (>= 5.0.0-beta010) - restriction: || (>= net46) (>= netstandard1.6)
      Fake.Core.Environment (>= 5.0.0-beta010) - restriction: || (>= net46) (>= netstandard1.6)
      Fake.Core.Globbing (>= 5.0.0-beta010) - restriction: || (>= net46) (>= netstandard1.6)
      Fake.Core.Process (>= 5.0.0-beta010) - restriction: || (>= net46) (>= netstandard1.6)
      Fake.Core.String (>= 5.0.0-beta010) - restriction: || (>= net46) (>= netstandard1.6)
      Fake.Core.Tracing (>= 5.0.0-beta010) - restriction: || (>= net46) (>= netstandard1.6)
      Fake.IO.FileSystem (>= 5.0.0-beta010) - restriction: || (>= net46) (>= netstandard1.6)
      Fake.Testing.Common (>= 5.0.0-beta010) - restriction: || (>= net46) (>= netstandard1.6)
      FSharp.Core (>= 4.1.18) - restriction: || (>= net46) (>= netstandard1.6)
      NETStandard.Library (>= 1.6.1) - restriction: && (< net46) (>= netstandard1.6) (< netstandard2.0)
      NETStandard.Library (>= 2.0.1) - restriction: >= net46
    Fake.IO.FileSystem (5.0.0-beta010)
      Fake.Core.Globbing (>= 5.0.0-beta010) - restriction: || (>= net46) (>= netstandard1.6)
      Fake.Core.String (>= 5.0.0-beta010) - restriction: || (>= net46) (>= netstandard1.6)
      FSharp.Core (>= 4.1.18) - restriction: || (>= net46) (>= netstandard1.6)
      NETStandard.Library (>= 1.6.1) - restriction: && (< net46) (>= netstandard1.6) (< netstandard2.0)
      NETStandard.Library (>= 2.0.1) - restriction: >= net46
      System.Diagnostics.FileVersionInfo (>= 4.3) - restriction: || (>= net46) (>= netstandard1.6)
    Fake.IO.Zip (5.0.0-beta010)
      Fake.Core.Globbing (>= 5.0.0-beta010) - restriction: || (>= net46) (>= netstandard1.6)
      Fake.Core.String (>= 5.0.0-beta010) - restriction: || (>= net46) (>= netstandard1.6)
      Fake.IO.FileSystem (>= 5.0.0-beta010) - restriction: || (>= net46) (>= netstandard1.6)
      FSharp.Core (>= 4.1.18) - restriction: || (>= net46) (>= netstandard1.6)
      NETStandard.Library (>= 1.6.1) - restriction: && (< net46) (>= netstandard1.6) (< netstandard2.0)
      NETStandard.Library (>= 2.0.1) - restriction: >= net46
      System.IO.Compression (>= 4.3) - restriction: || (>= net46) (>= netstandard1.6)
      System.IO.Compression.ZipFile (>= 4.3) - restriction: || (>= net46) (>= netstandard1.6)
    Fake.Testing.Common (5.0.0-beta010) - restriction: || (>= net46) (>= netstandard1.6)
      Fake.Core.BuildServer (>= 5.0.0-beta010) - restriction: || (>= net46) (>= netstandard1.6)
      Fake.Core.Context (>= 5.0.0-beta010) - restriction: || (>= net46) (>= netstandard1.6)
      Fake.Core.Environment (>= 5.0.0-beta010) - restriction: || (>= net46) (>= netstandard1.6)
      Fake.Core.Process (>= 5.0.0-beta010) - restriction: || (>= net46) (>= netstandard1.6)
      Fake.Core.String (>= 5.0.0-beta010) - restriction: || (>= net46) (>= netstandard1.6)
      Fake.Core.Tracing (>= 5.0.0-beta010) - restriction: || (>= net46) (>= netstandard1.6)
      Fake.IO.FileSystem (>= 5.0.0-beta010) - restriction: || (>= net46) (>= netstandard1.6)
      FSharp.Core (>= 4.1.18) - restriction: || (>= net46) (>= netstandard1.6)
      NETStandard.Library (>= 1.6.1) - restriction: && (< net46) (>= netstandard1.6) (< netstandard2.0)
      NETStandard.Library (>= 2.0.1) - restriction: >= net46
    Fake.Tools.Git (5.0.0-beta010)
      Fake.Core.BuildServer (>= 5.0.0-beta010) - restriction: || (>= net46) (>= netstandard1.6)
      Fake.Core.Context (>= 5.0.0-beta010) - restriction: || (>= net46) (>= netstandard1.6)
      Fake.Core.Environment (>= 5.0.0-beta010) - restriction: || (>= net46) (>= netstandard1.6)
      Fake.Core.Globbing (>= 5.0.0-beta010) - restriction: || (>= net46) (>= netstandard1.6)
      Fake.Core.Process (>= 5.0.0-beta010) - restriction: || (>= net46) (>= netstandard1.6)
      Fake.Core.SemVer (>= 5.0.0-beta010) - restriction: || (>= net46) (>= netstandard1.6)
      Fake.Core.String (>= 5.0.0-beta010) - restriction: || (>= net46) (>= netstandard1.6)
      Fake.Core.Tracing (>= 5.0.0-beta010) - restriction: || (>= net46) (>= netstandard1.6)
      Fake.IO.FileSystem (>= 5.0.0-beta010) - restriction: || (>= net46) (>= netstandard1.6)
      FSharp.Core (>= 4.1.18) - restriction: || (>= net46) (>= netstandard1.6)
      NETStandard.Library (>= 1.6.1) - restriction: && (< net46) (>= netstandard1.6) (< netstandard2.0)
      NETStandard.Library (>= 2.0.1) - restriction: >= net46
    Fake.Windows.Chocolatey (5.0.0-beta010)
      Fake.Core.BuildServer (>= 5.0.0-beta010) - restriction: || (>= net46) (>= netstandard1.6)
      Fake.Core.Context (>= 5.0.0-beta010) - restriction: || (>= net46) (>= netstandard1.6)
      Fake.Core.Environment (>= 5.0.0-beta010) - restriction: || (>= net46) (>= netstandard1.6)
      Fake.Core.Globbing (>= 5.0.0-beta010) - restriction: || (>= net46) (>= netstandard1.6)
      Fake.Core.Process (>= 5.0.0-beta010) - restriction: || (>= net46) (>= netstandard1.6)
      Fake.Core.String (>= 5.0.0-beta010) - restriction: || (>= net46) (>= netstandard1.6)
      Fake.Core.Tracing (>= 5.0.0-beta010) - restriction: || (>= net46) (>= netstandard1.6)
      Fake.DotNet.NuGet (>= 5.0.0-beta010) - restriction: || (>= net46) (>= netstandard1.6)
      Fake.IO.FileSystem (>= 5.0.0-beta010) - restriction: || (>= net46) (>= netstandard1.6)
      FSharp.Core (>= 4.1.18) - restriction: || (>= net46) (>= netstandard1.6)
      NETStandard.Library (>= 1.6.1) - restriction: && (< net46) (>= netstandard1.6) (< netstandard2.0)
      NETStandard.Library (>= 2.0.1) - restriction: >= net46
    FSharp.Compiler.Tools (4.1.29) - restriction: < netstandard1.6
    FSharp.Core (4.1.18)
      System.Collections (>= 4.0.11) - restriction: && (< net20) (>= netstandard1.6) (< xamarinmac)
      System.Console (>= 4.0) - restriction: && (< net20) (>= netstandard1.6) (< xamarinmac)
      System.Diagnostics.Debug (>= 4.0.11) - restriction: && (< net20) (>= netstandard1.6) (< xamarinmac)
      System.Diagnostics.Tools (>= 4.0.1) - restriction: && (< net20) (>= netstandard1.6) (< xamarinmac)
      System.Globalization (>= 4.0.11) - restriction: && (< net20) (>= netstandard1.6) (< xamarinmac)
      System.IO (>= 4.1) - restriction: && (< net20) (>= netstandard1.6) (< xamarinmac)
      System.Linq (>= 4.1) - restriction: && (< net20) (>= netstandard1.6) (< xamarinmac)
      System.Linq.Expressions (>= 4.1) - restriction: && (< net20) (>= netstandard1.6) (< xamarinmac)
      System.Linq.Queryable (>= 4.0.1) - restriction: && (< net20) (>= netstandard1.6) (< xamarinmac)
      System.Net.Requests (>= 4.0.11) - restriction: && (< net20) (>= netstandard1.6) (< xamarinmac)
      System.Reflection (>= 4.1) - restriction: && (< net20) (>= netstandard1.6) (< xamarinmac)
      System.Reflection.Extensions (>= 4.0.1) - restriction: && (< net20) (>= netstandard1.6) (< xamarinmac)
      System.Resources.ResourceManager (>= 4.0.1) - restriction: && (< net20) (>= netstandard1.6) (< xamarinmac)
      System.Runtime (>= 4.1) - restriction: && (< net20) (>= netstandard1.6) (< xamarinmac)
      System.Runtime.Extensions (>= 4.1) - restriction: && (< net20) (>= netstandard1.6) (< xamarinmac)
      System.Runtime.Numerics (>= 4.0.1) - restriction: && (< net20) (>= netstandard1.6) (< xamarinmac)
      System.Text.RegularExpressions (>= 4.1) - restriction: && (< net20) (>= netstandard1.6) (< xamarinmac)
      System.Threading (>= 4.0.11) - restriction: && (< net20) (>= netstandard1.6) (< xamarinmac)
      System.Threading.Tasks (>= 4.0.11) - restriction: && (< net20) (>= netstandard1.6) (< xamarinmac)
      System.Threading.Tasks.Parallel (>= 4.0.1) - restriction: && (< net20) (>= netstandard1.6) (< xamarinmac)
      System.Threading.Thread (>= 4.0) - restriction: && (< net20) (>= netstandard1.6) (< xamarinmac)
      System.Threading.ThreadPool (>= 4.0.10) - restriction: && (< net20) (>= netstandard1.6) (< xamarinmac)
      System.Threading.Timer (>= 4.0.1) - restriction: && (< net20) (>= netstandard1.6) (< xamarinmac)
    Microsoft.CSharp (4.4) - restriction: || (&& (< net20) (>= net46)) (&& (< net20) (>= netstandard1.0) (< netstandard1.3)) (&& (< net20) (>= netstandard1.3)) (&& (< net20) (>= netstandard1.6))
      NETStandard.Library (>= 1.6.1) - restriction: || (>= dnxcore50) (&& (< monoandroid) (< net45) (>= netstandard1.0) (< netstandard1.3) (< win8) (< wp8) (< wpa81)) (&& (< monotouch) (< net45) (>= netstandard1.3) (< netstandard2.0) (< win8) (< wpa81) (< xamarinios) (< xamarinmac) (< xamarintvos) (< xamarinwatchos))
      System.Dynamic.Runtime (>= 4.3) - restriction: || (>= dnxcore50) (&& (< monoandroid) (< net45) (>= netstandard1.0) (< netstandard1.3) (< win8) (< wp8) (< wpa81)) (&& (< monotouch) (< net45) (>= netstandard1.3) (< netstandard2.0) (< win8) (< wpa81) (< xamarinios) (< xamarinmac) (< xamarintvos) (< xamarinwatchos))
      System.Reflection.TypeExtensions (>= 4.3) - restriction: || (>= dnxcore50) (&& (< monotouch) (< net45) (>= netstandard1.3) (< netstandard2.0) (< win8) (< wpa81) (< xamarinios) (< xamarinmac) (< xamarintvos) (< xamarinwatchos))
    Microsoft.NETCore.Platforms (2.0) - restriction: || (>= dnxcore50) (&& (>= monoandroid) (< netstandard1.0) (>= netstandard1.3)) (&& (>= monoandroid) (< netstandard1.0) (>= netstandard1.6)) (&& (< monoandroid) (< net20) (< netstandard1.0) (>= netstandard1.3)) (&& (< monoandroid) (< net20) (< netstandard1.1) (>= netstandard1.2) (< win8)) (&& (< monoandroid) (< net20) (< netstandard1.1) (>= netstandard1.3) (< win8)) (&& (< monoandroid) (< net20) (< netstandard1.1) (>= netstandard1.4) (< win8)) (&& (< monoandroid) (< net20) (>= netstandard1.2) (< netstandard1.3) (< wpa81)) (&& (< monoandroid) (< net20) (< netstandard1.2) (>= netstandard1.3) (< win8)) (&& (< monoandroid) (< net20) (< netstandard1.2) (>= netstandard1.4) (< win8)) (&& (< monoandroid) (< net20) (>= netstandard1.3) (< netstandard1.4) (< wpa81)) (&& (< monoandroid) (< net20) (< netstandard1.3) (>= netstandard1.4) (< wpa81)) (&& (< monoandroid) (< net20) (>= netstandard1.4) (< netstandard1.5) (< wpa81)) (&& (< monoandroid) (< net35) (< netstandard1.2) (>= netstandard1.4) (< win8)) (&& (< monoandroid) (< net35) (< netstandard1.3) (>= netstandard1.4) (< win8) (< wpa81)) (&& (< monoandroid) (< net35) (>= netstandard1.4) (< netstandard1.5) (< win8) (< wpa81)) (&& (< monoandroid) (< net45) (< netstandard1.2) (>= netstandard1.3) (< win8)) (&& (< monoandroid) (< net45) (>= netstandard1.3) (< netstandard1.5) (< win8) (< wpa81)) (&& (< monoandroid) (< net45) (>= netstandard1.5) (< netstandard1.6)) (&& (< monoandroid) (< netstandard1.0) (>= netstandard1.6)) (&& (< monoandroid) (< netstandard1.1) (>= netstandard1.6)) (>= monotouch) (&& (< net20) (>= net45) (< portable-net451+win81+wpa81)) (&& (< net20) (>= net451) (< netstandard1.3)) (&& (< net20) (>= netstandard1.0) (< portable-net45+win8+wpa81)) (&& (< net20) (>= netstandard1.1) (< portable-net45+win8+wpa81)) (&& (< net20) (>= netstandard1.1) (< portable-net451+win81+wpa81)) (&& (< net20) (>= netstandard1.2) (< portable-net45+win8+wpa81)) (&& (< net20) (>= netstandard1.2) (< portable-net451+win81+wpa81) (< win8)) (&& (< net20) (>= netstandard1.3) (< portable-net45+win8+wpa81)) (&& (< net20) (>= netstandard1.3) (< portable-net451+win81+wpa81)) (&& (< net20) (>= netstandard1.5)) (&& (< net20) (>= netstandard1.6)) (&& (< net20) (>= netstandard2.0)) (&& (< net35) (>= net463)) (&& (< net35) (>= netstandard1.3)) (&& (< net35) (>= netstandard1.5)) (&& (< net35) (>= netstandard1.6)) (&& (>= net45) (>= netstandard1.6) (< portable-net451+win81+wpa81)) (&& (< net45) (>= net46)) (&& (< net45) (>= netstandard1.6)) (&& (< net45) (>= netstandard2.0)) (&& (>= net451) (< netstandard1.3) (>= netstandard1.6)) (&& (>= net46) (< netstandard1.0)) (&& (>= net46) (< netstandard1.1)) (&& (>= net46) (< netstandard1.3)) (&& (>= net46) (< netstandard1.4)) (&& (>= net46) (< portable-net45+win8+wpa81)) (&& (>= net46) (< portable-net451+win81+wpa81)) (&& (< net46) (>= netstandard1.6)) (>= net461) (>= netcoreapp1.1) (&& (< netstandard1.0) (>= netstandard1.6) (< portable-net451+win81+wpa81)) (&& (< netstandard1.1) (>= netstandard1.6) (< portable-net451+win81+wpa81)) (&& (< netstandard1.3) (>= wpa81)) (&& (>= netstandard1.6) (< portable-net45+win8+wpa81)) (>= uap10.0) (>= xamarinios) (>= xamarinmac) (>= xamarintvos) (>= xamarinwatchos)
    Microsoft.NETCore.Targets (2.0) - restriction: || (>= dnxcore50) (&& (< monoandroid) (< monotouch) (< net20) (>= netstandard1.5) (< xamarinios) (< xamarinmac) (< xamarintvos) (< xamarinwatchos)) (&& (< monoandroid) (< net20) (< netstandard1.0) (>= netstandard1.3) (< win8)) (&& (< monoandroid) (< net20) (< netstandard1.1) (>= netstandard1.2) (< win8)) (&& (< monoandroid) (< net20) (< netstandard1.1) (>= netstandard1.3) (< win8)) (&& (< monoandroid) (< net20) (< netstandard1.1) (>= netstandard1.4) (< win8)) (&& (< monoandroid) (< net20) (< netstandard1.1) (>= netstandard1.5)) (&& (< monoandroid) (< net20) (>= netstandard1.2) (< netstandard1.3) (< win8) (< wpa81)) (&& (< monoandroid) (< net20) (>= netstandard1.2) (< netstandard1.3) (< win81) (< wpa81)) (&& (< monoandroid) (< net20) (< netstandard1.2) (>= netstandard1.3) (< win8)) (&& (< monoandroid) (< net20) (< netstandard1.2) (>= netstandard1.4) (< win8)) (&& (< monoandroid) (< net20) (< netstandard1.2) (>= netstandard1.5)) (&& (< monoandroid) (< net20) (< netstandard1.2) (>= netstandard1.6)) (&& (< monoandroid) (< net20) (>= netstandard1.3) (< netstandard1.4) (< wpa81)) (&& (< monoandroid) (< net20) (< netstandard1.3) (>= netstandard1.4) (< wpa81)) (&& (< monoandroid) (< net20) (< netstandard1.3) (>= netstandard1.5)) (&& (< monoandroid) (< net20) (>= netstandard1.4) (< netstandard1.5) (< wpa81)) (&& (< monoandroid) (< net20) (< netstandard1.4) (>= netstandard1.5)) (&& (< monoandroid) (< net20) (>= netstandard1.5) (< netstandard1.6)) (&& (< monoandroid) (< net20) (< netstandard1.5) (>= netstandard1.6)) (&& (< monoandroid) (< net35) (< netstandard1.2) (>= netstandard1.3) (< win8)) (&& (< monoandroid) (< net35) (< netstandard1.2) (>= netstandard1.4) (< win8)) (&& (< monoandroid) (< net35) (< netstandard1.2) (>= netstandard1.5)) (&& (< monoandroid) (< net35) (< netstandard1.2) (>= netstandard1.6)) (&& (< monoandroid) (< net35) (>= netstandard1.3) (< netstandard1.4) (< win8) (< wpa81)) (&& (< monoandroid) (< net35) (>= netstandard1.3) (< netstandard1.5) (< win8) (< wpa81)) (&& (< monoandroid) (< net35) (< netstandard1.3) (>= netstandard1.4) (< win8) (< wpa81)) (&& (< monoandroid) (< net35) (< netstandard1.3) (>= netstandard1.5)) (&& (< monoandroid) (< net35) (< netstandard1.3) (>= netstandard1.6)) (&& (< monoandroid) (< net35) (>= netstandard1.4) (< netstandard1.5) (< win8) (< wpa81)) (&& (< monoandroid) (< net35) (< netstandard1.4) (>= netstandard1.5)) (&& (< monoandroid) (< net35) (>= netstandard1.5) (< netstandard1.6)) (&& (< monoandroid) (< net35) (< netstandard1.5) (>= netstandard1.6)) (&& (< monoandroid) (< net45) (< netstandard1.2) (>= netstandard1.3) (< win8)) (&& (< monoandroid) (< net45) (< netstandard1.2) (>= netstandard1.6)) (&& (< monoandroid) (< net45) (>= netstandard1.3) (< netstandard1.5) (< win8) (< wpa81)) (&& (< monoandroid) (< net45) (< netstandard1.3) (>= netstandard1.6)) (&& (< monoandroid) (< net45) (< netstandard1.4) (>= netstandard1.6)) (&& (< monoandroid) (< net45) (>= netstandard1.5) (< netstandard1.6)) (&& (< monoandroid) (< net45) (< netstandard1.5) (>= netstandard1.6)) (&& (< monoandroid) (< net46) (< netstandard1.4) (>= netstandard1.6)) (&& (< monoandroid) (< netstandard1.0) (>= netstandard1.6)) (&& (< monoandroid) (< netstandard1.1) (>= netstandard1.6)) (&& (< monotouch) (< net20) (>= netstandard1.6) (< xamarinios) (< xamarinmac) (< xamarintvos) (< xamarinwatchos)) (&& (< monotouch) (< net35) (>= netstandard1.3) (< xamarinios) (< xamarinmac) (< xamarintvos) (< xamarinwatchos)) (&& (< monotouch) (< net35) (>= netstandard1.5) (< xamarinios) (< xamarinmac) (< xamarintvos) (< xamarinwatchos)) (&& (< monotouch) (< net35) (>= netstandard1.6) (< xamarinios) (< xamarinmac) (< xamarintvos) (< xamarinwatchos)) (&& (< monotouch) (< net45) (>= netstandard1.6) (< xamarinios) (< xamarinmac) (< xamarintvos) (< xamarinwatchos)) (&& (< monotouch) (< net46) (>= netstandard1.6) (< xamarinios) (< xamarinmac) (< xamarintvos) (< xamarinwatchos)) (&& (< net20) (>= net45) (< portable-net451+win81+wpa81)) (&& (< net20) (>= net451) (< netstandard1.3)) (&& (< net20) (>= net46) (< netstandard1.3)) (&& (< net20) (>= netstandard1.0) (< portable-net45+win8+wpa81) (< wp8)) (&& (< net20) (>= netstandard1.1) (< portable-net45+win8+wpa81)) (&& (< net20) (>= netstandard1.1) (< portable-net451+win81+wpa81) (< win8)) (&& (< net20) (>= netstandard1.2) (< portable-net45+win8+wpa81)) (&& (< net20) (>= netstandard1.2) (< portable-net451+win81+wpa81) (< win8)) (&& (< net20) (>= netstandard1.3) (< portable-net45+win8+wpa81)) (&& (< net20) (>= netstandard1.3) (< portable-net451+win81+wpa81) (< win8)) (&& (< net20) (< netstandard1.3) (>= netstandard1.6)) (&& (< net20) (>= netstandard1.5) (< portable-net45+win8+wpa81)) (&& (< net20) (>= netstandard1.5) (< portable-net451+win81+wpa81)) (&& (< net35) (>= net463)) (&& (< net45) (>= net451) (< netstandard1.3) (>= netstandard1.6)) (&& (< net45) (>= net46)) (&& (< net45) (>= net463) (>= netstandard1.6)) (&& (< net45) (>= netstandard1.6) (< portable-net451+win81+wpa81)) (&& (< net45) (>= netstandard2.0)) (&& (>= net46) (< netstandard1.0)) (&& (>= net46) (< netstandard1.1)) (&& (>= net46) (< portable-net45+win8+wpa81)) (&& (>= net46) (>= uap10.0)) (>= netcoreapp1.1) (&& (< netstandard1.0) (>= netstandard1.6) (< portable-net451+win81+wpa81)) (&& (< netstandard1.1) (>= netstandard1.6) (< portable-net451+win81+wpa81)) (&& (< netstandard1.1) (>= uap10.0) (< win8)) (&& (< netstandard1.2) (>= uap10.0) (< win8)) (&& (< netstandard1.3) (>= netstandard1.6) (>= wpa81)) (&& (< netstandard1.3) (>= uap10.0)) (&& (>= netstandard1.5) (>= uap10.0)) (&& (>= netstandard1.6) (< portable-net45+win8+wpa81)) (&& (>= netstandard1.6) (>= uap10.0)) (&& (>= uap10.0) (< uap10.1)) (&& (>= uap10.0) (< win8) (< wpa81)) (&& (>= uap10.0) (< win81) (< wpa81))
    Microsoft.Win32.Primitives (4.3) - restriction: || (&& (< monoandroid) (< net20) (>= netstandard1.3) (< netstandard1.4) (< wpa81)) (&& (< monoandroid) (< net20) (< netstandard1.3) (>= netstandard1.4) (< wpa81)) (&& (< monoandroid) (< net20) (< netstandard1.3) (>= netstandard1.5)) (&& (< monoandroid) (< net20) (>= netstandard1.4) (< netstandard1.5) (< wpa81)) (&& (< monoandroid) (< net20) (>= netstandard1.5) (< netstandard1.6)) (&& (< monoandroid) (< net45) (< netstandard1.4) (>= netstandard1.6)) (&& (< monoandroid) (< net45) (< netstandard1.5) (>= netstandard1.6)) (&& (< monotouch) (< net20) (>= netstandard1.6) (< netstandard2.0) (< xamarinios) (< xamarinmac) (< xamarintvos) (< xamarinwatchos)) (&& (< monotouch) (< net45) (>= netstandard1.6) (< netstandard2.0) (< xamarinios) (< xamarinmac) (< xamarintvos) (< xamarinwatchos)) (&& (< monotouch) (< net46) (>= netstandard1.6) (< xamarinios) (< xamarinmac) (< xamarintvos) (< xamarinwatchos)) (&& (< net20) (>= net46) (< netstandard1.3)) (&& (< net20) (< netstandard1.3) (>= netstandard1.6)) (&& (< net45) (>= net46) (>= netstandard1.4) (< netstandard1.5)) (&& (< net45) (>= net46) (>= netstandard1.5) (< netstandard1.6)) (&& (< net45) (>= net46) (>= netstandard1.6) (< netstandard2.0)) (&& (>= net46) (< netstandard1.4)) (&& (>= net46) (>= uap10.0)) (&& (< netstandard1.3) (>= uap10.0)) (&& (>= netstandard1.6) (>= uap10.0)) (&& (>= uap10.0) (< uap10.1))
      Microsoft.NETCore.Platforms (>= 1.1) - restriction: && (< monotouch) (< net46) (>= netstandard1.3) (< xamarinios) (< xamarinmac) (< xamarintvos) (< xamarinwatchos)
      Microsoft.NETCore.Targets (>= 1.1) - restriction: && (< monotouch) (< net46) (>= netstandard1.3) (< xamarinios) (< xamarinmac) (< xamarintvos) (< xamarinwatchos)
      System.Runtime (>= 4.3) - restriction: && (< monotouch) (< net46) (>= netstandard1.3) (< xamarinios) (< xamarinmac) (< xamarintvos) (< xamarinwatchos)
    Microsoft.Win32.Registry (4.4) - restriction: && (< monotouch) (< net46) (>= netstandard1.6) (< xamarinios) (< xamarinmac) (< xamarintvos) (< xamarinwatchos)
      Microsoft.NETCore.Platforms (>= 2.0) - restriction: >= netcoreapp2.0
      NETStandard.Library (>= 1.6.1) - restriction: && (< monotouch) (< net46) (>= netstandard1.3) (< netstandard2.0) (< xamarinios) (< xamarinmac) (< xamarintvos) (< xamarinwatchos)
      System.Security.AccessControl (>= 4.4) - restriction: || (&& (>= monoandroid) (< netstandard1.3)) (>= monotouch) (&& (< net46) (>= netstandard2.0)) (>= net461) (>= netcoreapp2.0) (>= xamarinios) (>= xamarinmac) (>= xamarintvos) (>= xamarinwatchos)
      System.Security.Principal.Windows (>= 4.4) - restriction: || (&& (>= monoandroid) (< netstandard1.3)) (>= monotouch) (&& (< net46) (>= netstandard2.0)) (>= net461) (>= netcoreapp2.0) (>= xamarinios) (>= xamarinmac) (>= xamarintvos) (>= xamarinwatchos)
    Mono.Cecil (0.10.0-beta7)
      System.Collections (>= 4.0.11) - restriction: && (< net35) (>= netstandard1.3)
      System.IO.FileSystem (>= 4.0.1) - restriction: && (< net35) (>= netstandard1.3)
      System.IO.FileSystem.Primitives (>= 4.0.1) - restriction: && (< net35) (>= netstandard1.3)
      System.Reflection (>= 4.1) - restriction: && (< net35) (>= netstandard1.3)
      System.Runtime.Extensions (>= 4.1) - restriction: && (< net35) (>= netstandard1.3)
      System.Security.Cryptography.Algorithms (>= 4.2) - restriction: && (< net35) (>= netstandard1.3)
      System.Security.Cryptography.Csp (>= 4.0) - restriction: && (< net35) (>= netstandard1.3)
      System.Threading (>= 4.0.11) - restriction: && (< net35) (>= netstandard1.3)
    NETStandard.Library (2.0.1) - restriction: || (&& (>= dnxcore50) (>= netstandard1.0)) (&& (>= dnxcore50) (>= netstandard1.3)) (&& (< net20) (>= netstandard1.0) (< netstandard1.3)) (&& (< net20) (>= netstandard1.3)) (>= net46) (>= netstandard1.6)
      Microsoft.NETCore.Platforms (>= 1.1) - restriction: || (&& (>= monoandroid) (< netstandard1.0)) (&& (< monoandroid) (< net45) (>= netstandard1.2) (< netstandard1.3) (< wpa81)) (&& (< monoandroid) (< net45) (>= netstandard1.3) (< netstandard1.4) (< wpa81)) (&& (< monoandroid) (< net45) (>= netstandard1.4) (< netstandard1.5) (< wpa81)) (&& (< monoandroid) (< net45) (>= netstandard1.5) (< netstandard1.6)) (&& (< monoandroid) (< netstandard1.0) (>= portable-net451+win81+wpa81)) (>= monotouch) (&& (>= net45) (< portable-net451+win81+wpa81)) (&& (< net45) (>= netstandard1.1) (< portable-net451+win81+wpa81)) (&& (< net45) (>= netstandard1.6) (< netstandard2.0)) (&& (< net45) (>= netstandard2.0)) (&& (>= net451) (< netstandard1.3)) (&& (>= net46) (< netstandard1.4)) (>= net461) (>= netcoreapp2.0) (&& (>= netstandard1.0) (< portable-net45+win8+wpa81)) (&& (< netstandard1.0) (>= portable-net45+win8+wp8+wpa81) (< portable-net45+win8+wpa81)) (&& (< netstandard1.0) (>= portable-net45+win8+wpa81) (< portable-net451+win81+wpa81)) (&& (< netstandard1.3) (>= wpa81)) (>= uap10.0) (>= xamarinios) (>= xamarinmac) (>= xamarintvos) (>= xamarinwatchos)
      Microsoft.Win32.Primitives (>= 4.3) - restriction: || (&& (< monoandroid) (< net45) (>= netstandard1.3) (< netstandard1.4) (< wpa81)) (&& (< monoandroid) (< net45) (>= netstandard1.4) (< netstandard1.5) (< wpa81)) (&& (< monoandroid) (< net45) (>= netstandard1.5) (< netstandard1.6)) (&& (< monotouch) (< net45) (>= netstandard1.6) (< netstandard2.0) (< xamarinios) (< xamarinmac) (< xamarintvos) (< xamarinwatchos)) (&& (>= net46) (< netstandard1.4)) (&& (>= uap10.0) (< uap10.1))
      System.AppContext (>= 4.3) - restriction: || (&& (< monoandroid) (< net45) (>= netstandard1.3) (< netstandard1.4) (< wpa81)) (&& (< monoandroid) (< net45) (>= netstandard1.4) (< netstandard1.5) (< wpa81)) (&& (< monoandroid) (< net45) (>= netstandard1.5) (< netstandard1.6)) (&& (< monotouch) (< net45) (>= netstandard1.6) (< netstandard2.0) (< xamarinios) (< xamarinmac) (< xamarintvos) (< xamarinwatchos)) (&& (>= net46) (< netstandard1.4)) (&& (>= uap10.0) (< uap10.1))
      System.Collections (>= 4.3) - restriction: || (&& (< monoandroid) (< net45) (>= netstandard1.2) (< netstandard1.3) (< wpa81)) (&& (< monoandroid) (< net45) (>= netstandard1.3) (< netstandard1.4) (< wpa81)) (&& (< monoandroid) (< net45) (>= netstandard1.4) (< netstandard1.5) (< wpa81)) (&& (< monoandroid) (< net45) (>= netstandard1.5) (< netstandard1.6)) (&& (< monotouch) (< net45) (>= netstandard1.6) (< netstandard2.0) (< xamarinios) (< xamarinmac) (< xamarintvos) (< xamarinwatchos)) (&& (< net45) (>= netstandard1.1) (< portable-net451+win81+wpa81)) (&& (>= netstandard1.0) (< portable-net45+win8+wpa81)) (&& (>= uap10.0) (< uap10.1))
      System.Collections.Concurrent (>= 4.3) - restriction: || (&& (< monoandroid) (< net45) (>= netstandard1.2) (< netstandard1.3) (< wpa81)) (&& (< monoandroid) (< net45) (>= netstandard1.3) (< netstandard1.4) (< wpa81)) (&& (< monoandroid) (< net45) (>= netstandard1.4) (< netstandard1.5) (< wpa81)) (&& (< monoandroid) (< net45) (>= netstandard1.5) (< netstandard1.6)) (&& (< monotouch) (< net45) (>= netstandard1.6) (< netstandard2.0) (< xamarinios) (< xamarinmac) (< xamarintvos) (< xamarinwatchos)) (&& (< net45) (>= netstandard1.1) (< portable-net451+win81+wpa81)) (&& (>= uap10.0) (< uap10.1))
      System.Console (>= 4.3) - restriction: || (&& (< monoandroid) (< net45) (>= netstandard1.3) (< netstandard1.4) (< wpa81)) (&& (< monoandroid) (< net45) (>= netstandard1.4) (< netstandard1.5) (< wpa81)) (&& (< monoandroid) (< net45) (>= netstandard1.5) (< netstandard1.6)) (&& (< monotouch) (< net45) (>= netstandard1.6) (< netstandard2.0) (< xamarinios) (< xamarinmac) (< xamarintvos) (< xamarinwatchos)) (&& (>= net46) (< netstandard1.4)) (&& (>= uap10.0) (< uap10.1))
      System.Diagnostics.Debug (>= 4.3) - restriction: || (&& (< monoandroid) (< net45) (>= netstandard1.2) (< netstandard1.3) (< wpa81)) (&& (< monoandroid) (< net45) (>= netstandard1.3) (< netstandard1.4) (< wpa81)) (&& (< monoandroid) (< net45) (>= netstandard1.4) (< netstandard1.5) (< wpa81)) (&& (< monoandroid) (< net45) (>= netstandard1.5) (< netstandard1.6)) (&& (< monotouch) (< net45) (>= netstandard1.6) (< netstandard2.0) (< xamarinios) (< xamarinmac) (< xamarintvos) (< xamarinwatchos)) (&& (< net45) (>= netstandard1.1) (< portable-net451+win81+wpa81)) (&& (>= netstandard1.0) (< portable-net45+win8+wpa81)) (&& (>= uap10.0) (< uap10.1))
      System.Diagnostics.Tools (>= 4.3) - restriction: || (&& (< monoandroid) (< net45) (>= netstandard1.2) (< netstandard1.3) (< wpa81)) (&& (< monoandroid) (< net45) (>= netstandard1.3) (< netstandard1.4) (< wpa81)) (&& (< monoandroid) (< net45) (>= netstandard1.4) (< netstandard1.5) (< wpa81)) (&& (< monoandroid) (< net45) (>= netstandard1.5) (< netstandard1.6)) (&& (< monotouch) (< net45) (>= netstandard1.6) (< netstandard2.0) (< xamarinios) (< xamarinmac) (< xamarintvos) (< xamarinwatchos)) (&& (< net45) (>= netstandard1.1) (< portable-net451+win81+wpa81)) (&& (>= netstandard1.0) (< portable-net45+win8+wpa81)) (&& (>= uap10.0) (< uap10.1))
      System.Diagnostics.Tracing (>= 4.3) - restriction: || (&& (< monoandroid) (< net45) (>= netstandard1.2) (< netstandard1.3) (< wpa81)) (&& (< monoandroid) (< net45) (>= netstandard1.3) (< netstandard1.4) (< wpa81)) (&& (< monoandroid) (< net45) (>= netstandard1.4) (< netstandard1.5) (< wpa81)) (&& (< monoandroid) (< net45) (>= netstandard1.5) (< netstandard1.6)) (&& (< monotouch) (< net45) (>= netstandard1.6) (< netstandard2.0) (< xamarinios) (< xamarinmac) (< xamarintvos) (< xamarinwatchos)) (&& (< net45) (>= netstandard1.1) (< portable-net451+win81+wpa81)) (&& (>= uap10.0) (< uap10.1))
      System.Globalization (>= 4.3) - restriction: || (&& (< monoandroid) (< net45) (>= netstandard1.2) (< netstandard1.3) (< wpa81)) (&& (< monoandroid) (< net45) (>= netstandard1.3) (< netstandard1.4) (< wpa81)) (&& (< monoandroid) (< net45) (>= netstandard1.4) (< netstandard1.5) (< wpa81)) (&& (< monoandroid) (< net45) (>= netstandard1.5) (< netstandard1.6)) (&& (< monotouch) (< net45) (>= netstandard1.6) (< netstandard2.0) (< xamarinios) (< xamarinmac) (< xamarintvos) (< xamarinwatchos)) (&& (< net45) (>= netstandard1.1) (< portable-net451+win81+wpa81)) (&& (>= netstandard1.0) (< portable-net45+win8+wpa81)) (&& (>= uap10.0) (< uap10.1))
      System.Globalization.Calendars (>= 4.3) - restriction: || (&& (< monoandroid) (< net45) (>= netstandard1.3) (< netstandard1.4) (< wpa81)) (&& (< monoandroid) (< net45) (>= netstandard1.4) (< netstandard1.5) (< wpa81)) (&& (< monoandroid) (< net45) (>= netstandard1.5) (< netstandard1.6)) (&& (< monotouch) (< net45) (>= netstandard1.6) (< netstandard2.0) (< xamarinios) (< xamarinmac) (< xamarintvos) (< xamarinwatchos)) (&& (>= net46) (< netstandard1.4)) (&& (>= uap10.0) (< uap10.1))
      System.IO (>= 4.3) - restriction: || (&& (< monoandroid) (< net45) (>= netstandard1.2) (< netstandard1.3) (< wpa81)) (&& (< monoandroid) (< net45) (>= netstandard1.3) (< netstandard1.4) (< wpa81)) (&& (< monoandroid) (< net45) (>= netstandard1.4) (< netstandard1.5) (< wpa81)) (&& (< monoandroid) (< net45) (>= netstandard1.5) (< netstandard1.6)) (&& (< monotouch) (< net45) (>= netstandard1.6) (< netstandard2.0) (< xamarinios) (< xamarinmac) (< xamarintvos) (< xamarinwatchos)) (&& (< net45) (>= netstandard1.1) (< portable-net451+win81+wpa81)) (&& (>= netstandard1.0) (< portable-net45+win8+wpa81)) (&& (>= uap10.0) (< uap10.1))
      System.IO.Compression (>= 4.3) - restriction: || (&& (< monoandroid) (< net45) (>= netstandard1.2) (< netstandard1.3) (< wpa81)) (&& (< monoandroid) (< net45) (>= netstandard1.3) (< netstandard1.4) (< wpa81)) (&& (< monoandroid) (< net45) (>= netstandard1.4) (< netstandard1.5) (< wpa81)) (&& (< monoandroid) (< net45) (>= netstandard1.5) (< netstandard1.6)) (&& (< monotouch) (< net45) (>= netstandard1.6) (< netstandard2.0) (< xamarinios) (< xamarinmac) (< xamarintvos) (< xamarinwatchos)) (&& (< net45) (>= netstandard1.1) (< portable-net451+win81+wpa81)) (&& (>= net46) (< netstandard1.4)) (&& (>= uap10.0) (< uap10.1))
      System.IO.Compression.ZipFile (>= 4.3) - restriction: || (&& (< monoandroid) (< net45) (>= netstandard1.3) (< netstandard1.4) (< wpa81)) (&& (< monoandroid) (< net45) (>= netstandard1.4) (< netstandard1.5) (< wpa81)) (&& (< monoandroid) (< net45) (>= netstandard1.5) (< netstandard1.6)) (&& (< monotouch) (< net45) (>= netstandard1.6) (< netstandard2.0) (< xamarinios) (< xamarinmac) (< xamarintvos) (< xamarinwatchos)) (&& (>= net46) (< netstandard1.4)) (&& (>= uap10.0) (< uap10.1))
      System.IO.FileSystem (>= 4.3) - restriction: || (&& (< monoandroid) (< net45) (>= netstandard1.3) (< netstandard1.4) (< wpa81)) (&& (< monoandroid) (< net45) (>= netstandard1.4) (< netstandard1.5) (< wpa81)) (&& (< monoandroid) (< net45) (>= netstandard1.5) (< netstandard1.6)) (&& (< monotouch) (< net45) (>= netstandard1.6) (< netstandard2.0) (< xamarinios) (< xamarinmac) (< xamarintvos) (< xamarinwatchos)) (&& (>= net46) (< netstandard1.4)) (&& (>= uap10.0) (< uap10.1))
      System.IO.FileSystem.Primitives (>= 4.3) - restriction: || (&& (< monoandroid) (< net45) (>= netstandard1.3) (< netstandard1.4) (< wpa81)) (&& (< monoandroid) (< net45) (>= netstandard1.4) (< netstandard1.5) (< wpa81)) (&& (< monoandroid) (< net45) (>= netstandard1.5) (< netstandard1.6)) (&& (< monotouch) (< net45) (>= netstandard1.6) (< netstandard2.0) (< xamarinios) (< xamarinmac) (< xamarintvos) (< xamarinwatchos)) (&& (>= net46) (< netstandard1.4)) (&& (>= uap10.0) (< uap10.1))
      System.Linq (>= 4.3) - restriction: || (&& (< monoandroid) (< net45) (>= netstandard1.2) (< netstandard1.3) (< wpa81)) (&& (< monoandroid) (< net45) (>= netstandard1.3) (< netstandard1.4) (< wpa81)) (&& (< monoandroid) (< net45) (>= netstandard1.4) (< netstandard1.5) (< wpa81)) (&& (< monoandroid) (< net45) (>= netstandard1.5) (< netstandard1.6)) (&& (< monotouch) (< net45) (>= netstandard1.6) (< netstandard2.0) (< xamarinios) (< xamarinmac) (< xamarintvos) (< xamarinwatchos)) (&& (< net45) (>= netstandard1.1) (< portable-net451+win81+wpa81)) (&& (>= netstandard1.0) (< portable-net45+win8+wpa81)) (&& (>= uap10.0) (< uap10.1))
      System.Linq.Expressions (>= 4.3) - restriction: || (&& (< monoandroid) (< net45) (>= netstandard1.2) (< netstandard1.3) (< wpa81)) (&& (< monoandroid) (< net45) (>= netstandard1.3) (< netstandard1.4) (< wpa81)) (&& (< monoandroid) (< net45) (>= netstandard1.4) (< netstandard1.5) (< wpa81)) (&& (< monoandroid) (< net45) (>= netstandard1.5) (< netstandard1.6)) (&& (< monotouch) (< net45) (>= netstandard1.6) (< netstandard2.0) (< xamarinios) (< xamarinmac) (< xamarintvos) (< xamarinwatchos)) (&& (< net45) (>= netstandard1.1) (< portable-net451+win81+wpa81)) (&& (>= netstandard1.0) (< portable-net45+win8+wpa81)) (&& (>= uap10.0) (< uap10.1))
      System.Net.Http (>= 4.3.2) - restriction: || (&& (< monoandroid) (< net45) (>= netstandard1.2) (< netstandard1.3) (< wpa81)) (&& (< monoandroid) (< net45) (>= netstandard1.3) (< netstandard1.4) (< wpa81)) (&& (< monoandroid) (< net45) (>= netstandard1.4) (< netstandard1.5) (< wpa81)) (&& (< monoandroid) (< net45) (>= netstandard1.5) (< netstandard1.6)) (&& (< monotouch) (< net45) (>= netstandard1.6) (< netstandard2.0) (< xamarinios) (< xamarinmac) (< xamarintvos) (< xamarinwatchos)) (&& (< net45) (>= netstandard1.1) (< portable-net451+win81+wpa81)) (&& (>= net46) (< netstandard1.4)) (&& (>= uap10.0) (< uap10.1))
      System.Net.Primitives (>= 4.3) - restriction: || (&& (< monoandroid) (< net45) (>= netstandard1.2) (< netstandard1.3) (< wpa81)) (&& (< monoandroid) (< net45) (>= netstandard1.3) (< netstandard1.4) (< wpa81)) (&& (< monoandroid) (< net45) (>= netstandard1.4) (< netstandard1.5) (< wpa81)) (&& (< monoandroid) (< net45) (>= netstandard1.5) (< netstandard1.6)) (&& (< monotouch) (< net45) (>= netstandard1.6) (< netstandard2.0) (< xamarinios) (< xamarinmac) (< xamarintvos) (< xamarinwatchos)) (&& (< net45) (>= netstandard1.1) (< portable-net451+win81+wpa81)) (&& (>= netstandard1.0) (< portable-net45+win8+wpa81)) (&& (>= uap10.0) (< uap10.1))
      System.Net.Sockets (>= 4.3) - restriction: || (&& (< monoandroid) (< net45) (>= netstandard1.3) (< netstandard1.4) (< wpa81)) (&& (< monoandroid) (< net45) (>= netstandard1.4) (< netstandard1.5) (< wpa81)) (&& (< monoandroid) (< net45) (>= netstandard1.5) (< netstandard1.6)) (&& (< monotouch) (< net45) (>= netstandard1.6) (< netstandard2.0) (< xamarinios) (< xamarinmac) (< xamarintvos) (< xamarinwatchos)) (&& (>= net46) (< netstandard1.4)) (&& (>= uap10.0) (< uap10.1))
      System.ObjectModel (>= 4.3) - restriction: || (&& (< monoandroid) (< net45) (>= netstandard1.2) (< netstandard1.3) (< wpa81)) (&& (< monoandroid) (< net45) (>= netstandard1.3) (< netstandard1.4) (< wpa81)) (&& (< monoandroid) (< net45) (>= netstandard1.4) (< netstandard1.5) (< wpa81)) (&& (< monoandroid) (< net45) (>= netstandard1.5) (< netstandard1.6)) (&& (< monotouch) (< net45) (>= netstandard1.6) (< netstandard2.0) (< xamarinios) (< xamarinmac) (< xamarintvos) (< xamarinwatchos)) (&& (< net45) (>= netstandard1.1) (< portable-net451+win81+wpa81)) (&& (>= netstandard1.0) (< portable-net45+win8+wpa81)) (&& (>= uap10.0) (< uap10.1))
      System.Reflection (>= 4.3) - restriction: || (&& (< monoandroid) (< net45) (>= netstandard1.2) (< netstandard1.3) (< wpa81)) (&& (< monoandroid) (< net45) (>= netstandard1.3) (< netstandard1.4) (< wpa81)) (&& (< monoandroid) (< net45) (>= netstandard1.4) (< netstandard1.5) (< wpa81)) (&& (< monoandroid) (< net45) (>= netstandard1.5) (< netstandard1.6)) (&& (< monotouch) (< net45) (>= netstandard1.6) (< netstandard2.0) (< xamarinios) (< xamarinmac) (< xamarintvos) (< xamarinwatchos)) (&& (< net45) (>= netstandard1.1) (< portable-net451+win81+wpa81)) (&& (>= netstandard1.0) (< portable-net45+win8+wpa81)) (&& (>= uap10.0) (< uap10.1))
      System.Reflection.Extensions (>= 4.3) - restriction: || (&& (< monoandroid) (< net45) (>= netstandard1.2) (< netstandard1.3) (< wpa81)) (&& (< monoandroid) (< net45) (>= netstandard1.3) (< netstandard1.4) (< wpa81)) (&& (< monoandroid) (< net45) (>= netstandard1.4) (< netstandard1.5) (< wpa81)) (&& (< monoandroid) (< net45) (>= netstandard1.5) (< netstandard1.6)) (&& (< monotouch) (< net45) (>= netstandard1.6) (< netstandard2.0) (< xamarinios) (< xamarinmac) (< xamarintvos) (< xamarinwatchos)) (&& (< net45) (>= netstandard1.1) (< portable-net451+win81+wpa81)) (&& (>= netstandard1.0) (< portable-net45+win8+wpa81)) (&& (>= uap10.0) (< uap10.1))
      System.Reflection.Primitives (>= 4.3) - restriction: || (&& (< monoandroid) (< net45) (>= netstandard1.2) (< netstandard1.3) (< wpa81)) (&& (< monoandroid) (< net45) (>= netstandard1.3) (< netstandard1.4) (< wpa81)) (&& (< monoandroid) (< net45) (>= netstandard1.4) (< netstandard1.5) (< wpa81)) (&& (< monoandroid) (< net45) (>= netstandard1.5) (< netstandard1.6)) (&& (< monotouch) (< net45) (>= netstandard1.6) (< netstandard2.0) (< xamarinios) (< xamarinmac) (< xamarintvos) (< xamarinwatchos)) (&& (< net45) (>= netstandard1.1) (< portable-net451+win81+wpa81)) (&& (>= netstandard1.0) (< portable-net45+win8+wpa81)) (&& (>= uap10.0) (< uap10.1))
      System.Resources.ResourceManager (>= 4.3) - restriction: || (&& (< monoandroid) (< net45) (>= netstandard1.2) (< netstandard1.3) (< wpa81)) (&& (< monoandroid) (< net45) (>= netstandard1.3) (< netstandard1.4) (< wpa81)) (&& (< monoandroid) (< net45) (>= netstandard1.4) (< netstandard1.5) (< wpa81)) (&& (< monoandroid) (< net45) (>= netstandard1.5) (< netstandard1.6)) (&& (< monotouch) (< net45) (>= netstandard1.6) (< netstandard2.0) (< xamarinios) (< xamarinmac) (< xamarintvos) (< xamarinwatchos)) (&& (< net45) (>= netstandard1.1) (< portable-net451+win81+wpa81)) (&& (>= netstandard1.0) (< portable-net45+win8+wpa81)) (&& (>= uap10.0) (< uap10.1))
      System.Runtime (>= 4.3) - restriction: || (&& (< monoandroid) (< net45) (>= netstandard1.2) (< netstandard1.3) (< wpa81)) (&& (< monoandroid) (< net45) (>= netstandard1.3) (< netstandard1.4) (< wpa81)) (&& (< monoandroid) (< net45) (>= netstandard1.4) (< netstandard1.5) (< wpa81)) (&& (< monoandroid) (< net45) (>= netstandard1.5) (< netstandard1.6)) (&& (< monotouch) (< net45) (>= netstandard1.6) (< netstandard2.0) (< xamarinios) (< xamarinmac) (< xamarintvos) (< xamarinwatchos)) (&& (< net45) (>= netstandard1.1) (< portable-net451+win81+wpa81)) (&& (>= netstandard1.0) (< portable-net45+win8+wpa81)) (&& (>= uap10.0) (< uap10.1))
      System.Runtime.Extensions (>= 4.3) - restriction: || (&& (< monoandroid) (< net45) (>= netstandard1.2) (< netstandard1.3) (< wpa81)) (&& (< monoandroid) (< net45) (>= netstandard1.3) (< netstandard1.4) (< wpa81)) (&& (< monoandroid) (< net45) (>= netstandard1.4) (< netstandard1.5) (< wpa81)) (&& (< monoandroid) (< net45) (>= netstandard1.5) (< netstandard1.6)) (&& (< monotouch) (< net45) (>= netstandard1.6) (< netstandard2.0) (< xamarinios) (< xamarinmac) (< xamarintvos) (< xamarinwatchos)) (&& (< net45) (>= netstandard1.1) (< portable-net451+win81+wpa81)) (&& (>= netstandard1.0) (< portable-net45+win8+wpa81)) (&& (>= uap10.0) (< uap10.1))
      System.Runtime.Handles (>= 4.3) - restriction: || (&& (< monoandroid) (< net45) (>= netstandard1.3) (< netstandard1.4) (< wpa81)) (&& (< monoandroid) (< net45) (>= netstandard1.4) (< netstandard1.5) (< wpa81)) (&& (< monoandroid) (< net45) (>= netstandard1.5) (< netstandard1.6)) (&& (< monotouch) (< net45) (>= netstandard1.6) (< netstandard2.0) (< xamarinios) (< xamarinmac) (< xamarintvos) (< xamarinwatchos)) (&& (>= uap10.0) (< uap10.1))
      System.Runtime.InteropServices (>= 4.3) - restriction: || (&& (< monoandroid) (< net45) (>= netstandard1.2) (< netstandard1.3) (< wpa81)) (&& (< monoandroid) (< net45) (>= netstandard1.3) (< netstandard1.4) (< wpa81)) (&& (< monoandroid) (< net45) (>= netstandard1.4) (< netstandard1.5) (< wpa81)) (&& (< monoandroid) (< net45) (>= netstandard1.5) (< netstandard1.6)) (&& (< monotouch) (< net45) (>= netstandard1.6) (< netstandard2.0) (< xamarinios) (< xamarinmac) (< xamarintvos) (< xamarinwatchos)) (&& (< net45) (>= netstandard1.1) (< portable-net451+win81+wpa81)) (&& (>= uap10.0) (< uap10.1))
      System.Runtime.InteropServices.RuntimeInformation (>= 4.3) - restriction: || (&& (< monoandroid) (< net45) (>= netstandard1.2) (< netstandard1.3) (< wpa81)) (&& (< monoandroid) (< net45) (>= netstandard1.3) (< netstandard1.4) (< wpa81)) (&& (< monoandroid) (< net45) (>= netstandard1.4) (< netstandard1.5) (< wpa81)) (&& (< monoandroid) (< net45) (>= netstandard1.5) (< netstandard1.6)) (&& (< monoandroid) (< netstandard1.0) (>= portable-net451+win81+wpa81)) (&& (< monotouch) (< net45) (>= netstandard1.6) (< netstandard2.0) (< xamarinios) (< xamarinmac) (< xamarintvos) (< xamarinwatchos)) (&& (>= net45) (< portable-net451+win81+wpa81)) (&& (< net45) (>= netstandard1.1) (< portable-net451+win81+wpa81)) (&& (>= net451) (< netstandard1.3)) (&& (>= net46) (< netstandard1.4)) (&& (< netstandard1.0) (>= portable-net45+win8+wpa81) (< portable-net451+win81+wpa81)) (&& (< netstandard1.3) (>= wpa81)) (&& (>= uap10.0) (< uap10.1))
      System.Runtime.Numerics (>= 4.3) - restriction: || (&& (< monoandroid) (< net45) (>= netstandard1.2) (< netstandard1.3) (< wpa81)) (&& (< monoandroid) (< net45) (>= netstandard1.3) (< netstandard1.4) (< wpa81)) (&& (< monoandroid) (< net45) (>= netstandard1.4) (< netstandard1.5) (< wpa81)) (&& (< monoandroid) (< net45) (>= netstandard1.5) (< netstandard1.6)) (&& (< monotouch) (< net45) (>= netstandard1.6) (< netstandard2.0) (< xamarinios) (< xamarinmac) (< xamarintvos) (< xamarinwatchos)) (&& (< net45) (>= netstandard1.1) (< portable-net451+win81+wpa81)) (&& (>= uap10.0) (< uap10.1))
      System.Security.Cryptography.Algorithms (>= 4.3) - restriction: || (&& (< monoandroid) (< net45) (>= netstandard1.3) (< netstandard1.4) (< wpa81)) (&& (< monoandroid) (< net45) (>= netstandard1.4) (< netstandard1.5) (< wpa81)) (&& (< monoandroid) (< net45) (>= netstandard1.5) (< netstandard1.6)) (&& (< monotouch) (< net45) (>= netstandard1.6) (< netstandard2.0) (< xamarinios) (< xamarinmac) (< xamarintvos) (< xamarinwatchos)) (&& (>= net46) (< netstandard1.4)) (&& (>= uap10.0) (< uap10.1))
      System.Security.Cryptography.Encoding (>= 4.3) - restriction: || (&& (< monoandroid) (< net45) (>= netstandard1.3) (< netstandard1.4) (< wpa81)) (&& (< monoandroid) (< net45) (>= netstandard1.4) (< netstandard1.5) (< wpa81)) (&& (< monoandroid) (< net45) (>= netstandard1.5) (< netstandard1.6)) (&& (< monotouch) (< net45) (>= netstandard1.6) (< netstandard2.0) (< xamarinios) (< xamarinmac) (< xamarintvos) (< xamarinwatchos)) (&& (>= net46) (< netstandard1.4)) (&& (>= uap10.0) (< uap10.1))
      System.Security.Cryptography.Primitives (>= 4.3) - restriction: || (&& (< monoandroid) (< net45) (>= netstandard1.3) (< netstandard1.4) (< wpa81)) (&& (< monoandroid) (< net45) (>= netstandard1.4) (< netstandard1.5) (< wpa81)) (&& (< monoandroid) (< net45) (>= netstandard1.5) (< netstandard1.6)) (&& (< monotouch) (< net45) (>= netstandard1.6) (< netstandard2.0) (< xamarinios) (< xamarinmac) (< xamarintvos) (< xamarinwatchos)) (&& (>= net46) (< netstandard1.4)) (&& (>= uap10.0) (< uap10.1))
      System.Security.Cryptography.X509Certificates (>= 4.3) - restriction: || (&& (< monoandroid) (< net45) (>= netstandard1.3) (< netstandard1.4) (< wpa81)) (&& (< monoandroid) (< net45) (>= netstandard1.4) (< netstandard1.5) (< wpa81)) (&& (< monoandroid) (< net45) (>= netstandard1.5) (< netstandard1.6)) (&& (< monotouch) (< net45) (>= netstandard1.6) (< netstandard2.0) (< xamarinios) (< xamarinmac) (< xamarintvos) (< xamarinwatchos)) (&& (>= net46) (< netstandard1.4)) (&& (>= uap10.0) (< uap10.1))
      System.Text.Encoding (>= 4.3) - restriction: || (&& (< monoandroid) (< net45) (>= netstandard1.2) (< netstandard1.3) (< wpa81)) (&& (< monoandroid) (< net45) (>= netstandard1.3) (< netstandard1.4) (< wpa81)) (&& (< monoandroid) (< net45) (>= netstandard1.4) (< netstandard1.5) (< wpa81)) (&& (< monoandroid) (< net45) (>= netstandard1.5) (< netstandard1.6)) (&& (< monotouch) (< net45) (>= netstandard1.6) (< netstandard2.0) (< xamarinios) (< xamarinmac) (< xamarintvos) (< xamarinwatchos)) (&& (< net45) (>= netstandard1.1) (< portable-net451+win81+wpa81)) (&& (>= netstandard1.0) (< portable-net45+win8+wpa81)) (&& (>= uap10.0) (< uap10.1))
      System.Text.Encoding.Extensions (>= 4.3) - restriction: || (&& (< monoandroid) (< net45) (>= netstandard1.2) (< netstandard1.3) (< wpa81)) (&& (< monoandroid) (< net45) (>= netstandard1.3) (< netstandard1.4) (< wpa81)) (&& (< monoandroid) (< net45) (>= netstandard1.4) (< netstandard1.5) (< wpa81)) (&& (< monoandroid) (< net45) (>= netstandard1.5) (< netstandard1.6)) (&& (< monotouch) (< net45) (>= netstandard1.6) (< netstandard2.0) (< xamarinios) (< xamarinmac) (< xamarintvos) (< xamarinwatchos)) (&& (< net45) (>= netstandard1.1) (< portable-net451+win81+wpa81)) (&& (>= netstandard1.0) (< portable-net45+win8+wpa81)) (&& (>= uap10.0) (< uap10.1))
      System.Text.RegularExpressions (>= 4.3) - restriction: || (&& (< monoandroid) (< net45) (>= netstandard1.2) (< netstandard1.3) (< wpa81)) (&& (< monoandroid) (< net45) (>= netstandard1.3) (< netstandard1.4) (< wpa81)) (&& (< monoandroid) (< net45) (>= netstandard1.4) (< netstandard1.5) (< wpa81)) (&& (< monoandroid) (< net45) (>= netstandard1.5) (< netstandard1.6)) (&& (< monotouch) (< net45) (>= netstandard1.6) (< netstandard2.0) (< xamarinios) (< xamarinmac) (< xamarintvos) (< xamarinwatchos)) (&& (< net45) (>= netstandard1.1) (< portable-net451+win81+wpa81)) (&& (>= netstandard1.0) (< portable-net45+win8+wpa81)) (&& (>= uap10.0) (< uap10.1))
      System.Threading (>= 4.3) - restriction: || (&& (< monoandroid) (< net45) (>= netstandard1.2) (< netstandard1.3) (< wpa81)) (&& (< monoandroid) (< net45) (>= netstandard1.3) (< netstandard1.4) (< wpa81)) (&& (< monoandroid) (< net45) (>= netstandard1.4) (< netstandard1.5) (< wpa81)) (&& (< monoandroid) (< net45) (>= netstandard1.5) (< netstandard1.6)) (&& (< monotouch) (< net45) (>= netstandard1.6) (< netstandard2.0) (< xamarinios) (< xamarinmac) (< xamarintvos) (< xamarinwatchos)) (&& (< net45) (>= netstandard1.1) (< portable-net451+win81+wpa81)) (&& (>= netstandard1.0) (< portable-net45+win8+wpa81)) (&& (>= uap10.0) (< uap10.1))
      System.Threading.Tasks (>= 4.3) - restriction: || (&& (< monoandroid) (< net45) (>= netstandard1.2) (< netstandard1.3) (< wpa81)) (&& (< monoandroid) (< net45) (>= netstandard1.3) (< netstandard1.4) (< wpa81)) (&& (< monoandroid) (< net45) (>= netstandard1.4) (< netstandard1.5) (< wpa81)) (&& (< monoandroid) (< net45) (>= netstandard1.5) (< netstandard1.6)) (&& (< monotouch) (< net45) (>= netstandard1.6) (< netstandard2.0) (< xamarinios) (< xamarinmac) (< xamarintvos) (< xamarinwatchos)) (&& (< net45) (>= netstandard1.1) (< portable-net451+win81+wpa81)) (&& (>= netstandard1.0) (< portable-net45+win8+wpa81)) (&& (>= uap10.0) (< uap10.1))
      System.Threading.Timer (>= 4.3) - restriction: || (&& (< monoandroid) (< net45) (>= netstandard1.2) (< netstandard1.3) (< wpa81)) (&& (< monoandroid) (< net45) (>= netstandard1.3) (< netstandard1.4) (< wpa81)) (&& (< monoandroid) (< net45) (>= netstandard1.4) (< netstandard1.5) (< wpa81)) (&& (< monoandroid) (< net45) (>= netstandard1.5) (< netstandard1.6)) (&& (< monotouch) (< net45) (>= netstandard1.6) (< netstandard2.0) (< xamarinios) (< xamarinmac) (< xamarintvos) (< xamarinwatchos)) (&& (>= uap10.0) (< uap10.1))
      System.Xml.ReaderWriter (>= 4.3) - restriction: || (&& (< monoandroid) (< net45) (>= netstandard1.2) (< netstandard1.3) (< wpa81)) (&& (< monoandroid) (< net45) (>= netstandard1.3) (< netstandard1.4) (< wpa81)) (&& (< monoandroid) (< net45) (>= netstandard1.4) (< netstandard1.5) (< wpa81)) (&& (< monoandroid) (< net45) (>= netstandard1.5) (< netstandard1.6)) (&& (< monotouch) (< net45) (>= netstandard1.6) (< netstandard2.0) (< xamarinios) (< xamarinmac) (< xamarintvos) (< xamarinwatchos)) (&& (< net45) (>= netstandard1.1) (< portable-net451+win81+wpa81)) (&& (>= net46) (< netstandard1.4)) (&& (>= netstandard1.0) (< portable-net45+win8+wpa81)) (&& (>= uap10.0) (< uap10.1))
      System.Xml.XDocument (>= 4.3) - restriction: || (&& (< monoandroid) (< net45) (>= netstandard1.2) (< netstandard1.3) (< wpa81)) (&& (< monoandroid) (< net45) (>= netstandard1.3) (< netstandard1.4) (< wpa81)) (&& (< monoandroid) (< net45) (>= netstandard1.4) (< netstandard1.5) (< wpa81)) (&& (< monoandroid) (< net45) (>= netstandard1.5) (< netstandard1.6)) (&& (< monotouch) (< net45) (>= netstandard1.6) (< netstandard2.0) (< xamarinios) (< xamarinmac) (< xamarintvos) (< xamarinwatchos)) (&& (< net45) (>= netstandard1.1) (< portable-net451+win81+wpa81)) (&& (>= netstandard1.0) (< portable-net45+win8+wpa81)) (&& (>= uap10.0) (< uap10.1))
    Newtonsoft.Json (10.0.3)
      Microsoft.CSharp (>= 4.3) - restriction: || (&& (< net20) (>= netstandard1.0) (< netstandard1.3)) (&& (< net20) (>= netstandard1.3))
      NETStandard.Library (>= 1.6.1) - restriction: || (&& (< net20) (>= netstandard1.0) (< netstandard1.3)) (&& (< net20) (>= netstandard1.3))
      System.ComponentModel.TypeConverter (>= 4.3) - restriction: || (&& (< net20) (>= netstandard1.0) (< netstandard1.3)) (&& (< net20) (>= netstandard1.3))
      System.Runtime.Serialization.Formatters (>= 4.3) - restriction: && (< net20) (>= netstandard1.3)
      System.Runtime.Serialization.Primitives (>= 4.3) - restriction: || (&& (< net20) (>= netstandard1.0) (< netstandard1.3)) (&& (< net20) (>= netstandard1.3))
      System.Xml.XmlDocument (>= 4.3) - restriction: && (< net20) (>= netstandard1.3)
    Octokit (0.28) - restriction: || (>= net46) (>= netstandard1.6)
      NETStandard.Library (>= 1.6.1) - restriction: && (< net45) (>= netstandard1.1)
    Paket.Core (5.122)
      Chessie (>= 0.6)
      FSharp.Compiler.Tools  - restriction: < netstandard1.6
      FSharp.Core  - restriction: < netstandard1.6
      Mono.Cecil (>= 0.10.0-beta6)
      Newtonsoft.Json  - restriction: < netstandard1.6
      Newtonsoft.Json (>= 10.0.3) - restriction: >= netstandard1.6
      System.Diagnostics.FileVersionInfo (>= 4.3) - restriction: >= netstandard1.6
      System.Diagnostics.Process (>= 4.3) - restriction: >= netstandard1.6
      System.Diagnostics.TraceSource (>= 4.3) - restriction: >= netstandard1.6
      System.Security.Cryptography.Algorithms (>= 4.3) - restriction: >= netstandard1.6
      System.Security.Cryptography.ProtectedData (>= 4.4) - restriction: >= netstandard1.6
      System.Xml.XDocument (>= 4.3) - restriction: >= netstandard1.6
      System.Xml.XPath.XDocument (>= 4.3) - restriction: >= netstandard1.6
      System.Xml.XPath.XmlDocument (>= 4.3) - restriction: >= netstandard1.6
    runtime.debian.8-x64.runtime.native.System.Security.Cryptography.OpenSsl (4.3.2) - restriction: || (&& (>= dnxcore50) (>= netstandard1.6)) (&& (< monoandroid) (< net45) (< netstandard1.4) (>= netstandard1.6)) (&& (< monoandroid) (< net45) (< netstandard1.5) (>= netstandard1.6)) (&& (< monotouch) (< net35) (>= netstandard1.3) (< xamarinios) (< xamarinmac) (< xamarintvos) (< xamarinwatchos)) (&& (< monotouch) (< net45) (>= netstandard1.6) (< xamarinios) (< xamarinmac) (< xamarintvos) (< xamarinwatchos)) (&& (< monotouch) (< net46) (>= netstandard1.6) (< xamarinios) (< xamarinmac) (< xamarintvos) (< xamarinwatchos)) (&& (< net45) (>= net46) (>= netstandard1.4) (< netstandard1.5)) (&& (< net45) (>= net46) (>= netstandard1.6)) (&& (< net45) (>= net46) (< netstandard1.6)) (&& (>= net46) (>= uap10.0)) (&& (< net46) (>= net463) (>= netstandard1.6)) (&& (>= netstandard1.6) (>= uap10.0))
    runtime.fedora.23-x64.runtime.native.System.Security.Cryptography.OpenSsl (4.3.2) - restriction: || (&& (>= dnxcore50) (>= netstandard1.6)) (&& (< monoandroid) (< net45) (< netstandard1.4) (>= netstandard1.6)) (&& (< monoandroid) (< net45) (< netstandard1.5) (>= netstandard1.6)) (&& (< monotouch) (< net35) (>= netstandard1.3) (< xamarinios) (< xamarinmac) (< xamarintvos) (< xamarinwatchos)) (&& (< monotouch) (< net45) (>= netstandard1.6) (< xamarinios) (< xamarinmac) (< xamarintvos) (< xamarinwatchos)) (&& (< monotouch) (< net46) (>= netstandard1.6) (< xamarinios) (< xamarinmac) (< xamarintvos) (< xamarinwatchos)) (&& (< net45) (>= net46) (>= netstandard1.4) (< netstandard1.5)) (&& (< net45) (>= net46) (>= netstandard1.6)) (&& (< net45) (>= net46) (< netstandard1.6)) (&& (>= net46) (>= uap10.0)) (&& (< net46) (>= net463) (>= netstandard1.6)) (&& (>= netstandard1.6) (>= uap10.0))
    runtime.fedora.24-x64.runtime.native.System.Security.Cryptography.OpenSsl (4.3.2) - restriction: || (&& (>= dnxcore50) (>= netstandard1.6)) (&& (< monoandroid) (< net45) (< netstandard1.4) (>= netstandard1.6)) (&& (< monoandroid) (< net45) (< netstandard1.5) (>= netstandard1.6)) (&& (< monotouch) (< net35) (>= netstandard1.3) (< xamarinios) (< xamarinmac) (< xamarintvos) (< xamarinwatchos)) (&& (< monotouch) (< net45) (>= netstandard1.6) (< xamarinios) (< xamarinmac) (< xamarintvos) (< xamarinwatchos)) (&& (< monotouch) (< net46) (>= netstandard1.6) (< xamarinios) (< xamarinmac) (< xamarintvos) (< xamarinwatchos)) (&& (< net45) (>= net46) (>= netstandard1.4) (< netstandard1.5)) (&& (< net45) (>= net46) (>= netstandard1.6)) (&& (< net45) (>= net46) (< netstandard1.6)) (&& (>= net46) (>= uap10.0)) (&& (< net46) (>= net463) (>= netstandard1.6)) (&& (>= netstandard1.6) (>= uap10.0))
    runtime.native.System (4.3) - restriction: || (&& (< monoandroid) (< monotouch) (< net20) (>= netstandard1.5) (< xamarinios) (< xamarinmac) (< xamarintvos) (< xamarinwatchos)) (&& (< monoandroid) (< net20) (< netstandard1.0) (>= netstandard1.3) (< win8)) (&& (< monoandroid) (< net20) (>= netstandard1.2) (< netstandard1.3) (< win8) (< wpa81)) (&& (< monoandroid) (< net20) (>= netstandard1.3) (< netstandard1.4) (< win8) (< wpa81)) (&& (< monoandroid) (< net20) (< netstandard1.3) (>= netstandard1.4) (< win8) (< wpa81)) (&& (< monoandroid) (< net20) (< netstandard1.3) (>= netstandard1.5)) (&& (< monoandroid) (< net20) (>= netstandard1.4) (< netstandard1.5) (< win8) (< wpa81)) (&& (< monoandroid) (< net20) (>= netstandard1.5) (< netstandard1.6)) (&& (< monoandroid) (< net45) (< netstandard1.3) (>= netstandard1.6)) (&& (< monoandroid) (< net45) (< netstandard1.4) (>= netstandard1.6)) (&& (< monoandroid) (< net45) (< netstandard1.5) (>= netstandard1.6)) (&& (< monoandroid) (< netstandard1.0) (>= netstandard1.6)) (&& (< monotouch) (< net20) (>= netstandard1.6) (< netstandard2.0) (< xamarinios) (< xamarinmac) (< xamarintvos) (< xamarinwatchos)) (&& (< monotouch) (< net45) (>= netstandard1.6) (< xamarinios) (< xamarinmac) (< xamarintvos) (< xamarinwatchos)) (&& (< monotouch) (< net46) (>= netstandard1.6) (< xamarinios) (< xamarinmac) (< xamarintvos) (< xamarinwatchos)) (&& (< net20) (>= net45) (< portable-net451+win81+wpa81)) (&& (< net20) (>= net451) (< netstandard1.3)) (&& (< net20) (>= netstandard1.1) (< portable-net451+win81+wpa81) (< win8)) (&& (< net20) (>= netstandard1.3) (< portable-net451+win81+wpa81) (< win8)) (&& (< net20) (< netstandard1.3) (>= netstandard1.6)) (&& (< net45) (>= net451) (< netstandard1.3) (>= netstandard1.6)) (&& (< net45) (>= net46)) (&& (< net45) (>= netstandard1.6) (< portable-net451+win81+wpa81)) (&& (>= net46) (< netstandard1.0)) (&& (>= net46) (>= uap10.0)) (&& (< netstandard1.0) (>= netstandard1.6) (< portable-net451+win81+wpa81)) (&& (< netstandard1.3) (>= netstandard1.6) (>= wpa81)) (&& (>= netstandard1.6) (>= uap10.0)) (&& (>= uap10.0) (< win8) (< wpa81))
      Microsoft.NETCore.Platforms (>= 1.1)
      Microsoft.NETCore.Targets (>= 1.1)
    runtime.native.System.IO.Compression (4.3.1) - restriction: || (&& (>= dnxcore50) (>= net46)) (&& (>= dnxcore50) (>= netstandard1.1)) (&& (>= dnxcore50) (>= netstandard1.2)) (&& (>= dnxcore50) (>= netstandard1.3)) (&& (>= dnxcore50) (>= netstandard1.4)) (&& (>= dnxcore50) (>= netstandard1.5)) (&& (>= dnxcore50) (>= netstandard1.6)) (&& (>= dnxcore50) (>= uap10.0)) (&& (< monoandroid) (< monotouch) (< net20) (>= netstandard1.5) (< xamarinios) (< xamarinmac) (< xamarintvos) (< xamarinwatchos)) (&& (< monoandroid) (< net20) (>= netstandard1.3) (< netstandard1.4) (< win8) (< wpa81)) (&& (< monoandroid) (< net20) (< netstandard1.3) (>= netstandard1.4) (< win8) (< wpa81)) (&& (< monoandroid) (< net20) (>= netstandard1.4) (< netstandard1.5) (< win8) (< wpa81)) (&& (< monotouch) (< net45) (>= netstandard1.6) (< xamarinios) (< xamarinmac) (< xamarintvos) (< xamarinwatchos)) (&& (< net20) (>= netstandard1.3) (< portable-net451+win81+wpa81) (< win8)) (&& (< net45) (>= net46)) (&& (>= uap10.0) (< win8) (< wpa81))
      Microsoft.NETCore.Platforms (>= 1.1)
      Microsoft.NETCore.Targets (>= 1.1.1)
    runtime.native.System.Net.Http (4.3) - restriction: || (&& (< monoandroid) (< net45) (< netstandard1.4) (>= netstandard1.6)) (&& (< monoandroid) (< net45) (< netstandard1.5) (>= netstandard1.6)) (&& (< monotouch) (< net45) (>= netstandard1.6) (< xamarinios) (< xamarinmac) (< xamarintvos) (< xamarinwatchos)) (&& (< net45) (>= net46) (>= netstandard1.6)) (&& (>= netstandard1.6) (>= uap10.0))
      Microsoft.NETCore.Platforms (>= 1.1)
      Microsoft.NETCore.Targets (>= 1.1)
    runtime.native.System.Security.Cryptography.Apple (4.3.1) - restriction: && (< monotouch) (< net46) (>= netstandard1.6) (< xamarinios) (< xamarinmac) (< xamarintvos) (< xamarinwatchos)
      runtime.osx.10.10-x64.runtime.native.System.Security.Cryptography.Apple (>= 4.3.1)
    runtime.native.System.Security.Cryptography.OpenSsl (4.3.2) - restriction: || (&& (>= dnxcore50) (>= netstandard1.6)) (&& (< monoandroid) (< net45) (< netstandard1.4) (>= netstandard1.6)) (&& (< monoandroid) (< net45) (< netstandard1.5) (>= netstandard1.6)) (&& (< monotouch) (< net35) (>= netstandard1.3) (< xamarinios) (< xamarinmac) (< xamarintvos) (< xamarinwatchos)) (&& (< monotouch) (< net45) (>= netstandard1.6) (< xamarinios) (< xamarinmac) (< xamarintvos) (< xamarinwatchos)) (&& (< monotouch) (< net46) (>= netstandard1.6) (< xamarinios) (< xamarinmac) (< xamarintvos) (< xamarinwatchos)) (&& (< net45) (>= net46) (>= netstandard1.4) (< netstandard1.5)) (&& (< net45) (>= net46) (>= netstandard1.6)) (&& (< net45) (>= net46) (< netstandard1.6)) (&& (>= net46) (>= uap10.0)) (&& (< net46) (>= net463) (>= netstandard1.6)) (&& (>= netstandard1.6) (>= uap10.0))
      runtime.debian.8-x64.runtime.native.System.Security.Cryptography.OpenSsl (>= 4.3.2)
      runtime.fedora.23-x64.runtime.native.System.Security.Cryptography.OpenSsl (>= 4.3.2)
      runtime.fedora.24-x64.runtime.native.System.Security.Cryptography.OpenSsl (>= 4.3.2)
      runtime.opensuse.13.2-x64.runtime.native.System.Security.Cryptography.OpenSsl (>= 4.3.2)
      runtime.opensuse.42.1-x64.runtime.native.System.Security.Cryptography.OpenSsl (>= 4.3.2)
      runtime.osx.10.10-x64.runtime.native.System.Security.Cryptography.OpenSsl (>= 4.3.2)
      runtime.rhel.7-x64.runtime.native.System.Security.Cryptography.OpenSsl (>= 4.3.2)
      runtime.ubuntu.14.04-x64.runtime.native.System.Security.Cryptography.OpenSsl (>= 4.3.2)
      runtime.ubuntu.16.04-x64.runtime.native.System.Security.Cryptography.OpenSsl (>= 4.3.2)
      runtime.ubuntu.16.10-x64.runtime.native.System.Security.Cryptography.OpenSsl (>= 4.3.2)
    runtime.opensuse.13.2-x64.runtime.native.System.Security.Cryptography.OpenSsl (4.3.2) - restriction: || (&& (>= dnxcore50) (>= netstandard1.6)) (&& (< monoandroid) (< net45) (< netstandard1.4) (>= netstandard1.6)) (&& (< monoandroid) (< net45) (< netstandard1.5) (>= netstandard1.6)) (&& (< monotouch) (< net35) (>= netstandard1.3) (< xamarinios) (< xamarinmac) (< xamarintvos) (< xamarinwatchos)) (&& (< monotouch) (< net45) (>= netstandard1.6) (< xamarinios) (< xamarinmac) (< xamarintvos) (< xamarinwatchos)) (&& (< monotouch) (< net46) (>= netstandard1.6) (< xamarinios) (< xamarinmac) (< xamarintvos) (< xamarinwatchos)) (&& (< net45) (>= net46) (>= netstandard1.4) (< netstandard1.5)) (&& (< net45) (>= net46) (>= netstandard1.6)) (&& (< net45) (>= net46) (< netstandard1.6)) (&& (>= net46) (>= uap10.0)) (&& (< net46) (>= net463) (>= netstandard1.6)) (&& (>= netstandard1.6) (>= uap10.0))
    runtime.opensuse.42.1-x64.runtime.native.System.Security.Cryptography.OpenSsl (4.3.2) - restriction: || (&& (>= dnxcore50) (>= netstandard1.6)) (&& (< monoandroid) (< net45) (< netstandard1.4) (>= netstandard1.6)) (&& (< monoandroid) (< net45) (< netstandard1.5) (>= netstandard1.6)) (&& (< monotouch) (< net35) (>= netstandard1.3) (< xamarinios) (< xamarinmac) (< xamarintvos) (< xamarinwatchos)) (&& (< monotouch) (< net45) (>= netstandard1.6) (< xamarinios) (< xamarinmac) (< xamarintvos) (< xamarinwatchos)) (&& (< monotouch) (< net46) (>= netstandard1.6) (< xamarinios) (< xamarinmac) (< xamarintvos) (< xamarinwatchos)) (&& (< net45) (>= net46) (>= netstandard1.4) (< netstandard1.5)) (&& (< net45) (>= net46) (>= netstandard1.6)) (&& (< net45) (>= net46) (< netstandard1.6)) (&& (>= net46) (>= uap10.0)) (&& (< net46) (>= net463) (>= netstandard1.6)) (&& (>= netstandard1.6) (>= uap10.0))
    runtime.osx.10.10-x64.runtime.native.System.Security.Cryptography.Apple (4.3.1) - restriction: && (< monotouch) (< net46) (>= netstandard1.6) (< xamarinios) (< xamarinmac) (< xamarintvos) (< xamarinwatchos)
    runtime.osx.10.10-x64.runtime.native.System.Security.Cryptography.OpenSsl (4.3.2) - restriction: || (&& (>= dnxcore50) (>= netstandard1.6)) (&& (< monoandroid) (< net45) (< netstandard1.4) (>= netstandard1.6)) (&& (< monoandroid) (< net45) (< netstandard1.5) (>= netstandard1.6)) (&& (< monotouch) (< net35) (>= netstandard1.3) (< xamarinios) (< xamarinmac) (< xamarintvos) (< xamarinwatchos)) (&& (< monotouch) (< net45) (>= netstandard1.6) (< xamarinios) (< xamarinmac) (< xamarintvos) (< xamarinwatchos)) (&& (< monotouch) (< net46) (>= netstandard1.6) (< xamarinios) (< xamarinmac) (< xamarintvos) (< xamarinwatchos)) (&& (< net45) (>= net46) (>= netstandard1.4) (< netstandard1.5)) (&& (< net45) (>= net46) (>= netstandard1.6)) (&& (< net45) (>= net46) (< netstandard1.6)) (&& (>= net46) (>= uap10.0)) (&& (< net46) (>= net463) (>= netstandard1.6)) (&& (>= netstandard1.6) (>= uap10.0))
    runtime.rhel.7-x64.runtime.native.System.Security.Cryptography.OpenSsl (4.3.2) - restriction: || (&& (>= dnxcore50) (>= netstandard1.6)) (&& (< monoandroid) (< net45) (< netstandard1.4) (>= netstandard1.6)) (&& (< monoandroid) (< net45) (< netstandard1.5) (>= netstandard1.6)) (&& (< monotouch) (< net35) (>= netstandard1.3) (< xamarinios) (< xamarinmac) (< xamarintvos) (< xamarinwatchos)) (&& (< monotouch) (< net45) (>= netstandard1.6) (< xamarinios) (< xamarinmac) (< xamarintvos) (< xamarinwatchos)) (&& (< monotouch) (< net46) (>= netstandard1.6) (< xamarinios) (< xamarinmac) (< xamarintvos) (< xamarinwatchos)) (&& (< net45) (>= net46) (>= netstandard1.4) (< netstandard1.5)) (&& (< net45) (>= net46) (>= netstandard1.6)) (&& (< net45) (>= net46) (< netstandard1.6)) (&& (>= net46) (>= uap10.0)) (&& (< net46) (>= net463) (>= netstandard1.6)) (&& (>= netstandard1.6) (>= uap10.0))
    runtime.ubuntu.14.04-x64.runtime.native.System.Security.Cryptography.OpenSsl (4.3.2) - restriction: || (&& (>= dnxcore50) (>= netstandard1.6)) (&& (< monoandroid) (< net45) (< netstandard1.4) (>= netstandard1.6)) (&& (< monoandroid) (< net45) (< netstandard1.5) (>= netstandard1.6)) (&& (< monotouch) (< net35) (>= netstandard1.3) (< xamarinios) (< xamarinmac) (< xamarintvos) (< xamarinwatchos)) (&& (< monotouch) (< net45) (>= netstandard1.6) (< xamarinios) (< xamarinmac) (< xamarintvos) (< xamarinwatchos)) (&& (< monotouch) (< net46) (>= netstandard1.6) (< xamarinios) (< xamarinmac) (< xamarintvos) (< xamarinwatchos)) (&& (< net45) (>= net46) (>= netstandard1.4) (< netstandard1.5)) (&& (< net45) (>= net46) (>= netstandard1.6)) (&& (< net45) (>= net46) (< netstandard1.6)) (&& (>= net46) (>= uap10.0)) (&& (< net46) (>= net463) (>= netstandard1.6)) (&& (>= netstandard1.6) (>= uap10.0))
    runtime.ubuntu.16.04-x64.runtime.native.System.Security.Cryptography.OpenSsl (4.3.2) - restriction: || (&& (>= dnxcore50) (>= netstandard1.6)) (&& (< monoandroid) (< net45) (< netstandard1.4) (>= netstandard1.6)) (&& (< monoandroid) (< net45) (< netstandard1.5) (>= netstandard1.6)) (&& (< monotouch) (< net35) (>= netstandard1.3) (< xamarinios) (< xamarinmac) (< xamarintvos) (< xamarinwatchos)) (&& (< monotouch) (< net45) (>= netstandard1.6) (< xamarinios) (< xamarinmac) (< xamarintvos) (< xamarinwatchos)) (&& (< monotouch) (< net46) (>= netstandard1.6) (< xamarinios) (< xamarinmac) (< xamarintvos) (< xamarinwatchos)) (&& (< net45) (>= net46) (>= netstandard1.4) (< netstandard1.5)) (&& (< net45) (>= net46) (>= netstandard1.6)) (&& (< net45) (>= net46) (< netstandard1.6)) (&& (>= net46) (>= uap10.0)) (&& (< net46) (>= net463) (>= netstandard1.6)) (&& (>= netstandard1.6) (>= uap10.0))
    runtime.ubuntu.16.10-x64.runtime.native.System.Security.Cryptography.OpenSsl (4.3.2) - restriction: || (&& (>= dnxcore50) (>= netstandard1.6)) (&& (< monoandroid) (< net45) (< netstandard1.4) (>= netstandard1.6)) (&& (< monoandroid) (< net45) (< netstandard1.5) (>= netstandard1.6)) (&& (< monotouch) (< net35) (>= netstandard1.3) (< xamarinios) (< xamarinmac) (< xamarintvos) (< xamarinwatchos)) (&& (< monotouch) (< net45) (>= netstandard1.6) (< xamarinios) (< xamarinmac) (< xamarintvos) (< xamarinwatchos)) (&& (< monotouch) (< net46) (>= netstandard1.6) (< xamarinios) (< xamarinmac) (< xamarintvos) (< xamarinwatchos)) (&& (< net45) (>= net46) (>= netstandard1.4) (< netstandard1.5)) (&& (< net45) (>= net46) (>= netstandard1.6)) (&& (< net45) (>= net46) (< netstandard1.6)) (&& (>= net46) (>= uap10.0)) (&& (< net46) (>= net463) (>= netstandard1.6)) (&& (>= netstandard1.6) (>= uap10.0))
    System.AppContext (4.3)
      System.Collections (>= 4.3) - restriction: >= dnxcore50
      System.Resources.ResourceManager (>= 4.3) - restriction: >= dnxcore50
      System.Runtime (>= 4.3) - restriction: || (>= dnxcore50) (&& (< monoandroid) (< net46) (>= netstandard1.3) (< netstandard1.6)) (&& (< monotouch) (< net46) (>= netstandard1.6) (< xamarinios) (< xamarinmac) (< xamarintvos) (< xamarinwatchos))
      System.Threading (>= 4.3) - restriction: >= dnxcore50
    System.Buffers (4.4) - restriction: || (&& (>= dnxcore50) (>= net46)) (&& (>= dnxcore50) (>= netstandard1.1)) (&& (>= dnxcore50) (>= netstandard1.2)) (&& (>= dnxcore50) (>= netstandard1.3)) (&& (>= dnxcore50) (>= netstandard1.4)) (&& (>= dnxcore50) (>= netstandard1.5)) (&& (>= dnxcore50) (>= netstandard1.6)) (&& (>= dnxcore50) (>= uap10.0)) (&& (< monoandroid) (< monotouch) (< net20) (>= netstandard1.5) (< xamarinios) (< xamarinmac) (< xamarintvos) (< xamarinwatchos)) (&& (< monoandroid) (< net20) (>= netstandard1.3) (< netstandard1.4) (< wpa81)) (&& (< monoandroid) (< net20) (< netstandard1.3) (>= netstandard1.4) (< wpa81)) (&& (< monoandroid) (< net20) (>= netstandard1.4) (< netstandard1.5) (< wpa81)) (&& (< monotouch) (< net45) (>= netstandard1.6) (< xamarinios) (< xamarinmac) (< xamarintvos) (< xamarinwatchos)) (&& (< monotouch) (< net46) (>= netstandard1.6) (< xamarinios) (< xamarinmac) (< xamarintvos) (< xamarinwatchos)) (&& (< net20) (>= netstandard1.3) (< portable-net451+win81+wpa81) (< win8)) (&& (< net45) (>= net46)) (&& (< netstandard1.3) (>= uap10.0)) (&& (>= uap10.0) (< uap10.1)) (&& (>= uap10.0) (< win8) (< wpa81))
      System.Diagnostics.Debug (>= 4.3) - restriction: && (>= netstandard1.1) (< netstandard2.0) (< xamarinmac)
      System.Diagnostics.Tracing (>= 4.3) - restriction: && (>= netstandard1.1) (< netstandard2.0) (< xamarinmac)
      System.Resources.ResourceManager (>= 4.3) - restriction: && (>= netstandard1.1) (< netstandard2.0) (< xamarinmac)
      System.Runtime (>= 4.3) - restriction: && (>= netstandard1.1) (< netstandard2.0) (< xamarinmac)
      System.Threading (>= 4.3) - restriction: && (>= netstandard1.1) (< netstandard2.0) (< xamarinmac)
    System.Collections (4.3) - restriction: || (>= dnxcore50) (&& (< monoandroid) (< net20) (>= netstandard1.0) (< netstandard1.3) (< win8) (< wp8) (< wpa81)) (&& (< monoandroid) (< net20) (>= netstandard1.2) (< netstandard1.3) (< wpa81)) (&& (< monoandroid) (< net20) (>= netstandard1.3) (< netstandard1.4) (< wpa81)) (&& (< monoandroid) (< net20) (>= netstandard1.3) (< netstandard1.5) (< win8) (< wpa81)) (&& (< monoandroid) (< net20) (< netstandard1.3) (>= netstandard1.4) (< wpa81)) (&& (< monoandroid) (< net20) (>= netstandard1.4) (< netstandard1.5) (< wpa81)) (&& (< monoandroid) (< net20) (< netstandard1.4) (>= netstandard1.6)) (&& (< monoandroid) (< net20) (>= netstandard1.5) (< netstandard1.6)) (&& (< monoandroid) (< net20) (< netstandard1.5) (>= netstandard1.6)) (&& (< monoandroid) (< net45) (< netstandard1.4) (>= netstandard1.6)) (&& (< monoandroid) (< net45) (< netstandard1.5) (>= netstandard1.6)) (&& (< monotouch) (< net20) (>= netstandard1.3) (< xamarinios) (< xamarinmac) (< xamarintvos) (< xamarinwatchos)) (&& (< monotouch) (< net20) (>= netstandard1.4) (< xamarinios) (< xamarinmac) (< xamarintvos) (< xamarinwatchos)) (&& (< monotouch) (< net20) (>= netstandard1.5) (< xamarinios) (< xamarinmac) (< xamarintvos) (< xamarinwatchos)) (&& (< monotouch) (< net45) (>= netstandard1.6) (< xamarinios) (< xamarinmac) (< xamarintvos) (< xamarinwatchos)) (&& (< monotouch) (< net46) (>= netstandard1.6) (< xamarinios) (< xamarinmac) (< xamarintvos) (< xamarinwatchos)) (&& (< net20) (>= netstandard1.0) (< portable-net45+win8+wpa81)) (&& (< net20) (>= netstandard1.1) (< portable-net451+win81+wpa81)) (&& (< net20) (>= netstandard1.3) (< portable-net45+win8+wpa81)) (&& (< net20) (>= netstandard1.3) (< portable-net451+win81+wpa81)) (&& (< net20) (< netstandard1.3) (>= netstandard1.5)) (&& (< net20) (< netstandard1.3) (>= netstandard1.6)) (&& (< net20) (>= netstandard1.6) (< portable-net451+win81+wpa81)) (&& (< net20) (>= netstandard1.6) (< xamarinmac)) (&& (< net35) (>= netstandard1.3)) (&& (< net45) (>= net46)) (&& (< net45) (< netstandard1.3) (>= netstandard1.6)) (&& (< net45) (>= netstandard1.6) (< portable-net451+win81+wpa81)) (&& (< net45) (>= netstandard2.0)) (&& (>= net46) (< portable-net45+win8+wpa81)) (&& (>= net46) (>= uap10.0)) (&& (< net46) (>= net463) (>= netstandard1.6)) (&& (< net46) (>= netstandard2.0)) (&& (< netstandard1.3) (>= uap10.0)) (&& (>= netstandard1.6) (< portable-net45+win8+wpa81)) (&& (>= netstandard1.6) (>= uap10.0)) (&& (>= uap10.0) (< uap10.1)) (&& (>= uap10.0) (< win8) (< wpa81))
    System.Collections.Concurrent (4.3) - restriction: || (&& (>= dnxcore50) (>= net46)) (&& (>= dnxcore50) (>= netstandard1.6)) (&& (< monoandroid) (< net20) (>= netstandard1.2) (< netstandard1.3) (< wpa81)) (&& (< monoandroid) (< net20) (>= netstandard1.3) (< netstandard1.4) (< wpa81)) (&& (< monoandroid) (< net20) (< netstandard1.3) (>= netstandard1.4) (< wpa81)) (&& (< monoandroid) (< net20) (< netstandard1.3) (>= netstandard1.5)) (&& (< monoandroid) (< net20) (>= netstandard1.4) (< netstandard1.5) (< wpa81)) (&& (< monoandroid) (< net20) (>= netstandard1.5) (< netstandard1.6)) (&& (< monoandroid) (< net45) (< netstandard1.3) (>= netstandard1.6)) (&& (< monoandroid) (< net45) (< netstandard1.4) (>= netstandard1.6)) (&& (< monoandroid) (< net45) (< netstandard1.5) (>= netstandard1.6)) (&& (< monotouch) (< net20) (>= netstandard1.6) (< xamarinios) (< xamarinmac) (< xamarintvos) (< xamarinwatchos)) (&& (< monotouch) (< net35) (>= netstandard1.3) (< xamarinios) (< xamarinmac) (< xamarintvos) (< xamarinwatchos)) (&& (< monotouch) (< net45) (>= netstandard1.6) (< xamarinios) (< xamarinmac) (< xamarintvos) (< xamarinwatchos)) (&& (< monotouch) (< net46) (>= netstandard1.6) (< xamarinios) (< xamarinmac) (< xamarintvos) (< xamarinwatchos)) (&& (< net20) (>= netstandard1.1) (< portable-net451+win81+wpa81)) (&& (< net20) (>= netstandard1.3) (< portable-net451+win81+wpa81)) (&& (< net20) (< netstandard1.3) (>= netstandard1.6)) (&& (< net45) (>= net46)) (&& (< net45) (>= netstandard1.6) (< portable-net451+win81+wpa81)) (&& (>= net46) (>= uap10.0)) (&& (< net46) (>= net463) (>= netstandard1.6)) (&& (< netstandard1.3) (>= uap10.0)) (&& (>= netstandard1.6) (>= uap10.0)) (&& (>= uap10.0) (< uap10.1))
      System.Collections (>= 4.3) - restriction: || (>= dnxcore50) (&& (< monotouch) (< net45) (>= netstandard1.3) (< win8) (< wpa81) (< xamarinios) (< xamarinmac) (< xamarintvos) (< xamarinwatchos))
      System.Diagnostics.Debug (>= 4.3) - restriction: || (>= dnxcore50) (&& (< monotouch) (< net45) (>= netstandard1.3) (< win8) (< wpa81) (< xamarinios) (< xamarinmac) (< xamarintvos) (< xamarinwatchos))
      System.Diagnostics.Tracing (>= 4.3) - restriction: || (>= dnxcore50) (&& (< monotouch) (< net45) (>= netstandard1.3) (< win8) (< wpa81) (< xamarinios) (< xamarinmac) (< xamarintvos) (< xamarinwatchos))
      System.Globalization (>= 4.3) - restriction: || (>= dnxcore50) (&& (< monotouch) (< net45) (>= netstandard1.3) (< win8) (< wpa81) (< xamarinios) (< xamarinmac) (< xamarintvos) (< xamarinwatchos))
      System.Reflection (>= 4.3) - restriction: && (< monotouch) (< net45) (>= netstandard1.3) (< win8) (< wpa81) (< xamarinios) (< xamarinmac) (< xamarintvos) (< xamarinwatchos)
      System.Resources.ResourceManager (>= 4.3) - restriction: || (>= dnxcore50) (&& (< monotouch) (< net45) (>= netstandard1.3) (< win8) (< wpa81) (< xamarinios) (< xamarinmac) (< xamarintvos) (< xamarinwatchos))
      System.Runtime (>= 4.3) - restriction: || (>= dnxcore50) (&& (< monoandroid) (< net45) (>= netstandard1.1) (< netstandard1.3) (< win8) (< wpa81)) (&& (< monotouch) (< net45) (>= netstandard1.3) (< win8) (< wpa81) (< xamarinios) (< xamarinmac) (< xamarintvos) (< xamarinwatchos))
      System.Runtime.Extensions (>= 4.3) - restriction: || (>= dnxcore50) (&& (< monotouch) (< net45) (>= netstandard1.3) (< win8) (< wpa81) (< xamarinios) (< xamarinmac) (< xamarintvos) (< xamarinwatchos))
      System.Threading (>= 4.3) - restriction: || (>= dnxcore50) (&& (< monotouch) (< net45) (>= netstandard1.3) (< win8) (< wpa81) (< xamarinios) (< xamarinmac) (< xamarintvos) (< xamarinwatchos))
      System.Threading.Tasks (>= 4.3) - restriction: || (>= dnxcore50) (&& (< monoandroid) (< net45) (>= netstandard1.1) (< netstandard1.3) (< win8) (< wpa81)) (&& (< monotouch) (< net45) (>= netstandard1.3) (< win8) (< wpa81) (< xamarinios) (< xamarinmac) (< xamarintvos) (< xamarinwatchos))
    System.Collections.Immutable (1.4) - restriction: || (&& (>= dnxcore50) (>= monotouch)) (&& (>= dnxcore50) (>= net46)) (&& (>= dnxcore50) (>= netstandard1.6)) (&& (>= dnxcore50) (>= netstandard2.0)) (&& (>= dnxcore50) (>= xamarinios)) (&& (>= dnxcore50) (>= xamarinmac)) (&& (>= dnxcore50) (>= xamarintvos)) (&& (>= dnxcore50) (>= xamarinwatchos)) (&& (>= monoandroid) (< netstandard1.1) (>= netstandard1.6)) (&& (< monoandroid) (< netstandard1.1) (>= netstandard1.6)) (&& (< monotouch) (< net46) (>= netstandard1.6) (< netstandard2.0) (< xamarinios) (< xamarinmac) (< xamarintvos) (< xamarinwatchos)) (&& (< net46) (< netcoreapp2.0) (>= netstandard2.0)) (&& (>= netstandard1.6) (< portable-net45+win8))
      NETStandard.Library (>= 1.6.1) - restriction: && (>= netstandard1.0) (< netstandard2.0) (< xamarinmac)
    System.Collections.NonGeneric (4.3) - restriction: || (&& (< monotouch) (< net20) (>= netstandard1.5) (< xamarinios) (< xamarinmac) (< xamarintvos) (< xamarinwatchos)) (&& (< net20) (>= net462)) (&& (< net20) (< netstandard1.3) (>= netstandard1.5))
      System.Diagnostics.Debug (>= 4.3) - restriction: && (< monotouch) (< net46) (>= netstandard1.3) (< xamarinios) (< xamarinmac) (< xamarintvos) (< xamarinwatchos)
      System.Globalization (>= 4.3) - restriction: && (< monotouch) (< net46) (>= netstandard1.3) (< xamarinios) (< xamarinmac) (< xamarintvos) (< xamarinwatchos)
      System.Resources.ResourceManager (>= 4.3) - restriction: && (< monotouch) (< net46) (>= netstandard1.3) (< xamarinios) (< xamarinmac) (< xamarintvos) (< xamarinwatchos)
      System.Runtime (>= 4.3) - restriction: && (< monotouch) (< net46) (>= netstandard1.3) (< xamarinios) (< xamarinmac) (< xamarintvos) (< xamarinwatchos)
      System.Runtime.Extensions (>= 4.3) - restriction: && (< monotouch) (< net46) (>= netstandard1.3) (< xamarinios) (< xamarinmac) (< xamarintvos) (< xamarinwatchos)
      System.Threading (>= 4.3) - restriction: && (< monotouch) (< net46) (>= netstandard1.3) (< xamarinios) (< xamarinmac) (< xamarintvos) (< xamarinwatchos)
    System.Collections.Specialized (4.3) - restriction: || (&& (< monotouch) (< net20) (>= netstandard1.5) (< xamarinios) (< xamarinmac) (< xamarintvos) (< xamarinwatchos)) (&& (< net20) (< netstandard1.3) (>= netstandard1.5))
      System.Collections.NonGeneric (>= 4.3) - restriction: && (< monotouch) (< net46) (>= netstandard1.3) (< xamarinios) (< xamarinmac) (< xamarintvos) (< xamarinwatchos)
      System.Globalization (>= 4.3) - restriction: && (< monotouch) (< net46) (>= netstandard1.3) (< xamarinios) (< xamarinmac) (< xamarintvos) (< xamarinwatchos)
      System.Globalization.Extensions (>= 4.3) - restriction: && (< monotouch) (< net46) (>= netstandard1.3) (< xamarinios) (< xamarinmac) (< xamarintvos) (< xamarinwatchos)
      System.Resources.ResourceManager (>= 4.3) - restriction: && (< monotouch) (< net46) (>= netstandard1.3) (< xamarinios) (< xamarinmac) (< xamarintvos) (< xamarinwatchos)
      System.Runtime (>= 4.3) - restriction: && (< monotouch) (< net46) (>= netstandard1.3) (< xamarinios) (< xamarinmac) (< xamarintvos) (< xamarinwatchos)
      System.Runtime.Extensions (>= 4.3) - restriction: && (< monotouch) (< net46) (>= netstandard1.3) (< xamarinios) (< xamarinmac) (< xamarintvos) (< xamarinwatchos)
      System.Threading (>= 4.3) - restriction: && (< monotouch) (< net46) (>= netstandard1.3) (< xamarinios) (< xamarinmac) (< xamarintvos) (< xamarinwatchos)
    System.ComponentModel (4.3) - restriction: || (&& (< monoandroid) (< net20) (>= netstandard1.0) (< netstandard1.3) (< win8) (< wp8) (< wpa81)) (&& (< monoandroid) (< net20) (>= netstandard1.3) (< netstandard1.5) (< win8) (< wpa81)) (&& (< monotouch) (< net20) (>= netstandard1.5) (< xamarinios) (< xamarinmac) (< xamarintvos) (< xamarinwatchos)) (&& (< net20) (< netstandard1.3) (>= netstandard1.5))
      System.Runtime (>= 4.3) - restriction: || (>= dnxcore50) (&& (< monoandroid) (< net45) (>= netstandard1.0) (< netstandard1.3) (< win8) (< wp8) (< wpa81)) (&& (< monotouch) (< net45) (>= netstandard1.3) (< win8) (< wpa81) (< xamarinios) (< xamarinmac) (< xamarintvos) (< xamarinwatchos))
    System.ComponentModel.Primitives (4.3) - restriction: || (&& (< monoandroid) (< net20) (>= netstandard1.0) (< netstandard1.3) (< win8)) (&& (< monoandroid) (< net20) (>= netstandard1.3) (< netstandard1.5) (< win8)) (&& (< monotouch) (< net20) (>= netstandard1.5) (< xamarinios) (< xamarinmac) (< xamarintvos) (< xamarinwatchos)) (&& (< net20) (>= net45) (>= netstandard1.3) (< netstandard1.5)) (&& (< net20) (>= net45) (< netstandard1.3)) (&& (< net20) (>= net462)) (&& (< net20) (< netstandard1.3) (>= netstandard1.5)) (&& (< netstandard1.0) (>= netstandard1.3) (>= win8)) (&& (>= netstandard1.3) (>= wpa81)) (&& (< netstandard1.3) (>= wpa81)) (>= wp8)
      System.ComponentModel (>= 4.3) - restriction: && (< monotouch) (< net45) (>= netstandard1.0) (< win8) (< wp8) (< wpa81) (< xamarinios) (< xamarinmac) (< xamarintvos) (< xamarinwatchos)
      System.Resources.ResourceManager (>= 4.3) - restriction: && (< monotouch) (< net45) (>= netstandard1.0) (< win8) (< wp8) (< wpa81) (< xamarinios) (< xamarinmac) (< xamarintvos) (< xamarinwatchos)
      System.Runtime (>= 4.3) - restriction: && (< monotouch) (< net45) (>= netstandard1.0) (< win8) (< wp8) (< wpa81) (< xamarinios) (< xamarinmac) (< xamarintvos) (< xamarinwatchos)
    System.ComponentModel.TypeConverter (4.3) - restriction: || (&& (< net20) (>= net46)) (&& (< net20) (>= netstandard1.0) (< netstandard1.3)) (&& (< net20) (>= netstandard1.3)) (&& (< net20) (>= netstandard1.6))
      System.Collections (>= 4.3) - restriction: || (&& (< monoandroid) (< net45) (>= netstandard1.0) (< netstandard1.5) (< win8) (< wp8) (< wpa81)) (&& (< monotouch) (< net45) (>= netstandard1.5) (< xamarinios) (< xamarinmac) (< xamarintvos) (< xamarinwatchos))
      System.Collections.NonGeneric (>= 4.3) - restriction: || (&& (< monotouch) (< net45) (>= netstandard1.5) (< xamarinios) (< xamarinmac) (< xamarintvos) (< xamarinwatchos)) (>= net462)
      System.Collections.Specialized (>= 4.3) - restriction: && (< monotouch) (< net45) (>= netstandard1.5) (< xamarinios) (< xamarinmac) (< xamarintvos) (< xamarinwatchos)
      System.ComponentModel (>= 4.3) - restriction: || (&& (< monoandroid) (< net45) (>= netstandard1.0) (< netstandard1.5) (< win8) (< wp8) (< wpa81)) (&& (< monotouch) (< net45) (>= netstandard1.5) (< xamarinios) (< xamarinmac) (< xamarintvos) (< xamarinwatchos))
      System.ComponentModel.Primitives (>= 4.3) - restriction: || (&& (< monoandroid) (< net45) (>= netstandard1.0) (< netstandard1.5) (< win8)) (&& (< monotouch) (< net45) (>= netstandard1.5) (< xamarinios) (< xamarinmac) (< xamarintvos) (< xamarinwatchos)) (&& (>= net45) (< netstandard1.5)) (>= net462) (&& (< netstandard1.0) (>= win8)) (>= wp8) (>= wpa81)
      System.Globalization (>= 4.3) - restriction: || (&& (< monoandroid) (< net45) (>= netstandard1.0) (< netstandard1.5) (< win8) (< wp8) (< wpa81)) (&& (< monotouch) (< net45) (>= netstandard1.5) (< xamarinios) (< xamarinmac) (< xamarintvos) (< xamarinwatchos))
      System.Linq (>= 4.3) - restriction: && (< monotouch) (< net45) (>= netstandard1.5) (< xamarinios) (< xamarinmac) (< xamarintvos) (< xamarinwatchos)
      System.Reflection (>= 4.3) - restriction: || (&& (< monoandroid) (< net45) (>= netstandard1.0) (< netstandard1.5) (< win8) (< wp8) (< wpa81)) (&& (< monotouch) (< net45) (>= netstandard1.5) (< xamarinios) (< xamarinmac) (< xamarintvos) (< xamarinwatchos))
      System.Reflection.Extensions (>= 4.3) - restriction: || (&& (< monoandroid) (< net45) (>= netstandard1.0) (< netstandard1.5) (< win8) (< wp8) (< wpa81)) (&& (< monotouch) (< net45) (>= netstandard1.5) (< xamarinios) (< xamarinmac) (< xamarintvos) (< xamarinwatchos))
      System.Reflection.Primitives (>= 4.3) - restriction: || (&& (< monoandroid) (< net45) (>= netstandard1.0) (< netstandard1.5) (< win8) (< wp8) (< wpa81)) (&& (< monotouch) (< net45) (>= netstandard1.5) (< xamarinios) (< xamarinmac) (< xamarintvos) (< xamarinwatchos))
      System.Reflection.TypeExtensions (>= 4.3) - restriction: && (< monotouch) (< net45) (>= netstandard1.5) (< xamarinios) (< xamarinmac) (< xamarintvos) (< xamarinwatchos)
      System.Resources.ResourceManager (>= 4.3) - restriction: || (&& (< monoandroid) (< net45) (>= netstandard1.0) (< netstandard1.5) (< win8) (< wp8) (< wpa81)) (&& (< monotouch) (< net45) (>= netstandard1.5) (< xamarinios) (< xamarinmac) (< xamarintvos) (< xamarinwatchos))
      System.Runtime (>= 4.3) - restriction: || (&& (< monoandroid) (< net45) (>= netstandard1.0) (< netstandard1.5) (< win8) (< wp8) (< wpa81)) (&& (< monotouch) (< net45) (>= netstandard1.5) (< xamarinios) (< xamarinmac) (< xamarintvos) (< xamarinwatchos))
      System.Runtime.Extensions (>= 4.3) - restriction: || (&& (< monoandroid) (< net45) (>= netstandard1.0) (< netstandard1.5) (< win8) (< wp8) (< wpa81)) (&& (< monotouch) (< net45) (>= netstandard1.5) (< xamarinios) (< xamarinmac) (< xamarintvos) (< xamarinwatchos))
      System.Threading (>= 4.3) - restriction: || (&& (< monoandroid) (< net45) (>= netstandard1.0) (< netstandard1.5) (< win8) (< wp8) (< wpa81)) (&& (< monotouch) (< net45) (>= netstandard1.5) (< xamarinios) (< xamarinmac) (< xamarintvos) (< xamarinwatchos))
    System.Console (4.3) - restriction: || (&& (< monoandroid) (< net20) (>= netstandard1.3) (< netstandard1.4) (< wpa81)) (&& (< monoandroid) (< net20) (< netstandard1.3) (>= netstandard1.4) (< wpa81)) (&& (< monoandroid) (< net20) (< netstandard1.3) (>= netstandard1.5)) (&& (< monoandroid) (< net20) (>= netstandard1.4) (< netstandard1.5) (< wpa81)) (&& (< monoandroid) (< net20) (>= netstandard1.5) (< netstandard1.6)) (&& (< monoandroid) (< net45) (< netstandard1.4) (>= netstandard1.6)) (&& (< monoandroid) (< net45) (< netstandard1.5) (>= netstandard1.6)) (&& (< monotouch) (< net45) (>= netstandard1.6) (< netstandard2.0) (< xamarinios) (< xamarinmac) (< xamarintvos) (< xamarinwatchos)) (&& (< net20) (>= net46) (< netstandard1.3)) (&& (< net20) (< netstandard1.3) (>= netstandard1.6)) (&& (< net20) (>= netstandard1.6) (< xamarinmac)) (&& (< net45) (>= net46) (>= netstandard1.4) (< netstandard1.5)) (&& (< net45) (>= net46) (>= netstandard1.5) (< netstandard1.6)) (&& (< net45) (>= net46) (>= netstandard1.6) (< netstandard2.0)) (&& (>= net46) (< netstandard1.4)) (&& (>= net46) (>= uap10.0)) (&& (< netstandard1.3) (>= uap10.0)) (&& (>= netstandard1.6) (>= uap10.0)) (&& (>= uap10.0) (< uap10.1))
      Microsoft.NETCore.Platforms (>= 1.1) - restriction: && (< monotouch) (< net46) (>= netstandard1.3) (< xamarinios) (< xamarinmac) (< xamarintvos) (< xamarinwatchos)
      Microsoft.NETCore.Targets (>= 1.1) - restriction: && (< monotouch) (< net46) (>= netstandard1.3) (< xamarinios) (< xamarinmac) (< xamarintvos) (< xamarinwatchos)
      System.IO (>= 4.3) - restriction: && (< monotouch) (< net46) (>= netstandard1.3) (< xamarinios) (< xamarinmac) (< xamarintvos) (< xamarinwatchos)
      System.Runtime (>= 4.3) - restriction: && (< monotouch) (< net46) (>= netstandard1.3) (< xamarinios) (< xamarinmac) (< xamarintvos) (< xamarinwatchos)
      System.Text.Encoding (>= 4.3) - restriction: && (< monotouch) (< net46) (>= netstandard1.3) (< xamarinios) (< xamarinmac) (< xamarintvos) (< xamarinwatchos)
    System.Diagnostics.Debug (4.3) - restriction: || (&& (>= dnxcore50) (>= net46)) (&& (>= dnxcore50) (>= netstandard1.0)) (&& (>= dnxcore50) (>= netstandard1.1)) (&& (>= dnxcore50) (>= netstandard1.2)) (&& (>= dnxcore50) (>= netstandard1.3)) (&& (>= dnxcore50) (>= netstandard1.4)) (&& (>= dnxcore50) (>= netstandard1.5)) (&& (>= dnxcore50) (>= netstandard1.6)) (&& (>= dnxcore50) (>= netstandard2.0)) (&& (>= dnxcore50) (>= uap10.0)) (&& (< monoandroid) (< net20) (>= netstandard1.2) (< netstandard1.3) (< wpa81)) (&& (< monoandroid) (< net20) (>= netstandard1.3) (< netstandard1.4) (< wpa81)) (&& (< monoandroid) (< net20) (< netstandard1.3) (>= netstandard1.4) (< wpa81)) (&& (< monoandroid) (< net20) (>= netstandard1.4) (< netstandard1.5) (< wpa81)) (&& (< monoandroid) (< net20) (< netstandard1.4) (>= netstandard1.6)) (&& (< monoandroid) (< net20) (>= netstandard1.5) (< netstandard1.6)) (&& (< monoandroid) (< net20) (< netstandard1.5) (>= netstandard1.6)) (&& (< monoandroid) (< net35) (>= netstandard1.3) (< netstandard1.4)) (&& (< monoandroid) (< net35) (>= netstandard1.4) (< netstandard1.6)) (&& (< monoandroid) (< net45) (< netstandard1.3) (>= netstandard1.6)) (&& (< monoandroid) (< net45) (< netstandard1.4) (>= netstandard1.6)) (&& (< monoandroid) (< net45) (< netstandard1.5) (>= netstandard1.6)) (&& (< monoandroid) (< net46) (< netstandard1.4) (>= netstandard1.6)) (&& (< monotouch) (< net20) (>= netstandard1.3) (< xamarinios) (< xamarinmac) (< xamarintvos) (< xamarinwatchos)) (&& (< monotouch) (< net20) (>= netstandard1.5) (< xamarinios) (< xamarinmac) (< xamarintvos) (< xamarinwatchos)) (&& (< monotouch) (< net35) (>= netstandard1.6) (< xamarinios) (< xamarinmac) (< xamarintvos) (< xamarinwatchos)) (&& (< monotouch) (< net45) (>= netstandard1.6) (< xamarinios) (< xamarinmac) (< xamarintvos) (< xamarinwatchos)) (&& (< monotouch) (< net46) (>= netstandard1.6) (< xamarinios) (< xamarinmac) (< xamarintvos) (< xamarinwatchos)) (&& (< net20) (>= net462)) (&& (< net20) (>= netstandard1.0) (< portable-net45+win8+wpa81)) (&& (< net20) (>= netstandard1.1) (< portable-net451+win81+wpa81)) (&& (< net20) (>= netstandard1.3) (< portable-net45+win8+wpa81)) (&& (< net20) (>= netstandard1.3) (< portable-net451+win81+wpa81)) (&& (< net20) (< netstandard1.3) (>= netstandard1.5)) (&& (< net20) (< netstandard1.3) (>= netstandard1.6)) (&& (< net20) (>= netstandard1.6) (< portable-net451+win81+wpa81)) (&& (< net20) (>= netstandard1.6) (< xamarinmac)) (&& (< net35) (>= net461) (< netstandard1.6)) (&& (< net35) (>= net463)) (&& (< net45) (>= net46)) (&& (< net45) (>= netstandard1.6) (< portable-net451+win81+wpa81)) (&& (< net45) (>= netstandard2.0)) (&& (>= net46) (< portable-net45+win8+wpa81)) (&& (>= net46) (>= uap10.0)) (&& (< net46) (>= net463) (>= netstandard1.6)) (&& (< net46) (>= netstandard2.0)) (&& (< netstandard1.3) (>= uap10.0)) (&& (>= netstandard1.6) (< portable-net45+win8+wpa81)) (&& (>= netstandard1.6) (>= uap10.0)) (&& (>= uap10.0) (< uap10.1)) (&& (>= uap10.0) (< win8) (< wpa81))
      Microsoft.NETCore.Platforms (>= 1.1) - restriction: || (>= dnxcore50) (&& (< monoandroid) (< net45) (>= netstandard1.0) (< netstandard1.3) (< win8) (< wp8) (< wpa81)) (&& (< monotouch) (< net45) (>= netstandard1.3) (< win8) (< wpa81) (< xamarinios) (< xamarinmac) (< xamarintvos) (< xamarinwatchos))
      Microsoft.NETCore.Targets (>= 1.1) - restriction: || (>= dnxcore50) (&& (< monoandroid) (< net45) (>= netstandard1.0) (< netstandard1.3) (< win8) (< wp8) (< wpa81)) (&& (< monotouch) (< net45) (>= netstandard1.3) (< win8) (< wpa81) (< xamarinios) (< xamarinmac) (< xamarintvos) (< xamarinwatchos))
      System.Runtime (>= 4.3) - restriction: || (>= dnxcore50) (&& (< monoandroid) (< net45) (>= netstandard1.0) (< netstandard1.3) (< win8) (< wp8) (< wpa81)) (&& (< monotouch) (< net45) (>= netstandard1.3) (< win8) (< wpa81) (< xamarinios) (< xamarinmac) (< xamarintvos) (< xamarinwatchos))
    System.Diagnostics.DiagnosticSource (4.4.1) - restriction: || (&& (>= dnxcore50) (>= net46)) (&& (>= dnxcore50) (>= netstandard1.1)) (&& (>= dnxcore50) (>= netstandard1.2)) (&& (>= dnxcore50) (>= netstandard1.3)) (&& (>= dnxcore50) (>= netstandard1.4)) (&& (>= dnxcore50) (>= netstandard1.5)) (&& (>= dnxcore50) (>= netstandard1.6)) (&& (>= dnxcore50) (>= uap10.0)) (&& (< monoandroid) (< monotouch) (< net20) (>= netstandard1.6) (< xamarinios) (< xamarinmac) (< xamarintvos) (< xamarinwatchos)) (&& (< monoandroid) (< net20) (>= netstandard1.3) (< netstandard1.4) (< win8) (< wpa81)) (&& (< monoandroid) (< net20) (< netstandard1.3) (>= netstandard1.4) (< win8) (< wpa81)) (&& (< monoandroid) (< net20) (< netstandard1.3) (>= netstandard1.6)) (&& (< monoandroid) (< net20) (>= netstandard1.4) (< netstandard1.5) (< win8) (< wpa81)) (&& (< monoandroid) (< net20) (< netstandard1.4) (>= netstandard1.6)) (&& (< monoandroid) (< net20) (>= netstandard1.5) (< netstandard1.6)) (&& (< monoandroid) (< net20) (< netstandard1.5) (>= netstandard1.6)) (&& (< monotouch) (< net45) (>= netstandard1.6) (< xamarinios) (< xamarinmac) (< xamarintvos) (< xamarinwatchos)) (&& (< net20) (>= netstandard1.3) (< portable-net451+win81+wpa81) (< win8)) (&& (< net20) (>= netstandard1.6) (< portable-net451+win81+wpa81)) (&& (< net45) (>= net46) (>= netstandard1.6)) (&& (< net45) (>= net46) (< netstandard1.6)) (&& (>= netstandard1.6) (>= uap10.0)) (&& (>= uap10.0) (< win8) (< wpa81))
      System.Collections (>= 4.3) - restriction: || (&& (< net45) (< netcoreapp2.0) (>= netstandard1.3) (< xamarinmac)) (&& (< net45) (>= netstandard1.1) (< netstandard1.3))
      System.Diagnostics.Debug (>= 4.3) - restriction: && (< net45) (< netcoreapp2.0) (>= netstandard1.3) (< xamarinmac)
      System.Diagnostics.Tracing (>= 4.3) - restriction: || (&& (< net45) (< netcoreapp2.0) (>= netstandard1.3) (< xamarinmac)) (&& (< net45) (>= netstandard1.1) (< netstandard1.3))
      System.Reflection (>= 4.3) - restriction: || (&& (< net45) (< netcoreapp2.0) (>= netstandard1.3) (< xamarinmac)) (&& (< net45) (>= netstandard1.1) (< netstandard1.3))
      System.Runtime (>= 4.3) - restriction: || (&& (< net45) (< netcoreapp2.0) (>= netstandard1.3) (< xamarinmac)) (&& (< net45) (>= netstandard1.1) (< netstandard1.3))
      System.Runtime.Extensions (>= 4.3) - restriction: && (< net45) (< netcoreapp2.0) (>= netstandard1.3) (< xamarinmac)
      System.Threading (>= 4.3) - restriction: || (&& (< net45) (< netcoreapp2.0) (>= netstandard1.3) (< xamarinmac)) (&& (< net45) (>= netstandard1.1) (< netstandard1.3))
    System.Diagnostics.FileVersionInfo (4.3) - restriction: || (>= net46) (>= netstandard1.6)
      Microsoft.NETCore.Platforms (>= 1.1) - restriction: || (>= dnxcore50) (&& (< monotouch) (< net46) (>= netstandard1.3) (< xamarinios) (< xamarinmac) (< xamarintvos) (< xamarinwatchos))
      System.Globalization (>= 4.3) - restriction: && (< monotouch) (< net46) (>= netstandard1.3) (< xamarinios) (< xamarinmac) (< xamarintvos) (< xamarinwatchos)
      System.IO (>= 4.3) - restriction: || (>= dnxcore50) (&& (< monotouch) (< net46) (>= netstandard1.3) (< xamarinios) (< xamarinmac) (< xamarintvos) (< xamarinwatchos))
      System.IO.FileSystem (>= 4.3) - restriction: || (>= dnxcore50) (&& (< monotouch) (< net46) (>= netstandard1.3) (< xamarinios) (< xamarinmac) (< xamarintvos) (< xamarinwatchos))
      System.IO.FileSystem.Primitives (>= 4.3) - restriction: || (>= dnxcore50) (&& (< monotouch) (< net46) (>= netstandard1.3) (< xamarinios) (< xamarinmac) (< xamarintvos) (< xamarinwatchos))
      System.Reflection.Metadata (>= 1.4.1) - restriction: || (>= dnxcore50) (&& (< monotouch) (< net46) (>= netstandard1.3) (< xamarinios) (< xamarinmac) (< xamarintvos) (< xamarinwatchos))
      System.Runtime (>= 4.3) - restriction: || (>= dnxcore50) (&& (< monotouch) (< net46) (>= netstandard1.3) (< xamarinios) (< xamarinmac) (< xamarintvos) (< xamarinwatchos))
      System.Runtime.Extensions (>= 4.3) - restriction: || (>= dnxcore50) (&& (< monotouch) (< net46) (>= netstandard1.3) (< xamarinios) (< xamarinmac) (< xamarintvos) (< xamarinwatchos))
      System.Runtime.InteropServices (>= 4.3) - restriction: && (< monotouch) (< net46) (>= netstandard1.3) (< xamarinios) (< xamarinmac) (< xamarintvos) (< xamarinwatchos)
    System.Diagnostics.Process (4.3) - restriction: || (>= net46) (>= netstandard1.6)
      Microsoft.NETCore.Platforms (>= 1.1) - restriction: && (< monotouch) (< net46) (>= netstandard1.4) (< xamarinios) (< xamarinmac) (< xamarintvos) (< xamarinwatchos)
      Microsoft.Win32.Primitives (>= 4.3) - restriction: && (< monotouch) (< net46) (>= netstandard1.4) (< xamarinios) (< xamarinmac) (< xamarintvos) (< xamarinwatchos)
      Microsoft.Win32.Registry (>= 4.3) - restriction: && (< monotouch) (< net46) (>= netstandard1.4) (< xamarinios) (< xamarinmac) (< xamarintvos) (< xamarinwatchos)
      runtime.native.System (>= 4.3) - restriction: && (< monotouch) (< net46) (>= netstandard1.4) (< xamarinios) (< xamarinmac) (< xamarintvos) (< xamarinwatchos)
      System.Collections (>= 4.3) - restriction: && (< monotouch) (< net46) (>= netstandard1.4) (< xamarinios) (< xamarinmac) (< xamarintvos) (< xamarinwatchos)
      System.Diagnostics.Debug (>= 4.3) - restriction: && (< monotouch) (< net46) (>= netstandard1.4) (< xamarinios) (< xamarinmac) (< xamarintvos) (< xamarinwatchos)
      System.Globalization (>= 4.3) - restriction: && (< monotouch) (< net46) (>= netstandard1.4) (< xamarinios) (< xamarinmac) (< xamarintvos) (< xamarinwatchos)
      System.IO (>= 4.3) - restriction: || (&& (< monoandroid) (< net46) (>= netstandard1.3) (< netstandard1.4)) (&& (< monotouch) (< net46) (>= netstandard1.4) (< xamarinios) (< xamarinmac) (< xamarintvos) (< xamarinwatchos))
      System.IO.FileSystem (>= 4.3) - restriction: && (< monotouch) (< net46) (>= netstandard1.4) (< xamarinios) (< xamarinmac) (< xamarintvos) (< xamarinwatchos)
      System.IO.FileSystem.Primitives (>= 4.3) - restriction: && (< monotouch) (< net46) (>= netstandard1.4) (< xamarinios) (< xamarinmac) (< xamarintvos) (< xamarinwatchos)
      System.Resources.ResourceManager (>= 4.3) - restriction: && (< monotouch) (< net46) (>= netstandard1.4) (< xamarinios) (< xamarinmac) (< xamarintvos) (< xamarinwatchos)
      System.Runtime (>= 4.3) - restriction: || (&& (< monoandroid) (< net46) (>= netstandard1.3) (< netstandard1.4)) (&& (< monotouch) (< net46) (>= netstandard1.4) (< xamarinios) (< xamarinmac) (< xamarintvos) (< xamarinwatchos))
      System.Runtime.Extensions (>= 4.3) - restriction: && (< monotouch) (< net46) (>= netstandard1.4) (< xamarinios) (< xamarinmac) (< xamarintvos) (< xamarinwatchos)
      System.Runtime.Handles (>= 4.3) - restriction: || (&& (< monoandroid) (< net46) (>= netstandard1.3) (< netstandard1.4)) (&& (< monotouch) (< net46) (>= netstandard1.4) (< xamarinios) (< xamarinmac) (< xamarintvos) (< xamarinwatchos))
      System.Runtime.InteropServices (>= 4.3) - restriction: && (< monotouch) (< net46) (>= netstandard1.4) (< xamarinios) (< xamarinmac) (< xamarintvos) (< xamarinwatchos)
      System.Text.Encoding (>= 4.3) - restriction: || (&& (< monoandroid) (< net46) (>= netstandard1.3) (< netstandard1.4)) (&& (< monotouch) (< net46) (>= netstandard1.4) (< xamarinios) (< xamarinmac) (< xamarintvos) (< xamarinwatchos))
      System.Text.Encoding.Extensions (>= 4.3) - restriction: && (< monotouch) (< net46) (>= netstandard1.4) (< xamarinios) (< xamarinmac) (< xamarintvos) (< xamarinwatchos)
      System.Threading (>= 4.3) - restriction: && (< monotouch) (< net46) (>= netstandard1.4) (< xamarinios) (< xamarinmac) (< xamarintvos) (< xamarinwatchos)
      System.Threading.Tasks (>= 4.3) - restriction: && (< monotouch) (< net46) (>= netstandard1.4) (< xamarinios) (< xamarinmac) (< xamarintvos) (< xamarinwatchos)
      System.Threading.Thread (>= 4.3) - restriction: && (< monotouch) (< net46) (>= netstandard1.4) (< xamarinios) (< xamarinmac) (< xamarintvos) (< xamarinwatchos)
      System.Threading.ThreadPool (>= 4.3) - restriction: && (< monotouch) (< net46) (>= netstandard1.4) (< xamarinios) (< xamarinmac) (< xamarintvos) (< xamarinwatchos)
    System.Diagnostics.Tools (4.3) - restriction: || (&& (>= dnxcore50) (>= net46)) (&& (>= dnxcore50) (>= netstandard1.0)) (&& (>= dnxcore50) (>= netstandard1.1)) (&& (>= dnxcore50) (>= netstandard1.2)) (&& (>= dnxcore50) (>= netstandard1.3)) (&& (>= dnxcore50) (>= netstandard1.4)) (&& (>= dnxcore50) (>= netstandard1.5)) (&& (>= dnxcore50) (>= netstandard1.6)) (&& (>= dnxcore50) (>= netstandard2.0)) (&& (>= dnxcore50) (>= uap10.0)) (&& (< monoandroid) (< monotouch) (< net20) (>= netstandard1.5) (< xamarinios) (< xamarinmac) (< xamarintvos) (< xamarinwatchos)) (&& (< monoandroid) (< net20) (>= netstandard1.2) (< netstandard1.3) (< wpa81)) (&& (< monoandroid) (< net20) (>= netstandard1.3) (< netstandard1.4) (< wpa81)) (&& (< monoandroid) (< net20) (< netstandard1.3) (>= netstandard1.4) (< wpa81)) (&& (< monoandroid) (< net20) (< netstandard1.3) (>= netstandard1.5)) (&& (< monoandroid) (< net20) (>= netstandard1.4) (< netstandard1.5) (< wpa81)) (&& (< monoandroid) (< net20) (>= netstandard1.5) (< netstandard1.6)) (&& (< monoandroid) (< net45) (< netstandard1.3) (>= netstandard1.6)) (&& (< monoandroid) (< net45) (< netstandard1.4) (>= netstandard1.6)) (&& (< monoandroid) (< net45) (< netstandard1.5) (>= netstandard1.6)) (&& (< monotouch) (< net45) (>= netstandard1.6) (< xamarinios) (< xamarinmac) (< xamarintvos) (< xamarinwatchos)) (&& (< net20) (>= netstandard1.0) (< portable-net45+win8+wpa81)) (&& (< net20) (>= netstandard1.1) (< portable-net451+win81+wpa81)) (&& (< net20) (>= netstandard1.3) (< portable-net45+win8+wpa81)) (&& (< net20) (>= netstandard1.3) (< portable-net451+win81+wpa81)) (&& (< net20) (< netstandard1.3) (>= netstandard1.6)) (&& (< net20) (>= netstandard1.6) (< xamarinmac)) (&& (< net45) (>= net46) (< netstandard1.3)) (&& (< net45) (>= net46) (>= netstandard1.4) (< netstandard1.5)) (&& (< net45) (>= net46) (< netstandard1.4)) (&& (< net45) (>= net46) (>= netstandard1.5)) (&& (< net45) (>= net46) (>= netstandard1.6) (< netstandard2.0)) (&& (< net45) (>= net46) (< portable-net451+win81+wpa81)) (&& (< net45) (>= netstandard1.6) (< portable-net451+win81+wpa81)) (&& (< net45) (>= netstandard2.0)) (&& (>= net46) (< portable-net45+win8+wpa81)) (&& (>= net46) (>= uap10.0)) (&& (< netstandard1.3) (>= uap10.0)) (&& (>= netstandard1.6) (< portable-net45+win8+wpa81)) (&& (>= netstandard1.6) (>= uap10.0)) (&& (>= uap10.0) (< uap10.1)) (&& (>= uap10.0) (< win8) (< wpa81))
      Microsoft.NETCore.Platforms (>= 1.1) - restriction: || (>= dnxcore50) (&& (< monotouch) (< net45) (>= netstandard1.0) (< win8) (< wp8) (< wpa81) (< xamarinios) (< xamarinmac) (< xamarintvos) (< xamarinwatchos))
      Microsoft.NETCore.Targets (>= 1.1) - restriction: || (>= dnxcore50) (&& (< monotouch) (< net45) (>= netstandard1.0) (< win8) (< wp8) (< wpa81) (< xamarinios) (< xamarinmac) (< xamarintvos) (< xamarinwatchos))
      System.Runtime (>= 4.3) - restriction: || (>= dnxcore50) (&& (< monotouch) (< net45) (>= netstandard1.0) (< win8) (< wp8) (< wpa81) (< xamarinios) (< xamarinmac) (< xamarintvos) (< xamarinwatchos))
    System.Diagnostics.TraceSource (4.3) - restriction: >= netstandard1.6
      Microsoft.NETCore.Platforms (>= 1.1) - restriction: && (< monotouch) (< net46) (>= netstandard1.3) (< xamarinios) (< xamarinmac) (< xamarintvos) (< xamarinwatchos)
      runtime.native.System (>= 4.3) - restriction: && (< monotouch) (< net46) (>= netstandard1.3) (< xamarinios) (< xamarinmac) (< xamarintvos) (< xamarinwatchos)
      System.Collections (>= 4.3) - restriction: && (< monotouch) (< net46) (>= netstandard1.3) (< xamarinios) (< xamarinmac) (< xamarintvos) (< xamarinwatchos)
      System.Diagnostics.Debug (>= 4.3) - restriction: && (< monotouch) (< net46) (>= netstandard1.3) (< xamarinios) (< xamarinmac) (< xamarintvos) (< xamarinwatchos)
      System.Globalization (>= 4.3) - restriction: && (< monotouch) (< net46) (>= netstandard1.3) (< xamarinios) (< xamarinmac) (< xamarintvos) (< xamarinwatchos)
      System.Resources.ResourceManager (>= 4.3) - restriction: && (< monotouch) (< net46) (>= netstandard1.3) (< xamarinios) (< xamarinmac) (< xamarintvos) (< xamarinwatchos)
      System.Runtime (>= 4.3) - restriction: && (< monotouch) (< net46) (>= netstandard1.3) (< xamarinios) (< xamarinmac) (< xamarintvos) (< xamarinwatchos)
      System.Runtime.Extensions (>= 4.3) - restriction: && (< monotouch) (< net46) (>= netstandard1.3) (< xamarinios) (< xamarinmac) (< xamarintvos) (< xamarinwatchos)
      System.Threading (>= 4.3) - restriction: && (< monotouch) (< net46) (>= netstandard1.3) (< xamarinios) (< xamarinmac) (< xamarintvos) (< xamarinwatchos)
    System.Diagnostics.Tracing (4.3) - restriction: || (&& (>= dnxcore50) (>= net46)) (&& (>= dnxcore50) (>= netstandard1.1)) (&& (>= dnxcore50) (>= netstandard1.2)) (&& (>= dnxcore50) (>= netstandard1.3)) (&& (>= dnxcore50) (>= netstandard1.4)) (&& (>= dnxcore50) (>= netstandard1.5)) (&& (>= dnxcore50) (>= netstandard1.6)) (&& (>= dnxcore50) (>= uap10.0)) (&& (< monoandroid) (< monotouch) (< net20) (>= netstandard1.5) (< netstandard2.0) (< xamarinios) (< xamarinmac) (< xamarintvos) (< xamarinwatchos)) (&& (< monoandroid) (< net20) (>= netstandard1.2) (< netstandard1.3) (< wpa81)) (&& (< monoandroid) (< net20) (>= netstandard1.3) (< netstandard1.4) (< wpa81)) (&& (< monoandroid) (< net20) (< netstandard1.3) (>= netstandard1.4) (< wpa81)) (&& (< monoandroid) (< net20) (< netstandard1.3) (>= netstandard1.5)) (&& (< monoandroid) (< net20) (>= netstandard1.4) (< netstandard1.5) (< wpa81)) (&& (< monoandroid) (< net20) (< netstandard1.4) (>= netstandard1.6)) (&& (< monoandroid) (< net20) (>= netstandard1.5) (< netstandard1.6)) (&& (< monoandroid) (< net20) (< netstandard1.5) (>= netstandard1.6)) (&& (< monoandroid) (< net45) (< netstandard1.4) (>= netstandard1.6)) (&& (< monoandroid) (< net45) (< netstandard1.5) (>= netstandard1.6)) (&& (< monotouch) (< net20) (>= netstandard1.6) (< xamarinios) (< xamarinmac) (< xamarintvos) (< xamarinwatchos)) (&& (< monotouch) (< net45) (>= netstandard1.6) (< xamarinios) (< xamarinmac) (< xamarintvos) (< xamarinwatchos)) (&& (< monotouch) (< net46) (>= netstandard1.6) (< netstandard2.0) (< xamarinios) (< xamarinmac) (< xamarintvos) (< xamarinwatchos)) (&& (< net20) (>= netstandard1.1) (< portable-net451+win81+wpa81)) (&& (< net20) (>= netstandard1.3) (< portable-net451+win81+wpa81)) (&& (< net20) (< netstandard1.3) (>= netstandard1.6)) (&& (< net20) (>= netstandard1.6) (< portable-net451+win81+wpa81)) (&& (< net45) (>= net46)) (&& (< net45) (< netstandard1.3) (>= netstandard1.6)) (&& (< net45) (>= netstandard1.6) (< portable-net451+win81+wpa81)) (&& (>= net46) (>= uap10.0)) (&& (< netstandard1.3) (>= uap10.0)) (&& (>= netstandard1.6) (>= uap10.0)) (&& (>= uap10.0) (< uap10.1)) (&& (>= uap10.0) (< win8) (< wpa81))
      Microsoft.NETCore.Platforms (>= 1.1) - restriction: || (>= dnxcore50) (&& (< monoandroid) (< net45) (>= netstandard1.1) (< netstandard1.2) (< win8)) (&& (< monoandroid) (< net45) (>= netstandard1.2) (< netstandard1.3) (< win8) (< wpa81)) (&& (< monoandroid) (< net45) (>= netstandard1.3) (< netstandard1.5) (< win8) (< wpa81)) (&& (< monotouch) (< net45) (>= netstandard1.5) (< xamarinios) (< xamarinmac) (< xamarintvos) (< xamarinwatchos))
      Microsoft.NETCore.Targets (>= 1.1) - restriction: || (>= dnxcore50) (&& (< monoandroid) (< net45) (>= netstandard1.1) (< netstandard1.2) (< win8)) (&& (< monoandroid) (< net45) (>= netstandard1.2) (< netstandard1.3) (< win8) (< wpa81)) (&& (< monoandroid) (< net45) (>= netstandard1.3) (< netstandard1.5) (< win8) (< wpa81)) (&& (< monotouch) (< net45) (>= netstandard1.5) (< xamarinios) (< xamarinmac) (< xamarintvos) (< xamarinwatchos))
      System.Runtime (>= 4.3) - restriction: || (>= dnxcore50) (&& (< monoandroid) (< net45) (>= netstandard1.1) (< netstandard1.2) (< win8)) (&& (< monoandroid) (< net45) (>= netstandard1.2) (< netstandard1.3) (< win8) (< wpa81)) (&& (< monoandroid) (< net45) (>= netstandard1.3) (< netstandard1.5) (< win8) (< wpa81)) (&& (< monotouch) (< net45) (>= netstandard1.5) (< xamarinios) (< xamarinmac) (< xamarintvos) (< xamarinwatchos))
    System.Dynamic.Runtime (4.3) - restriction: || (&& (>= dnxcore50) (>= netstandard1.0)) (&& (>= dnxcore50) (>= netstandard1.3)) (&& (< monoandroid) (< net20) (>= netstandard1.0) (< netstandard1.3) (< win8) (< wp8) (< wpa81)) (&& (< monotouch) (< net20) (>= netstandard1.3) (< netstandard2.0) (< win8) (< wpa81) (< xamarinios) (< xamarinmac) (< xamarintvos) (< xamarinwatchos))
      System.Collections (>= 4.3) - restriction: || (>= dnxcore50) (&& (< monotouch) (< net45) (>= netstandard1.3) (< win8) (< wpa81) (< xamarinios) (< xamarinmac) (< xamarintvos) (< xamarinwatchos))
      System.Diagnostics.Debug (>= 4.3) - restriction: || (>= dnxcore50) (&& (< monotouch) (< net45) (>= netstandard1.3) (< win8) (< wpa81) (< xamarinios) (< xamarinmac) (< xamarintvos) (< xamarinwatchos))
      System.Linq (>= 4.3) - restriction: || (>= dnxcore50) (&& (< monotouch) (< net45) (>= netstandard1.3) (< win8) (< wpa81) (< xamarinios) (< xamarinmac) (< xamarintvos) (< xamarinwatchos))
      System.Linq.Expressions (>= 4.3) - restriction: || (>= dnxcore50) (&& (< monoandroid) (< net45) (>= netstandard1.0) (< netstandard1.3) (< win8) (< wp8) (< wpa81)) (&& (< monotouch) (< net45) (>= netstandard1.3) (< win8) (< wpa81) (< xamarinios) (< xamarinmac) (< xamarintvos) (< xamarinwatchos))
      System.ObjectModel (>= 4.3) - restriction: || (>= dnxcore50) (&& (< monoandroid) (< net45) (>= netstandard1.0) (< netstandard1.3) (< win8) (< wp8) (< wpa81)) (&& (< monotouch) (< net45) (>= netstandard1.3) (< win8) (< wpa81) (< xamarinios) (< xamarinmac) (< xamarintvos) (< xamarinwatchos))
      System.Reflection (>= 4.3) - restriction: || (>= dnxcore50) (&& (< monoandroid) (< net45) (>= netstandard1.0) (< netstandard1.3) (< win8) (< wp8) (< wpa81)) (&& (< monotouch) (< net45) (>= netstandard1.3) (< win8) (< wpa81) (< xamarinios) (< xamarinmac) (< xamarintvos) (< xamarinwatchos))
      System.Reflection.Emit (>= 4.3) - restriction: && (< monotouch) (< net45) (>= netstandard1.3) (< win8) (< wpa81) (< xamarinios) (< xamarinmac) (< xamarintvos) (< xamarinwatchos)
      System.Reflection.Emit.ILGeneration (>= 4.3) - restriction: && (< monotouch) (< net45) (>= netstandard1.3) (< win8) (< wpa81) (< xamarinios) (< xamarinmac) (< xamarintvos) (< xamarinwatchos)
      System.Reflection.Primitives (>= 4.3) - restriction: && (< monotouch) (< net45) (>= netstandard1.3) (< win8) (< wpa81) (< xamarinios) (< xamarinmac) (< xamarintvos) (< xamarinwatchos)
      System.Reflection.TypeExtensions (>= 4.3) - restriction: || (>= dnxcore50) (&& (< monotouch) (< net45) (>= netstandard1.3) (< win8) (< wpa81) (< xamarinios) (< xamarinmac) (< xamarintvos) (< xamarinwatchos))
      System.Resources.ResourceManager (>= 4.3) - restriction: || (>= dnxcore50) (&& (< monotouch) (< net45) (>= netstandard1.3) (< win8) (< wpa81) (< xamarinios) (< xamarinmac) (< xamarintvos) (< xamarinwatchos))
      System.Runtime (>= 4.3) - restriction: || (>= dnxcore50) (&& (< monoandroid) (< net45) (>= netstandard1.0) (< netstandard1.3) (< win8) (< wp8) (< wpa81)) (&& (< monotouch) (< net45) (>= netstandard1.3) (< win8) (< wpa81) (< xamarinios) (< xamarinmac) (< xamarintvos) (< xamarinwatchos))
      System.Runtime.Extensions (>= 4.3) - restriction: || (>= dnxcore50) (&& (< monotouch) (< net45) (>= netstandard1.3) (< win8) (< wpa81) (< xamarinios) (< xamarinmac) (< xamarintvos) (< xamarinwatchos))
      System.Threading (>= 4.3) - restriction: || (>= dnxcore50) (&& (< monotouch) (< net45) (>= netstandard1.3) (< win8) (< wpa81) (< xamarinios) (< xamarinmac) (< xamarintvos) (< xamarinwatchos))
    System.Globalization (4.3) - restriction: || (&& (>= dnxcore50) (>= net46)) (&& (>= dnxcore50) (>= netstandard1.0)) (&& (>= dnxcore50) (>= netstandard1.1)) (&& (>= dnxcore50) (>= netstandard1.2)) (&& (>= dnxcore50) (>= netstandard1.3)) (&& (>= dnxcore50) (>= netstandard1.4)) (&& (>= dnxcore50) (>= netstandard1.5)) (&& (>= dnxcore50) (>= netstandard1.6)) (&& (>= dnxcore50) (>= netstandard2.0)) (&& (>= dnxcore50) (>= uap10.0)) (&& (< monoandroid) (< net20) (>= netstandard1.0) (< netstandard1.3) (< win8) (< wp8) (< wpa81)) (&& (< monoandroid) (< net20) (>= netstandard1.2) (< netstandard1.3) (< wpa81)) (&& (< monoandroid) (< net20) (>= netstandard1.3) (< netstandard1.4) (< wpa81)) (&& (< monoandroid) (< net20) (>= netstandard1.3) (< netstandard1.5) (< win8) (< wpa81)) (&& (< monoandroid) (< net20) (< netstandard1.3) (>= netstandard1.4) (< wpa81)) (&& (< monoandroid) (< net20) (>= netstandard1.4) (< netstandard1.5) (< wpa81)) (&& (< monoandroid) (< net20) (< netstandard1.4) (>= netstandard1.6)) (&& (< monoandroid) (< net20) (>= netstandard1.5) (< netstandard1.6)) (&& (< monoandroid) (< net20) (< netstandard1.5) (>= netstandard1.6)) (&& (< monoandroid) (< net35) (>= netstandard1.3) (< netstandard1.4)) (&& (< monoandroid) (< net35) (>= netstandard1.4) (< netstandard1.6)) (&& (< monoandroid) (< net45) (< netstandard1.3) (>= netstandard1.6)) (&& (< monoandroid) (< net45) (< netstandard1.4) (>= netstandard1.6)) (&& (< monoandroid) (< net45) (< netstandard1.5) (>= netstandard1.6)) (&& (< monoandroid) (< net46) (< netstandard1.4) (>= netstandard1.6)) (&& (< monotouch) (< net20) (>= netstandard1.3) (< xamarinios) (< xamarinmac) (< xamarintvos) (< xamarinwatchos)) (&& (< monotouch) (< net20) (>= netstandard1.5) (< xamarinios) (< xamarinmac) (< xamarintvos) (< xamarinwatchos)) (&& (< monotouch) (< net35) (>= netstandard1.6) (< xamarinios) (< xamarinmac) (< xamarintvos) (< xamarinwatchos)) (&& (< monotouch) (< net45) (>= netstandard1.6) (< xamarinios) (< xamarinmac) (< xamarintvos) (< xamarinwatchos)) (&& (< monotouch) (< net46) (>= netstandard1.6) (< xamarinios) (< xamarinmac) (< xamarintvos) (< xamarinwatchos)) (&& (< net20) (>= net46) (< netstandard1.3)) (&& (< net20) (>= net462)) (&& (< net20) (>= netstandard1.0) (< portable-net45+win8+wpa81)) (&& (< net20) (>= netstandard1.1) (< portable-net451+win81+wpa81)) (&& (< net20) (>= netstandard1.3) (< portable-net45+win8+wpa81)) (&& (< net20) (>= netstandard1.3) (< portable-net451+win81+wpa81)) (&& (< net20) (< netstandard1.3) (>= netstandard1.5)) (&& (< net20) (< netstandard1.3) (>= netstandard1.6)) (&& (< net20) (>= netstandard1.6) (< portable-net451+win81+wpa81)) (&& (< net20) (>= netstandard1.6) (< xamarinmac)) (&& (< net35) (>= net461) (< netstandard1.6)) (&& (< net35) (>= net463)) (&& (< net45) (>= net46)) (&& (< net45) (>= netstandard1.6) (< portable-net451+win81+wpa81)) (&& (< net45) (>= netstandard2.0)) (&& (>= net46) (< portable-net45+win8+wpa81)) (&& (>= net46) (>= uap10.0)) (&& (< net46) (>= net463) (>= netstandard1.6)) (&& (< net46) (>= netstandard2.0)) (&& (< netstandard1.3) (>= uap10.0)) (&& (>= netstandard1.6) (< portable-net45+win8+wpa81)) (&& (>= netstandard1.6) (>= uap10.0)) (&& (>= uap10.0) (< uap10.1)) (&& (>= uap10.0) (< win8) (< wpa81))
      Microsoft.NETCore.Platforms (>= 1.1) - restriction: || (>= dnxcore50) (&& (< monoandroid) (< net45) (>= netstandard1.0) (< netstandard1.3) (< win8) (< wp8) (< wpa81)) (&& (< monotouch) (< net45) (>= netstandard1.3) (< win8) (< wpa81) (< xamarinios) (< xamarinmac) (< xamarintvos) (< xamarinwatchos))
      Microsoft.NETCore.Targets (>= 1.1) - restriction: || (>= dnxcore50) (&& (< monoandroid) (< net45) (>= netstandard1.0) (< netstandard1.3) (< win8) (< wp8) (< wpa81)) (&& (< monotouch) (< net45) (>= netstandard1.3) (< win8) (< wpa81) (< xamarinios) (< xamarinmac) (< xamarintvos) (< xamarinwatchos))
      System.Runtime (>= 4.3) - restriction: || (>= dnxcore50) (&& (< monoandroid) (< net45) (>= netstandard1.0) (< netstandard1.3) (< win8) (< wp8) (< wpa81)) (&& (< monotouch) (< net45) (>= netstandard1.3) (< win8) (< wpa81) (< xamarinios) (< xamarinmac) (< xamarintvos) (< xamarinwatchos))
    System.Globalization.Calendars (4.3) - restriction: || (&& (>= dnxcore50) (>= net46)) (&& (>= dnxcore50) (>= netstandard1.6)) (&& (< monoandroid) (< net20) (>= netstandard1.3) (< netstandard1.4) (< wpa81)) (&& (< monoandroid) (< net20) (< netstandard1.3) (>= netstandard1.4) (< wpa81)) (&& (< monoandroid) (< net20) (< netstandard1.3) (>= netstandard1.5)) (&& (< monoandroid) (< net20) (>= netstandard1.4) (< netstandard1.5) (< wpa81)) (&& (< monoandroid) (< net20) (>= netstandard1.5) (< netstandard1.6)) (&& (< monoandroid) (< net45) (< netstandard1.4) (>= netstandard1.6)) (&& (< monoandroid) (< net45) (< netstandard1.5) (>= netstandard1.6)) (&& (< monotouch) (< net20) (>= netstandard1.6) (< netstandard2.0) (< xamarinios) (< xamarinmac) (< xamarintvos) (< xamarinwatchos)) (&& (< monotouch) (< net45) (>= netstandard1.6) (< xamarinios) (< xamarinmac) (< xamarintvos) (< xamarinwatchos)) (&& (< net20) (>= net46) (< netstandard1.3)) (&& (< net20) (< netstandard1.3) (>= netstandard1.6)) (&& (< net45) (>= net46) (>= netstandard1.4) (< netstandard1.5)) (&& (< net45) (>= net46) (>= netstandard1.5) (< netstandard1.6)) (&& (< net45) (>= net46) (< netstandard1.5) (>= netstandard1.6)) (&& (< net45) (>= net46) (>= netstandard1.6) (< netstandard2.0)) (&& (>= net46) (< netstandard1.4)) (&& (>= net46) (>= uap10.0)) (&& (< netstandard1.3) (>= uap10.0)) (&& (>= netstandard1.6) (>= uap10.0)) (&& (>= uap10.0) (< uap10.1))
      Microsoft.NETCore.Platforms (>= 1.1) - restriction: && (< monotouch) (< net46) (>= netstandard1.3) (< xamarinios) (< xamarinmac) (< xamarintvos) (< xamarinwatchos)
      Microsoft.NETCore.Targets (>= 1.1) - restriction: && (< monotouch) (< net46) (>= netstandard1.3) (< xamarinios) (< xamarinmac) (< xamarintvos) (< xamarinwatchos)
      System.Globalization (>= 4.3) - restriction: && (< monotouch) (< net46) (>= netstandard1.3) (< xamarinios) (< xamarinmac) (< xamarintvos) (< xamarinwatchos)
      System.Runtime (>= 4.3) - restriction: && (< monotouch) (< net46) (>= netstandard1.3) (< xamarinios) (< xamarinmac) (< xamarintvos) (< xamarinwatchos)
    System.Globalization.Extensions (4.3) - restriction: || (&& (< monotouch) (< net20) (>= netstandard1.5) (< xamarinios) (< xamarinmac) (< xamarintvos) (< xamarinwatchos)) (&& (< monotouch) (< net45) (>= netstandard1.6) (< xamarinios) (< xamarinmac) (< xamarintvos) (< xamarinwatchos)) (&& (< net20) (< netstandard1.3) (>= netstandard1.5)) (&& (< net45) (>= net46) (>= netstandard1.6))
      Microsoft.NETCore.Platforms (>= 1.1) - restriction: && (< monotouch) (< net46) (>= netstandard1.3) (< xamarinios) (< xamarinmac) (< xamarintvos) (< xamarinwatchos)
      System.Globalization (>= 4.3) - restriction: && (< monotouch) (< net46) (>= netstandard1.3) (< xamarinios) (< xamarinmac) (< xamarintvos) (< xamarinwatchos)
      System.Resources.ResourceManager (>= 4.3) - restriction: && (< monotouch) (< net46) (>= netstandard1.3) (< xamarinios) (< xamarinmac) (< xamarintvos) (< xamarinwatchos)
      System.Runtime (>= 4.3) - restriction: && (< monotouch) (< net46) (>= netstandard1.3) (< xamarinios) (< xamarinmac) (< xamarintvos) (< xamarinwatchos)
      System.Runtime.Extensions (>= 4.3) - restriction: && (< monotouch) (< net46) (>= netstandard1.3) (< xamarinios) (< xamarinmac) (< xamarintvos) (< xamarinwatchos)
      System.Runtime.InteropServices (>= 4.3) - restriction: && (< monotouch) (< net46) (>= netstandard1.3) (< xamarinios) (< xamarinmac) (< xamarintvos) (< xamarinwatchos)
    System.IO (4.3) - restriction: || (&& (>= dnxcore50) (>= net46)) (&& (>= dnxcore50) (>= net461)) (&& (>= dnxcore50) (>= netstandard1.0)) (&& (>= dnxcore50) (>= netstandard1.1)) (&& (>= dnxcore50) (>= netstandard1.2)) (&& (>= dnxcore50) (>= netstandard1.3)) (&& (>= dnxcore50) (>= netstandard1.4)) (&& (>= dnxcore50) (>= netstandard1.5)) (&& (>= dnxcore50) (>= netstandard1.6)) (&& (>= dnxcore50) (>= netstandard2.0)) (&& (>= dnxcore50) (>= uap10.0)) (&& (< monoandroid) (< monotouch) (< net20) (>= netstandard1.5) (< xamarinios) (< xamarinmac) (< xamarintvos) (< xamarinwatchos)) (&& (< monoandroid) (< net20) (< netstandard1.1) (>= netstandard1.6)) (&& (< monoandroid) (< net20) (>= netstandard1.2) (< netstandard1.3) (< wpa81)) (&& (< monoandroid) (< net20) (>= netstandard1.3) (< netstandard1.4) (< wpa81)) (&& (< monoandroid) (< net20) (< netstandard1.3) (>= netstandard1.4) (< wpa81)) (&& (< monoandroid) (< net20) (< netstandard1.3) (>= netstandard1.5)) (&& (< monoandroid) (< net20) (>= netstandard1.4) (< netstandard1.5) (< wpa81)) (&& (< monoandroid) (< net20) (< netstandard1.4) (>= netstandard1.5)) (&& (< monoandroid) (< net20) (< netstandard1.4) (>= netstandard1.6)) (&& (< monoandroid) (< net20) (>= netstandard1.5) (< netstandard1.6)) (&& (< monoandroid) (< net20) (< netstandard1.5) (>= netstandard1.6)) (&& (< monoandroid) (< net35) (>= netstandard1.3) (< netstandard1.4)) (&& (< monoandroid) (< net35) (>= netstandard1.3) (< netstandard1.5) (< win8) (< wpa81)) (&& (< monoandroid) (< net35) (>= netstandard1.4) (< netstandard1.6)) (&& (< monoandroid) (< net45) (< netstandard1.3) (>= netstandard1.6)) (&& (< monoandroid) (< net45) (< netstandard1.4) (>= netstandard1.6)) (&& (< monoandroid) (< net45) (< netstandard1.5) (>= netstandard1.6)) (&& (< monoandroid) (< net46) (< netstandard1.4) (>= netstandard1.6)) (&& (< monotouch) (< net20) (>= netstandard1.3) (< xamarinios) (< xamarinmac) (< xamarintvos) (< xamarinwatchos)) (&& (< monotouch) (< net35) (>= netstandard1.3) (< xamarinios) (< xamarinmac) (< xamarintvos) (< xamarinwatchos)) (&& (< monotouch) (< net35) (>= netstandard1.5) (< xamarinios) (< xamarinmac) (< xamarintvos) (< xamarinwatchos)) (&& (< monotouch) (< net35) (>= netstandard1.6) (< xamarinios) (< xamarinmac) (< xamarintvos) (< xamarinwatchos)) (&& (< monotouch) (< net45) (>= netstandard1.6) (< xamarinios) (< xamarinmac) (< xamarintvos) (< xamarinwatchos)) (&& (< monotouch) (< net46) (>= netstandard1.6) (< xamarinios) (< xamarinmac) (< xamarintvos) (< xamarinwatchos)) (&& (< net20) (>= net46) (< netstandard1.3)) (&& (< net20) (>= netstandard1.0) (< portable-net45+win8+wpa81)) (&& (< net20) (>= netstandard1.1) (< portable-net451+win81+wpa81)) (&& (< net20) (>= netstandard1.3) (< portable-net45+win8+wpa81)) (&& (< net20) (>= netstandard1.3) (< portable-net451+win81+wpa81)) (&& (< net20) (< netstandard1.3) (>= netstandard1.6)) (&& (< net20) (>= netstandard1.5) (< portable-net45+win8+wpa81)) (&& (< net20) (>= netstandard1.5) (< portable-net451+win81+wpa81)) (&& (< net20) (>= netstandard1.6) (< portable-net451+win81+wpa81)) (&& (< net20) (>= netstandard1.6) (< xamarinmac)) (&& (< net35) (>= net46) (>= netstandard1.4) (< netstandard1.6)) (&& (< net35) (>= net46) (< netstandard1.4)) (&& (< net35) (>= net46) (>= netstandard1.6)) (&& (< net45) (>= net46)) (&& (< net45) (>= netstandard1.6) (< portable-net451+win81+wpa81)) (&& (< net45) (>= netstandard2.0)) (&& (>= net46) (< portable-net45+win8+wpa81)) (&& (>= net46) (>= uap10.0)) (&& (< net46) (>= net461) (< netstandard1.4)) (&& (< net46) (>= net461) (>= netstandard1.6)) (&& (< net46) (>= net461) (< netstandard1.6)) (&& (< net46) (>= netstandard2.0)) (>= net463) (&& (< netstandard1.3) (>= uap10.0)) (&& (< netstandard1.4) (>= uap10.0)) (&& (>= netstandard1.5) (>= uap10.0)) (&& (>= netstandard1.6) (< portable-net45+win8+wpa81)) (&& (>= netstandard1.6) (>= uap10.0)) (&& (>= uap10.0) (< uap10.1)) (&& (>= uap10.0) (< win8) (< wpa81))
      Microsoft.NETCore.Platforms (>= 1.1) - restriction: || (>= dnxcore50) (&& (< monoandroid) (< net45) (>= netstandard1.0) (< netstandard1.3) (< win8) (< wp8) (< wpa81)) (&& (< monoandroid) (< net45) (>= netstandard1.3) (< netstandard1.5) (< win8) (< wpa81)) (&& (< monotouch) (< net45) (>= netstandard1.5) (< xamarinios) (< xamarinmac) (< xamarintvos) (< xamarinwatchos))
      Microsoft.NETCore.Targets (>= 1.1) - restriction: || (>= dnxcore50) (&& (< monoandroid) (< net45) (>= netstandard1.0) (< netstandard1.3) (< win8) (< wp8) (< wpa81)) (&& (< monoandroid) (< net45) (>= netstandard1.3) (< netstandard1.5) (< win8) (< wpa81)) (&& (< monotouch) (< net45) (>= netstandard1.5) (< xamarinios) (< xamarinmac) (< xamarintvos) (< xamarinwatchos))
      System.Runtime (>= 4.3) - restriction: || (>= dnxcore50) (&& (< monoandroid) (< net45) (>= netstandard1.0) (< netstandard1.3) (< win8) (< wp8) (< wpa81)) (&& (< monoandroid) (< net45) (>= netstandard1.3) (< netstandard1.5) (< win8) (< wpa81)) (&& (< monotouch) (< net45) (>= netstandard1.5) (< xamarinios) (< xamarinmac) (< xamarintvos) (< xamarinwatchos))
      System.Text.Encoding (>= 4.3) - restriction: || (>= dnxcore50) (&& (< monoandroid) (< net45) (>= netstandard1.0) (< netstandard1.3) (< win8) (< wp8) (< wpa81)) (&& (< monoandroid) (< net45) (>= netstandard1.3) (< netstandard1.5) (< win8) (< wpa81)) (&& (< monotouch) (< net45) (>= netstandard1.5) (< xamarinios) (< xamarinmac) (< xamarintvos) (< xamarinwatchos))
      System.Threading.Tasks (>= 4.3) - restriction: || (>= dnxcore50) (&& (< monoandroid) (< net45) (>= netstandard1.0) (< netstandard1.3) (< win8) (< wp8) (< wpa81)) (&& (< monoandroid) (< net45) (>= netstandard1.3) (< netstandard1.5) (< win8) (< wpa81)) (&& (< monotouch) (< net45) (>= netstandard1.5) (< xamarinios) (< xamarinmac) (< xamarintvos) (< xamarinwatchos))
    System.IO.Compression (4.3) - restriction: || (&& (< monoandroid) (< net20) (>= netstandard1.2) (< netstandard1.3) (< wpa81)) (&& (< monoandroid) (< net20) (>= netstandard1.3) (< netstandard1.4) (< wpa81)) (&& (< monoandroid) (< net20) (< netstandard1.3) (>= netstandard1.4) (< wpa81)) (&& (< monoandroid) (< net20) (>= netstandard1.4) (< netstandard1.5) (< wpa81)) (&& (< monoandroid) (< net20) (>= netstandard1.5)) (&& (< net20) (>= netstandard1.1) (< portable-net451+win81+wpa81)) (&& (< net20) (>= netstandard1.3) (< portable-net451+win81+wpa81)) (>= net46) (&& (< netstandard1.3) (>= uap10.0)) (>= netstandard1.6) (&& (>= uap10.0) (< uap10.1))
      Microsoft.NETCore.Platforms (>= 1.1) - restriction: && (< monotouch) (< net45) (>= netstandard1.3) (< win8) (< wpa81) (< xamarinios) (< xamarinmac) (< xamarintvos) (< xamarinwatchos)
      runtime.native.System (>= 4.3) - restriction: && (< monotouch) (< net45) (>= netstandard1.3) (< win8) (< wpa81) (< xamarinios) (< xamarinmac) (< xamarintvos) (< xamarinwatchos)
      runtime.native.System.IO.Compression (>= 4.3) - restriction: || (>= dnxcore50) (&& (< monotouch) (< net45) (>= netstandard1.3) (< win8) (< wpa81) (< xamarinios) (< xamarinmac) (< xamarintvos) (< xamarinwatchos))
      System.Buffers (>= 4.3) - restriction: || (>= dnxcore50) (&& (< monotouch) (< net45) (>= netstandard1.3) (< win8) (< wpa81) (< xamarinios) (< xamarinmac) (< xamarintvos) (< xamarinwatchos))
      System.Collections (>= 4.3) - restriction: || (>= dnxcore50) (&& (< monotouch) (< net45) (>= netstandard1.3) (< win8) (< wpa81) (< xamarinios) (< xamarinmac) (< xamarintvos) (< xamarinwatchos))
      System.Diagnostics.Debug (>= 4.3) - restriction: || (>= dnxcore50) (&& (< monotouch) (< net45) (>= netstandard1.3) (< win8) (< wpa81) (< xamarinios) (< xamarinmac) (< xamarintvos) (< xamarinwatchos))
      System.IO (>= 4.3) - restriction: || (>= dnxcore50) (&& (< monoandroid) (< net45) (>= netstandard1.1) (< netstandard1.3) (< win8) (< wpa81)) (&& (< monotouch) (< net45) (>= netstandard1.3) (< win8) (< wpa81) (< xamarinios) (< xamarinmac) (< xamarintvos) (< xamarinwatchos))
      System.Resources.ResourceManager (>= 4.3) - restriction: || (>= dnxcore50) (&& (< monotouch) (< net45) (>= netstandard1.3) (< win8) (< wpa81) (< xamarinios) (< xamarinmac) (< xamarintvos) (< xamarinwatchos))
      System.Runtime (>= 4.3) - restriction: || (>= dnxcore50) (&& (< monoandroid) (< net45) (>= netstandard1.1) (< netstandard1.3) (< win8) (< wpa81)) (&& (< monotouch) (< net45) (>= netstandard1.3) (< win8) (< wpa81) (< xamarinios) (< xamarinmac) (< xamarintvos) (< xamarinwatchos))
      System.Runtime.Extensions (>= 4.3) - restriction: || (>= dnxcore50) (&& (< monotouch) (< net45) (>= netstandard1.3) (< win8) (< wpa81) (< xamarinios) (< xamarinmac) (< xamarintvos) (< xamarinwatchos))
      System.Runtime.Handles (>= 4.3) - restriction: || (>= dnxcore50) (&& (< monotouch) (< net45) (>= netstandard1.3) (< win8) (< wpa81) (< xamarinios) (< xamarinmac) (< xamarintvos) (< xamarinwatchos))
      System.Runtime.InteropServices (>= 4.3) - restriction: || (>= dnxcore50) (&& (< monotouch) (< net45) (>= netstandard1.3) (< win8) (< wpa81) (< xamarinios) (< xamarinmac) (< xamarintvos) (< xamarinwatchos))
      System.Text.Encoding (>= 4.3) - restriction: || (>= dnxcore50) (&& (< monoandroid) (< net45) (>= netstandard1.1) (< netstandard1.3) (< win8) (< wpa81)) (&& (< monotouch) (< net45) (>= netstandard1.3) (< win8) (< wpa81) (< xamarinios) (< xamarinmac) (< xamarintvos) (< xamarinwatchos))
      System.Threading (>= 4.3) - restriction: || (>= dnxcore50) (&& (< monotouch) (< net45) (>= netstandard1.3) (< win8) (< wpa81) (< xamarinios) (< xamarinmac) (< xamarintvos) (< xamarinwatchos))
      System.Threading.Tasks (>= 4.3) - restriction: || (>= dnxcore50) (&& (< monotouch) (< net45) (>= netstandard1.3) (< win8) (< wpa81) (< xamarinios) (< xamarinmac) (< xamarintvos) (< xamarinwatchos))
    System.IO.Compression.ZipFile (4.3) - restriction: || (&& (< monoandroid) (< net20) (>= netstandard1.3) (< netstandard1.4) (< wpa81)) (&& (< monoandroid) (< net20) (< netstandard1.3) (>= netstandard1.4) (< wpa81)) (&& (< monoandroid) (< net20) (>= netstandard1.4) (< netstandard1.5) (< wpa81)) (&& (< monoandroid) (< net20) (>= netstandard1.5)) (>= net46) (&& (< netstandard1.3) (>= uap10.0)) (>= netstandard1.6) (&& (>= uap10.0) (< uap10.1))
      System.Buffers (>= 4.3) - restriction: && (< monotouch) (< net46) (>= netstandard1.3) (< xamarinios) (< xamarinmac) (< xamarintvos) (< xamarinwatchos)
      System.IO (>= 4.3) - restriction: && (< monotouch) (< net46) (>= netstandard1.3) (< xamarinios) (< xamarinmac) (< xamarintvos) (< xamarinwatchos)
      System.IO.Compression (>= 4.3) - restriction: && (< monotouch) (< net46) (>= netstandard1.3) (< xamarinios) (< xamarinmac) (< xamarintvos) (< xamarinwatchos)
      System.IO.FileSystem (>= 4.3) - restriction: && (< monotouch) (< net46) (>= netstandard1.3) (< xamarinios) (< xamarinmac) (< xamarintvos) (< xamarinwatchos)
      System.IO.FileSystem.Primitives (>= 4.3) - restriction: && (< monotouch) (< net46) (>= netstandard1.3) (< xamarinios) (< xamarinmac) (< xamarintvos) (< xamarinwatchos)
      System.Resources.ResourceManager (>= 4.3) - restriction: && (< monotouch) (< net46) (>= netstandard1.3) (< xamarinios) (< xamarinmac) (< xamarintvos) (< xamarinwatchos)
      System.Runtime (>= 4.3) - restriction: && (< monotouch) (< net46) (>= netstandard1.3) (< xamarinios) (< xamarinmac) (< xamarintvos) (< xamarinwatchos)
      System.Runtime.Extensions (>= 4.3) - restriction: && (< monotouch) (< net46) (>= netstandard1.3) (< xamarinios) (< xamarinmac) (< xamarintvos) (< xamarinwatchos)
      System.Text.Encoding (>= 4.3) - restriction: && (< monotouch) (< net46) (>= netstandard1.3) (< xamarinios) (< xamarinmac) (< xamarintvos) (< xamarinwatchos)
    System.IO.FileSystem (4.3) - restriction: || (&& (>= dnxcore50) (>= net46)) (&& (>= dnxcore50) (>= netstandard1.0)) (&& (>= dnxcore50) (>= netstandard1.1)) (&& (>= dnxcore50) (>= netstandard1.2)) (&& (>= dnxcore50) (>= netstandard1.3)) (&& (>= dnxcore50) (>= netstandard1.4)) (&& (>= dnxcore50) (>= netstandard1.5)) (&& (>= dnxcore50) (>= netstandard1.6)) (&& (>= dnxcore50) (>= netstandard2.0)) (&& (>= dnxcore50) (>= uap10.0)) (&& (< monoandroid) (< monotouch) (< net20) (>= netstandard1.5) (< xamarinios) (< xamarinmac) (< xamarintvos) (< xamarinwatchos)) (&& (< monoandroid) (< net20) (>= netstandard1.3) (< netstandard1.4) (< wpa81)) (&& (< monoandroid) (< net20) (< netstandard1.3) (>= netstandard1.4) (< wpa81)) (&& (< monoandroid) (< net20) (< netstandard1.3) (>= netstandard1.5)) (&& (< monoandroid) (< net20) (>= netstandard1.4) (< netstandard1.5) (< wpa81)) (&& (< monoandroid) (< net20) (>= netstandard1.5) (< netstandard1.6)) (&& (< monoandroid) (< net45) (< netstandard1.4) (>= netstandard1.6)) (&& (< monoandroid) (< net45) (< netstandard1.5) (>= netstandard1.6)) (&& (< monotouch) (< net20) (>= netstandard1.6) (< netstandard2.0) (< xamarinios) (< xamarinmac) (< xamarintvos) (< xamarinwatchos)) (&& (< monotouch) (< net45) (>= netstandard1.6) (< xamarinios) (< xamarinmac) (< xamarintvos) (< xamarinwatchos)) (&& (< monotouch) (< net46) (>= netstandard1.6) (< xamarinios) (< xamarinmac) (< xamarintvos) (< xamarinwatchos)) (&& (< net20) (>= net46) (< netstandard1.3)) (&& (< net20) (>= netstandard1.3) (< portable-net45+win8+wpa81)) (&& (< net20) (>= netstandard1.3) (< portable-net451+win81+wpa81) (< win8)) (&& (< net20) (< netstandard1.3) (>= netstandard1.6)) (&& (< net35) (>= netstandard1.3)) (&& (< net45) (>= net46)) (&& (< net45) (>= netstandard2.0)) (&& (>= net46) (< netstandard1.4)) (&& (>= net46) (>= uap10.0)) (&& (< netstandard1.3) (>= uap10.0)) (&& (>= netstandard1.6) (>= uap10.0)) (&& (>= uap10.0) (< uap10.1)) (&& (>= uap10.0) (< win8) (< wpa81))
      Microsoft.NETCore.Platforms (>= 1.1) - restriction: && (< monotouch) (< net46) (>= netstandard1.3) (< xamarinios) (< xamarinmac) (< xamarintvos) (< xamarinwatchos)
      Microsoft.NETCore.Targets (>= 1.1) - restriction: && (< monotouch) (< net46) (>= netstandard1.3) (< xamarinios) (< xamarinmac) (< xamarintvos) (< xamarinwatchos)
      System.IO (>= 4.3) - restriction: && (< monotouch) (< net46) (>= netstandard1.3) (< xamarinios) (< xamarinmac) (< xamarintvos) (< xamarinwatchos)
      System.IO.FileSystem.Primitives (>= 4.3) - restriction: || (&& (< monotouch) (>= netstandard1.3) (< xamarinios) (< xamarinmac) (< xamarintvos) (< xamarinwatchos)) (>= net46)
      System.Runtime (>= 4.3) - restriction: && (< monotouch) (< net46) (>= netstandard1.3) (< xamarinios) (< xamarinmac) (< xamarintvos) (< xamarinwatchos)
      System.Runtime.Handles (>= 4.3) - restriction: && (< monotouch) (< net46) (>= netstandard1.3) (< xamarinios) (< xamarinmac) (< xamarintvos) (< xamarinwatchos)
      System.Text.Encoding (>= 4.3) - restriction: && (< monotouch) (< net46) (>= netstandard1.3) (< xamarinios) (< xamarinmac) (< xamarintvos) (< xamarinwatchos)
      System.Threading.Tasks (>= 4.3) - restriction: && (< monotouch) (< net46) (>= netstandard1.3) (< xamarinios) (< xamarinmac) (< xamarintvos) (< xamarinwatchos)
    System.IO.FileSystem.Primitives (4.3) - restriction: || (&& (>= dnxcore50) (>= net46)) (&& (>= dnxcore50) (>= netstandard1.0)) (&& (>= dnxcore50) (>= netstandard1.1)) (&& (>= dnxcore50) (>= netstandard1.2)) (&& (>= dnxcore50) (>= netstandard1.3)) (&& (>= dnxcore50) (>= netstandard1.4)) (&& (>= dnxcore50) (>= netstandard1.5)) (&& (>= dnxcore50) (>= netstandard1.6)) (&& (>= dnxcore50) (>= netstandard2.0)) (&& (>= dnxcore50) (>= uap10.0)) (&& (< monoandroid) (< monotouch) (< net20) (>= netstandard1.5) (< xamarinios) (< xamarinmac) (< xamarintvos) (< xamarinwatchos)) (&& (< monoandroid) (< net20) (>= netstandard1.3) (< netstandard1.4) (< wpa81)) (&& (< monoandroid) (< net20) (< netstandard1.3) (>= netstandard1.4) (< wpa81)) (&& (< monoandroid) (< net20) (< netstandard1.3) (>= netstandard1.5)) (&& (< monoandroid) (< net20) (>= netstandard1.4) (< netstandard1.5) (< wpa81)) (&& (< monoandroid) (< net20) (>= netstandard1.5) (< netstandard1.6)) (&& (< monoandroid) (< net45) (< netstandard1.4) (>= netstandard1.6)) (&& (< monoandroid) (< net45) (< netstandard1.5) (>= netstandard1.6)) (&& (< monotouch) (< net20) (>= netstandard1.6) (< netstandard2.0) (< xamarinios) (< xamarinmac) (< xamarintvos) (< xamarinwatchos)) (&& (< monotouch) (< net45) (>= netstandard1.6) (< xamarinios) (< xamarinmac) (< xamarintvos) (< xamarinwatchos)) (&& (< monotouch) (< net46) (>= netstandard1.6) (< xamarinios) (< xamarinmac) (< xamarintvos) (< xamarinwatchos)) (&& (< net20) (>= net46) (< netstandard1.3)) (&& (< net20) (>= netstandard1.3) (< portable-net45+win8+wpa81)) (&& (< net20) (>= netstandard1.3) (< portable-net451+win81+wpa81) (< win8)) (&& (< net20) (< netstandard1.3) (>= netstandard1.6)) (&& (< net35) (>= net46)) (&& (< net35) (>= netstandard1.3)) (&& (< net45) (>= net46)) (&& (< net45) (>= netstandard2.0)) (&& (>= net46) (< netstandard1.4)) (&& (>= net46) (>= uap10.0)) (&& (< netstandard1.3) (>= uap10.0)) (&& (>= netstandard1.6) (>= uap10.0)) (&& (>= uap10.0) (< uap10.1)) (&& (>= uap10.0) (< win8) (< wpa81))
      System.Runtime (>= 4.3) - restriction: && (< monotouch) (< net46) (>= netstandard1.3) (< xamarinios) (< xamarinmac) (< xamarintvos) (< xamarinwatchos)
    System.Linq (4.3) - restriction: || (&& (>= dnxcore50) (>= net46)) (&& (>= dnxcore50) (>= netstandard1.0)) (&& (>= dnxcore50) (>= netstandard1.3)) (&& (>= dnxcore50) (>= netstandard1.6)) (&& (< monoandroid) (< net20) (>= netstandard1.2) (< netstandard1.3) (< wpa81)) (&& (< monoandroid) (< net20) (>= netstandard1.3) (< netstandard1.4) (< wpa81)) (&& (< monoandroid) (< net20) (< netstandard1.3) (>= netstandard1.4) (< wpa81)) (&& (< monoandroid) (< net20) (>= netstandard1.4) (< netstandard1.5) (< wpa81)) (&& (< monoandroid) (< net20) (>= netstandard1.5) (< netstandard1.6)) (&& (< monoandroid) (< net45) (< netstandard1.3) (>= netstandard1.6)) (&& (< monoandroid) (< net45) (< netstandard1.4) (>= netstandard1.6)) (&& (< monoandroid) (< net45) (< netstandard1.5) (>= netstandard1.6)) (&& (< monotouch) (< net20) (>= netstandard1.3) (< netstandard2.0) (< win8) (< wpa81) (< xamarinios) (< xamarinmac) (< xamarintvos) (< xamarinwatchos)) (&& (< monotouch) (< net20) (>= netstandard1.5) (< xamarinios) (< xamarinmac) (< xamarintvos) (< xamarinwatchos)) (&& (< monotouch) (< net35) (>= netstandard1.3) (< xamarinios) (< xamarinmac) (< xamarintvos) (< xamarinwatchos)) (&& (< monotouch) (< net45) (>= netstandard1.6) (< xamarinios) (< xamarinmac) (< xamarintvos) (< xamarinwatchos)) (&& (< monotouch) (< net46) (>= netstandard1.6) (< xamarinios) (< xamarinmac) (< xamarintvos) (< xamarinwatchos)) (&& (< net20) (>= netstandard1.0) (< portable-net45+win8+wpa81)) (&& (< net20) (>= netstandard1.1) (< portable-net451+win81+wpa81)) (&& (< net20) (>= netstandard1.3) (< portable-net45+win8+wpa81)) (&& (< net20) (>= netstandard1.3) (< portable-net451+win81+wpa81)) (&& (< net20) (< netstandard1.3) (>= netstandard1.5)) (&& (< net20) (< netstandard1.3) (>= netstandard1.6)) (&& (< net20) (>= netstandard1.6) (< xamarinmac)) (&& (< net45) (>= net46)) (&& (< net45) (>= netstandard1.6) (< portable-net451+win81+wpa81)) (&& (>= net46) (< portable-net45+win8+wpa81)) (&& (>= net46) (>= uap10.0)) (&& (< net46) (>= net463) (>= netstandard1.6)) (&& (< netstandard1.3) (>= uap10.0)) (&& (>= netstandard1.6) (< portable-net45+win8+wpa81)) (&& (>= netstandard1.6) (>= uap10.0)) (&& (>= uap10.0) (< uap10.1))
      System.Collections (>= 4.3) - restriction: || (>= dnxcore50) (&& (< monoandroid) (< net45) (>= netstandard1.0) (< netstandard1.6) (< win8) (< wp8) (< wpa81)) (&& (< monotouch) (< net45) (>= netstandard1.6) (< xamarinios) (< xamarinmac) (< xamarintvos) (< xamarinwatchos))
      System.Diagnostics.Debug (>= 4.3) - restriction: || (>= dnxcore50) (&& (< monotouch) (< net45) (>= netstandard1.6) (< xamarinios) (< xamarinmac) (< xamarintvos) (< xamarinwatchos))
      System.Resources.ResourceManager (>= 4.3) - restriction: || (>= dnxcore50) (&& (< monotouch) (< net45) (>= netstandard1.6) (< xamarinios) (< xamarinmac) (< xamarintvos) (< xamarinwatchos))
      System.Runtime (>= 4.3) - restriction: || (>= dnxcore50) (&& (< monoandroid) (< net45) (>= netstandard1.0) (< netstandard1.6) (< win8) (< wp8) (< wpa81)) (&& (< monotouch) (< net45) (>= netstandard1.6) (< xamarinios) (< xamarinmac) (< xamarintvos) (< xamarinwatchos))
      System.Runtime.Extensions (>= 4.3) - restriction: || (>= dnxcore50) (&& (< monotouch) (< net45) (>= netstandard1.6) (< xamarinios) (< xamarinmac) (< xamarintvos) (< xamarinwatchos))
    System.Linq.Expressions (4.3) - restriction: || (&& (>= dnxcore50) (>= netstandard1.0)) (&& (>= dnxcore50) (>= netstandard1.3)) (&& (>= dnxcore50) (>= netstandard1.6)) (&& (< monoandroid) (< net20) (>= netstandard1.0) (< netstandard1.3) (< win8) (< wp8) (< wpa81)) (&& (< monoandroid) (< net20) (>= netstandard1.2) (< netstandard1.3) (< wpa81)) (&& (< monoandroid) (< net20) (>= netstandard1.3) (< netstandard1.4) (< wpa81)) (&& (< monoandroid) (< net20) (< netstandard1.3) (>= netstandard1.4) (< wpa81)) (&& (< monoandroid) (< net20) (< netstandard1.3) (>= netstandard1.5)) (&& (< monoandroid) (< net20) (>= netstandard1.4) (< netstandard1.5) (< wpa81)) (&& (< monoandroid) (< net20) (>= netstandard1.5) (< netstandard1.6)) (&& (< monoandroid) (< net45) (< netstandard1.3) (>= netstandard1.6)) (&& (< monoandroid) (< net45) (< netstandard1.4) (>= netstandard1.6)) (&& (< monoandroid) (< net45) (< netstandard1.5) (>= netstandard1.6)) (&& (< monotouch) (< net20) (>= netstandard1.3) (< netstandard2.0) (< win8) (< wpa81) (< xamarinios) (< xamarinmac) (< xamarintvos) (< xamarinwatchos)) (&& (< monotouch) (< net45) (>= netstandard1.6) (< netstandard2.0) (< xamarinios) (< xamarinmac) (< xamarintvos) (< xamarinwatchos)) (&& (< net20) (>= netstandard1.0) (< portable-net45+win8+wpa81)) (&& (< net20) (>= netstandard1.1) (< portable-net451+win81+wpa81)) (&& (< net20) (>= netstandard1.3) (< portable-net45+win8+wpa81)) (&& (< net20) (>= netstandard1.3) (< portable-net451+win81+wpa81)) (&& (< net20) (< netstandard1.3) (>= netstandard1.6)) (&& (< net20) (>= netstandard1.6) (< xamarinmac)) (&& (< net45) (>= net46) (< netstandard1.3)) (&& (< net45) (>= net46) (>= netstandard1.4) (< netstandard1.5)) (&& (< net45) (>= net46) (< netstandard1.4)) (&& (< net45) (>= net46) (>= netstandard1.5) (< netstandard1.6)) (&& (< net45) (>= net46) (>= netstandard1.6) (< netstandard2.0)) (&& (< net45) (>= net46) (< portable-net451+win81+wpa81)) (&& (< net45) (>= netstandard1.6) (< portable-net451+win81+wpa81)) (&& (>= net46) (< portable-net45+win8+wpa81)) (&& (>= net46) (>= uap10.0)) (&& (< netstandard1.3) (>= uap10.0)) (&& (>= netstandard1.6) (< portable-net45+win8+wpa81)) (&& (>= netstandard1.6) (>= uap10.0)) (&& (>= uap10.0) (< uap10.1))
      System.Collections (>= 4.3) - restriction: || (>= dnxcore50) (&& (< monotouch) (< net45) (>= netstandard1.6) (< xamarinios) (< xamarinmac) (< xamarintvos) (< xamarinwatchos))
      System.Diagnostics.Debug (>= 4.3) - restriction: || (>= dnxcore50) (&& (< monotouch) (< net45) (>= netstandard1.6) (< xamarinios) (< xamarinmac) (< xamarintvos) (< xamarinwatchos))
      System.Globalization (>= 4.3) - restriction: || (>= dnxcore50) (&& (< monotouch) (< net45) (>= netstandard1.6) (< xamarinios) (< xamarinmac) (< xamarintvos) (< xamarinwatchos))
      System.IO (>= 4.3) - restriction: || (>= dnxcore50) (&& (< monotouch) (< net45) (>= netstandard1.6) (< xamarinios) (< xamarinmac) (< xamarintvos) (< xamarinwatchos))
      System.Linq (>= 4.3) - restriction: || (>= dnxcore50) (&& (< monotouch) (< net45) (>= netstandard1.6) (< xamarinios) (< xamarinmac) (< xamarintvos) (< xamarinwatchos))
      System.ObjectModel (>= 4.3) - restriction: && (< monotouch) (< net45) (>= netstandard1.6) (< xamarinios) (< xamarinmac) (< xamarintvos) (< xamarinwatchos)
      System.Reflection (>= 4.3) - restriction: || (>= dnxcore50) (&& (< monoandroid) (< net45) (>= netstandard1.0) (< netstandard1.3) (< win8) (< wp8) (< wpa81)) (&& (< monoandroid) (< net45) (>= netstandard1.3) (< netstandard1.6) (< win8) (< wpa81)) (&& (< monotouch) (< net45) (>= netstandard1.6) (< xamarinios) (< xamarinmac) (< xamarintvos) (< xamarinwatchos))
      System.Reflection.Emit (>= 4.3) - restriction: && (< monotouch) (< net45) (>= netstandard1.6) (< xamarinios) (< xamarinmac) (< xamarintvos) (< xamarinwatchos)
      System.Reflection.Emit.ILGeneration (>= 4.3) - restriction: || (>= dnxcore50) (&& (< monotouch) (< net45) (>= netstandard1.6) (< xamarinios) (< xamarinmac) (< xamarintvos) (< xamarinwatchos))
      System.Reflection.Emit.Lightweight (>= 4.3) - restriction: || (>= dnxcore50) (&& (< monotouch) (< net45) (>= netstandard1.6) (< xamarinios) (< xamarinmac) (< xamarintvos) (< xamarinwatchos))
      System.Reflection.Extensions (>= 4.3) - restriction: || (>= dnxcore50) (&& (< monotouch) (< net45) (>= netstandard1.6) (< xamarinios) (< xamarinmac) (< xamarintvos) (< xamarinwatchos))
      System.Reflection.Primitives (>= 4.3) - restriction: || (>= dnxcore50) (&& (< monotouch) (< net45) (>= netstandard1.6) (< xamarinios) (< xamarinmac) (< xamarintvos) (< xamarinwatchos))
      System.Reflection.TypeExtensions (>= 4.3) - restriction: || (>= dnxcore50) (&& (< monotouch) (< net45) (>= netstandard1.6) (< xamarinios) (< xamarinmac) (< xamarintvos) (< xamarinwatchos))
      System.Resources.ResourceManager (>= 4.3) - restriction: || (>= dnxcore50) (&& (< monotouch) (< net45) (>= netstandard1.6) (< xamarinios) (< xamarinmac) (< xamarintvos) (< xamarinwatchos))
      System.Runtime (>= 4.3) - restriction: || (>= dnxcore50) (&& (< monoandroid) (< net45) (>= netstandard1.0) (< netstandard1.3) (< win8) (< wp8) (< wpa81)) (&& (< monoandroid) (< net45) (>= netstandard1.3) (< netstandard1.6) (< win8) (< wpa81)) (&& (< monotouch) (< net45) (>= netstandard1.6) (< xamarinios) (< xamarinmac) (< xamarintvos) (< xamarinwatchos))
      System.Runtime.Extensions (>= 4.3) - restriction: || (>= dnxcore50) (&& (< monotouch) (< net45) (>= netstandard1.6) (< xamarinios) (< xamarinmac) (< xamarintvos) (< xamarinwatchos))
      System.Threading (>= 4.3) - restriction: || (>= dnxcore50) (&& (< monotouch) (< net45) (>= netstandard1.6) (< xamarinios) (< xamarinmac) (< xamarintvos) (< xamarinwatchos))
    System.Linq.Parallel (4.3) - restriction: || (>= net46) (>= netstandard1.6)
      System.Collections (>= 4.3) - restriction: || (>= dnxcore50) (&& (< monoandroid) (< net45) (>= netstandard1.1) (< netstandard1.3) (< win8) (< wpa81)) (&& (< monotouch) (< net45) (>= netstandard1.3) (< win8) (< wpa81) (< xamarinios) (< xamarinmac) (< xamarintvos) (< xamarinwatchos))
      System.Collections.Concurrent (>= 4.3) - restriction: || (>= dnxcore50) (&& (< monoandroid) (< net45) (>= netstandard1.1) (< netstandard1.3) (< win8) (< wpa81)) (&& (< monotouch) (< net45) (>= netstandard1.3) (< win8) (< wpa81) (< xamarinios) (< xamarinmac) (< xamarintvos) (< xamarinwatchos))
      System.Diagnostics.Debug (>= 4.3) - restriction: || (>= dnxcore50) (&& (< monotouch) (< net45) (>= netstandard1.3) (< win8) (< wpa81) (< xamarinios) (< xamarinmac) (< xamarintvos) (< xamarinwatchos))
      System.Diagnostics.Tracing (>= 4.3) - restriction: || (>= dnxcore50) (&& (< monotouch) (< net45) (>= netstandard1.3) (< win8) (< wpa81) (< xamarinios) (< xamarinmac) (< xamarintvos) (< xamarinwatchos))
      System.Linq (>= 4.3) - restriction: || (>= dnxcore50) (&& (< monoandroid) (< net45) (>= netstandard1.1) (< netstandard1.3) (< win8) (< wpa81)) (&& (< monotouch) (< net45) (>= netstandard1.3) (< win8) (< wpa81) (< xamarinios) (< xamarinmac) (< xamarintvos) (< xamarinwatchos))
      System.Resources.ResourceManager (>= 4.3) - restriction: || (>= dnxcore50) (&& (< monotouch) (< net45) (>= netstandard1.3) (< win8) (< wpa81) (< xamarinios) (< xamarinmac) (< xamarintvos) (< xamarinwatchos))
      System.Runtime (>= 4.3) - restriction: || (>= dnxcore50) (&& (< monoandroid) (< net45) (>= netstandard1.1) (< netstandard1.3) (< win8) (< wpa81)) (&& (< monotouch) (< net45) (>= netstandard1.3) (< win8) (< wpa81) (< xamarinios) (< xamarinmac) (< xamarintvos) (< xamarinwatchos))
      System.Runtime.Extensions (>= 4.3) - restriction: || (>= dnxcore50) (&& (< monotouch) (< net45) (>= netstandard1.3) (< win8) (< wpa81) (< xamarinios) (< xamarinmac) (< xamarintvos) (< xamarinwatchos))
      System.Threading (>= 4.3) - restriction: || (>= dnxcore50) (&& (< monotouch) (< net45) (>= netstandard1.3) (< win8) (< wpa81) (< xamarinios) (< xamarinmac) (< xamarintvos) (< xamarinwatchos))
      System.Threading.Tasks (>= 4.3) - restriction: || (>= dnxcore50) (&& (< monoandroid) (< net45) (>= netstandard1.1) (< netstandard1.3) (< win8) (< wpa81)) (&& (< monotouch) (< net45) (>= netstandard1.3) (< win8) (< wpa81) (< xamarinios) (< xamarinmac) (< xamarintvos) (< xamarinwatchos))
    System.Linq.Queryable (4.3) - restriction: && (< net20) (>= netstandard1.6) (< xamarinmac)
      System.Collections (>= 4.3) - restriction: || (>= dnxcore50) (&& (< monotouch) (< net45) (>= netstandard1.3) (< win8) (< wpa81) (< xamarinios) (< xamarinmac) (< xamarintvos) (< xamarinwatchos))
      System.Diagnostics.Debug (>= 4.3) - restriction: || (>= dnxcore50) (&& (< monotouch) (< net45) (>= netstandard1.3) (< win8) (< wpa81) (< xamarinios) (< xamarinmac) (< xamarintvos) (< xamarinwatchos))
      System.Linq (>= 4.3) - restriction: || (>= dnxcore50) (&& (< monoandroid) (< net45) (>= netstandard1.0) (< netstandard1.3) (< win8) (< wp8) (< wpa81)) (&& (< monotouch) (< net45) (>= netstandard1.3) (< win8) (< wpa81) (< xamarinios) (< xamarinmac) (< xamarintvos) (< xamarinwatchos))
      System.Linq.Expressions (>= 4.3) - restriction: || (>= dnxcore50) (&& (< monoandroid) (< net45) (>= netstandard1.0) (< netstandard1.3) (< win8) (< wp8) (< wpa81)) (&& (< monotouch) (< net45) (>= netstandard1.3) (< win8) (< wpa81) (< xamarinios) (< xamarinmac) (< xamarintvos) (< xamarinwatchos))
      System.Reflection (>= 4.3) - restriction: || (>= dnxcore50) (&& (< monotouch) (< net45) (>= netstandard1.3) (< win8) (< wpa81) (< xamarinios) (< xamarinmac) (< xamarintvos) (< xamarinwatchos))
      System.Reflection.Extensions (>= 4.3) - restriction: || (>= dnxcore50) (&& (< monotouch) (< net45) (>= netstandard1.3) (< win8) (< wpa81) (< xamarinios) (< xamarinmac) (< xamarintvos) (< xamarinwatchos))
      System.Resources.ResourceManager (>= 4.3) - restriction: || (>= dnxcore50) (&& (< monotouch) (< net45) (>= netstandard1.3) (< win8) (< wpa81) (< xamarinios) (< xamarinmac) (< xamarintvos) (< xamarinwatchos))
      System.Runtime (>= 4.3) - restriction: || (>= dnxcore50) (&& (< monoandroid) (< net45) (>= netstandard1.0) (< netstandard1.3) (< win8) (< wp8) (< wpa81)) (&& (< monotouch) (< net45) (>= netstandard1.3) (< win8) (< wpa81) (< xamarinios) (< xamarinmac) (< xamarintvos) (< xamarinwatchos))
    System.Net.Http (4.3.3) - restriction: || (&& (< monoandroid) (< net20) (>= netstandard1.2) (< netstandard1.3) (< wpa81)) (&& (< monoandroid) (< net20) (>= netstandard1.3) (< netstandard1.4) (< wpa81)) (&& (< monoandroid) (< net20) (< netstandard1.3) (>= netstandard1.4) (< wpa81)) (&& (< monoandroid) (< net20) (>= netstandard1.4) (< netstandard1.5) (< wpa81)) (&& (< monoandroid) (< net20) (>= netstandard1.5)) (&& (< net20) (>= netstandard1.1) (< portable-net451+win81+wpa81)) (&& (< net20) (>= netstandard1.3) (< portable-net451+win81+wpa81)) (>= net46) (&& (< netstandard1.3) (>= uap10.0)) (>= netstandard1.6) (&& (>= uap10.0) (< uap10.1))
      Microsoft.NETCore.Platforms (>= 1.1) - restriction: || (>= dnxcore50) (&& (< monoandroid) (< net45) (>= netstandard1.3) (< netstandard1.6) (< win8) (< wpa81)) (&& (< monotouch) (< net45) (>= netstandard1.6) (< xamarinios) (< xamarinmac) (< xamarintvos) (< xamarinwatchos))
      runtime.native.System (>= 4.3) - restriction: && (< monotouch) (< net45) (>= netstandard1.6) (< xamarinios) (< xamarinmac) (< xamarintvos) (< xamarinwatchos)
      runtime.native.System.Net.Http (>= 4.3) - restriction: && (< monotouch) (< net45) (>= netstandard1.6) (< xamarinios) (< xamarinmac) (< xamarintvos) (< xamarinwatchos)
      runtime.native.System.Security.Cryptography.OpenSsl (>= 4.3.2) - restriction: && (< monotouch) (< net45) (>= netstandard1.6) (< xamarinios) (< xamarinmac) (< xamarintvos) (< xamarinwatchos)
      System.Collections (>= 4.3) - restriction: || (>= dnxcore50) (&& (< monoandroid) (< net45) (>= netstandard1.3) (< netstandard1.6) (< win8) (< wpa81)) (&& (< monotouch) (< net45) (>= netstandard1.6) (< xamarinios) (< xamarinmac) (< xamarintvos) (< xamarinwatchos))
      System.Diagnostics.Debug (>= 4.3) - restriction: || (>= dnxcore50) (&& (< monoandroid) (< net45) (>= netstandard1.3) (< netstandard1.6) (< win8) (< wpa81)) (&& (< monotouch) (< net45) (>= netstandard1.6) (< xamarinios) (< xamarinmac) (< xamarintvos) (< xamarinwatchos))
      System.Diagnostics.DiagnosticSource (>= 4.3) - restriction: || (>= dnxcore50) (&& (< monoandroid) (< net45) (>= netstandard1.3) (< netstandard1.6) (< win8) (< wpa81)) (&& (< monotouch) (< net45) (>= netstandard1.6) (< xamarinios) (< xamarinmac) (< xamarintvos) (< xamarinwatchos))
      System.Diagnostics.Tracing (>= 4.3) - restriction: || (>= dnxcore50) (&& (< monoandroid) (< net45) (>= netstandard1.3) (< netstandard1.6) (< win8) (< wpa81)) (&& (< monotouch) (< net45) (>= netstandard1.6) (< xamarinios) (< xamarinmac) (< xamarintvos) (< xamarinwatchos))
      System.Globalization (>= 4.3) - restriction: || (>= dnxcore50) (&& (< monoandroid) (< net45) (>= netstandard1.3) (< netstandard1.6) (< win8) (< wpa81)) (&& (< monotouch) (< net45) (>= netstandard1.6) (< xamarinios) (< xamarinmac) (< xamarintvos) (< xamarinwatchos))
      System.Globalization.Extensions (>= 4.3) - restriction: && (< monotouch) (< net45) (>= netstandard1.6) (< xamarinios) (< xamarinmac) (< xamarintvos) (< xamarinwatchos)
      System.IO (>= 4.3) - restriction: || (>= dnxcore50) (&& (< monoandroid) (< net45) (>= netstandard1.1) (< netstandard1.3) (< win8) (< wpa81)) (&& (< monoandroid) (< net45) (>= netstandard1.3) (< netstandard1.6) (< win8) (< wpa81)) (&& (< monotouch) (< net45) (>= netstandard1.6) (< xamarinios) (< xamarinmac) (< xamarintvos) (< xamarinwatchos))
      System.IO.FileSystem (>= 4.3) - restriction: && (< monotouch) (< net45) (>= netstandard1.6) (< xamarinios) (< xamarinmac) (< xamarintvos) (< xamarinwatchos)
      System.Net.Primitives (>= 4.3) - restriction: || (>= dnxcore50) (&& (< monoandroid) (< net45) (>= netstandard1.1) (< netstandard1.3) (< win8) (< wpa81)) (&& (< monoandroid) (< net45) (>= netstandard1.3) (< netstandard1.6) (< win8) (< wpa81)) (&& (< monotouch) (< net45) (>= netstandard1.6) (< xamarinios) (< xamarinmac) (< xamarintvos) (< xamarinwatchos))
      System.Resources.ResourceManager (>= 4.3) - restriction: || (>= dnxcore50) (&& (< monoandroid) (< net45) (>= netstandard1.3) (< netstandard1.6) (< win8) (< wpa81)) (&& (< monotouch) (< net45) (>= netstandard1.6) (< xamarinios) (< xamarinmac) (< xamarintvos) (< xamarinwatchos))
      System.Runtime (>= 4.3) - restriction: || (>= dnxcore50) (&& (< monoandroid) (< net45) (>= netstandard1.1) (< netstandard1.3) (< win8) (< wpa81)) (&& (< monoandroid) (< net45) (>= netstandard1.3) (< netstandard1.6) (< win8) (< wpa81)) (&& (< monotouch) (< net45) (>= netstandard1.6) (< xamarinios) (< xamarinmac) (< xamarintvos) (< xamarinwatchos))
      System.Runtime.Extensions (>= 4.3) - restriction: || (>= dnxcore50) (&& (< monoandroid) (< net45) (>= netstandard1.3) (< netstandard1.6) (< win8) (< wpa81)) (&& (< monotouch) (< net45) (>= netstandard1.6) (< xamarinios) (< xamarinmac) (< xamarintvos) (< xamarinwatchos))
      System.Runtime.Handles (>= 4.3) - restriction: || (&& (< monoandroid) (< net45) (>= netstandard1.3) (< netstandard1.6) (< win8) (< wpa81)) (&& (< monotouch) (< net45) (>= netstandard1.6) (< xamarinios) (< xamarinmac) (< xamarintvos) (< xamarinwatchos))
      System.Runtime.InteropServices (>= 4.3) - restriction: || (>= dnxcore50) (&& (< monoandroid) (< net45) (>= netstandard1.3) (< netstandard1.6) (< win8) (< wpa81)) (&& (< monotouch) (< net45) (>= netstandard1.6) (< xamarinios) (< xamarinmac) (< xamarintvos) (< xamarinwatchos))
      System.Security.Cryptography.Algorithms (>= 4.3) - restriction: && (< monotouch) (< net45) (>= netstandard1.6) (< xamarinios) (< xamarinmac) (< xamarintvos) (< xamarinwatchos)
      System.Security.Cryptography.Encoding (>= 4.3) - restriction: || (&& (< monoandroid) (< net45) (>= netstandard1.3) (< netstandard1.6) (< win8) (< wpa81)) (&& (< monotouch) (< net45) (>= netstandard1.6) (< xamarinios) (< xamarinmac) (< xamarintvos) (< xamarinwatchos))
      System.Security.Cryptography.OpenSsl (>= 4.3) - restriction: && (< monotouch) (< net45) (>= netstandard1.6) (< xamarinios) (< xamarinmac) (< xamarintvos) (< xamarinwatchos)
      System.Security.Cryptography.Primitives (>= 4.3) - restriction: && (< monotouch) (< net45) (>= netstandard1.6) (< xamarinios) (< xamarinmac) (< xamarintvos) (< xamarinwatchos)
      System.Security.Cryptography.X509Certificates (>= 4.3) - restriction: || (>= dnxcore50) (&& (< monoandroid) (< net45) (>= netstandard1.3) (< netstandard1.6) (< win8) (< wpa81)) (&& (< monotouch) (< net45) (>= netstandard1.6) (< xamarinios) (< xamarinmac) (< xamarintvos) (< xamarinwatchos)) (>= net46)
      System.Text.Encoding (>= 4.3) - restriction: || (>= dnxcore50) (&& (< monoandroid) (< net45) (>= netstandard1.1) (< netstandard1.3) (< win8) (< wpa81)) (&& (< monoandroid) (< net45) (>= netstandard1.3) (< netstandard1.6) (< win8) (< wpa81)) (&& (< monotouch) (< net45) (>= netstandard1.6) (< xamarinios) (< xamarinmac) (< xamarintvos) (< xamarinwatchos))
      System.Threading (>= 4.3) - restriction: || (>= dnxcore50) (&& (< monoandroid) (< net45) (>= netstandard1.3) (< netstandard1.6) (< win8) (< wpa81)) (&& (< monotouch) (< net45) (>= netstandard1.6) (< xamarinios) (< xamarinmac) (< xamarintvos) (< xamarinwatchos))
      System.Threading.Tasks (>= 4.3) - restriction: || (>= dnxcore50) (&& (< monoandroid) (< net45) (>= netstandard1.1) (< netstandard1.3) (< win8) (< wpa81)) (&& (< monoandroid) (< net45) (>= netstandard1.3) (< netstandard1.6) (< win8) (< wpa81)) (&& (< monotouch) (< net45) (>= netstandard1.6) (< xamarinios) (< xamarinmac) (< xamarintvos) (< xamarinwatchos))
    System.Net.Primitives (4.3) - restriction: || (&& (>= dnxcore50) (>= net46)) (&& (>= dnxcore50) (>= netstandard1.1)) (&& (>= dnxcore50) (>= netstandard1.2)) (&& (>= dnxcore50) (>= netstandard1.3)) (&& (>= dnxcore50) (>= netstandard1.4)) (&& (>= dnxcore50) (>= netstandard1.5)) (&& (>= dnxcore50) (>= netstandard1.6)) (&& (>= dnxcore50) (>= uap10.0)) (&& (< monoandroid) (< net20) (< netstandard1.1) (>= netstandard1.6)) (&& (< monoandroid) (< net20) (>= netstandard1.2) (< netstandard1.3) (< wpa81)) (&& (< monoandroid) (< net20) (>= netstandard1.3) (< netstandard1.4) (< wpa81)) (&& (< monoandroid) (< net20) (< netstandard1.3) (>= netstandard1.4) (< wpa81)) (&& (< monoandroid) (< net20) (< netstandard1.3) (>= netstandard1.5)) (&& (< monoandroid) (< net20) (>= netstandard1.4) (< netstandard1.5) (< wpa81)) (&& (< monoandroid) (< net20) (< netstandard1.4) (>= netstandard1.6)) (&& (< monoandroid) (< net20) (>= netstandard1.5) (< netstandard1.6)) (&& (< monoandroid) (< net20) (< netstandard1.5) (>= netstandard1.6)) (&& (< monoandroid) (< net45) (< netstandard1.3) (>= netstandard1.6)) (&& (< monoandroid) (< net45) (< netstandard1.4) (>= netstandard1.6)) (&& (< monoandroid) (< net45) (< netstandard1.5) (>= netstandard1.6)) (&& (< monotouch) (< net20) (>= netstandard1.6) (< xamarinios) (< xamarinmac) (< xamarintvos) (< xamarinwatchos)) (&& (< monotouch) (< net45) (>= netstandard1.6) (< xamarinios) (< xamarinmac) (< xamarintvos) (< xamarinwatchos)) (&& (< net20) (>= net46) (< netstandard1.3)) (&& (< net20) (>= netstandard1.0) (< portable-net45+win8+wpa81)) (&& (< net20) (>= netstandard1.1) (< portable-net451+win81+wpa81)) (&& (< net20) (>= netstandard1.3) (< portable-net45+win8+wpa81)) (&& (< net20) (>= netstandard1.3) (< portable-net451+win81+wpa81)) (&& (< net20) (< netstandard1.3) (>= netstandard1.6)) (&& (< net20) (>= netstandard1.6) (< portable-net451+win81+wpa81)) (&& (< net45) (>= net46) (< netstandard1.3)) (&& (< net45) (>= net46) (>= netstandard1.4) (< netstandard1.5)) (&& (< net45) (>= net46) (< netstandard1.4)) (&& (< net45) (>= net46) (>= netstandard1.6)) (&& (< net45) (>= net46) (< netstandard1.6)) (&& (< net45) (>= net46) (< portable-net451+win81+wpa81)) (&& (< net45) (>= netstandard1.6) (< portable-net451+win81+wpa81)) (&& (>= net46) (< portable-net45+win8+wpa81)) (&& (>= net46) (>= uap10.0)) (&& (< netstandard1.3) (>= uap10.0)) (&& (>= netstandard1.6) (< portable-net45+win8+wpa81)) (&& (>= netstandard1.6) (>= uap10.0)) (&& (>= uap10.0) (< uap10.1)) (&& (>= uap10.0) (< win8) (< wpa81))
      Microsoft.NETCore.Platforms (>= 1.1) - restriction: || (>= dnxcore50) (&& (< monoandroid) (< net45) (>= netstandard1.1) (< netstandard1.3) (< win8) (< wpa81)) (&& (< monoandroid) (>= netstandard1.0) (< netstandard1.1) (< win8) (< wp8)) (&& (< monotouch) (< net45) (>= netstandard1.3) (< win8) (< wpa81) (< xamarinios) (< xamarinmac) (< xamarintvos) (< xamarinwatchos))
      Microsoft.NETCore.Targets (>= 1.1) - restriction: || (>= dnxcore50) (&& (< monoandroid) (< net45) (>= netstandard1.1) (< netstandard1.3) (< win8) (< wpa81)) (&& (< monoandroid) (>= netstandard1.0) (< netstandard1.1) (< win8) (< wp8)) (&& (< monotouch) (< net45) (>= netstandard1.3) (< win8) (< wpa81) (< xamarinios) (< xamarinmac) (< xamarintvos) (< xamarinwatchos))
      System.Runtime (>= 4.3) - restriction: || (>= dnxcore50) (&& (< monoandroid) (< net45) (>= netstandard1.1) (< netstandard1.3) (< win8) (< wpa81)) (&& (< monoandroid) (>= netstandard1.0) (< netstandard1.1) (< win8) (< wp8)) (&& (< monotouch) (< net45) (>= netstandard1.3) (< win8) (< wpa81) (< xamarinios) (< xamarinmac) (< xamarintvos) (< xamarinwatchos))
      System.Runtime.Handles (>= 4.3) - restriction: || (>= dnxcore50) (&& (< monotouch) (< net45) (>= netstandard1.3) (< win8) (< wpa81) (< xamarinios) (< xamarinmac) (< xamarintvos) (< xamarinwatchos))
    System.Net.Requests (4.3) - restriction: && (< net20) (>= netstandard1.6) (< xamarinmac)
      Microsoft.NETCore.Platforms (>= 1.1) - restriction: && (< monotouch) (< net45) (>= netstandard1.3) (< win8) (< wpa81) (< xamarinios) (< xamarinmac) (< xamarintvos) (< xamarinwatchos)
      System.Collections (>= 4.3) - restriction: || (>= dnxcore50) (&& (< monotouch) (< net45) (>= netstandard1.3) (< win8) (< wpa81) (< xamarinios) (< xamarinmac) (< xamarintvos) (< xamarinwatchos))
      System.Diagnostics.Debug (>= 4.3) - restriction: || (>= dnxcore50) (&& (< monotouch) (< net45) (>= netstandard1.3) (< win8) (< wpa81) (< xamarinios) (< xamarinmac) (< xamarintvos) (< xamarinwatchos))
      System.Diagnostics.Tracing (>= 4.3) - restriction: || (>= dnxcore50) (&& (< monotouch) (< net45) (>= netstandard1.3) (< win8) (< wpa81) (< xamarinios) (< xamarinmac) (< xamarintvos) (< xamarinwatchos))
      System.Globalization (>= 4.3) - restriction: || (>= dnxcore50) (&& (< monotouch) (< net45) (>= netstandard1.3) (< win8) (< wpa81) (< xamarinios) (< xamarinmac) (< xamarintvos) (< xamarinwatchos))
      System.IO (>= 4.3) - restriction: || (>= dnxcore50) (&& (< monoandroid) (< net45) (>= netstandard1.1) (< netstandard1.3) (< win8) (< wpa81)) (&& (< monoandroid) (>= netstandard1.0) (< netstandard1.1) (< win8) (< wp8)) (&& (< monotouch) (< net45) (>= netstandard1.3) (< win8) (< wpa81) (< xamarinios) (< xamarinmac) (< xamarintvos) (< xamarinwatchos))
      System.Net.Http (>= 4.3) - restriction: || (>= dnxcore50) (&& (< monotouch) (< net45) (>= netstandard1.3) (< win8) (< wpa81) (< xamarinios) (< xamarinmac) (< xamarintvos) (< xamarinwatchos))
      System.Net.Primitives (>= 4.3) - restriction: || (>= dnxcore50) (&& (< monoandroid) (< net45) (>= netstandard1.1) (< netstandard1.3) (< win8) (< wpa81)) (&& (< monoandroid) (>= netstandard1.0) (< netstandard1.1) (< win8) (< wp8)) (&& (< monotouch) (< net45) (>= netstandard1.3) (< win8) (< wpa81) (< xamarinios) (< xamarinmac) (< xamarintvos) (< xamarinwatchos))
      System.Net.WebHeaderCollection (>= 4.3) - restriction: || (>= dnxcore50) (&& (< monotouch) (< net45) (>= netstandard1.3) (< win8) (< wpa81) (< xamarinios) (< xamarinmac) (< xamarintvos) (< xamarinwatchos))
      System.Resources.ResourceManager (>= 4.3) - restriction: || (>= dnxcore50) (&& (< monotouch) (< net45) (>= netstandard1.3) (< win8) (< wpa81) (< xamarinios) (< xamarinmac) (< xamarintvos) (< xamarinwatchos))
      System.Runtime (>= 4.3) - restriction: || (>= dnxcore50) (&& (< monoandroid) (< net45) (>= netstandard1.1) (< netstandard1.3) (< win8) (< wpa81)) (&& (< monoandroid) (>= netstandard1.0) (< netstandard1.1) (< win8) (< wp8)) (&& (< monotouch) (< net45) (>= netstandard1.3) (< win8) (< wpa81) (< xamarinios) (< xamarinmac) (< xamarintvos) (< xamarinwatchos))
      System.Threading (>= 4.3) - restriction: || (>= dnxcore50) (&& (< monotouch) (< net45) (>= netstandard1.3) (< win8) (< wpa81) (< xamarinios) (< xamarinmac) (< xamarintvos) (< xamarinwatchos))
      System.Threading.Tasks (>= 4.3) - restriction: || (>= dnxcore50) (&& (< monoandroid) (< net45) (>= netstandard1.1) (< netstandard1.3) (< win8) (< wpa81)) (&& (< monotouch) (< net45) (>= netstandard1.3) (< win8) (< wpa81) (< xamarinios) (< xamarinmac) (< xamarintvos) (< xamarinwatchos))
    System.Net.Sockets (4.3) - restriction: || (&& (< monoandroid) (< net20) (>= netstandard1.3) (< netstandard1.4) (< wpa81)) (&& (< monoandroid) (< net20) (< netstandard1.3) (>= netstandard1.4) (< wpa81)) (&& (< monoandroid) (< net20) (< netstandard1.3) (>= netstandard1.5)) (&& (< monoandroid) (< net20) (>= netstandard1.4) (< netstandard1.5) (< wpa81)) (&& (< monoandroid) (< net20) (>= netstandard1.5) (< netstandard1.6)) (&& (< monoandroid) (< net45) (< netstandard1.4) (>= netstandard1.6)) (&& (< monoandroid) (< net45) (< netstandard1.5) (>= netstandard1.6)) (&& (< monotouch) (< net20) (>= netstandard1.6) (< netstandard2.0) (< xamarinios) (< xamarinmac) (< xamarintvos) (< xamarinwatchos)) (&& (< monotouch) (< net45) (>= netstandard1.6) (< netstandard2.0) (< xamarinios) (< xamarinmac) (< xamarintvos) (< xamarinwatchos)) (&& (< net20) (>= net46) (< netstandard1.3)) (&& (< net20) (< netstandard1.3) (>= netstandard1.6)) (&& (< net45) (>= net46) (>= netstandard1.4) (< netstandard1.5)) (&& (< net45) (>= net46) (>= netstandard1.5) (< netstandard1.6)) (&& (< net45) (>= net46) (>= netstandard1.6) (< netstandard2.0)) (&& (>= net46) (< netstandard1.4)) (&& (>= net46) (>= uap10.0)) (&& (< netstandard1.3) (>= uap10.0)) (&& (>= netstandard1.6) (>= uap10.0)) (&& (>= uap10.0) (< uap10.1))
      Microsoft.NETCore.Platforms (>= 1.1) - restriction: && (< monotouch) (< net46) (>= netstandard1.3) (< xamarinios) (< xamarinmac) (< xamarintvos) (< xamarinwatchos)
      Microsoft.NETCore.Targets (>= 1.1) - restriction: && (< monotouch) (< net46) (>= netstandard1.3) (< xamarinios) (< xamarinmac) (< xamarintvos) (< xamarinwatchos)
      System.IO (>= 4.3) - restriction: && (< monotouch) (< net46) (>= netstandard1.3) (< xamarinios) (< xamarinmac) (< xamarintvos) (< xamarinwatchos)
      System.Net.Primitives (>= 4.3) - restriction: && (< monotouch) (< net46) (>= netstandard1.3) (< xamarinios) (< xamarinmac) (< xamarintvos) (< xamarinwatchos)
      System.Runtime (>= 4.3) - restriction: && (< monotouch) (< net46) (>= netstandard1.3) (< xamarinios) (< xamarinmac) (< xamarintvos) (< xamarinwatchos)
      System.Threading.Tasks (>= 4.3) - restriction: && (< monotouch) (< net46) (>= netstandard1.3) (< xamarinios) (< xamarinmac) (< xamarintvos) (< xamarinwatchos)
    System.Net.WebHeaderCollection (4.3) - restriction: || (&& (>= dnxcore50) (>= netstandard1.6)) (&& (< monotouch) (< net20) (>= netstandard1.6) (< xamarinios) (< xamarinmac) (< xamarintvos) (< xamarinwatchos))
      System.Collections (>= 4.3) - restriction: && (< monotouch) (< net46) (>= netstandard1.3) (< xamarinios) (< xamarinmac) (< xamarintvos) (< xamarinwatchos)
      System.Resources.ResourceManager (>= 4.3) - restriction: && (< monotouch) (< net46) (>= netstandard1.3) (< xamarinios) (< xamarinmac) (< xamarintvos) (< xamarinwatchos)
      System.Runtime (>= 4.3) - restriction: && (< monotouch) (< net46) (>= netstandard1.3) (< xamarinios) (< xamarinmac) (< xamarintvos) (< xamarinwatchos)
      System.Runtime.Extensions (>= 4.3) - restriction: && (< monotouch) (< net46) (>= netstandard1.3) (< xamarinios) (< xamarinmac) (< xamarintvos) (< xamarinwatchos)
    System.ObjectModel (4.3) - restriction: || (&& (>= dnxcore50) (>= netstandard1.0)) (&& (>= dnxcore50) (>= netstandard1.3)) (&& (< monoandroid) (< net20) (>= netstandard1.0) (< netstandard1.3) (< win8) (< wp8) (< wpa81)) (&& (< monoandroid) (< net20) (>= netstandard1.2) (< netstandard1.3) (< wpa81)) (&& (< monoandroid) (< net20) (>= netstandard1.3) (< netstandard1.4) (< wpa81)) (&& (< monoandroid) (< net20) (< netstandard1.3) (>= netstandard1.4) (< wpa81)) (&& (< monoandroid) (< net20) (< netstandard1.3) (>= netstandard1.5)) (&& (< monoandroid) (< net20) (>= netstandard1.4) (< netstandard1.5) (< wpa81)) (&& (< monoandroid) (< net20) (>= netstandard1.5) (< netstandard1.6)) (&& (< monoandroid) (< net45) (< netstandard1.3) (>= netstandard1.6)) (&& (< monoandroid) (< net45) (< netstandard1.4) (>= netstandard1.6)) (&& (< monoandroid) (< net45) (< netstandard1.5) (>= netstandard1.6)) (&& (< monotouch) (< net20) (>= netstandard1.3) (< netstandard2.0) (< win8) (< wpa81) (< xamarinios) (< xamarinmac) (< xamarintvos) (< xamarinwatchos)) (&& (< monotouch) (< net20) (>= netstandard1.6) (< xamarinios) (< xamarinmac) (< xamarintvos) (< xamarinwatchos)) (&& (< monotouch) (< net45) (>= netstandard1.6) (< netstandard2.0) (< xamarinios) (< xamarinmac) (< xamarintvos) (< xamarinwatchos)) (&& (< net20) (>= netstandard1.0) (< portable-net45+win8+wpa81)) (&& (< net20) (>= netstandard1.1) (< portable-net451+win81+wpa81)) (&& (< net20) (>= netstandard1.3) (< portable-net45+win8+wpa81)) (&& (< net20) (>= netstandard1.3) (< portable-net451+win81+wpa81)) (&& (< net20) (< netstandard1.3) (>= netstandard1.6)) (&& (< net45) (>= net46) (< netstandard1.3)) (&& (< net45) (>= net46) (>= netstandard1.4) (< netstandard1.5)) (&& (< net45) (>= net46) (< netstandard1.4)) (&& (< net45) (>= net46) (>= netstandard1.5) (< netstandard1.6)) (&& (< net45) (>= net46) (>= netstandard1.6) (< netstandard2.0)) (&& (< net45) (>= net46) (< portable-net451+win81+wpa81)) (&& (< net45) (>= netstandard1.6) (< portable-net451+win81+wpa81)) (&& (>= net46) (< portable-net45+win8+wpa81)) (&& (>= net46) (>= uap10.0)) (&& (< netstandard1.3) (>= uap10.0)) (&& (>= netstandard1.6) (< portable-net45+win8+wpa81)) (&& (>= netstandard1.6) (>= uap10.0)) (&& (>= uap10.0) (< uap10.1))
      System.Collections (>= 4.3) - restriction: || (>= dnxcore50) (&& (< monotouch) (< net45) (>= netstandard1.3) (< win8) (< wpa81) (< xamarinios) (< xamarinmac) (< xamarintvos) (< xamarinwatchos))
      System.Diagnostics.Debug (>= 4.3) - restriction: || (>= dnxcore50) (&& (< monotouch) (< net45) (>= netstandard1.3) (< win8) (< wpa81) (< xamarinios) (< xamarinmac) (< xamarintvos) (< xamarinwatchos))
      System.Resources.ResourceManager (>= 4.3) - restriction: || (>= dnxcore50) (&& (< monotouch) (< net45) (>= netstandard1.3) (< win8) (< wpa81) (< xamarinios) (< xamarinmac) (< xamarintvos) (< xamarinwatchos))
      System.Runtime (>= 4.3) - restriction: || (>= dnxcore50) (&& (< monoandroid) (< net45) (>= netstandard1.0) (< netstandard1.3) (< win8) (< wp8) (< wpa81)) (&& (< monotouch) (< net45) (>= netstandard1.3) (< win8) (< wpa81) (< xamarinios) (< xamarinmac) (< xamarintvos) (< xamarinwatchos))
      System.Threading (>= 4.3) - restriction: || (>= dnxcore50) (&& (< monotouch) (< net45) (>= netstandard1.3) (< win8) (< wpa81) (< xamarinios) (< xamarinmac) (< xamarintvos) (< xamarinwatchos))
    System.Reflection (4.3) - restriction: || (&& (>= dnxcore50) (>= net45)) (&& (>= dnxcore50) (>= net451)) (&& (>= dnxcore50) (>= net46)) (&& (>= dnxcore50) (>= netstandard1.0)) (&& (>= dnxcore50) (>= netstandard1.1)) (&& (>= dnxcore50) (>= netstandard1.2)) (&& (>= dnxcore50) (>= netstandard1.3)) (&& (>= dnxcore50) (>= netstandard1.4)) (&& (>= dnxcore50) (>= netstandard1.5)) (&& (>= dnxcore50) (>= netstandard1.6)) (&& (>= dnxcore50) (>= netstandard2.0)) (&& (>= dnxcore50) (>= uap10.0)) (&& (>= dnxcore50) (>= wpa81)) (&& (< monoandroid) (< net20) (>= netstandard1.0) (< netstandard1.3) (< win8) (< wp8) (< wpa81)) (&& (< monoandroid) (< net20) (< netstandard1.0) (>= netstandard1.3) (< win8)) (&& (< monoandroid) (< net20) (>= netstandard1.2) (< netstandard1.3) (< wpa81)) (&& (< monoandroid) (< net20) (< netstandard1.2) (>= netstandard1.3) (< win8)) (&& (< monoandroid) (< net20) (< netstandard1.2) (>= netstandard1.4) (< win8)) (&& (< monoandroid) (< net20) (< netstandard1.2) (>= netstandard1.5)) (&& (< monoandroid) (< net20) (< netstandard1.2) (>= netstandard1.6)) (&& (< monoandroid) (< net20) (>= netstandard1.3) (< netstandard1.4) (< wpa81)) (&& (< monoandroid) (< net20) (>= netstandard1.3) (< netstandard1.5) (< win8) (< wpa81)) (&& (< monoandroid) (< net20) (< netstandard1.3) (>= netstandard1.4) (< wpa81)) (&& (< monoandroid) (< net20) (>= netstandard1.4) (< netstandard1.5) (< wpa81)) (&& (< monoandroid) (< net20) (< netstandard1.4) (>= netstandard1.5)) (&& (< monoandroid) (< net20) (< netstandard1.4) (>= netstandard1.6)) (&& (< monoandroid) (< net20) (>= netstandard1.5) (< netstandard1.6)) (&& (< monoandroid) (< net20) (< netstandard1.5) (>= netstandard1.6)) (&& (< monoandroid) (< net45) (< netstandard1.2) (>= netstandard1.6)) (&& (< monoandroid) (< net45) (< netstandard1.4) (>= netstandard1.6)) (&& (< monoandroid) (< net45) (< netstandard1.5) (>= netstandard1.6)) (&& (< monoandroid) (< netstandard1.0) (>= netstandard1.6)) (&& (< monotouch) (< net20) (>= netstandard1.3) (< netstandard2.0) (< win8) (< wpa81) (< xamarinios) (< xamarinmac) (< xamarintvos) (< xamarinwatchos)) (&& (< monotouch) (< net20) (>= netstandard1.4) (< xamarinios) (< xamarinmac) (< xamarintvos) (< xamarinwatchos)) (&& (< monotouch) (< net20) (>= netstandard1.5) (< xamarinios) (< xamarinmac) (< xamarintvos) (< xamarinwatchos)) (&& (< monotouch) (< net35) (>= netstandard1.5) (< xamarinios) (< xamarinmac) (< xamarintvos) (< xamarinwatchos)) (&& (< monotouch) (< net45) (>= netstandard1.6) (< xamarinios) (< xamarinmac) (< xamarintvos) (< xamarinwatchos)) (&& (< net20) (>= net45) (< portable-net451+win81+wpa81)) (&& (< net20) (>= net451) (< netstandard1.3)) (&& (< net20) (>= netstandard1.0) (< portable-net45+win8+wpa81)) (&& (< net20) (>= netstandard1.1) (< portable-net451+win81+wpa81)) (&& (< net20) (>= netstandard1.2) (< portable-net451+win81+wpa81) (< win8)) (&& (< net20) (>= netstandard1.3) (< portable-net45+win8+wpa81)) (&& (< net20) (>= netstandard1.3) (< portable-net451+win81+wpa81)) (&& (< net20) (< netstandard1.3) (>= netstandard1.5)) (&& (< net20) (< netstandard1.3) (>= netstandard1.6)) (&& (< net20) (>= netstandard1.5) (< portable-net451+win81+wpa81)) (&& (< net20) (>= netstandard1.6) (< portable-net451+win81+wpa81)) (&& (< net20) (>= netstandard1.6) (< xamarinmac)) (&& (< net35) (>= netstandard1.3)) (&& (< net45) (>= net46)) (&& (< net45) (< netstandard1.3) (>= netstandard1.6)) (&& (< net45) (>= netstandard1.6) (< portable-net451+win81+wpa81)) (&& (< net45) (>= netstandard2.0)) (&& (>= net46) (< netstandard1.0)) (&& (>= net46) (< portable-net45+win8+wpa81)) (&& (>= net46) (>= uap10.0)) (>= netcoreapp1.1) (&& (< netstandard1.0) (>= netstandard1.6) (< portable-net451+win81+wpa81)) (&& (< netstandard1.2) (>= uap10.0) (< win8)) (&& (< netstandard1.3) (>= uap10.0)) (&& (>= netstandard1.5) (>= uap10.0)) (&& (>= netstandard1.6) (< portable-net45+win8+wpa81)) (&& (>= netstandard1.6) (>= uap10.0)) (&& (>= uap10.0) (< uap10.1)) (&& (>= uap10.0) (< win8) (< wpa81))
      Microsoft.NETCore.Platforms (>= 1.1) - restriction: || (>= dnxcore50) (&& (< monoandroid) (< net45) (>= netstandard1.0) (< netstandard1.3) (< win8) (< wp8) (< wpa81)) (&& (< monoandroid) (< net45) (>= netstandard1.3) (< netstandard1.5) (< win8) (< wpa81)) (&& (< monotouch) (< net45) (>= netstandard1.5) (< xamarinios) (< xamarinmac) (< xamarintvos) (< xamarinwatchos))
      Microsoft.NETCore.Targets (>= 1.1) - restriction: || (>= dnxcore50) (&& (< monoandroid) (< net45) (>= netstandard1.0) (< netstandard1.3) (< win8) (< wp8) (< wpa81)) (&& (< monoandroid) (< net45) (>= netstandard1.3) (< netstandard1.5) (< win8) (< wpa81)) (&& (< monotouch) (< net45) (>= netstandard1.5) (< xamarinios) (< xamarinmac) (< xamarintvos) (< xamarinwatchos))
      System.IO (>= 4.3) - restriction: || (>= dnxcore50) (&& (< monoandroid) (< net45) (>= netstandard1.0) (< netstandard1.3) (< win8) (< wp8) (< wpa81)) (&& (< monoandroid) (< net45) (>= netstandard1.3) (< netstandard1.5) (< win8) (< wpa81)) (&& (< monotouch) (< net45) (>= netstandard1.5) (< xamarinios) (< xamarinmac) (< xamarintvos) (< xamarinwatchos))
      System.Reflection.Primitives (>= 4.3) - restriction: || (>= dnxcore50) (&& (< monoandroid) (< net45) (>= netstandard1.0) (< netstandard1.3) (< win8) (< wp8) (< wpa81)) (&& (< monoandroid) (< net45) (>= netstandard1.3) (< netstandard1.5) (< win8) (< wpa81)) (&& (< monotouch) (< net45) (>= netstandard1.5) (< xamarinios) (< xamarinmac) (< xamarintvos) (< xamarinwatchos))
      System.Runtime (>= 4.3) - restriction: || (>= dnxcore50) (&& (< monoandroid) (< net45) (>= netstandard1.0) (< netstandard1.3) (< win8) (< wp8) (< wpa81)) (&& (< monoandroid) (< net45) (>= netstandard1.3) (< netstandard1.5) (< win8) (< wpa81)) (&& (< monotouch) (< net45) (>= netstandard1.5) (< xamarinios) (< xamarinmac) (< xamarintvos) (< xamarinwatchos))
    System.Reflection.Emit (4.3) - restriction: || (&& (>= dnxcore50) (>= netstandard1.3)) (&& (< monotouch) (< net20) (>= netstandard1.3) (< netstandard2.0) (< win8) (< wpa81) (< xamarinios) (< xamarinmac) (< xamarintvos) (< xamarinwatchos)) (&& (< monotouch) (< net20) (>= netstandard1.6) (< xamarinios) (< xamarinmac) (< xamarintvos) (< xamarinwatchos))
      System.IO (>= 4.3) - restriction: && (< monotouch) (< net45) (>= netstandard1.1) (< xamarinios) (< xamarinmac) (< xamarintvos) (< xamarinwatchos)
      System.Reflection (>= 4.3) - restriction: && (< monotouch) (< net45) (>= netstandard1.1) (< xamarinios) (< xamarinmac) (< xamarintvos) (< xamarinwatchos)
      System.Reflection.Emit.ILGeneration (>= 4.3) - restriction: && (< monotouch) (< net45) (>= netstandard1.1) (< xamarinios) (< xamarinmac) (< xamarintvos) (< xamarinwatchos)
      System.Reflection.Primitives (>= 4.3) - restriction: && (< monotouch) (< net45) (>= netstandard1.1) (< xamarinios) (< xamarinmac) (< xamarintvos) (< xamarinwatchos)
      System.Runtime (>= 4.3) - restriction: && (< monotouch) (< net45) (>= netstandard1.1) (< xamarinios) (< xamarinmac) (< xamarintvos) (< xamarinwatchos)
    System.Reflection.Emit.ILGeneration (4.3) - restriction: || (&& (>= dnxcore50) (>= netstandard1.3)) (&& (>= dnxcore50) (>= netstandard1.6)) (&& (< monotouch) (< net20) (>= netstandard1.3) (< netstandard2.0) (< win8) (< wpa81) (< xamarinios) (< xamarinmac) (< xamarintvos) (< xamarinwatchos)) (&& (< monotouch) (< net20) (>= netstandard1.6) (< xamarinios) (< xamarinmac) (< xamarintvos) (< xamarinwatchos))
      System.Reflection (>= 4.3) - restriction: && (< monotouch) (< net45) (>= netstandard1.0) (< wp8) (< xamarinios) (< xamarinmac) (< xamarintvos) (< xamarinwatchos)
      System.Reflection.Primitives (>= 4.3) - restriction: && (< monotouch) (< net45) (>= netstandard1.0) (< wp8) (< xamarinios) (< xamarinmac) (< xamarintvos) (< xamarinwatchos)
      System.Runtime (>= 4.3) - restriction: && (< monotouch) (< net45) (>= netstandard1.0) (< wp8) (< xamarinios) (< xamarinmac) (< xamarintvos) (< xamarinwatchos)
    System.Reflection.Emit.Lightweight (4.3) - restriction: || (&& (>= dnxcore50) (>= netstandard1.6)) (&& (< monotouch) (< net20) (>= netstandard1.6) (< xamarinios) (< xamarinmac) (< xamarintvos) (< xamarinwatchos))
      System.Reflection (>= 4.3) - restriction: && (< monotouch) (< net45) (>= netstandard1.0) (< wp8) (< xamarinios) (< xamarinmac) (< xamarintvos) (< xamarinwatchos)
      System.Reflection.Emit.ILGeneration (>= 4.3) - restriction: && (< monotouch) (< net45) (>= netstandard1.0) (< wp8) (< xamarinios) (< xamarinmac) (< xamarintvos) (< xamarinwatchos)
      System.Reflection.Primitives (>= 4.3) - restriction: && (< monotouch) (< net45) (>= netstandard1.0) (< wp8) (< xamarinios) (< xamarinmac) (< xamarintvos) (< xamarinwatchos)
      System.Runtime (>= 4.3) - restriction: && (< monotouch) (< net45) (>= netstandard1.0) (< wp8) (< xamarinios) (< xamarinmac) (< xamarintvos) (< xamarinwatchos)
    System.Reflection.Extensions (4.3) - restriction: || (&& (>= dnxcore50) (>= net45)) (&& (>= dnxcore50) (>= net451)) (&& (>= dnxcore50) (>= net46)) (&& (>= dnxcore50) (>= netstandard1.1)) (&& (>= dnxcore50) (>= netstandard1.2)) (&& (>= dnxcore50) (>= netstandard1.3)) (&& (>= dnxcore50) (>= netstandard1.4)) (&& (>= dnxcore50) (>= netstandard1.5)) (&& (>= dnxcore50) (>= netstandard1.6)) (&& (>= dnxcore50) (>= uap10.0)) (&& (>= dnxcore50) (>= wpa81)) (&& (< monoandroid) (< net20) (>= netstandard1.0) (< netstandard1.3) (< win8) (< wp8) (< wpa81)) (&& (< monoandroid) (< net20) (< netstandard1.0) (>= netstandard1.3) (< win8)) (&& (< monoandroid) (< net20) (>= netstandard1.2) (< netstandard1.3) (< wpa81)) (&& (< monoandroid) (< net20) (>= netstandard1.3) (< netstandard1.4) (< wpa81)) (&& (< monoandroid) (< net20) (>= netstandard1.3) (< netstandard1.5) (< win8) (< wpa81)) (&& (< monoandroid) (< net20) (< netstandard1.3) (>= netstandard1.4) (< wpa81)) (&& (< monoandroid) (< net20) (>= netstandard1.4) (< netstandard1.5) (< wpa81)) (&& (< monoandroid) (< net20) (>= netstandard1.5) (< netstandard1.6)) (&& (< monoandroid) (< net45) (< netstandard1.3) (>= netstandard1.6)) (&& (< monoandroid) (< net45) (< netstandard1.4) (>= netstandard1.6)) (&& (< monoandroid) (< net45) (< netstandard1.5) (>= netstandard1.6)) (&& (< monoandroid) (< netstandard1.0) (>= netstandard1.6)) (&& (< monotouch) (< net20) (>= netstandard1.5) (< xamarinios) (< xamarinmac) (< xamarintvos) (< xamarinwatchos)) (&& (< monotouch) (< net45) (>= netstandard1.6) (< netstandard2.0) (< xamarinios) (< xamarinmac) (< xamarintvos) (< xamarinwatchos)) (&& (< net20) (>= net45) (< portable-net451+win81+wpa81)) (&& (< net20) (>= net451) (< netstandard1.3)) (&& (< net20) (>= netstandard1.0) (< portable-net45+win8+wpa81)) (&& (< net20) (>= netstandard1.1) (< portable-net451+win81+wpa81)) (&& (< net20) (>= netstandard1.3) (< portable-net45+win8+wpa81)) (&& (< net20) (>= netstandard1.3) (< portable-net451+win81+wpa81)) (&& (< net20) (< netstandard1.3) (>= netstandard1.5)) (&& (< net20) (< netstandard1.3) (>= netstandard1.6)) (&& (< net20) (>= netstandard1.6) (< xamarinmac)) (&& (< net45) (>= net451) (< netstandard1.3) (>= netstandard1.6)) (&& (< net45) (>= net46) (< netstandard1.3)) (&& (< net45) (>= net46) (>= netstandard1.4) (< netstandard1.5)) (&& (< net45) (>= net46) (< netstandard1.4)) (&& (< net45) (>= net46) (>= netstandard1.5) (< netstandard1.6)) (&& (< net45) (>= net46) (>= netstandard1.6) (< netstandard2.0)) (&& (< net45) (>= net46) (< portable-net451+win81+wpa81)) (&& (< net45) (>= netstandard1.6) (< portable-net451+win81+wpa81)) (&& (>= net46) (< netstandard1.0)) (&& (>= net46) (< portable-net45+win8+wpa81)) (&& (>= net46) (>= uap10.0)) (&& (< netstandard1.0) (>= netstandard1.6) (< portable-net451+win81+wpa81)) (&& (< netstandard1.3) (>= uap10.0)) (&& (>= netstandard1.6) (< portable-net45+win8+wpa81)) (&& (>= netstandard1.6) (>= uap10.0)) (&& (>= uap10.0) (< uap10.1)) (&& (>= uap10.0) (< win8) (< wpa81))
      Microsoft.NETCore.Platforms (>= 1.1) - restriction: || (>= dnxcore50) (&& (< monotouch) (< net45) (>= netstandard1.0) (< win8) (< wp8) (< wpa81) (< xamarinios) (< xamarinmac) (< xamarintvos) (< xamarinwatchos))
      Microsoft.NETCore.Targets (>= 1.1) - restriction: || (>= dnxcore50) (&& (< monotouch) (< net45) (>= netstandard1.0) (< win8) (< wp8) (< wpa81) (< xamarinios) (< xamarinmac) (< xamarintvos) (< xamarinwatchos))
      System.Reflection (>= 4.3) - restriction: || (>= dnxcore50) (&& (< monotouch) (< net45) (>= netstandard1.0) (< win8) (< wp8) (< wpa81) (< xamarinios) (< xamarinmac) (< xamarintvos) (< xamarinwatchos))
      System.Runtime (>= 4.3) - restriction: || (>= dnxcore50) (&& (< monotouch) (< net45) (>= netstandard1.0) (< win8) (< wp8) (< wpa81) (< xamarinios) (< xamarinmac) (< xamarintvos) (< xamarinwatchos))
    System.Reflection.Metadata (1.5) - restriction: || (&& (>= dnxcore50) (>= net46)) (&& (>= dnxcore50) (>= netstandard1.6)) (&& (< monotouch) (< net46) (>= netstandard1.6) (< xamarinios) (< xamarinmac) (< xamarintvos) (< xamarinwatchos))
      NETStandard.Library (>= 1.6.1) - restriction: && (< monotouch) (>= netstandard1.1) (< netstandard2.0) (< xamarinios) (< xamarinmac) (< xamarintvos) (< xamarinwatchos)
      System.Collections.Immutable (>= 1.4) - restriction: || (&& (>= monoandroid) (< netstandard1.1)) (&& (< monoandroid) (< netstandard1.1) (>= portable-net45+win8)) (>= monotouch) (&& (< netcoreapp2.0) (>= netstandard2.0)) (&& (>= netstandard1.1) (< netstandard2.0)) (&& (< portable-net45+win8) (>= portable-net45+win8+wpa81)) (>= xamarinios) (>= xamarinmac) (>= xamarintvos) (>= xamarinwatchos)
    System.Reflection.Primitives (4.3) - restriction: || (&& (>= dnxcore50) (>= net46)) (&& (>= dnxcore50) (>= netstandard1.0)) (&& (>= dnxcore50) (>= netstandard1.1)) (&& (>= dnxcore50) (>= netstandard1.2)) (&& (>= dnxcore50) (>= netstandard1.3)) (&& (>= dnxcore50) (>= netstandard1.4)) (&& (>= dnxcore50) (>= netstandard1.5)) (&& (>= dnxcore50) (>= netstandard1.6)) (&& (>= dnxcore50) (>= netstandard2.0)) (&& (>= dnxcore50) (>= uap10.0)) (&& (< monoandroid) (< net20) (>= netstandard1.0) (< netstandard1.3) (< win8) (< wp8) (< wpa81)) (&& (< monoandroid) (< net20) (>= netstandard1.2) (< netstandard1.3) (< wpa81)) (&& (< monoandroid) (< net20) (< netstandard1.2) (>= netstandard1.3) (< win8)) (&& (< monoandroid) (< net20) (< netstandard1.2) (>= netstandard1.4) (< win8)) (&& (< monoandroid) (< net20) (< netstandard1.2) (>= netstandard1.5)) (&& (< monoandroid) (< net20) (< netstandard1.2) (>= netstandard1.6)) (&& (< monoandroid) (< net20) (>= netstandard1.3) (< netstandard1.4) (< wpa81)) (&& (< monoandroid) (< net20) (>= netstandard1.3) (< netstandard1.5) (< win8) (< wpa81)) (&& (< monoandroid) (< net20) (< netstandard1.3) (>= netstandard1.4) (< wpa81)) (&& (< monoandroid) (< net20) (>= netstandard1.4) (< netstandard1.5) (< wpa81)) (&& (< monoandroid) (< net20) (< netstandard1.4) (>= netstandard1.5)) (&& (< monoandroid) (< net20) (>= netstandard1.5) (< netstandard1.6)) (&& (< monoandroid) (< net20) (< netstandard1.5) (>= netstandard1.6)) (&& (< monoandroid) (< net35) (< netstandard1.2) (>= netstandard1.3) (< win8)) (&& (< monoandroid) (< net35) (>= netstandard1.3) (< netstandard1.5) (< win8) (< wpa81)) (&& (< monoandroid) (< net45) (< netstandard1.2) (>= netstandard1.6)) (&& (< monoandroid) (< net45) (< netstandard1.3) (>= netstandard1.6)) (&& (< monoandroid) (< net45) (< netstandard1.4) (>= netstandard1.6)) (&& (< monoandroid) (< net45) (< netstandard1.5) (>= netstandard1.6)) (&& (< monotouch) (< net20) (>= netstandard1.3) (< netstandard2.0) (< win8) (< wpa81) (< xamarinios) (< xamarinmac) (< xamarintvos) (< xamarinwatchos)) (&& (< monotouch) (< net20) (>= netstandard1.5) (< xamarinios) (< xamarinmac) (< xamarintvos) (< xamarinwatchos)) (&& (< monotouch) (< net20) (>= netstandard1.6) (< xamarinios) (< xamarinmac) (< xamarintvos) (< xamarinwatchos)) (&& (< monotouch) (< net35) (>= netstandard1.5) (< xamarinios) (< xamarinmac) (< xamarintvos) (< xamarinwatchos)) (&& (< monotouch) (< net45) (>= netstandard1.6) (< xamarinios) (< xamarinmac) (< xamarintvos) (< xamarinwatchos)) (&& (< net20) (>= netstandard1.0) (< portable-net45+win8+wpa81)) (&& (< net20) (>= netstandard1.1) (< portable-net451+win81+wpa81)) (&& (< net20) (>= netstandard1.2) (< portable-net451+win81+wpa81) (< win8)) (&& (< net20) (>= netstandard1.3) (< portable-net45+win8+wpa81)) (&& (< net20) (>= netstandard1.3) (< portable-net451+win81+wpa81)) (&& (< net20) (< netstandard1.3) (>= netstandard1.5)) (&& (< net20) (< netstandard1.3) (>= netstandard1.6)) (&& (< net20) (>= netstandard1.5) (< portable-net45+win8+wpa81)) (&& (< net20) (>= netstandard1.5) (< portable-net451+win81+wpa81)) (&& (< net45) (>= net46) (< netstandard1.2)) (&& (< net45) (>= net46) (< netstandard1.3)) (&& (< net45) (>= net46) (< netstandard1.4)) (&& (< net45) (>= net46) (>= netstandard1.5)) (&& (< net45) (>= net46) (< netstandard1.5)) (&& (< net45) (>= net46) (>= netstandard1.6) (< netstandard2.0)) (&& (< net45) (>= net46) (< portable-net451+win81+wpa81)) (&& (< net45) (>= netstandard1.6) (< portable-net451+win81+wpa81)) (&& (< net45) (>= netstandard2.0)) (&& (>= net46) (< portable-net45+win8+wpa81)) (&& (>= net46) (>= uap10.0)) (>= netcoreapp1.1) (&& (< netstandard1.2) (>= uap10.0) (< win8)) (&& (< netstandard1.3) (>= uap10.0)) (&& (>= netstandard1.5) (>= uap10.0)) (&& (>= netstandard1.6) (< portable-net45+win8+wpa81)) (&& (>= netstandard1.6) (>= uap10.0)) (&& (>= uap10.0) (< uap10.1)) (&& (>= uap10.0) (< win8) (< wpa81))
      Microsoft.NETCore.Platforms (>= 1.1) - restriction: || (>= dnxcore50) (&& (< monotouch) (< net45) (>= netstandard1.0) (< win8) (< wp8) (< wpa81) (< xamarinios) (< xamarinmac) (< xamarintvos) (< xamarinwatchos))
      Microsoft.NETCore.Targets (>= 1.1) - restriction: || (>= dnxcore50) (&& (< monotouch) (< net45) (>= netstandard1.0) (< win8) (< wp8) (< wpa81) (< xamarinios) (< xamarinmac) (< xamarintvos) (< xamarinwatchos))
      System.Runtime (>= 4.3) - restriction: || (>= dnxcore50) (&& (< monotouch) (< net45) (>= netstandard1.0) (< win8) (< wp8) (< wpa81) (< xamarinios) (< xamarinmac) (< xamarintvos) (< xamarinwatchos))
    System.Reflection.TypeExtensions (4.4) - restriction: || (&& (>= dnxcore50) (>= netstandard1.0)) (&& (>= dnxcore50) (>= netstandard1.3)) (&& (>= dnxcore50) (>= netstandard1.6)) (&& (< monotouch) (< net20) (>= netstandard1.3) (< netstandard2.0) (< win8) (< wpa81) (< xamarinios) (< xamarinmac) (< xamarintvos) (< xamarinwatchos)) (&& (< monotouch) (< net20) (>= netstandard1.5) (< xamarinios) (< xamarinmac) (< xamarintvos) (< xamarinwatchos)) (&& (< monotouch) (< net20) (>= netstandard1.6) (< xamarinios) (< xamarinmac) (< xamarintvos) (< xamarinwatchos)) (&& (< net20) (< netstandard1.3) (>= netstandard1.5))
      System.Reflection (>= 4.3) - restriction: || (>= dnxcore50) (&& (< monoandroid) (< net46) (>= netstandard1.3) (< netstandard1.5)) (&& (< monotouch) (< net46) (>= netstandard1.5) (< netstandard2.0) (< xamarinios) (< xamarinmac) (< xamarintvos) (< xamarinwatchos))
      System.Resources.ResourceManager (>= 4.3) - restriction: || (>= dnxcore50) (&& (< monoandroid) (< net46) (>= netstandard1.3) (< netstandard1.5)) (&& (< monotouch) (< net46) (>= netstandard1.5) (< netstandard2.0) (< xamarinios) (< xamarinmac) (< xamarintvos) (< xamarinwatchos))
      System.Runtime (>= 4.3) - restriction: || (>= dnxcore50) (&& (< monoandroid) (< net46) (>= netstandard1.3) (< netstandard1.5)) (&& (< monotouch) (< net46) (>= netstandard1.5) (< netstandard2.0) (< xamarinios) (< xamarinmac) (< xamarintvos) (< xamarinwatchos))
    System.Resources.ResourceManager (4.3) - restriction: || (>= dnxcore50) (&& (< monoandroid) (< net20) (>= netstandard1.0) (< netstandard1.3) (< win8) (< wp8) (< wpa81)) (&& (< monoandroid) (< net20) (< netstandard1.0) (>= netstandard1.3) (< win8)) (&& (< monoandroid) (< net20) (>= netstandard1.2) (< netstandard1.3) (< wpa81)) (&& (< monoandroid) (< net20) (>= netstandard1.3) (< netstandard1.4) (< wpa81)) (&& (< monoandroid) (< net20) (>= netstandard1.3) (< netstandard1.5) (< win8) (< wpa81)) (&& (< monoandroid) (< net20) (< netstandard1.3) (>= netstandard1.4) (< wpa81)) (&& (< monoandroid) (< net20) (>= netstandard1.4) (< netstandard1.5) (< wpa81)) (&& (< monoandroid) (< net20) (< netstandard1.4) (>= netstandard1.6)) (&& (< monoandroid) (< net20) (>= netstandard1.5) (< netstandard1.6)) (&& (< monoandroid) (< net20) (< netstandard1.5) (>= netstandard1.6)) (&& (< monoandroid) (< net35) (>= netstandard1.3) (< netstandard1.4)) (&& (< monoandroid) (< net35) (>= netstandard1.4) (< netstandard1.6)) (&& (< monoandroid) (< net45) (< netstandard1.3) (>= netstandard1.6)) (&& (< monoandroid) (< net45) (< netstandard1.4) (>= netstandard1.6)) (&& (< monoandroid) (< net45) (< netstandard1.5) (>= netstandard1.6)) (&& (< monoandroid) (< net46) (< netstandard1.4) (>= netstandard1.6)) (&& (< monoandroid) (< netstandard1.0) (>= netstandard1.6)) (&& (< monotouch) (< net20) (>= netstandard1.3) (< xamarinios) (< xamarinmac) (< xamarintvos) (< xamarinwatchos)) (&& (< monotouch) (< net20) (>= netstandard1.4) (< xamarinios) (< xamarinmac) (< xamarintvos) (< xamarinwatchos)) (&& (< monotouch) (< net20) (>= netstandard1.5) (< xamarinios) (< xamarinmac) (< xamarintvos) (< xamarinwatchos)) (&& (< monotouch) (< net35) (>= netstandard1.3) (< xamarinios) (< xamarinmac) (< xamarintvos) (< xamarinwatchos)) (&& (< monotouch) (< net35) (>= netstandard1.6) (< xamarinios) (< xamarinmac) (< xamarintvos) (< xamarinwatchos)) (&& (< monotouch) (< net45) (>= netstandard1.6) (< xamarinios) (< xamarinmac) (< xamarintvos) (< xamarinwatchos)) (&& (< monotouch) (< net46) (>= netstandard1.6) (< xamarinios) (< xamarinmac) (< xamarintvos) (< xamarinwatchos)) (&& (< net20) (>= net45) (>= netstandard1.3) (< netstandard1.5)) (&& (< net20) (>= net45) (< netstandard1.3)) (&& (< net20) (>= net45) (< portable-net451+win81+wpa81)) (&& (< net20) (>= net451) (< netstandard1.3)) (&& (< net20) (>= net462)) (&& (< net20) (>= netstandard1.0) (< portable-net45+win8+wpa81)) (&& (< net20) (>= netstandard1.1) (< portable-net451+win81+wpa81)) (&& (< net20) (>= netstandard1.3) (< portable-net45+win8+wpa81)) (&& (< net20) (>= netstandard1.3) (< portable-net451+win81+wpa81)) (&& (< net20) (< netstandard1.3) (>= netstandard1.5)) (&& (< net20) (< netstandard1.3) (>= netstandard1.6)) (&& (< net20) (>= netstandard1.6) (< portable-net451+win81+wpa81)) (&& (< net20) (>= netstandard1.6) (< xamarinmac)) (&& (< net35) (>= net461) (< netstandard1.6)) (&& (< net35) (>= net463)) (&& (< net45) (>= net451) (< netstandard1.3) (>= netstandard1.6)) (&& (< net45) (>= net46)) (&& (< net45) (>= netstandard1.6) (< portable-net451+win81+wpa81)) (&& (< net45) (>= netstandard2.0)) (&& (>= net46) (< netstandard1.0)) (&& (>= net46) (< portable-net45+win8+wpa81)) (&& (>= net46) (>= uap10.0)) (&& (< net46) (>= net463) (>= netstandard1.6)) (&& (< net46) (>= netstandard2.0)) (&& (< netstandard1.0) (>= netstandard1.6) (< portable-net451+win81+wpa81)) (&& (< netstandard1.3) (>= uap10.0)) (&& (>= netstandard1.6) (< portable-net45+win8+wpa81)) (&& (>= netstandard1.6) (>= uap10.0)) (&& (>= uap10.0) (< uap10.1)) (&& (>= uap10.0) (< win8) (< wpa81))
    System.Runtime (4.3) - restriction: || (>= dnxcore50) (&& (< monoandroid) (< net20) (>= netstandard1.0) (< netstandard1.3) (< win8) (< wp8) (< wpa81)) (&& (< monoandroid) (< net20) (< netstandard1.0) (>= netstandard1.3) (< win8)) (&& (< monoandroid) (< net20) (< netstandard1.1) (>= netstandard1.2) (< win8)) (&& (< monoandroid) (< net20) (< netstandard1.1) (>= netstandard1.3) (< win8)) (&& (< monoandroid) (< net20) (< netstandard1.1) (>= netstandard1.4) (< win8)) (&& (< monoandroid) (< net20) (< netstandard1.1) (>= netstandard1.5)) (&& (< monoandroid) (< net20) (>= netstandard1.2) (< netstandard1.3) (< wpa81)) (&& (< monoandroid) (< net20) (< netstandard1.2) (>= netstandard1.3) (< win8)) (&& (< monoandroid) (< net20) (< netstandard1.2) (>= netstandard1.4) (< win8)) (&& (< monoandroid) (< net20) (< netstandard1.2) (>= netstandard1.5)) (&& (< monoandroid) (< net20) (< netstandard1.2) (>= netstandard1.6)) (&& (< monoandroid) (< net20) (>= netstandard1.3) (< netstandard1.4) (< wpa81)) (&& (< monoandroid) (< net20) (>= netstandard1.3) (< netstandard1.5) (< win8) (< wpa81)) (&& (< monoandroid) (< net20) (< netstandard1.3) (>= netstandard1.4) (< wpa81)) (&& (< monoandroid) (< net20) (>= netstandard1.4) (< netstandard1.5) (< wpa81)) (&& (< monoandroid) (< net20) (< netstandard1.4) (>= netstandard1.5)) (&& (< monoandroid) (< net20) (< netstandard1.4) (>= netstandard1.6)) (&& (< monoandroid) (< net20) (>= netstandard1.5) (< netstandard1.6)) (&& (< monoandroid) (< net20) (< netstandard1.5) (>= netstandard1.6)) (&& (< monoandroid) (< net35) (< netstandard1.2) (>= netstandard1.3) (< win8)) (&& (< monoandroid) (< net35) (>= netstandard1.3) (< netstandard1.4)) (&& (< monoandroid) (< net35) (>= netstandard1.3) (< netstandard1.5) (< win8) (< wpa81)) (&& (< monoandroid) (< net35) (< netstandard1.3) (>= netstandard1.4) (< win8) (< wpa81)) (&& (< monoandroid) (< net35) (< netstandard1.3) (>= netstandard1.5)) (&& (< monoandroid) (< net35) (< netstandard1.3) (>= netstandard1.6)) (&& (< monoandroid) (< net35) (>= netstandard1.4) (< netstandard1.5) (< win8) (< wpa81)) (&& (< monoandroid) (< net35) (>= netstandard1.4) (< netstandard1.6)) (&& (< monoandroid) (< net35) (< netstandard1.4) (>= netstandard1.5)) (&& (< monoandroid) (< net35) (>= netstandard1.5) (< netstandard1.6)) (&& (< monoandroid) (< net35) (< netstandard1.5) (>= netstandard1.6)) (&& (< monoandroid) (< net45) (< netstandard1.2) (>= netstandard1.6)) (&& (< monoandroid) (< net45) (< netstandard1.4) (>= netstandard1.6)) (&& (< monoandroid) (< net45) (< netstandard1.5) (>= netstandard1.6)) (&& (< monoandroid) (< net46) (>= netstandard1.3) (< netstandard1.6)) (&& (< monoandroid) (< net46) (< netstandard1.4) (>= netstandard1.6)) (&& (< monoandroid) (< netstandard1.0) (>= netstandard1.6)) (&& (< monoandroid) (< netstandard1.1) (>= netstandard1.6)) (&& (< monotouch) (< net20) (>= netstandard1.3) (< win8) (< wpa81) (< xamarinios) (< xamarinmac) (< xamarintvos) (< xamarinwatchos)) (&& (< monotouch) (< net20) (>= netstandard1.5) (< xamarinios) (< xamarinmac) (< xamarintvos) (< xamarinwatchos)) (&& (< monotouch) (< net35) (>= netstandard1.3) (< win8) (< wpa81) (< xamarinios) (< xamarinmac) (< xamarintvos) (< xamarinwatchos)) (&& (< monotouch) (< net35) (>= netstandard1.5) (< xamarinios) (< xamarinmac) (< xamarintvos) (< xamarinwatchos)) (&& (< monotouch) (< net35) (>= netstandard1.6) (< xamarinios) (< xamarinmac) (< xamarintvos) (< xamarinwatchos)) (&& (< monotouch) (< net45) (>= netstandard1.6) (< xamarinios) (< xamarinmac) (< xamarintvos) (< xamarinwatchos)) (&& (< monotouch) (< net46) (>= netstandard1.6) (< xamarinios) (< xamarinmac) (< xamarintvos) (< xamarinwatchos)) (&& (< net20) (>= net45) (>= netstandard1.3) (< netstandard1.5)) (&& (< net20) (>= net45) (< netstandard1.3)) (&& (< net20) (>= net45) (< portable-net451+win81+wpa81)) (&& (< net20) (>= net451) (< netstandard1.3)) (&& (< net20) (>= net46) (< netstandard1.3)) (&& (< net20) (>= net462)) (&& (< net20) (>= netstandard1.0) (< portable-net45+win8+wpa81)) (&& (< net20) (>= netstandard1.1) (< portable-net45+win8+wpa81)) (&& (< net20) (>= netstandard1.1) (< portable-net451+win81+wpa81)) (&& (< net20) (>= netstandard1.2) (< portable-net451+win81+wpa81) (< win8)) (&& (< net20) (>= netstandard1.3) (< portable-net45+win8+wpa81)) (&& (< net20) (>= netstandard1.3) (< portable-net451+win81+wpa81)) (&& (< net20) (< netstandard1.3) (>= netstandard1.5)) (&& (< net20) (< netstandard1.3) (>= netstandard1.6)) (&& (< net20) (>= netstandard1.5) (< portable-net45+win8+wpa81)) (&& (< net20) (>= netstandard1.5) (< portable-net451+win81+wpa81)) (&& (< net20) (>= netstandard1.6) (< portable-net451+win81+wpa81)) (&& (< net20) (>= netstandard1.6) (< xamarinmac)) (&& (< net35) (>= net46) (>= netstandard1.4) (< netstandard1.6)) (&& (< net35) (>= net46) (< netstandard1.4)) (&& (< net35) (>= net46) (>= netstandard1.6)) (&& (< net35) (>= net462)) (&& (< net45) (>= net46)) (&& (< net45) (>= net462)) (&& (< net45) (< netstandard1.3) (>= netstandard1.6)) (&& (< net45) (>= netstandard1.6) (< portable-net451+win81+wpa81)) (&& (< net45) (>= netstandard2.0)) (&& (>= net46) (< netstandard1.0)) (&& (>= net46) (< netstandard1.1)) (&& (>= net46) (< portable-net45+win8+wpa81)) (&& (>= net46) (>= uap10.0)) (&& (< net46) (>= net461) (< netstandard1.4)) (&& (< net46) (>= net461) (>= netstandard1.6)) (&& (< net46) (>= net461) (< netstandard1.6)) (&& (< net46) (>= net462) (>= netstandard1.6)) (&& (< net46) (>= netstandard2.0)) (&& (>= net462) (>= uap10.0)) (>= net463) (>= netcoreapp1.1) (&& (< netstandard1.0) (>= netstandard1.6) (< portable-net451+win81+wpa81)) (&& (< netstandard1.1) (>= netstandard1.6) (< portable-net451+win81+wpa81)) (&& (< netstandard1.1) (>= uap10.0) (< win8)) (&& (< netstandard1.2) (>= uap10.0) (< win8)) (&& (< netstandard1.3) (>= uap10.0)) (&& (< netstandard1.4) (>= uap10.0)) (&& (>= netstandard1.5) (>= uap10.0)) (&& (>= netstandard1.6) (< portable-net45+win8+wpa81)) (&& (>= netstandard1.6) (>= uap10.0)) (&& (>= uap10.0) (< uap10.1)) (&& (>= uap10.0) (< win8) (< wpa81)) (&& (>= uap10.0) (< win81) (< wpa81))
      Microsoft.NETCore.Platforms (>= 1.1) - restriction: || (>= dnxcore50) (&& (< monoandroid) (< net45) (>= netstandard1.0) (< netstandard1.2) (< win8) (< wp8)) (&& (< monoandroid) (< net45) (>= netstandard1.2) (< netstandard1.3) (< win8) (< wpa81)) (&& (< monoandroid) (< net45) (>= netstandard1.3) (< netstandard1.5) (< win8) (< wpa81)) (&& (< monotouch) (< net45) (>= netstandard1.5) (< xamarinios) (< xamarinmac) (< xamarintvos) (< xamarinwatchos))
      Microsoft.NETCore.Targets (>= 1.1) - restriction: || (>= dnxcore50) (&& (< monoandroid) (< net45) (>= netstandard1.0) (< netstandard1.2) (< win8) (< wp8)) (&& (< monoandroid) (< net45) (>= netstandard1.2) (< netstandard1.3) (< win8) (< wpa81)) (&& (< monoandroid) (< net45) (>= netstandard1.3) (< netstandard1.5) (< win8) (< wpa81)) (&& (< monotouch) (< net45) (>= netstandard1.5) (< xamarinios) (< xamarinmac) (< xamarintvos) (< xamarinwatchos))
    System.Runtime.Extensions (4.3) - restriction: || (&& (>= dnxcore50) (>= net46)) (&& (>= dnxcore50) (>= netstandard1.0)) (&& (>= dnxcore50) (>= netstandard1.1)) (&& (>= dnxcore50) (>= netstandard1.2)) (&& (>= dnxcore50) (>= netstandard1.3)) (&& (>= dnxcore50) (>= netstandard1.4)) (&& (>= dnxcore50) (>= netstandard1.5)) (&& (>= dnxcore50) (>= netstandard1.6)) (&& (>= dnxcore50) (>= netstandard2.0)) (&& (>= dnxcore50) (>= uap10.0)) (&& (< monoandroid) (< net20) (>= netstandard1.0) (< netstandard1.3) (< win8) (< wp8) (< wpa81)) (&& (< monoandroid) (< net20) (>= netstandard1.2) (< netstandard1.3) (< wpa81)) (&& (< monoandroid) (< net20) (>= netstandard1.3) (< netstandard1.4) (< wpa81)) (&& (< monoandroid) (< net20) (>= netstandard1.3) (< netstandard1.5) (< win8) (< wpa81)) (&& (< monoandroid) (< net20) (< netstandard1.3) (>= netstandard1.4) (< wpa81)) (&& (< monoandroid) (< net20) (>= netstandard1.4) (< netstandard1.5) (< wpa81)) (&& (< monoandroid) (< net20) (< netstandard1.4) (>= netstandard1.6)) (&& (< monoandroid) (< net20) (>= netstandard1.5) (< netstandard1.6)) (&& (< monoandroid) (< net20) (< netstandard1.5) (>= netstandard1.6)) (&& (< monoandroid) (< net45) (< netstandard1.3) (>= netstandard1.6)) (&& (< monoandroid) (< net45) (< netstandard1.4) (>= netstandard1.6)) (&& (< monoandroid) (< net45) (< netstandard1.5) (>= netstandard1.6)) (&& (< monotouch) (< net20) (>= netstandard1.3) (< xamarinios) (< xamarinmac) (< xamarintvos) (< xamarinwatchos)) (&& (< monotouch) (< net20) (>= netstandard1.5) (< xamarinios) (< xamarinmac) (< xamarintvos) (< xamarinwatchos)) (&& (< monotouch) (< net45) (>= netstandard1.6) (< xamarinios) (< xamarinmac) (< xamarintvos) (< xamarinwatchos)) (&& (< monotouch) (< net46) (>= netstandard1.6) (< xamarinios) (< xamarinmac) (< xamarintvos) (< xamarinwatchos)) (&& (< net20) (>= net462)) (&& (< net20) (>= netstandard1.0) (< portable-net45+win8+wpa81)) (&& (< net20) (>= netstandard1.1) (< portable-net451+win81+wpa81)) (&& (< net20) (>= netstandard1.3) (< portable-net45+win8+wpa81)) (&& (< net20) (>= netstandard1.3) (< portable-net451+win81+wpa81)) (&& (< net20) (< netstandard1.3) (>= netstandard1.5)) (&& (< net20) (< netstandard1.3) (>= netstandard1.6)) (&& (< net20) (>= netstandard1.6) (< portable-net451+win81+wpa81)) (&& (< net20) (>= netstandard1.6) (< xamarinmac)) (&& (< net35) (>= netstandard1.3)) (&& (< net45) (>= net46)) (&& (< net45) (>= netstandard1.6) (< portable-net451+win81+wpa81)) (&& (< net45) (>= netstandard2.0)) (&& (>= net46) (< portable-net45+win8+wpa81)) (&& (>= net46) (>= uap10.0)) (&& (< net46) (>= netstandard2.0)) (&& (< netstandard1.3) (>= uap10.0)) (&& (>= netstandard1.6) (< portable-net45+win8+wpa81)) (&& (>= netstandard1.6) (>= uap10.0)) (&& (>= uap10.0) (< uap10.1)) (&& (>= uap10.0) (< win8) (< wpa81))
      Microsoft.NETCore.Platforms (>= 1.1) - restriction: || (>= dnxcore50) (&& (< monoandroid) (< net45) (>= netstandard1.0) (< netstandard1.3) (< win8) (< wp8) (< wpa81)) (&& (< monoandroid) (< net45) (>= netstandard1.3) (< netstandard1.5) (< win8) (< wpa81)) (&& (< monotouch) (< net45) (>= netstandard1.5) (< xamarinios) (< xamarinmac) (< xamarintvos) (< xamarinwatchos))
      Microsoft.NETCore.Targets (>= 1.1) - restriction: || (>= dnxcore50) (&& (< monoandroid) (< net45) (>= netstandard1.0) (< netstandard1.3) (< win8) (< wp8) (< wpa81)) (&& (< monoandroid) (< net45) (>= netstandard1.3) (< netstandard1.5) (< win8) (< wpa81)) (&& (< monotouch) (< net45) (>= netstandard1.5) (< xamarinios) (< xamarinmac) (< xamarintvos) (< xamarinwatchos))
      System.Runtime (>= 4.3) - restriction: || (>= dnxcore50) (&& (< monoandroid) (< net45) (>= netstandard1.0) (< netstandard1.3) (< win8) (< wp8) (< wpa81)) (&& (< monoandroid) (< net45) (>= netstandard1.3) (< netstandard1.5) (< win8) (< wpa81)) (&& (< monotouch) (< net45) (>= netstandard1.5) (< xamarinios) (< xamarinmac) (< xamarintvos) (< xamarinwatchos))
    System.Runtime.Handles (4.3) - restriction: || (&& (>= dnxcore50) (>= net46)) (&& (>= dnxcore50) (>= netstandard1.0)) (&& (>= dnxcore50) (>= netstandard1.1)) (&& (>= dnxcore50) (>= netstandard1.2)) (&& (>= dnxcore50) (>= netstandard1.3)) (&& (>= dnxcore50) (>= netstandard1.4)) (&& (>= dnxcore50) (>= netstandard1.5)) (&& (>= dnxcore50) (>= netstandard1.6)) (&& (>= dnxcore50) (>= uap10.0)) (&& (< monoandroid) (< monotouch) (< net20) (>= netstandard1.5) (< xamarinios) (< xamarinmac) (< xamarintvos) (< xamarinwatchos)) (&& (< monoandroid) (< net20) (< netstandard1.1) (>= netstandard1.6)) (&& (< monoandroid) (< net20) (>= netstandard1.3) (< netstandard1.4) (< wpa81)) (&& (< monoandroid) (< net20) (< netstandard1.3) (>= netstandard1.4) (< wpa81)) (&& (< monoandroid) (< net20) (< netstandard1.3) (>= netstandard1.5)) (&& (< monoandroid) (< net20) (>= netstandard1.4) (< netstandard1.5) (< wpa81)) (&& (< monoandroid) (< net20) (< netstandard1.4) (>= netstandard1.5)) (&& (< monoandroid) (< net20) (< netstandard1.4) (>= netstandard1.6)) (&& (< monoandroid) (< net20) (>= netstandard1.5) (< netstandard1.6)) (&& (< monoandroid) (< net20) (< netstandard1.5) (>= netstandard1.6)) (&& (< monoandroid) (< net35) (>= netstandard1.3) (< netstandard1.5) (< win8) (< wpa81)) (&& (< monoandroid) (< net45) (< netstandard1.3) (>= netstandard1.6)) (&& (< monoandroid) (< net45) (< netstandard1.4) (>= netstandard1.6)) (&& (< monoandroid) (< net45) (< netstandard1.5) (>= netstandard1.6)) (&& (< monoandroid) (< net46) (< netstandard1.4) (>= netstandard1.6)) (&& (< monotouch) (< net20) (>= netstandard1.6) (< xamarinios) (< xamarinmac) (< xamarintvos) (< xamarinwatchos)) (&& (< monotouch) (< net35) (>= netstandard1.3) (< xamarinios) (< xamarinmac) (< xamarintvos) (< xamarinwatchos)) (&& (< monotouch) (< net35) (>= netstandard1.5) (< xamarinios) (< xamarinmac) (< xamarintvos) (< xamarinwatchos)) (&& (< monotouch) (< net45) (>= netstandard1.6) (< xamarinios) (< xamarinmac) (< xamarintvos) (< xamarinwatchos)) (&& (< monotouch) (< net46) (>= netstandard1.6) (< xamarinios) (< xamarinmac) (< xamarintvos) (< xamarinwatchos)) (&& (< net20) (>= netstandard1.3) (< portable-net45+win8+wpa81)) (&& (< net20) (>= netstandard1.3) (< portable-net451+win81+wpa81) (< win8)) (&& (< net20) (< netstandard1.3) (>= netstandard1.6)) (&& (< net20) (>= netstandard1.6) (< portable-net451+win81+wpa81)) (&& (< net45) (>= net46)) (&& (< net45) (>= netstandard1.6) (< portable-net451+win81+wpa81)) (&& (>= net46) (< portable-net45+win8+wpa81)) (&& (>= net46) (>= uap10.0)) (>= netcoreapp1.1) (&& (< netstandard1.3) (>= uap10.0)) (&& (< netstandard1.4) (>= uap10.0)) (&& (>= netstandard1.6) (< portable-net45+win8+wpa81)) (&& (>= netstandard1.6) (>= uap10.0)) (&& (>= uap10.0) (< uap10.1)) (&& (>= uap10.0) (< win8) (< wpa81))
      Microsoft.NETCore.Platforms (>= 1.1) - restriction: && (< monotouch) (< net46) (>= netstandard1.3) (< xamarinios) (< xamarinmac) (< xamarintvos) (< xamarinwatchos)
      Microsoft.NETCore.Targets (>= 1.1) - restriction: && (< monotouch) (< net46) (>= netstandard1.3) (< xamarinios) (< xamarinmac) (< xamarintvos) (< xamarinwatchos)
      System.Runtime (>= 4.3) - restriction: && (< monotouch) (< net46) (>= netstandard1.3) (< xamarinios) (< xamarinmac) (< xamarintvos) (< xamarinwatchos)
    System.Runtime.InteropServices (4.3) - restriction: || (&& (>= dnxcore50) (>= net46)) (&& (>= dnxcore50) (>= netstandard1.0)) (&& (>= dnxcore50) (>= netstandard1.1)) (&& (>= dnxcore50) (>= netstandard1.2)) (&& (>= dnxcore50) (>= netstandard1.3)) (&& (>= dnxcore50) (>= netstandard1.4)) (&& (>= dnxcore50) (>= netstandard1.5)) (&& (>= dnxcore50) (>= netstandard1.6)) (&& (>= dnxcore50) (>= netstandard2.0)) (&& (>= dnxcore50) (>= uap10.0)) (&& (< monoandroid) (< monotouch) (< net20) (>= netstandard1.6) (< xamarinios) (< xamarinmac) (< xamarintvos) (< xamarinwatchos)) (&& (< monoandroid) (< net20) (< netstandard1.0) (>= netstandard1.3) (< win8)) (&& (< monoandroid) (< net20) (>= netstandard1.2) (< netstandard1.3) (< wpa81)) (&& (< monoandroid) (< net20) (>= netstandard1.3) (< netstandard1.4) (< wpa81)) (&& (< monoandroid) (< net20) (< netstandard1.3) (>= netstandard1.4) (< wpa81)) (&& (< monoandroid) (< net20) (>= netstandard1.4) (< netstandard1.5) (< wpa81)) (&& (< monoandroid) (< net20) (< netstandard1.4) (>= netstandard1.6)) (&& (< monoandroid) (< net20) (>= netstandard1.5) (< netstandard1.6)) (&& (< monoandroid) (< net20) (< netstandard1.5) (>= netstandard1.6)) (&& (< monoandroid) (< net45) (< netstandard1.3) (>= netstandard1.6)) (&& (< monoandroid) (< net45) (< netstandard1.4) (>= netstandard1.6)) (&& (< monoandroid) (< net45) (< netstandard1.5) (>= netstandard1.6)) (&& (< monoandroid) (< netstandard1.0) (>= netstandard1.6)) (&& (< monotouch) (< net20) (>= netstandard1.5) (< xamarinios) (< xamarinmac) (< xamarintvos) (< xamarinwatchos)) (&& (< monotouch) (< net20) (>= netstandard1.6) (< netstandard2.0) (< xamarinios) (< xamarinmac) (< xamarintvos) (< xamarinwatchos)) (&& (< monotouch) (< net35) (>= netstandard1.3) (< xamarinios) (< xamarinmac) (< xamarintvos) (< xamarinwatchos)) (&& (< monotouch) (< net45) (>= netstandard1.6) (< xamarinios) (< xamarinmac) (< xamarintvos) (< xamarinwatchos)) (&& (< monotouch) (< net46) (>= netstandard1.6) (< xamarinios) (< xamarinmac) (< xamarintvos) (< xamarinwatchos)) (&& (< net20) (>= net45) (< portable-net451+win81+wpa81)) (&& (< net20) (>= net451) (< netstandard1.3)) (&& (< net20) (>= netstandard1.1) (< portable-net451+win81+wpa81)) (&& (< net20) (>= netstandard1.3) (< portable-net45+win8+wpa81)) (&& (< net20) (>= netstandard1.3) (< portable-net451+win81+wpa81)) (&& (< net20) (< netstandard1.3) (>= netstandard1.5)) (&& (< net20) (< netstandard1.3) (>= netstandard1.6)) (&& (< net20) (>= netstandard1.6) (< portable-net451+win81+wpa81)) (&& (< net45) (>= net451) (< netstandard1.3) (>= netstandard1.6)) (&& (< net45) (>= net46)) (&& (< net45) (>= netstandard1.6) (< portable-net451+win81+wpa81)) (&& (< net45) (>= netstandard2.0)) (&& (>= net46) (< netstandard1.0)) (&& (>= net46) (>= uap10.0)) (&& (< netstandard1.0) (>= netstandard1.6) (< portable-net451+win81+wpa81)) (&& (< netstandard1.3) (>= uap10.0)) (&& (>= netstandard1.6) (>= uap10.0)) (&& (>= uap10.0) (< uap10.1)) (&& (>= uap10.0) (< win8) (< wpa81))
      Microsoft.NETCore.Platforms (>= 1.1) - restriction: || (>= dnxcore50) (&& (< monoandroid) (< net45) (>= netstandard1.1) (< netstandard1.2) (< win8)) (&& (< monoandroid) (< net45) (>= netstandard1.2) (< netstandard1.3) (< win8) (< wpa81)) (&& (< monoandroid) (< net45) (>= netstandard1.3) (< netstandard1.5) (< win8) (< wpa81)) (&& (< monotouch) (< net45) (>= netstandard1.5) (< xamarinios) (< xamarinmac) (< xamarintvos) (< xamarinwatchos)) (>= netcoreapp1.1)
      Microsoft.NETCore.Targets (>= 1.1) - restriction: || (>= dnxcore50) (&& (< monoandroid) (< net45) (>= netstandard1.1) (< netstandard1.2) (< win8)) (&& (< monoandroid) (< net45) (>= netstandard1.2) (< netstandard1.3) (< win8) (< wpa81)) (&& (< monoandroid) (< net45) (>= netstandard1.3) (< netstandard1.5) (< win8) (< wpa81)) (&& (< monotouch) (< net45) (>= netstandard1.5) (< xamarinios) (< xamarinmac) (< xamarintvos) (< xamarinwatchos)) (>= netcoreapp1.1)
      System.Reflection (>= 4.3) - restriction: || (>= dnxcore50) (&& (< monoandroid) (< net45) (>= netstandard1.1) (< netstandard1.2) (< win8)) (&& (< monoandroid) (< net45) (>= netstandard1.2) (< netstandard1.3) (< win8) (< wpa81)) (&& (< monoandroid) (< net45) (>= netstandard1.3) (< netstandard1.5) (< win8) (< wpa81)) (&& (< monotouch) (< net45) (>= netstandard1.5) (< xamarinios) (< xamarinmac) (< xamarintvos) (< xamarinwatchos)) (>= netcoreapp1.1)
      System.Reflection.Primitives (>= 4.3) - restriction: || (>= dnxcore50) (&& (< monoandroid) (< net45) (>= netstandard1.1) (< netstandard1.2) (< win8)) (&& (< monoandroid) (< net45) (>= netstandard1.2) (< netstandard1.3) (< win8) (< wpa81)) (&& (< monoandroid) (< net45) (>= netstandard1.3) (< netstandard1.5) (< win8) (< wpa81)) (&& (< monotouch) (< net45) (>= netstandard1.5) (< xamarinios) (< xamarinmac) (< xamarintvos) (< xamarinwatchos)) (>= netcoreapp1.1)
      System.Runtime (>= 4.3) - restriction: || (>= dnxcore50) (&& (< monoandroid) (< net45) (>= netstandard1.1) (< netstandard1.2) (< win8)) (&& (< monoandroid) (< net45) (>= netstandard1.2) (< netstandard1.3) (< win8) (< wpa81)) (&& (< monoandroid) (< net45) (>= netstandard1.3) (< netstandard1.5) (< win8) (< wpa81)) (&& (< monotouch) (< net45) (>= netstandard1.5) (< xamarinios) (< xamarinmac) (< xamarintvos) (< xamarinwatchos)) (>= net462) (>= netcoreapp1.1)
      System.Runtime.Handles (>= 4.3) - restriction: || (>= dnxcore50) (&& (< monoandroid) (< net45) (>= netstandard1.3) (< netstandard1.5) (< win8) (< wpa81)) (&& (< monotouch) (< net45) (>= netstandard1.5) (< xamarinios) (< xamarinmac) (< xamarintvos) (< xamarinwatchos)) (>= netcoreapp1.1)
    System.Runtime.InteropServices.RuntimeInformation (4.3) - restriction: || (&& (< monoandroid) (< net20) (< netstandard1.0) (>= netstandard1.3)) (&& (< monoandroid) (< net20) (>= netstandard1.2) (< netstandard1.3) (< wpa81)) (&& (< monoandroid) (< net20) (>= netstandard1.3) (< netstandard1.4) (< wpa81)) (&& (< monoandroid) (< net20) (< netstandard1.3) (>= netstandard1.4) (< wpa81)) (&& (< monoandroid) (< net20) (< netstandard1.3) (>= netstandard1.5)) (&& (< monoandroid) (< net20) (>= netstandard1.4) (< netstandard1.5) (< wpa81)) (&& (< monoandroid) (< net20) (>= netstandard1.5) (< netstandard1.6)) (&& (< monoandroid) (< net45) (< netstandard1.3) (>= netstandard1.6)) (&& (< monoandroid) (< net45) (< netstandard1.4) (>= netstandard1.6)) (&& (< monoandroid) (< net45) (< netstandard1.5) (>= netstandard1.6)) (&& (< monoandroid) (< netstandard1.0) (>= netstandard1.6)) (&& (< monotouch) (< net20) (>= netstandard1.6) (< netstandard2.0) (< xamarinios) (< xamarinmac) (< xamarintvos) (< xamarinwatchos)) (&& (< monotouch) (< net45) (>= netstandard1.6) (< netstandard2.0) (< xamarinios) (< xamarinmac) (< xamarintvos) (< xamarinwatchos)) (&& (< net20) (>= net45) (< portable-net451+win81+wpa81)) (&& (< net20) (>= net451) (< netstandard1.3)) (&& (< net20) (>= netstandard1.1) (< portable-net451+win81+wpa81)) (&& (< net20) (>= netstandard1.3) (< portable-net451+win81+wpa81)) (&& (< net20) (< netstandard1.3) (>= netstandard1.6)) (&& (>= net45) (>= netstandard1.6) (< portable-net451+win81+wpa81)) (&& (< net45) (>= net46) (>= netstandard1.4) (< netstandard1.5)) (&& (< net45) (>= net46) (>= netstandard1.5) (< netstandard1.6)) (&& (< net45) (>= net46) (>= netstandard1.6) (< netstandard2.0)) (&& (< net45) (>= netstandard1.6) (< portable-net451+win81+wpa81)) (&& (>= net451) (< netstandard1.3) (>= netstandard1.6)) (&& (>= net46) (< netstandard1.0)) (&& (>= net46) (< netstandard1.3)) (&& (>= net46) (< netstandard1.4)) (&& (>= net46) (< portable-net451+win81+wpa81)) (&& (>= net46) (>= uap10.0)) (&& (< netstandard1.0) (>= netstandard1.6) (< portable-net451+win81+wpa81)) (&& (< netstandard1.3) (>= uap10.0)) (&& (< netstandard1.3) (>= wpa81)) (&& (>= netstandard1.6) (>= uap10.0)) (&& (>= uap10.0) (< uap10.1))
      runtime.native.System (>= 4.3) - restriction: && (< monotouch) (< net45) (>= netstandard1.1) (< win8) (< wpa81) (< xamarinios) (< xamarinmac) (< xamarintvos) (< xamarinwatchos)
      System.Reflection (>= 4.3) - restriction: || (>= dnxcore50) (&& (< monotouch) (< net45) (>= netstandard1.1) (< win8) (< wpa81) (< xamarinios) (< xamarinmac) (< xamarintvos) (< xamarinwatchos))
      System.Reflection.Extensions (>= 4.3) - restriction: || (>= dnxcore50) (&& (< monotouch) (< net45) (>= netstandard1.1) (< win8) (< wpa81) (< xamarinios) (< xamarinmac) (< xamarintvos) (< xamarinwatchos))
      System.Resources.ResourceManager (>= 4.3) - restriction: || (>= dnxcore50) (&& (< monotouch) (< net45) (>= netstandard1.1) (< win8) (< wpa81) (< xamarinios) (< xamarinmac) (< xamarintvos) (< xamarinwatchos))
      System.Runtime (>= 4.3) - restriction: || (>= dnxcore50) (&& (< monotouch) (< net45) (>= netstandard1.1) (< win8) (< wpa81) (< xamarinios) (< xamarinmac) (< xamarintvos) (< xamarinwatchos))
      System.Runtime.InteropServices (>= 4.3) - restriction: && (< monotouch) (< net45) (>= netstandard1.1) (< win8) (< wpa81) (< xamarinios) (< xamarinmac) (< xamarintvos) (< xamarinwatchos)
      System.Threading (>= 4.3) - restriction: || (>= dnxcore50) (&& (< monotouch) (< net45) (>= netstandard1.1) (< win8) (< wpa81) (< xamarinios) (< xamarinmac) (< xamarintvos) (< xamarinwatchos))
    System.Runtime.Numerics (4.3) - restriction: || (&& (>= dnxcore50) (>= net46)) (&& (>= dnxcore50) (>= netstandard1.6)) (&& (< monoandroid) (< net20) (>= netstandard1.2) (< netstandard1.3) (< wpa81)) (&& (< monoandroid) (< net20) (>= netstandard1.3) (< netstandard1.4) (< wpa81)) (&& (< monoandroid) (< net20) (< netstandard1.3) (>= netstandard1.4) (< wpa81)) (&& (< monoandroid) (< net20) (< netstandard1.3) (>= netstandard1.5)) (&& (< monoandroid) (< net20) (>= netstandard1.4) (< netstandard1.5) (< wpa81)) (&& (< monoandroid) (< net20) (>= netstandard1.5) (< netstandard1.6)) (&& (< monoandroid) (< net45) (< netstandard1.3) (>= netstandard1.6)) (&& (< monoandroid) (< net45) (< netstandard1.4) (>= netstandard1.6)) (&& (< monoandroid) (< net45) (< netstandard1.5) (>= netstandard1.6)) (&& (< monotouch) (< net45) (>= netstandard1.6) (< xamarinios) (< xamarinmac) (< xamarintvos) (< xamarinwatchos)) (&& (< monotouch) (< net46) (>= netstandard1.6) (< xamarinios) (< xamarinmac) (< xamarintvos) (< xamarinwatchos)) (&& (< net20) (>= netstandard1.1) (< portable-net451+win81+wpa81)) (&& (< net20) (>= netstandard1.3) (< portable-net451+win81+wpa81)) (&& (< net20) (< netstandard1.3) (>= netstandard1.6)) (&& (< net20) (>= netstandard1.6) (< xamarinmac)) (&& (< net45) (>= net46) (< netstandard1.3)) (&& (< net45) (>= net46) (>= netstandard1.4) (< netstandard1.5)) (&& (< net45) (>= net46) (< netstandard1.4)) (&& (< net45) (>= net46) (>= netstandard1.5) (< netstandard1.6)) (&& (< net45) (>= net46) (>= netstandard1.6) (< netstandard2.0)) (&& (< net45) (>= net46) (< portable-net451+win81+wpa81)) (&& (< net45) (>= netstandard1.6) (< portable-net451+win81+wpa81)) (&& (>= net46) (>= uap10.0)) (&& (< netstandard1.3) (>= uap10.0)) (&& (>= netstandard1.6) (>= uap10.0)) (&& (>= uap10.0) (< uap10.1))
      System.Globalization (>= 4.3) - restriction: || (>= dnxcore50) (&& (< monotouch) (< net45) (>= netstandard1.3) (< win8) (< wpa81) (< xamarinios) (< xamarinmac) (< xamarintvos) (< xamarinwatchos))
      System.Resources.ResourceManager (>= 4.3) - restriction: || (>= dnxcore50) (&& (< monotouch) (< net45) (>= netstandard1.3) (< win8) (< wpa81) (< xamarinios) (< xamarinmac) (< xamarintvos) (< xamarinwatchos))
      System.Runtime (>= 4.3) - restriction: || (>= dnxcore50) (&& (< monoandroid) (< net45) (>= netstandard1.1) (< netstandard1.3) (< win8) (< wpa81)) (&& (< monotouch) (< net45) (>= netstandard1.3) (< win8) (< wpa81) (< xamarinios) (< xamarinmac) (< xamarintvos) (< xamarinwatchos))
      System.Runtime.Extensions (>= 4.3) - restriction: || (>= dnxcore50) (&& (< monotouch) (< net45) (>= netstandard1.3) (< win8) (< wpa81) (< xamarinios) (< xamarinmac) (< xamarintvos) (< xamarinwatchos))
    System.Runtime.Serialization.Formatters (4.3) - restriction: || (&& (< net20) (>= net46)) (&& (< net20) (>= netstandard1.3)) (&& (< net20) (>= netstandard1.6))
      System.Collections (>= 4.3) - restriction: && (< monotouch) (< net46) (>= netstandard1.4) (< xamarinios) (< xamarinmac) (< xamarintvos) (< xamarinwatchos)
      System.Reflection (>= 4.3) - restriction: && (< monotouch) (< net46) (>= netstandard1.4) (< xamarinios) (< xamarinmac) (< xamarintvos) (< xamarinwatchos)
      System.Resources.ResourceManager (>= 4.3) - restriction: && (< monotouch) (< net46) (>= netstandard1.4) (< xamarinios) (< xamarinmac) (< xamarintvos) (< xamarinwatchos)
      System.Runtime (>= 4.3) - restriction: || (&& (< monoandroid) (< net46) (>= netstandard1.3) (< netstandard1.4)) (&& (< monotouch) (< net46) (>= netstandard1.4) (< xamarinios) (< xamarinmac) (< xamarintvos) (< xamarinwatchos))
      System.Runtime.Serialization.Primitives (>= 4.3) - restriction: || (&& (< monoandroid) (>= netstandard1.3) (< netstandard1.4)) (&& (< monotouch) (>= netstandard1.4) (< xamarinios) (< xamarinmac) (< xamarintvos) (< xamarinwatchos)) (>= net46)
    System.Runtime.Serialization.Primitives (4.3) - restriction: || (&& (< monotouch) (< net20) (>= netstandard1.4) (< xamarinios) (< xamarinmac) (< xamarintvos) (< xamarinwatchos)) (&& (< net20) (>= net46)) (&& (< net20) (>= netstandard1.0) (< netstandard1.3)) (&& (< net20) (>= netstandard1.3)) (&& (< net20) (>= netstandard1.6))
      System.Resources.ResourceManager (>= 4.3) - restriction: || (>= dnxcore50) (&& (< monotouch) (< net45) (>= netstandard1.3) (< win8) (< wpa81) (< xamarinios) (< xamarinmac) (< xamarintvos) (< xamarinwatchos))
      System.Runtime (>= 4.3) - restriction: || (>= dnxcore50) (&& (< monoandroid) (< net45) (>= netstandard1.0) (< netstandard1.3) (< win8) (< wp8) (< wpa81)) (&& (< monotouch) (< net45) (>= netstandard1.3) (< win8) (< wpa81) (< xamarinios) (< xamarinmac) (< xamarintvos) (< xamarinwatchos))
    System.Security.AccessControl (4.4) - restriction: || (&& (>= monoandroid) (< netstandard1.3) (>= netstandard1.6)) (&& (< net46) (>= net461) (>= netstandard1.6)) (&& (< net46) (>= netstandard2.0)) (>= netcoreapp2.0)
      Microsoft.NETCore.Platforms (>= 2.0) - restriction: >= netcoreapp2.0
      System.Security.Principal.Windows (>= 4.4) - restriction: || (&& (>= monoandroid) (< netstandard1.3)) (>= monotouch) (&& (>= net46) (< netstandard2.0)) (&& (< net46) (>= netstandard1.3) (< netstandard2.0)) (&& (< net46) (>= netstandard2.0)) (>= net461) (>= netcoreapp2.0) (>= xamarinios) (>= xamarinmac) (>= xamarintvos) (>= xamarinwatchos)
    System.Security.Cryptography.Algorithms (4.3) - restriction: || (&& (>= dnxcore50) (>= net46)) (&& (>= dnxcore50) (>= netstandard1.3)) (&& (>= dnxcore50) (>= netstandard1.4)) (&& (>= dnxcore50) (>= netstandard1.5)) (&& (>= dnxcore50) (>= uap10.0)) (&& (< monoandroid) (< net20) (>= netstandard1.3) (< netstandard1.4) (< wpa81)) (&& (< monoandroid) (< net20) (< netstandard1.3) (>= netstandard1.4) (< wpa81)) (&& (< monoandroid) (< net20) (>= netstandard1.4) (< netstandard1.5) (< wpa81)) (&& (< monoandroid) (< net20) (>= netstandard1.5)) (&& (< net20) (>= net46) (< netstandard1.3)) (&& (< net35) (>= net46)) (&& (< net35) (>= netstandard1.3)) (&& (< net45) (>= net46) (>= netstandard1.4) (< netstandard1.5)) (&& (< net45) (>= net46) (>= netstandard1.5)) (&& (>= net46) (< netstandard1.4)) (&& (>= net46) (>= uap10.0)) (>= net461) (&& (< netstandard1.3) (>= uap10.0)) (&& (< netstandard1.4) (>= uap10.0)) (>= netstandard1.6) (&& (>= uap10.0) (< uap10.1))
      Microsoft.NETCore.Platforms (>= 1.1) - restriction: || (>= dnxcore50) (&& (< monotouch) (< net46) (>= netstandard1.6) (< xamarinios) (< xamarinmac) (< xamarintvos) (< xamarinwatchos))
      runtime.native.System.Security.Cryptography.Apple (>= 4.3) - restriction: && (< monotouch) (< net46) (>= netstandard1.6) (< xamarinios) (< xamarinmac) (< xamarintvos) (< xamarinwatchos)
      runtime.native.System.Security.Cryptography.OpenSsl (>= 4.3) - restriction: && (< monotouch) (< net46) (>= netstandard1.6) (< xamarinios) (< xamarinmac) (< xamarintvos) (< xamarinwatchos)
      System.Collections (>= 4.3) - restriction: && (< monotouch) (< net46) (>= netstandard1.6) (< xamarinios) (< xamarinmac) (< xamarintvos) (< xamarinwatchos)
      System.IO (>= 4.3) - restriction: || (>= dnxcore50) (&& (< monoandroid) (< net46) (>= netstandard1.3) (< netstandard1.4)) (&& (< monoandroid) (< net46) (>= netstandard1.4) (< netstandard1.6)) (&& (< monotouch) (< net46) (>= netstandard1.6) (< xamarinios) (< xamarinmac) (< xamarintvos) (< xamarinwatchos)) (>= net463)
      System.Resources.ResourceManager (>= 4.3) - restriction: || (>= dnxcore50) (&& (< monotouch) (< net46) (>= netstandard1.6) (< xamarinios) (< xamarinmac) (< xamarintvos) (< xamarinwatchos))
      System.Runtime (>= 4.3) - restriction: || (>= dnxcore50) (&& (< monoandroid) (< net46) (>= netstandard1.3) (< netstandard1.4)) (&& (< monoandroid) (< net46) (>= netstandard1.4) (< netstandard1.6)) (&& (< monotouch) (< net46) (>= netstandard1.6) (< xamarinios) (< xamarinmac) (< xamarintvos) (< xamarinwatchos)) (>= net463)
      System.Runtime.Extensions (>= 4.3) - restriction: || (>= dnxcore50) (&& (< monotouch) (< net46) (>= netstandard1.6) (< xamarinios) (< xamarinmac) (< xamarintvos) (< xamarinwatchos))
      System.Runtime.Handles (>= 4.3) - restriction: || (>= dnxcore50) (&& (< monotouch) (< net46) (>= netstandard1.6) (< xamarinios) (< xamarinmac) (< xamarintvos) (< xamarinwatchos))
      System.Runtime.InteropServices (>= 4.3) - restriction: || (>= dnxcore50) (&& (< monotouch) (< net46) (>= netstandard1.6) (< xamarinios) (< xamarinmac) (< xamarintvos) (< xamarinwatchos))
      System.Runtime.Numerics (>= 4.3) - restriction: && (< monotouch) (< net46) (>= netstandard1.6) (< xamarinios) (< xamarinmac) (< xamarintvos) (< xamarinwatchos)
      System.Security.Cryptography.Encoding (>= 4.3) - restriction: || (>= dnxcore50) (&& (< monotouch) (< net46) (>= netstandard1.6) (< xamarinios) (< xamarinmac) (< xamarintvos) (< xamarinwatchos)) (>= net463)
      System.Security.Cryptography.Primitives (>= 4.3) - restriction: || (>= dnxcore50) (&& (< monoandroid) (< net46) (>= netstandard1.3) (< netstandard1.4)) (&& (< monoandroid) (< net46) (>= netstandard1.4) (< netstandard1.6)) (&& (< monotouch) (< net46) (>= netstandard1.6) (< xamarinios) (< xamarinmac) (< xamarintvos) (< xamarinwatchos)) (&& (>= net46) (< netstandard1.4)) (&& (>= net461) (< netstandard1.6)) (>= net463)
      System.Text.Encoding (>= 4.3) - restriction: || (>= dnxcore50) (&& (< monotouch) (< net46) (>= netstandard1.6) (< xamarinios) (< xamarinmac) (< xamarintvos) (< xamarinwatchos))
    System.Security.Cryptography.Cng (4.4) - restriction: || (&& (>= dnxcore50) (>= net46)) (&& (>= dnxcore50) (>= netstandard1.6)) (&& (< monoandroid) (< net45) (< netstandard1.4) (>= netstandard1.6)) (&& (< monoandroid) (< net45) (< netstandard1.5) (>= netstandard1.6)) (&& (< monotouch) (< net45) (>= netstandard1.6) (< xamarinios) (< xamarinmac) (< xamarintvos) (< xamarinwatchos)) (&& (< net45) (>= net46) (< netstandard1.5) (>= netstandard1.6)) (&& (< net45) (>= net46) (>= netstandard1.6) (< netstandard2.0)) (&& (>= netstandard1.6) (>= uap10.0))
      Microsoft.NETCore.Platforms (>= 2.0) - restriction: >= netcoreapp2.0
      System.IO (>= 4.3) - restriction: || (&& (< monoandroid) (< net46) (>= netstandard1.3) (< netstandard1.4)) (&& (< monoandroid) (< net46) (>= netstandard1.4) (< netstandard1.6)) (&& (< monotouch) (< net46) (>= netstandard1.6) (< netstandard2.0) (< xamarinios) (< xamarinmac) (< xamarintvos) (< xamarinwatchos))
      System.Resources.ResourceManager (>= 4.3) - restriction: || (&& (< monoandroid) (< net46) (>= netstandard1.3) (< netstandard1.4)) (&& (< monoandroid) (< net46) (>= netstandard1.4) (< netstandard1.6)) (&& (< monotouch) (< net46) (>= netstandard1.6) (< netstandard2.0) (< xamarinios) (< xamarinmac) (< xamarintvos) (< xamarinwatchos))
      System.Runtime (>= 4.3) - restriction: || (&& (< monoandroid) (< net46) (>= netstandard1.3) (< netstandard1.4)) (&& (< monoandroid) (< net46) (>= netstandard1.4) (< netstandard1.6)) (&& (< monotouch) (< net46) (>= netstandard1.6) (< netstandard2.0) (< xamarinios) (< xamarinmac) (< xamarintvos) (< xamarinwatchos))
      System.Runtime.Extensions (>= 4.3) - restriction: || (&& (< monoandroid) (< net46) (>= netstandard1.4) (< netstandard1.6)) (&& (< monotouch) (< net46) (>= netstandard1.6) (< netstandard2.0) (< xamarinios) (< xamarinmac) (< xamarintvos) (< xamarinwatchos))
      System.Runtime.Handles (>= 4.3) - restriction: || (&& (< monoandroid) (< net46) (>= netstandard1.3) (< netstandard1.4)) (&& (< monoandroid) (< net46) (>= netstandard1.4) (< netstandard1.6)) (&& (< monotouch) (< net46) (>= netstandard1.6) (< netstandard2.0) (< xamarinios) (< xamarinmac) (< xamarintvos) (< xamarinwatchos))
      System.Runtime.InteropServices (>= 4.3) - restriction: || (&& (< monoandroid) (< net46) (>= netstandard1.3) (< netstandard1.4)) (&& (< monoandroid) (< net46) (>= netstandard1.4) (< netstandard1.6)) (&& (< monotouch) (< net46) (>= netstandard1.6) (< netstandard2.0) (< xamarinios) (< xamarinmac) (< xamarintvos) (< xamarinwatchos))
      System.Security.Cryptography.Algorithms (>= 4.3) - restriction: || (&& (< monoandroid) (< net46) (>= netstandard1.3) (< netstandard1.4)) (&& (< monoandroid) (< net46) (>= netstandard1.4) (< netstandard1.6)) (&& (< monotouch) (< net46) (>= netstandard1.6) (< netstandard2.0) (< xamarinios) (< xamarinmac) (< xamarintvos) (< xamarinwatchos)) (&& (>= net46) (< netstandard1.4))
      System.Security.Cryptography.Encoding (>= 4.3) - restriction: || (&& (< monoandroid) (< net46) (>= netstandard1.4) (< netstandard1.6)) (&& (< monotouch) (< net46) (>= netstandard1.6) (< netstandard2.0) (< xamarinios) (< xamarinmac) (< xamarintvos) (< xamarinwatchos))
      System.Security.Cryptography.Primitives (>= 4.3) - restriction: || (&& (< monoandroid) (< net46) (>= netstandard1.3) (< netstandard1.4)) (&& (< monoandroid) (< net46) (>= netstandard1.4) (< netstandard1.6)) (&& (< monotouch) (< net46) (>= netstandard1.6) (< netstandard2.0) (< xamarinios) (< xamarinmac) (< xamarintvos) (< xamarinwatchos)) (&& (>= net46) (< netstandard1.4))
      System.Text.Encoding (>= 4.3) - restriction: || (&& (< monoandroid) (< net46) (>= netstandard1.4) (< netstandard1.6)) (&& (< monotouch) (< net46) (>= netstandard1.6) (< netstandard2.0) (< xamarinios) (< xamarinmac) (< xamarintvos) (< xamarinwatchos))
    System.Security.Cryptography.Csp (4.3) - restriction: || (&& (>= dnxcore50) (>= netstandard1.6)) (&& (< monoandroid) (< net45) (< netstandard1.4) (>= netstandard1.6)) (&& (< monoandroid) (< net45) (< netstandard1.5) (>= netstandard1.6)) (&& (< monotouch) (< net45) (>= netstandard1.6) (< xamarinios) (< xamarinmac) (< xamarintvos) (< xamarinwatchos)) (&& (< net35) (>= netstandard1.3)) (&& (< net45) (>= net46) (< netstandard1.5) (>= netstandard1.6)) (&& (< net45) (>= net46) (>= netstandard1.6) (< netstandard2.0)) (&& (>= netstandard1.6) (>= uap10.0))
      Microsoft.NETCore.Platforms (>= 1.1) - restriction: && (< monotouch) (< net46) (>= netstandard1.3) (< xamarinios) (< xamarinmac) (< xamarintvos) (< xamarinwatchos)
      System.IO (>= 4.3) - restriction: && (< monotouch) (< net46) (>= netstandard1.3) (< xamarinios) (< xamarinmac) (< xamarintvos) (< xamarinwatchos)
      System.Reflection (>= 4.3) - restriction: && (< monotouch) (< net46) (>= netstandard1.3) (< xamarinios) (< xamarinmac) (< xamarintvos) (< xamarinwatchos)
      System.Resources.ResourceManager (>= 4.3) - restriction: && (< monotouch) (< net46) (>= netstandard1.3) (< xamarinios) (< xamarinmac) (< xamarintvos) (< xamarinwatchos)
      System.Runtime (>= 4.3) - restriction: && (< monotouch) (< net46) (>= netstandard1.3) (< xamarinios) (< xamarinmac) (< xamarintvos) (< xamarinwatchos)
      System.Runtime.Extensions (>= 4.3) - restriction: && (< monotouch) (< net46) (>= netstandard1.3) (< xamarinios) (< xamarinmac) (< xamarintvos) (< xamarinwatchos)
      System.Runtime.Handles (>= 4.3) - restriction: && (< monotouch) (< net46) (>= netstandard1.3) (< xamarinios) (< xamarinmac) (< xamarintvos) (< xamarinwatchos)
      System.Runtime.InteropServices (>= 4.3) - restriction: && (< monotouch) (< net46) (>= netstandard1.3) (< xamarinios) (< xamarinmac) (< xamarintvos) (< xamarinwatchos)
      System.Security.Cryptography.Algorithms (>= 4.3) - restriction: || (&& (< monotouch) (>= netstandard1.3) (< xamarinios) (< xamarinmac) (< xamarintvos) (< xamarinwatchos)) (>= net46)
      System.Security.Cryptography.Encoding (>= 4.3) - restriction: && (< monotouch) (< net46) (>= netstandard1.3) (< xamarinios) (< xamarinmac) (< xamarintvos) (< xamarinwatchos)
      System.Security.Cryptography.Primitives (>= 4.3) - restriction: || (&& (< monotouch) (>= netstandard1.3) (< xamarinios) (< xamarinmac) (< xamarintvos) (< xamarinwatchos)) (>= net46)
      System.Text.Encoding (>= 4.3) - restriction: && (< monotouch) (< net46) (>= netstandard1.3) (< xamarinios) (< xamarinmac) (< xamarintvos) (< xamarinwatchos)
      System.Threading (>= 4.3) - restriction: && (< monotouch) (< net46) (>= netstandard1.3) (< xamarinios) (< xamarinmac) (< xamarintvos) (< xamarinwatchos)
    System.Security.Cryptography.Encoding (4.3) - restriction: || (&& (>= dnxcore50) (>= net46)) (&& (>= dnxcore50) (>= netstandard1.3)) (&& (>= dnxcore50) (>= netstandard1.4)) (&& (>= dnxcore50) (>= netstandard1.5)) (&& (>= dnxcore50) (>= netstandard1.6)) (&& (>= dnxcore50) (>= uap10.0)) (&& (< monoandroid) (< monotouch) (< net20) (>= netstandard1.6) (< xamarinios) (< xamarinmac) (< xamarintvos) (< xamarinwatchos)) (&& (< monoandroid) (< net20) (>= netstandard1.3) (< netstandard1.4) (< wpa81)) (&& (< monoandroid) (< net20) (< netstandard1.3) (>= netstandard1.4) (< wpa81)) (&& (< monoandroid) (< net20) (< netstandard1.3) (>= netstandard1.5)) (&& (< monoandroid) (< net20) (>= netstandard1.4) (< netstandard1.5) (< wpa81)) (&& (< monoandroid) (< net20) (< netstandard1.4) (>= netstandard1.5)) (&& (< monoandroid) (< net20) (< netstandard1.4) (>= netstandard1.6)) (&& (< monoandroid) (< net20) (>= netstandard1.5) (< netstandard1.6)) (&& (< monoandroid) (< net20) (< netstandard1.5) (>= netstandard1.6)) (&& (< monoandroid) (< net45) (< netstandard1.4) (>= netstandard1.6)) (&& (< monoandroid) (< net45) (< netstandard1.5) (>= netstandard1.6)) (&& (< monotouch) (< net20) (>= netstandard1.6) (< netstandard2.0) (< xamarinios) (< xamarinmac) (< xamarintvos) (< xamarinwatchos)) (&& (< monotouch) (< net35) (>= netstandard1.3) (< xamarinios) (< xamarinmac) (< xamarintvos) (< xamarinwatchos)) (&& (< monotouch) (< net35) (>= netstandard1.6) (< xamarinios) (< xamarinmac) (< xamarintvos) (< xamarinwatchos)) (&& (< monotouch) (< net45) (>= netstandard1.6) (< xamarinios) (< xamarinmac) (< xamarintvos) (< xamarinwatchos)) (&& (< monotouch) (< net46) (>= netstandard1.6) (< xamarinios) (< xamarinmac) (< xamarintvos) (< xamarinwatchos)) (&& (< net20) (>= net46) (< netstandard1.3)) (&& (< net20) (>= netstandard1.3) (< portable-net451+win81+wpa81) (< win8)) (&& (< net20) (< netstandard1.3) (>= netstandard1.6)) (&& (< net20) (>= netstandard1.6) (< portable-net451+win81+wpa81)) (&& (< net35) (>= net46) (>= netstandard1.6)) (&& (< net45) (>= net46) (>= netstandard1.4) (< netstandard1.5)) (&& (< net45) (>= net46) (>= netstandard1.6)) (&& (< net45) (>= net46) (< netstandard1.6)) (&& (>= net46) (< netstandard1.4)) (&& (>= net46) (>= uap10.0)) (>= net461) (&& (>= net463) (>= netstandard1.6)) (&& (< netstandard1.3) (>= uap10.0)) (&& (< netstandard1.4) (>= uap10.0)) (&& (>= netstandard1.6) (>= uap10.0)) (&& (>= uap10.0) (< uap10.1)) (&& (>= uap10.0) (< win8) (< wpa81))
      Microsoft.NETCore.Platforms (>= 1.1) - restriction: && (< monotouch) (< net46) (>= netstandard1.3) (< xamarinios) (< xamarinmac) (< xamarintvos) (< xamarinwatchos)
      runtime.native.System.Security.Cryptography.OpenSsl (>= 4.3) - restriction: && (< monotouch) (< net46) (>= netstandard1.3) (< xamarinios) (< xamarinmac) (< xamarintvos) (< xamarinwatchos)
      System.Collections (>= 4.3) - restriction: && (< monotouch) (< net46) (>= netstandard1.3) (< xamarinios) (< xamarinmac) (< xamarintvos) (< xamarinwatchos)
      System.Collections.Concurrent (>= 4.3) - restriction: && (< monotouch) (< net46) (>= netstandard1.3) (< xamarinios) (< xamarinmac) (< xamarintvos) (< xamarinwatchos)
      System.Linq (>= 4.3) - restriction: && (< monotouch) (< net46) (>= netstandard1.3) (< xamarinios) (< xamarinmac) (< xamarintvos) (< xamarinwatchos)
      System.Resources.ResourceManager (>= 4.3) - restriction: && (< monotouch) (< net46) (>= netstandard1.3) (< xamarinios) (< xamarinmac) (< xamarintvos) (< xamarinwatchos)
      System.Runtime (>= 4.3) - restriction: && (< monotouch) (< net46) (>= netstandard1.3) (< xamarinios) (< xamarinmac) (< xamarintvos) (< xamarinwatchos)
      System.Runtime.Extensions (>= 4.3) - restriction: && (< monotouch) (< net46) (>= netstandard1.3) (< xamarinios) (< xamarinmac) (< xamarintvos) (< xamarinwatchos)
      System.Runtime.Handles (>= 4.3) - restriction: && (< monotouch) (< net46) (>= netstandard1.3) (< xamarinios) (< xamarinmac) (< xamarintvos) (< xamarinwatchos)
      System.Runtime.InteropServices (>= 4.3) - restriction: && (< monotouch) (< net46) (>= netstandard1.3) (< xamarinios) (< xamarinmac) (< xamarintvos) (< xamarinwatchos)
      System.Security.Cryptography.Primitives (>= 4.3) - restriction: && (< monotouch) (< net46) (>= netstandard1.3) (< xamarinios) (< xamarinmac) (< xamarintvos) (< xamarinwatchos)
      System.Text.Encoding (>= 4.3) - restriction: && (< monotouch) (< net46) (>= netstandard1.3) (< xamarinios) (< xamarinmac) (< xamarintvos) (< xamarinwatchos)
    System.Security.Cryptography.OpenSsl (4.4) - restriction: || (&& (< monoandroid) (< net45) (< netstandard1.4) (>= netstandard1.6)) (&& (< monoandroid) (< net45) (< netstandard1.5) (>= netstandard1.6)) (&& (< monotouch) (< net45) (>= netstandard1.6) (< xamarinios) (< xamarinmac) (< xamarintvos) (< xamarinwatchos)) (&& (< net45) (>= net46) (>= netstandard1.6)) (&& (>= netstandard1.6) (>= uap10.0))
      Microsoft.NETCore.Platforms (>= 2.0) - restriction: >= netcoreapp2.0
      System.Collections (>= 4.3) - restriction: && (< monotouch) (< net461) (>= netstandard1.6) (< netstandard2.0) (< xamarinios) (< xamarinmac) (< xamarintvos) (< xamarinwatchos)
      System.IO (>= 4.3) - restriction: && (< monotouch) (< net461) (>= netstandard1.6) (< netstandard2.0) (< xamarinios) (< xamarinmac) (< xamarintvos) (< xamarinwatchos)
      System.Resources.ResourceManager (>= 4.3) - restriction: && (< monotouch) (< net461) (>= netstandard1.6) (< netstandard2.0) (< xamarinios) (< xamarinmac) (< xamarintvos) (< xamarinwatchos)
      System.Runtime (>= 4.3) - restriction: && (< monotouch) (< net461) (>= netstandard1.6) (< netstandard2.0) (< xamarinios) (< xamarinmac) (< xamarintvos) (< xamarinwatchos)
      System.Runtime.Extensions (>= 4.3) - restriction: && (< monotouch) (< net461) (>= netstandard1.6) (< netstandard2.0) (< xamarinios) (< xamarinmac) (< xamarintvos) (< xamarinwatchos)
      System.Runtime.Handles (>= 4.3) - restriction: && (< monotouch) (< net461) (>= netstandard1.6) (< netstandard2.0) (< xamarinios) (< xamarinmac) (< xamarintvos) (< xamarinwatchos)
      System.Runtime.InteropServices (>= 4.3) - restriction: && (< monotouch) (< net461) (>= netstandard1.6) (< netstandard2.0) (< xamarinios) (< xamarinmac) (< xamarintvos) (< xamarinwatchos)
      System.Runtime.Numerics (>= 4.3) - restriction: && (< monotouch) (< net461) (>= netstandard1.6) (< netstandard2.0) (< xamarinios) (< xamarinmac) (< xamarintvos) (< xamarinwatchos)
      System.Security.Cryptography.Algorithms (>= 4.3) - restriction: && (< monotouch) (< net461) (>= netstandard1.6) (< netstandard2.0) (< xamarinios) (< xamarinmac) (< xamarintvos) (< xamarinwatchos)
      System.Security.Cryptography.Encoding (>= 4.3) - restriction: && (< monotouch) (< net461) (>= netstandard1.6) (< netstandard2.0) (< xamarinios) (< xamarinmac) (< xamarintvos) (< xamarinwatchos)
      System.Security.Cryptography.Primitives (>= 4.3) - restriction: && (< monotouch) (< net461) (>= netstandard1.6) (< netstandard2.0) (< xamarinios) (< xamarinmac) (< xamarintvos) (< xamarinwatchos)
      System.Text.Encoding (>= 4.3) - restriction: && (< monotouch) (< net461) (>= netstandard1.6) (< netstandard2.0) (< xamarinios) (< xamarinmac) (< xamarintvos) (< xamarinwatchos)
    System.Security.Cryptography.Primitives (4.3) - restriction: || (&& (>= dnxcore50) (>= net46)) (&& (>= dnxcore50) (>= net461)) (&& (>= dnxcore50) (>= netstandard1.3)) (&& (>= dnxcore50) (>= netstandard1.4)) (&& (>= dnxcore50) (>= netstandard1.5)) (&& (>= dnxcore50) (>= netstandard1.6)) (&& (>= dnxcore50) (>= uap10.0)) (&& (< monoandroid) (< monotouch) (< net20) (>= netstandard1.6) (< xamarinios) (< xamarinmac) (< xamarintvos) (< xamarinwatchos)) (&& (< monoandroid) (< net20) (>= netstandard1.3) (< netstandard1.4) (< wpa81)) (&& (< monoandroid) (< net20) (< netstandard1.3) (>= netstandard1.4) (< wpa81)) (&& (< monoandroid) (< net20) (< netstandard1.3) (>= netstandard1.5)) (&& (< monoandroid) (< net20) (>= netstandard1.4) (< netstandard1.5) (< wpa81)) (&& (< monoandroid) (< net20) (< netstandard1.4) (>= netstandard1.5)) (&& (< monoandroid) (< net20) (< netstandard1.4) (>= netstandard1.6)) (&& (< monoandroid) (< net20) (>= netstandard1.5) (< netstandard1.6)) (&& (< monoandroid) (< net20) (< netstandard1.5) (>= netstandard1.6)) (&& (< monoandroid) (< net35) (>= netstandard1.3) (< netstandard1.4)) (&& (< monoandroid) (< net35) (>= netstandard1.4) (< netstandard1.6)) (&& (< monoandroid) (< net45) (< netstandard1.4) (>= netstandard1.6)) (&& (< monoandroid) (< net45) (< netstandard1.5) (>= netstandard1.6)) (&& (< monoandroid) (< net46) (< netstandard1.4) (>= netstandard1.6)) (&& (< monotouch) (< net20) (>= netstandard1.6) (< netstandard2.0) (< xamarinios) (< xamarinmac) (< xamarintvos) (< xamarinwatchos)) (&& (< monotouch) (< net35) (>= netstandard1.3) (< xamarinios) (< xamarinmac) (< xamarintvos) (< xamarinwatchos)) (&& (< monotouch) (< net35) (>= netstandard1.6) (< xamarinios) (< xamarinmac) (< xamarintvos) (< xamarinwatchos)) (&& (< monotouch) (< net45) (>= netstandard1.6) (< xamarinios) (< xamarinmac) (< xamarintvos) (< xamarinwatchos)) (&& (< monotouch) (< net46) (>= netstandard1.6) (< xamarinios) (< xamarinmac) (< xamarintvos) (< xamarinwatchos)) (&& (< net20) (>= net46) (< netstandard1.3)) (&& (< net20) (>= net461) (< netstandard1.3)) (&& (< net20) (>= net461) (< netstandard1.5)) (&& (< net20) (< netstandard1.3) (>= netstandard1.6)) (&& (< net35) (>= net46)) (&& (< net45) (>= net46) (>= netstandard1.4) (< netstandard1.5)) (&& (< net45) (>= net46) (>= netstandard1.6)) (&& (< net45) (>= net46) (< netstandard1.6)) (&& (< net45) (>= net461) (< netstandard1.5)) (&& (>= net46) (< netstandard1.4)) (&& (>= net46) (>= uap10.0)) (&& (< net46) (>= net461) (>= netstandard1.6)) (&& (>= net461) (< netstandard1.4)) (&& (>= net461) (< netstandard1.6)) (&& (>= net461) (>= uap10.0)) (>= net463) (&& (< netstandard1.3) (>= uap10.0)) (&& (< netstandard1.4) (>= uap10.0)) (&& (>= netstandard1.6) (>= uap10.0)) (&& (>= uap10.0) (< uap10.1))
      System.Diagnostics.Debug (>= 4.3) - restriction: && (< monotouch) (< net46) (>= netstandard1.3) (< xamarinios) (< xamarinmac) (< xamarintvos) (< xamarinwatchos)
      System.Globalization (>= 4.3) - restriction: && (< monotouch) (< net46) (>= netstandard1.3) (< xamarinios) (< xamarinmac) (< xamarintvos) (< xamarinwatchos)
      System.IO (>= 4.3) - restriction: && (< monotouch) (< net46) (>= netstandard1.3) (< xamarinios) (< xamarinmac) (< xamarintvos) (< xamarinwatchos)
      System.Resources.ResourceManager (>= 4.3) - restriction: && (< monotouch) (< net46) (>= netstandard1.3) (< xamarinios) (< xamarinmac) (< xamarintvos) (< xamarinwatchos)
      System.Runtime (>= 4.3) - restriction: && (< monotouch) (< net46) (>= netstandard1.3) (< xamarinios) (< xamarinmac) (< xamarintvos) (< xamarinwatchos)
      System.Threading (>= 4.3) - restriction: && (< monotouch) (< net46) (>= netstandard1.3) (< xamarinios) (< xamarinmac) (< xamarintvos) (< xamarinwatchos)
      System.Threading.Tasks (>= 4.3) - restriction: && (< monotouch) (< net46) (>= netstandard1.3) (< xamarinios) (< xamarinmac) (< xamarintvos) (< xamarinwatchos)
    System.Security.Cryptography.ProtectedData (4.4) - restriction: >= netstandard1.6
      NETStandard.Library (>= 1.6.1) - restriction: && (< monotouch) (< net46) (>= netstandard1.3) (< netstandard2.0) (< xamarinios) (< xamarinmac) (< xamarintvos) (< xamarinwatchos)
    System.Security.Cryptography.X509Certificates (4.3.1) - restriction: || (&& (>= dnxcore50) (>= netstandard1.1)) (&& (>= dnxcore50) (>= netstandard1.2)) (&& (>= dnxcore50) (>= netstandard1.3)) (&& (>= dnxcore50) (>= netstandard1.4)) (&& (>= dnxcore50) (>= netstandard1.5)) (&& (>= dnxcore50) (>= netstandard1.6)) (&& (>= dnxcore50) (>= uap10.0)) (&& (< monoandroid) (< monotouch) (< net20) (>= netstandard1.6) (< xamarinios) (< xamarinmac) (< xamarintvos) (< xamarinwatchos)) (&& (< monoandroid) (< net20) (>= netstandard1.3) (< netstandard1.4) (< wpa81)) (&& (< monoandroid) (< net20) (< netstandard1.3) (>= netstandard1.4) (< wpa81)) (&& (< monoandroid) (< net20) (< netstandard1.3) (>= netstandard1.5)) (&& (< monoandroid) (< net20) (>= netstandard1.4) (< netstandard1.5) (< wpa81)) (&& (< monoandroid) (< net20) (< netstandard1.4) (>= netstandard1.6)) (&& (< monoandroid) (< net20) (>= netstandard1.5) (< netstandard1.6)) (&& (< monoandroid) (< net20) (< netstandard1.5) (>= netstandard1.6)) (&& (< monoandroid) (< net45) (< netstandard1.4) (>= netstandard1.6)) (&& (< monoandroid) (< net45) (< netstandard1.5) (>= netstandard1.6)) (&& (< monotouch) (< net20) (>= netstandard1.6) (< netstandard2.0) (< xamarinios) (< xamarinmac) (< xamarintvos) (< xamarinwatchos)) (&& (< monotouch) (< net45) (>= netstandard1.6) (< xamarinios) (< xamarinmac) (< xamarintvos) (< xamarinwatchos)) (&& (< net20) (>= netstandard1.3) (< portable-net451+win81+wpa81) (< win8)) (&& (< net20) (< netstandard1.3) (>= netstandard1.6)) (&& (< net20) (>= netstandard1.6) (< portable-net451+win81+wpa81)) (>= net46) (&& (< netstandard1.3) (>= uap10.0)) (&& (>= netstandard1.6) (>= uap10.0)) (&& (>= uap10.0) (< uap10.1)) (&& (>= uap10.0) (< win8) (< wpa81))
      Microsoft.NETCore.Platforms (>= 1.1) - restriction: || (>= dnxcore50) (&& (< monotouch) (< net46) (>= netstandard1.6) (< xamarinios) (< xamarinmac) (< xamarintvos) (< xamarinwatchos))
      runtime.native.System (>= 4.3) - restriction: && (< monotouch) (< net46) (>= netstandard1.6) (< xamarinios) (< xamarinmac) (< xamarintvos) (< xamarinwatchos)
      runtime.native.System.Net.Http (>= 4.3) - restriction: && (< monotouch) (< net46) (>= netstandard1.6) (< xamarinios) (< xamarinmac) (< xamarintvos) (< xamarinwatchos)
      runtime.native.System.Security.Cryptography.OpenSsl (>= 4.3.2) - restriction: && (< monotouch) (< net46) (>= netstandard1.6) (< xamarinios) (< xamarinmac) (< xamarintvos) (< xamarinwatchos)
      System.Collections (>= 4.3) - restriction: || (>= dnxcore50) (&& (< monotouch) (< net46) (>= netstandard1.6) (< xamarinios) (< xamarinmac) (< xamarintvos) (< xamarinwatchos))
      System.Diagnostics.Debug (>= 4.3) - restriction: && (< monotouch) (< net46) (>= netstandard1.6) (< xamarinios) (< xamarinmac) (< xamarintvos) (< xamarinwatchos)
      System.Globalization (>= 4.3) - restriction: || (>= dnxcore50) (&& (< monotouch) (< net46) (>= netstandard1.6) (< xamarinios) (< xamarinmac) (< xamarintvos) (< xamarinwatchos))
      System.Globalization.Calendars (>= 4.3) - restriction: || (>= dnxcore50) (&& (< monotouch) (< net46) (>= netstandard1.6) (< xamarinios) (< xamarinmac) (< xamarintvos) (< xamarinwatchos))
      System.IO (>= 4.3) - restriction: || (>= dnxcore50) (&& (< monotouch) (< net46) (>= netstandard1.6) (< xamarinios) (< xamarinmac) (< xamarintvos) (< xamarinwatchos))
      System.IO.FileSystem (>= 4.3) - restriction: || (>= dnxcore50) (&& (< monotouch) (< net46) (>= netstandard1.6) (< xamarinios) (< xamarinmac) (< xamarintvos) (< xamarinwatchos))
      System.IO.FileSystem.Primitives (>= 4.3) - restriction: && (< monotouch) (< net46) (>= netstandard1.6) (< xamarinios) (< xamarinmac) (< xamarintvos) (< xamarinwatchos)
      System.Resources.ResourceManager (>= 4.3) - restriction: || (>= dnxcore50) (&& (< monotouch) (< net46) (>= netstandard1.6) (< xamarinios) (< xamarinmac) (< xamarintvos) (< xamarinwatchos))
      System.Runtime (>= 4.3) - restriction: || (>= dnxcore50) (&& (< monoandroid) (< net46) (>= netstandard1.3) (< netstandard1.4)) (&& (< monoandroid) (< net46) (>= netstandard1.4) (< netstandard1.6)) (&& (< monotouch) (< net46) (>= netstandard1.6) (< xamarinios) (< xamarinmac) (< xamarintvos) (< xamarinwatchos))
      System.Runtime.Extensions (>= 4.3) - restriction: || (>= dnxcore50) (&& (< monotouch) (< net46) (>= netstandard1.6) (< xamarinios) (< xamarinmac) (< xamarintvos) (< xamarinwatchos))
      System.Runtime.Handles (>= 4.3) - restriction: || (>= dnxcore50) (&& (< monoandroid) (< net46) (>= netstandard1.3) (< netstandard1.4)) (&& (< monoandroid) (< net46) (>= netstandard1.4) (< netstandard1.6)) (&& (< monotouch) (< net46) (>= netstandard1.6) (< xamarinios) (< xamarinmac) (< xamarintvos) (< xamarinwatchos))
      System.Runtime.InteropServices (>= 4.3) - restriction: || (>= dnxcore50) (&& (< monotouch) (< net46) (>= netstandard1.6) (< xamarinios) (< xamarinmac) (< xamarintvos) (< xamarinwatchos))
      System.Runtime.Numerics (>= 4.3) - restriction: || (>= dnxcore50) (&& (< monotouch) (< net46) (>= netstandard1.6) (< xamarinios) (< xamarinmac) (< xamarintvos) (< xamarinwatchos))
      System.Security.Cryptography.Algorithms (>= 4.3) - restriction: || (>= dnxcore50) (&& (< monoandroid) (< net46) (>= netstandard1.3) (< netstandard1.4)) (&& (< monoandroid) (< net46) (>= netstandard1.4) (< netstandard1.6)) (&& (< monotouch) (< net46) (>= netstandard1.6) (< xamarinios) (< xamarinmac) (< xamarintvos) (< xamarinwatchos)) (&& (>= net46) (< netstandard1.4)) (>= net461)
      System.Security.Cryptography.Cng (>= 4.3) - restriction: || (>= dnxcore50) (&& (< monotouch) (< net46) (>= netstandard1.6) (< xamarinios) (< xamarinmac) (< xamarintvos) (< xamarinwatchos))
      System.Security.Cryptography.Csp (>= 4.3) - restriction: && (< monotouch) (< net46) (>= netstandard1.6) (< xamarinios) (< xamarinmac) (< xamarintvos) (< xamarinwatchos)
      System.Security.Cryptography.Encoding (>= 4.3) - restriction: || (>= dnxcore50) (&& (< monoandroid) (< net46) (>= netstandard1.3) (< netstandard1.4)) (&& (< monoandroid) (< net46) (>= netstandard1.4) (< netstandard1.6)) (&& (< monotouch) (< net46) (>= netstandard1.6) (< xamarinios) (< xamarinmac) (< xamarintvos) (< xamarinwatchos)) (&& (>= net46) (< netstandard1.4)) (>= net461)
      System.Security.Cryptography.OpenSsl (>= 4.3) - restriction: && (< monotouch) (< net46) (>= netstandard1.6) (< xamarinios) (< xamarinmac) (< xamarintvos) (< xamarinwatchos)
      System.Security.Cryptography.Primitives (>= 4.3) - restriction: || (>= dnxcore50) (&& (< monotouch) (< net46) (>= netstandard1.6) (< xamarinios) (< xamarinmac) (< xamarintvos) (< xamarinwatchos))
      System.Text.Encoding (>= 4.3) - restriction: || (>= dnxcore50) (&& (< monotouch) (< net46) (>= netstandard1.6) (< xamarinios) (< xamarinmac) (< xamarintvos) (< xamarinwatchos))
      System.Threading (>= 4.3) - restriction: || (>= dnxcore50) (&& (< monotouch) (< net46) (>= netstandard1.6) (< xamarinios) (< xamarinmac) (< xamarintvos) (< xamarinwatchos))
    System.Security.Principal.Windows (4.4) - restriction: || (&& (>= monoandroid) (>= monotouch) (< netstandard1.3)) (&& (>= monoandroid) (< netstandard1.3) (>= netstandard1.6)) (&& (>= monoandroid) (< netstandard1.3) (>= netstandard2.0)) (&& (>= monoandroid) (< netstandard1.3) (>= xamarinios)) (&& (>= monoandroid) (< netstandard1.3) (>= xamarinmac)) (&& (>= monoandroid) (< netstandard1.3) (>= xamarintvos)) (&& (>= monoandroid) (< netstandard1.3) (>= xamarinwatchos)) (&& (>= monotouch) (>= net461)) (&& (>= monotouch) (>= netstandard2.0)) (&& (< net46) (>= net461) (>= netstandard1.6)) (&& (< net46) (>= netstandard2.0)) (&& (>= net461) (>= xamarinios)) (&& (>= net461) (>= xamarinmac)) (&& (>= net461) (>= xamarintvos)) (&& (>= net461) (>= xamarinwatchos)) (>= netcoreapp2.0) (&& (>= netstandard2.0) (>= xamarinios)) (&& (>= netstandard2.0) (>= xamarinmac)) (&& (>= netstandard2.0) (>= xamarintvos)) (&& (>= netstandard2.0) (>= xamarinwatchos))
      Microsoft.NETCore.Platforms (>= 2.0) - restriction: >= netcoreapp2.0
    System.Text.Encoding (4.3) - restriction: || (&& (>= dnxcore50) (>= net46)) (&& (>= dnxcore50) (>= net463)) (&& (>= dnxcore50) (>= netstandard1.0)) (&& (>= dnxcore50) (>= netstandard1.1)) (&& (>= dnxcore50) (>= netstandard1.2)) (&& (>= dnxcore50) (>= netstandard1.3)) (&& (>= dnxcore50) (>= netstandard1.4)) (&& (>= dnxcore50) (>= netstandard1.5)) (&& (>= dnxcore50) (>= netstandard1.6)) (&& (>= dnxcore50) (>= netstandard2.0)) (&& (>= dnxcore50) (>= uap10.0)) (&& (< monoandroid) (< monotouch) (< net20) (>= netstandard1.5) (< xamarinios) (< xamarinmac) (< xamarintvos) (< xamarinwatchos)) (&& (< monoandroid) (< net20) (< netstandard1.1) (>= netstandard1.6)) (&& (< monoandroid) (< net20) (>= netstandard1.2) (< netstandard1.3) (< wpa81)) (&& (< monoandroid) (< net20) (>= netstandard1.3) (< netstandard1.4) (< wpa81)) (&& (< monoandroid) (< net20) (< netstandard1.3) (>= netstandard1.4) (< wpa81)) (&& (< monoandroid) (< net20) (< netstandard1.3) (>= netstandard1.5)) (&& (< monoandroid) (< net20) (>= netstandard1.4) (< netstandard1.5) (< wpa81)) (&& (< monoandroid) (< net20) (< netstandard1.4) (>= netstandard1.5)) (&& (< monoandroid) (< net20) (< netstandard1.4) (>= netstandard1.6)) (&& (< monoandroid) (< net20) (>= netstandard1.5) (< netstandard1.6)) (&& (< monoandroid) (< net20) (< netstandard1.5) (>= netstandard1.6)) (&& (< monoandroid) (< net35) (>= netstandard1.3) (< netstandard1.4) (< win8) (< wpa81)) (&& (< monoandroid) (< net35) (>= netstandard1.3) (< netstandard1.5) (< win8) (< wpa81)) (&& (< monoandroid) (< net35) (< netstandard1.3) (>= netstandard1.4) (< win8) (< wpa81)) (&& (< monoandroid) (< net35) (< netstandard1.3) (>= netstandard1.5)) (&& (< monoandroid) (< net35) (< netstandard1.3) (>= netstandard1.6)) (&& (< monoandroid) (< net35) (>= netstandard1.4) (< netstandard1.5) (< win8) (< wpa81)) (&& (< monoandroid) (< net35) (< netstandard1.4) (>= netstandard1.5)) (&& (< monoandroid) (< net35) (>= netstandard1.5) (< netstandard1.6)) (&& (< monoandroid) (< net35) (< netstandard1.5) (>= netstandard1.6)) (&& (< monoandroid) (< net45) (< netstandard1.3) (>= netstandard1.6)) (&& (< monoandroid) (< net45) (< netstandard1.4) (>= netstandard1.6)) (&& (< monoandroid) (< net45) (< netstandard1.5) (>= netstandard1.6)) (&& (< monoandroid) (< net46) (< netstandard1.4) (>= netstandard1.6)) (&& (< monotouch) (< net20) (>= netstandard1.3) (< xamarinios) (< xamarinmac) (< xamarintvos) (< xamarinwatchos)) (&& (< monotouch) (< net20) (>= netstandard1.6) (< xamarinios) (< xamarinmac) (< xamarintvos) (< xamarinwatchos)) (&& (< monotouch) (< net35) (>= netstandard1.3) (< xamarinios) (< xamarinmac) (< xamarintvos) (< xamarinwatchos)) (&& (< monotouch) (< net35) (>= netstandard1.5) (< xamarinios) (< xamarinmac) (< xamarintvos) (< xamarinwatchos)) (&& (< monotouch) (< net35) (>= netstandard1.6) (< xamarinios) (< xamarinmac) (< xamarintvos) (< xamarinwatchos)) (&& (< monotouch) (< net45) (>= netstandard1.6) (< xamarinios) (< xamarinmac) (< xamarintvos) (< xamarinwatchos)) (&& (< monotouch) (< net46) (>= netstandard1.6) (< xamarinios) (< xamarinmac) (< xamarintvos) (< xamarinwatchos)) (&& (< net20) (>= net46) (< netstandard1.3)) (&& (< net20) (>= netstandard1.0) (< portable-net45+win8+wpa81)) (&& (< net20) (>= netstandard1.1) (< portable-net451+win81+wpa81)) (&& (< net20) (>= netstandard1.3) (< portable-net45+win8+wpa81)) (&& (< net20) (>= netstandard1.3) (< portable-net451+win81+wpa81)) (&& (< net20) (< netstandard1.3) (>= netstandard1.6)) (&& (< net20) (>= netstandard1.5) (< portable-net45+win8+wpa81)) (&& (< net20) (>= netstandard1.5) (< portable-net451+win81+wpa81)) (&& (< net20) (>= netstandard1.6) (< portable-net451+win81+wpa81)) (&& (< net35) (>= net463)) (&& (< net45) (>= net46)) (&& (< net45) (>= net463) (>= netstandard1.6)) (&& (< net45) (>= netstandard1.6) (< portable-net451+win81+wpa81)) (&& (< net45) (>= netstandard2.0)) (&& (>= net46) (< portable-net45+win8+wpa81)) (&& (>= net46) (>= uap10.0)) (&& (< netstandard1.3) (>= uap10.0)) (&& (>= netstandard1.5) (>= uap10.0)) (&& (>= netstandard1.6) (< portable-net45+win8+wpa81)) (&& (>= netstandard1.6) (>= uap10.0)) (&& (>= uap10.0) (< uap10.1)) (&& (>= uap10.0) (< win8) (< wpa81))
      Microsoft.NETCore.Platforms (>= 1.1) - restriction: || (>= dnxcore50) (&& (< monoandroid) (< net45) (>= netstandard1.0) (< netstandard1.3) (< win8) (< wp8) (< wpa81)) (&& (< monotouch) (< net45) (>= netstandard1.3) (< win8) (< wpa81) (< xamarinios) (< xamarinmac) (< xamarintvos) (< xamarinwatchos))
      Microsoft.NETCore.Targets (>= 1.1) - restriction: || (>= dnxcore50) (&& (< monoandroid) (< net45) (>= netstandard1.0) (< netstandard1.3) (< win8) (< wp8) (< wpa81)) (&& (< monotouch) (< net45) (>= netstandard1.3) (< win8) (< wpa81) (< xamarinios) (< xamarinmac) (< xamarintvos) (< xamarinwatchos))
      System.Runtime (>= 4.3) - restriction: || (>= dnxcore50) (&& (< monoandroid) (< net45) (>= netstandard1.0) (< netstandard1.3) (< win8) (< wp8) (< wpa81)) (&& (< monotouch) (< net45) (>= netstandard1.3) (< win8) (< wpa81) (< xamarinios) (< xamarinmac) (< xamarintvos) (< xamarinwatchos))
    System.Text.Encoding.Extensions (4.3) - restriction: || (&& (>= dnxcore50) (>= net46)) (&& (>= dnxcore50) (>= netstandard1.0)) (&& (>= dnxcore50) (>= netstandard1.1)) (&& (>= dnxcore50) (>= netstandard1.2)) (&& (>= dnxcore50) (>= netstandard1.3)) (&& (>= dnxcore50) (>= netstandard1.4)) (&& (>= dnxcore50) (>= netstandard1.5)) (&& (>= dnxcore50) (>= netstandard1.6)) (&& (>= dnxcore50) (>= netstandard2.0)) (&& (>= dnxcore50) (>= uap10.0)) (&& (< monoandroid) (< monotouch) (< net20) (>= netstandard1.5) (< xamarinios) (< xamarinmac) (< xamarintvos) (< xamarinwatchos)) (&& (< monoandroid) (< net20) (>= netstandard1.2) (< netstandard1.3) (< wpa81)) (&& (< monoandroid) (< net20) (>= netstandard1.3) (< netstandard1.4) (< wpa81)) (&& (< monoandroid) (< net20) (< netstandard1.3) (>= netstandard1.4) (< wpa81)) (&& (< monoandroid) (< net20) (< netstandard1.3) (>= netstandard1.5)) (&& (< monoandroid) (< net20) (>= netstandard1.4) (< netstandard1.5) (< wpa81)) (&& (< monoandroid) (< net20) (>= netstandard1.5) (< netstandard1.6)) (&& (< monoandroid) (< net45) (< netstandard1.3) (>= netstandard1.6)) (&& (< monoandroid) (< net45) (< netstandard1.4) (>= netstandard1.6)) (&& (< monoandroid) (< net45) (< netstandard1.5) (>= netstandard1.6)) (&& (< monotouch) (< net20) (>= netstandard1.6) (< netstandard2.0) (< xamarinios) (< xamarinmac) (< xamarintvos) (< xamarinwatchos)) (&& (< monotouch) (< net45) (>= netstandard1.6) (< xamarinios) (< xamarinmac) (< xamarintvos) (< xamarinwatchos)) (&& (< monotouch) (< net46) (>= netstandard1.6) (< xamarinios) (< xamarinmac) (< xamarintvos) (< xamarinwatchos)) (&& (< net20) (>= netstandard1.0) (< portable-net45+win8+wpa81)) (&& (< net20) (>= netstandard1.1) (< portable-net451+win81+wpa81)) (&& (< net20) (>= netstandard1.3) (< portable-net45+win8+wpa81)) (&& (< net20) (>= netstandard1.3) (< portable-net451+win81+wpa81)) (&& (< net20) (< netstandard1.3) (>= netstandard1.6)) (&& (< net45) (>= net46)) (&& (< net45) (>= netstandard1.6) (< portable-net451+win81+wpa81)) (&& (< net45) (>= netstandard2.0)) (&& (>= net46) (< portable-net45+win8+wpa81)) (&& (>= net46) (>= uap10.0)) (&& (< netstandard1.3) (>= uap10.0)) (&& (>= netstandard1.6) (< portable-net45+win8+wpa81)) (&& (>= netstandard1.6) (>= uap10.0)) (&& (>= uap10.0) (< uap10.1)) (&& (>= uap10.0) (< win8) (< wpa81))
      Microsoft.NETCore.Platforms (>= 1.1) - restriction: || (>= dnxcore50) (&& (< monoandroid) (< net45) (>= netstandard1.0) (< netstandard1.3) (< win8) (< wp8) (< wpa81)) (&& (< monotouch) (< net45) (>= netstandard1.3) (< win8) (< wpa81) (< xamarinios) (< xamarinmac) (< xamarintvos) (< xamarinwatchos))
      Microsoft.NETCore.Targets (>= 1.1) - restriction: || (>= dnxcore50) (&& (< monoandroid) (< net45) (>= netstandard1.0) (< netstandard1.3) (< win8) (< wp8) (< wpa81)) (&& (< monotouch) (< net45) (>= netstandard1.3) (< win8) (< wpa81) (< xamarinios) (< xamarinmac) (< xamarintvos) (< xamarinwatchos))
      System.Runtime (>= 4.3) - restriction: || (>= dnxcore50) (&& (< monoandroid) (< net45) (>= netstandard1.0) (< netstandard1.3) (< win8) (< wp8) (< wpa81)) (&& (< monotouch) (< net45) (>= netstandard1.3) (< win8) (< wpa81) (< xamarinios) (< xamarinmac) (< xamarintvos) (< xamarinwatchos))
      System.Text.Encoding (>= 4.3) - restriction: || (>= dnxcore50) (&& (< monoandroid) (< net45) (>= netstandard1.0) (< netstandard1.3) (< win8) (< wp8) (< wpa81)) (&& (< monotouch) (< net45) (>= netstandard1.3) (< win8) (< wpa81) (< xamarinios) (< xamarinmac) (< xamarintvos) (< xamarinwatchos))
    System.Text.RegularExpressions (4.3) - restriction: || (&& (>= dnxcore50) (>= net46)) (&& (>= dnxcore50) (>= netstandard1.0)) (&& (>= dnxcore50) (>= netstandard1.1)) (&& (>= dnxcore50) (>= netstandard1.2)) (&& (>= dnxcore50) (>= netstandard1.3)) (&& (>= dnxcore50) (>= netstandard1.4)) (&& (>= dnxcore50) (>= netstandard1.5)) (&& (>= dnxcore50) (>= netstandard1.6)) (&& (>= dnxcore50) (>= netstandard2.0)) (&& (>= dnxcore50) (>= uap10.0)) (&& (< monoandroid) (< monotouch) (< net20) (>= netstandard1.5) (< xamarinios) (< xamarinmac) (< xamarintvos) (< xamarinwatchos)) (&& (< monoandroid) (< net20) (>= netstandard1.2) (< netstandard1.3) (< wpa81)) (&& (< monoandroid) (< net20) (>= netstandard1.3) (< netstandard1.4) (< wpa81)) (&& (< monoandroid) (< net20) (< netstandard1.3) (>= netstandard1.4) (< wpa81)) (&& (< monoandroid) (< net20) (< netstandard1.3) (>= netstandard1.5)) (&& (< monoandroid) (< net20) (>= netstandard1.4) (< netstandard1.5) (< wpa81)) (&& (< monoandroid) (< net20) (>= netstandard1.5) (< netstandard1.6)) (&& (< monoandroid) (< net45) (< netstandard1.3) (>= netstandard1.6)) (&& (< monoandroid) (< net45) (< netstandard1.4) (>= netstandard1.6)) (&& (< monoandroid) (< net45) (< netstandard1.5) (>= netstandard1.6)) (&& (< monotouch) (< net45) (>= netstandard1.6) (< xamarinios) (< xamarinmac) (< xamarintvos) (< xamarinwatchos)) (&& (< net20) (>= netstandard1.0) (< portable-net45+win8+wpa81)) (&& (< net20) (>= netstandard1.1) (< portable-net451+win81+wpa81)) (&& (< net20) (>= netstandard1.3) (< portable-net45+win8+wpa81)) (&& (< net20) (>= netstandard1.3) (< portable-net451+win81+wpa81)) (&& (< net20) (< netstandard1.3) (>= netstandard1.6)) (&& (< net20) (>= netstandard1.6) (< xamarinmac)) (&& (< net45) (>= net46)) (&& (< net45) (>= netstandard1.6) (< portable-net451+win81+wpa81)) (&& (< net45) (>= netstandard2.0)) (&& (>= net46) (< portable-net45+win8+wpa81)) (&& (>= net46) (>= uap10.0)) (&& (< netstandard1.3) (>= uap10.0)) (&& (>= netstandard1.6) (< portable-net45+win8+wpa81)) (&& (>= netstandard1.6) (>= uap10.0)) (&& (>= uap10.0) (< uap10.1)) (&& (>= uap10.0) (< win8) (< wpa81))
      System.Collections (>= 4.3) - restriction: || (>= dnxcore50) (&& (< monotouch) (< net45) (< netcoreapp1.1) (>= netstandard1.6) (< xamarinios) (< xamarinmac) (< xamarintvos) (< xamarinwatchos))
      System.Globalization (>= 4.3) - restriction: || (>= dnxcore50) (&& (< monotouch) (< net45) (< netcoreapp1.1) (>= netstandard1.6) (< xamarinios) (< xamarinmac) (< xamarintvos) (< xamarinwatchos))
      System.Resources.ResourceManager (>= 4.3) - restriction: || (>= dnxcore50) (&& (< monotouch) (< net45) (< netcoreapp1.1) (>= netstandard1.6) (< xamarinios) (< xamarinmac) (< xamarintvos) (< xamarinwatchos))
      System.Runtime (>= 4.3) - restriction: || (>= dnxcore50) (&& (< monoandroid) (< net45) (>= netstandard1.0) (< netstandard1.3) (< win8) (< wp8) (< wpa81)) (&& (< monoandroid) (< net45) (>= netstandard1.3) (< netstandard1.6) (< win8) (< wpa81)) (&& (< monotouch) (< net45) (>= netstandard1.6) (< xamarinios) (< xamarinmac) (< xamarintvos) (< xamarinwatchos)) (>= netcoreapp1.1)
      System.Runtime.Extensions (>= 4.3) - restriction: || (>= dnxcore50) (&& (< monotouch) (< net45) (< netcoreapp1.1) (>= netstandard1.6) (< xamarinios) (< xamarinmac) (< xamarintvos) (< xamarinwatchos))
      System.Threading (>= 4.3) - restriction: || (>= dnxcore50) (&& (< monotouch) (< net45) (< netcoreapp1.1) (>= netstandard1.6) (< xamarinios) (< xamarinmac) (< xamarintvos) (< xamarinwatchos))
    System.Threading (4.3) - restriction: || (>= dnxcore50) (&& (< monoandroid) (< net20) (>= netstandard1.0) (< netstandard1.3) (< win8) (< wp8) (< wpa81)) (&& (< monoandroid) (< net20) (< netstandard1.0) (>= netstandard1.3) (< win8)) (&& (< monoandroid) (< net20) (>= netstandard1.2) (< netstandard1.3) (< wpa81)) (&& (< monoandroid) (< net20) (>= netstandard1.3) (< netstandard1.4) (< wpa81)) (&& (< monoandroid) (< net20) (>= netstandard1.3) (< netstandard1.5) (< win8) (< wpa81)) (&& (< monoandroid) (< net20) (< netstandard1.3) (>= netstandard1.4) (< wpa81)) (&& (< monoandroid) (< net20) (>= netstandard1.4) (< netstandard1.5) (< wpa81)) (&& (< monoandroid) (< net20) (< netstandard1.4) (>= netstandard1.6)) (&& (< monoandroid) (< net20) (>= netstandard1.5) (< netstandard1.6)) (&& (< monoandroid) (< net20) (< netstandard1.5) (>= netstandard1.6)) (&& (< monoandroid) (< net35) (>= netstandard1.4) (< netstandard1.6)) (&& (< monoandroid) (< net45) (< netstandard1.4) (>= netstandard1.6)) (&& (< monoandroid) (< net45) (< netstandard1.5) (>= netstandard1.6)) (&& (< monoandroid) (< net46) (< netstandard1.4) (>= netstandard1.6)) (&& (< monoandroid) (< netstandard1.0) (>= netstandard1.6)) (&& (< monotouch) (< net20) (>= netstandard1.3) (< xamarinios) (< xamarinmac) (< xamarintvos) (< xamarinwatchos)) (&& (< monotouch) (< net20) (>= netstandard1.5) (< xamarinios) (< xamarinmac) (< xamarintvos) (< xamarinwatchos)) (&& (< monotouch) (< net35) (>= netstandard1.6) (< xamarinios) (< xamarinmac) (< xamarintvos) (< xamarinwatchos)) (&& (< monotouch) (< net45) (>= netstandard1.6) (< xamarinios) (< xamarinmac) (< xamarintvos) (< xamarinwatchos)) (&& (< monotouch) (< net46) (>= netstandard1.6) (< xamarinios) (< xamarinmac) (< xamarintvos) (< xamarinwatchos)) (&& (< net20) (>= net45) (< portable-net451+win81+wpa81)) (&& (< net20) (>= net451) (< netstandard1.3)) (&& (< net20) (>= net462)) (&& (< net20) (>= netstandard1.0) (< portable-net45+win8+wpa81)) (&& (< net20) (>= netstandard1.1) (< portable-net451+win81+wpa81)) (&& (< net20) (>= netstandard1.3) (< portable-net45+win8+wpa81)) (&& (< net20) (>= netstandard1.3) (< portable-net451+win81+wpa81)) (&& (< net20) (< netstandard1.3) (>= netstandard1.5)) (&& (< net20) (< netstandard1.3) (>= netstandard1.6)) (&& (< net20) (>= netstandard1.6) (< portable-net451+win81+wpa81)) (&& (< net20) (>= netstandard1.6) (< xamarinmac)) (&& (< net35) (>= net461) (< netstandard1.6)) (&& (< net35) (>= net463)) (&& (< net35) (>= netstandard1.3)) (&& (< net45) (>= net46)) (&& (< net45) (< netstandard1.3) (>= netstandard1.6)) (&& (< net45) (>= netstandard1.6) (< portable-net451+win81+wpa81)) (&& (< net45) (>= netstandard2.0)) (&& (>= net46) (< netstandard1.0)) (&& (>= net46) (< portable-net45+win8+wpa81)) (&& (>= net46) (>= uap10.0)) (&& (< net46) (>= net463) (>= netstandard1.6)) (&& (< net46) (>= netstandard2.0)) (&& (< netstandard1.0) (>= netstandard1.6) (< portable-net451+win81+wpa81)) (&& (< netstandard1.3) (>= netstandard1.6) (>= wpa81)) (&& (< netstandard1.3) (>= uap10.0)) (&& (>= netstandard1.6) (< portable-net45+win8+wpa81)) (&& (>= netstandard1.6) (>= uap10.0)) (&& (>= uap10.0) (< uap10.1)) (&& (>= uap10.0) (< win8) (< wpa81))
    System.Threading.Tasks (4.3) - restriction: || (&& (>= dnxcore50) (>= net46)) (&& (>= dnxcore50) (>= net463)) (&& (>= dnxcore50) (>= netstandard1.0)) (&& (>= dnxcore50) (>= netstandard1.1)) (&& (>= dnxcore50) (>= netstandard1.2)) (&& (>= dnxcore50) (>= netstandard1.3)) (&& (>= dnxcore50) (>= netstandard1.4)) (&& (>= dnxcore50) (>= netstandard1.5)) (&& (>= dnxcore50) (>= netstandard1.6)) (&& (>= dnxcore50) (>= netstandard2.0)) (&& (>= dnxcore50) (>= uap10.0)) (&& (< monoandroid) (< monotouch) (< net20) (>= netstandard1.5) (< xamarinios) (< xamarinmac) (< xamarintvos) (< xamarinwatchos)) (&& (< monoandroid) (< net20) (< netstandard1.1) (>= netstandard1.6)) (&& (< monoandroid) (< net20) (>= netstandard1.2) (< netstandard1.3) (< wpa81)) (&& (< monoandroid) (< net20) (>= netstandard1.3) (< netstandard1.4) (< wpa81)) (&& (< monoandroid) (< net20) (< netstandard1.3) (>= netstandard1.4) (< wpa81)) (&& (< monoandroid) (< net20) (< netstandard1.3) (>= netstandard1.5)) (&& (< monoandroid) (< net20) (>= netstandard1.4) (< netstandard1.5) (< wpa81)) (&& (< monoandroid) (< net20) (< netstandard1.4) (>= netstandard1.5)) (&& (< monoandroid) (< net20) (< netstandard1.4) (>= netstandard1.6)) (&& (< monoandroid) (< net20) (>= netstandard1.5) (< netstandard1.6)) (&& (< monoandroid) (< net20) (< netstandard1.5) (>= netstandard1.6)) (&& (< monoandroid) (< net35) (>= netstandard1.3) (< netstandard1.4) (< win8) (< wpa81)) (&& (< monoandroid) (< net35) (>= netstandard1.3) (< netstandard1.5) (< win8) (< wpa81)) (&& (< monoandroid) (< net35) (< netstandard1.3) (>= netstandard1.4) (< win8) (< wpa81)) (&& (< monoandroid) (< net35) (< netstandard1.3) (>= netstandard1.5)) (&& (< monoandroid) (< net35) (< netstandard1.3) (>= netstandard1.6)) (&& (< monoandroid) (< net35) (>= netstandard1.4) (< netstandard1.5) (< win8) (< wpa81)) (&& (< monoandroid) (< net35) (< netstandard1.4) (>= netstandard1.5)) (&& (< monoandroid) (< net35) (>= netstandard1.5) (< netstandard1.6)) (&& (< monoandroid) (< net35) (< netstandard1.5) (>= netstandard1.6)) (&& (< monoandroid) (< net45) (< netstandard1.3) (>= netstandard1.6)) (&& (< monoandroid) (< net45) (< netstandard1.4) (>= netstandard1.6)) (&& (< monoandroid) (< net45) (< netstandard1.5) (>= netstandard1.6)) (&& (< monotouch) (< net35) (>= netstandard1.3) (< xamarinios) (< xamarinmac) (< xamarintvos) (< xamarinwatchos)) (&& (< monotouch) (< net35) (>= netstandard1.5) (< xamarinios) (< xamarinmac) (< xamarintvos) (< xamarinwatchos)) (&& (< monotouch) (< net35) (>= netstandard1.6) (< xamarinios) (< xamarinmac) (< xamarintvos) (< xamarinwatchos)) (&& (< monotouch) (< net45) (>= netstandard1.6) (< xamarinios) (< xamarinmac) (< xamarintvos) (< xamarinwatchos)) (&& (< monotouch) (< net46) (>= netstandard1.6) (< xamarinios) (< xamarinmac) (< xamarintvos) (< xamarinwatchos)) (&& (< net20) (>= net46) (< netstandard1.3)) (&& (< net20) (>= netstandard1.0) (< portable-net45+win8+wpa81)) (&& (< net20) (>= netstandard1.1) (< portable-net451+win81+wpa81)) (&& (< net20) (>= netstandard1.3) (< portable-net45+win8+wpa81)) (&& (< net20) (>= netstandard1.3) (< portable-net451+win81+wpa81)) (&& (< net20) (< netstandard1.3) (>= netstandard1.6)) (&& (< net20) (>= netstandard1.5) (< portable-net45+win8+wpa81)) (&& (< net20) (>= netstandard1.5) (< portable-net451+win81+wpa81)) (&& (< net20) (>= netstandard1.6) (< portable-net451+win81+wpa81)) (&& (< net20) (>= netstandard1.6) (< xamarinmac)) (&& (< net35) (>= net463)) (&& (< net45) (>= net46)) (&& (< net45) (>= net463) (>= netstandard1.6)) (&& (< net45) (>= netstandard1.6) (< portable-net451+win81+wpa81)) (&& (< net45) (>= netstandard2.0)) (&& (>= net46) (< portable-net45+win8+wpa81)) (&& (>= net46) (>= uap10.0)) (&& (< netstandard1.3) (>= uap10.0)) (&& (>= netstandard1.5) (>= uap10.0)) (&& (>= netstandard1.6) (< portable-net45+win8+wpa81)) (&& (>= netstandard1.6) (>= uap10.0)) (&& (>= uap10.0) (< uap10.1)) (&& (>= uap10.0) (< win8) (< wpa81))
      Microsoft.NETCore.Platforms (>= 1.1) - restriction: || (>= dnxcore50) (&& (< monoandroid) (< net45) (>= netstandard1.0) (< netstandard1.3) (< win8) (< wp8) (< wpa81)) (&& (< monotouch) (< net45) (>= netstandard1.3) (< win8) (< wpa81) (< xamarinios) (< xamarinmac) (< xamarintvos) (< xamarinwatchos))
      Microsoft.NETCore.Targets (>= 1.1) - restriction: || (>= dnxcore50) (&& (< monoandroid) (< net45) (>= netstandard1.0) (< netstandard1.3) (< win8) (< wp8) (< wpa81)) (&& (< monotouch) (< net45) (>= netstandard1.3) (< win8) (< wpa81) (< xamarinios) (< xamarinmac) (< xamarintvos) (< xamarinwatchos))
      System.Runtime (>= 4.3) - restriction: || (>= dnxcore50) (&& (< monoandroid) (< net45) (>= netstandard1.0) (< netstandard1.3) (< win8) (< wp8) (< wpa81)) (&& (< monotouch) (< net45) (>= netstandard1.3) (< win8) (< wpa81) (< xamarinios) (< xamarinmac) (< xamarintvos) (< xamarinwatchos))
    System.Threading.Tasks.Extensions (4.4) - restriction: || (&& (>= dnxcore50) (>= net46)) (&& (>= dnxcore50) (>= netstandard1.0)) (&& (>= dnxcore50) (>= netstandard1.1)) (&& (>= dnxcore50) (>= netstandard1.2)) (&& (>= dnxcore50) (>= netstandard1.3)) (&& (>= dnxcore50) (>= netstandard1.4)) (&& (>= dnxcore50) (>= netstandard1.5)) (&& (>= dnxcore50) (>= netstandard1.6)) (&& (>= dnxcore50) (>= netstandard2.0)) (&& (>= dnxcore50) (>= uap10.0)) (&& (< monoandroid) (< monotouch) (< net20) (>= netstandard1.5) (< xamarinios) (< xamarinmac) (< xamarintvos) (< xamarinwatchos)) (&& (< monoandroid) (< net20) (>= netstandard1.3) (< netstandard1.4) (< win8) (< wpa81)) (&& (< monoandroid) (< net20) (< netstandard1.3) (>= netstandard1.4) (< win8) (< wpa81)) (&& (< monoandroid) (< net20) (>= netstandard1.4) (< netstandard1.5) (< win8) (< wpa81)) (&& (< monotouch) (< net45) (>= netstandard1.6) (< xamarinios) (< xamarinmac) (< xamarintvos) (< xamarinwatchos)) (&& (< net20) (>= netstandard1.3) (< portable-net45+win8+wpa81)) (&& (< net20) (>= netstandard1.3) (< portable-net451+win81+wpa81) (< win8)) (&& (< net45) (>= net46)) (&& (< net45) (>= netstandard2.0)) (&& (>= uap10.0) (< win8) (< wpa81))
      System.Collections (>= 4.3) - restriction: && (>= netstandard1.0) (< netstandard2.0) (< xamarinmac)
      System.Runtime (>= 4.3) - restriction: && (>= netstandard1.0) (< netstandard2.0) (< xamarinmac)
      System.Threading.Tasks (>= 4.3) - restriction: && (>= netstandard1.0) (< netstandard2.0) (< xamarinmac)
    System.Threading.Tasks.Parallel (4.3) - restriction: && (< net20) (>= netstandard1.6) (< xamarinmac)
      System.Collections.Concurrent (>= 4.3) - restriction: || (>= dnxcore50) (&& (< monoandroid) (< net45) (>= netstandard1.1) (< netstandard1.3) (< win8) (< wpa81)) (&& (< monotouch) (< net45) (>= netstandard1.3) (< win8) (< wpa81) (< xamarinios) (< xamarinmac) (< xamarintvos) (< xamarinwatchos))
      System.Diagnostics.Debug (>= 4.3) - restriction: || (>= dnxcore50) (&& (< monotouch) (< net45) (>= netstandard1.3) (< win8) (< wpa81) (< xamarinios) (< xamarinmac) (< xamarintvos) (< xamarinwatchos))
      System.Diagnostics.Tracing (>= 4.3) - restriction: || (>= dnxcore50) (&& (< monotouch) (< net45) (>= netstandard1.3) (< win8) (< wpa81) (< xamarinios) (< xamarinmac) (< xamarintvos) (< xamarinwatchos))
      System.Resources.ResourceManager (>= 4.3) - restriction: || (>= dnxcore50) (&& (< monotouch) (< net45) (>= netstandard1.3) (< win8) (< wpa81) (< xamarinios) (< xamarinmac) (< xamarintvos) (< xamarinwatchos))
      System.Runtime (>= 4.3) - restriction: || (>= dnxcore50) (&& (< monoandroid) (< net45) (>= netstandard1.1) (< netstandard1.3) (< win8) (< wpa81)) (&& (< monotouch) (< net45) (>= netstandard1.3) (< win8) (< wpa81) (< xamarinios) (< xamarinmac) (< xamarintvos) (< xamarinwatchos))
      System.Runtime.Extensions (>= 4.3) - restriction: || (>= dnxcore50) (&& (< monotouch) (< net45) (>= netstandard1.3) (< win8) (< wpa81) (< xamarinios) (< xamarinmac) (< xamarintvos) (< xamarinwatchos))
      System.Threading (>= 4.3) - restriction: || (>= dnxcore50) (&& (< monotouch) (< net45) (>= netstandard1.3) (< win8) (< wpa81) (< xamarinios) (< xamarinmac) (< xamarintvos) (< xamarinwatchos))
      System.Threading.Tasks (>= 4.3) - restriction: || (>= dnxcore50) (&& (< monoandroid) (< net45) (>= netstandard1.1) (< netstandard1.3) (< win8) (< wpa81)) (&& (< monotouch) (< net45) (>= netstandard1.3) (< win8) (< wpa81) (< xamarinios) (< xamarinmac) (< xamarintvos) (< xamarinwatchos))
    System.Threading.Thread (4.3) - restriction: || (&& (< monotouch) (< net46) (>= netstandard1.6) (< xamarinios) (< xamarinmac) (< xamarintvos) (< xamarinwatchos)) (&& (< net20) (>= netstandard1.6) (< xamarinmac))
      System.Runtime (>= 4.3) - restriction: && (< monotouch) (< net46) (>= netstandard1.3) (< xamarinios) (< xamarinmac) (< xamarintvos) (< xamarinwatchos)
    System.Threading.ThreadPool (4.3) - restriction: || (&& (< monotouch) (< net46) (>= netstandard1.6) (< xamarinios) (< xamarinmac) (< xamarintvos) (< xamarinwatchos)) (&& (< net20) (>= netstandard1.6) (< xamarinmac))
      System.Runtime (>= 4.3) - restriction: && (< monotouch) (< net46) (>= netstandard1.3) (< xamarinios) (< xamarinmac) (< xamarintvos) (< xamarinwatchos)
      System.Runtime.Handles (>= 4.3) - restriction: && (< monotouch) (< net46) (>= netstandard1.3) (< xamarinios) (< xamarinmac) (< xamarintvos) (< xamarinwatchos)
    System.Threading.Timer (4.3) - restriction: || (&& (< monoandroid) (< net20) (>= netstandard1.2) (< netstandard1.3) (< wpa81)) (&& (< monoandroid) (< net20) (>= netstandard1.3) (< netstandard1.4) (< wpa81)) (&& (< monoandroid) (< net20) (< netstandard1.3) (>= netstandard1.4) (< wpa81)) (&& (< monoandroid) (< net20) (< netstandard1.3) (>= netstandard1.5)) (&& (< monoandroid) (< net20) (>= netstandard1.4) (< netstandard1.5) (< wpa81)) (&& (< monoandroid) (< net20) (>= netstandard1.5) (< netstandard1.6)) (&& (< monoandroid) (< net45) (< netstandard1.3) (>= netstandard1.6)) (&& (< monoandroid) (< net45) (< netstandard1.4) (>= netstandard1.6)) (&& (< monoandroid) (< net45) (< netstandard1.5) (>= netstandard1.6)) (&& (< monotouch) (< net45) (>= netstandard1.6) (< netstandard2.0) (< xamarinios) (< xamarinmac) (< xamarintvos) (< xamarinwatchos)) (&& (< net20) (< netstandard1.3) (>= netstandard1.6)) (&& (< net20) (>= netstandard1.6) (< xamarinmac)) (&& (< net45) (>= net46) (< netstandard1.3)) (&& (< net45) (>= net46) (>= netstandard1.4) (< netstandard1.5)) (&& (< net45) (>= net46) (< netstandard1.4)) (&& (< net45) (>= net46) (>= netstandard1.5) (< netstandard1.6)) (&& (< net45) (>= net46) (>= netstandard1.6) (< netstandard2.0)) (&& (>= net46) (>= uap10.0)) (&& (< netstandard1.3) (>= uap10.0)) (&& (>= netstandard1.6) (>= uap10.0)) (&& (>= uap10.0) (< uap10.1))
      Microsoft.NETCore.Platforms (>= 1.1) - restriction: || (>= dnxcore50) (&& (< monotouch) (< net451) (>= netstandard1.2) (< win81) (< wpa81) (< xamarinios) (< xamarinmac) (< xamarintvos) (< xamarinwatchos))
      Microsoft.NETCore.Targets (>= 1.1) - restriction: || (>= dnxcore50) (&& (< monotouch) (< net451) (>= netstandard1.2) (< win81) (< wpa81) (< xamarinios) (< xamarinmac) (< xamarintvos) (< xamarinwatchos))
      System.Runtime (>= 4.3) - restriction: || (>= dnxcore50) (&& (< monotouch) (< net451) (>= netstandard1.2) (< win81) (< wpa81) (< xamarinios) (< xamarinmac) (< xamarintvos) (< xamarinwatchos))
    System.Xml.ReaderWriter (4.3) - restriction: || (&& (>= dnxcore50) (>= netstandard1.0)) (&& (>= dnxcore50) (>= netstandard1.1)) (&& (>= dnxcore50) (>= netstandard1.2)) (&& (>= dnxcore50) (>= netstandard1.3)) (&& (>= dnxcore50) (>= netstandard1.4)) (&& (>= dnxcore50) (>= netstandard1.5)) (&& (>= dnxcore50) (>= netstandard2.0)) (&& (>= dnxcore50) (>= uap10.0)) (&& (< monoandroid) (< net20) (>= netstandard1.2) (< netstandard1.3) (< wpa81)) (&& (< monoandroid) (< net20) (>= netstandard1.3) (< netstandard1.4) (< wpa81)) (&& (< monoandroid) (< net20) (< netstandard1.3) (>= netstandard1.4) (< wpa81)) (&& (< monoandroid) (< net20) (>= netstandard1.4) (< netstandard1.5) (< wpa81)) (&& (< monoandroid) (< net20) (>= netstandard1.5)) (&& (< monotouch) (< net20) (>= netstandard1.3) (< xamarinios) (< xamarinmac) (< xamarintvos) (< xamarinwatchos)) (&& (< net20) (>= netstandard1.0) (< portable-net45+win8+wpa81)) (&& (< net20) (>= netstandard1.1) (< portable-net451+win81+wpa81)) (&& (< net20) (>= netstandard1.3) (< portable-net45+win8+wpa81)) (&& (< net20) (>= netstandard1.3) (< portable-net451+win81+wpa81)) (&& (< net45) (>= netstandard2.0)) (>= net46) (&& (< netstandard1.3) (>= uap10.0)) (>= netstandard1.6) (&& (>= uap10.0) (< uap10.1)) (&& (>= uap10.0) (< win8) (< wpa81))
      System.Collections (>= 4.3) - restriction: || (>= dnxcore50) (&& (< monotouch) (< net45) (>= netstandard1.3) (< win8) (< wpa81) (< xamarinios) (< xamarinmac) (< xamarintvos) (< xamarinwatchos))
      System.Diagnostics.Debug (>= 4.3) - restriction: || (>= dnxcore50) (&& (< monotouch) (< net45) (>= netstandard1.3) (< win8) (< wpa81) (< xamarinios) (< xamarinmac) (< xamarintvos) (< xamarinwatchos))
      System.Globalization (>= 4.3) - restriction: || (>= dnxcore50) (&& (< monotouch) (< net45) (>= netstandard1.3) (< win8) (< wpa81) (< xamarinios) (< xamarinmac) (< xamarintvos) (< xamarinwatchos))
      System.IO (>= 4.3) - restriction: || (>= dnxcore50) (&& (< monoandroid) (< net45) (>= netstandard1.0) (< netstandard1.3) (< win8) (< wp8) (< wpa81)) (&& (< monotouch) (< net45) (>= netstandard1.3) (< win8) (< wpa81) (< xamarinios) (< xamarinmac) (< xamarintvos) (< xamarinwatchos))
      System.IO.FileSystem (>= 4.3) - restriction: || (>= dnxcore50) (&& (< monotouch) (< net45) (>= netstandard1.3) (< win8) (< wpa81) (< xamarinios) (< xamarinmac) (< xamarintvos) (< xamarinwatchos))
      System.IO.FileSystem.Primitives (>= 4.3) - restriction: || (>= dnxcore50) (&& (< monotouch) (< net45) (>= netstandard1.3) (< win8) (< wpa81) (< xamarinios) (< xamarinmac) (< xamarintvos) (< xamarinwatchos))
      System.Resources.ResourceManager (>= 4.3) - restriction: || (>= dnxcore50) (&& (< monotouch) (< net45) (>= netstandard1.3) (< win8) (< wpa81) (< xamarinios) (< xamarinmac) (< xamarintvos) (< xamarinwatchos))
      System.Runtime (>= 4.3) - restriction: || (>= dnxcore50) (&& (< monoandroid) (< net45) (>= netstandard1.0) (< netstandard1.3) (< win8) (< wp8) (< wpa81)) (&& (< monotouch) (< net45) (>= netstandard1.3) (< win8) (< wpa81) (< xamarinios) (< xamarinmac) (< xamarintvos) (< xamarinwatchos))
      System.Runtime.Extensions (>= 4.3) - restriction: || (>= dnxcore50) (&& (< monotouch) (< net45) (>= netstandard1.3) (< win8) (< wpa81) (< xamarinios) (< xamarinmac) (< xamarintvos) (< xamarinwatchos))
      System.Runtime.InteropServices (>= 4.3) - restriction: || (>= dnxcore50) (&& (< monotouch) (< net45) (>= netstandard1.3) (< win8) (< wpa81) (< xamarinios) (< xamarinmac) (< xamarintvos) (< xamarinwatchos))
      System.Text.Encoding (>= 4.3) - restriction: || (>= dnxcore50) (&& (< monoandroid) (< net45) (>= netstandard1.0) (< netstandard1.3) (< win8) (< wp8) (< wpa81)) (&& (< monotouch) (< net45) (>= netstandard1.3) (< win8) (< wpa81) (< xamarinios) (< xamarinmac) (< xamarintvos) (< xamarinwatchos))
      System.Text.Encoding.Extensions (>= 4.3) - restriction: || (>= dnxcore50) (&& (< monotouch) (< net45) (>= netstandard1.3) (< win8) (< wpa81) (< xamarinios) (< xamarinmac) (< xamarintvos) (< xamarinwatchos))
      System.Text.RegularExpressions (>= 4.3) - restriction: || (>= dnxcore50) (&& (< monotouch) (< net45) (>= netstandard1.3) (< win8) (< wpa81) (< xamarinios) (< xamarinmac) (< xamarintvos) (< xamarinwatchos))
      System.Threading.Tasks (>= 4.3) - restriction: || (>= dnxcore50) (&& (< monoandroid) (< net45) (>= netstandard1.0) (< netstandard1.3) (< win8) (< wp8) (< wpa81)) (&& (< monotouch) (< net45) (>= netstandard1.3) (< win8) (< wpa81) (< xamarinios) (< xamarinmac) (< xamarintvos) (< xamarinwatchos))
      System.Threading.Tasks.Extensions (>= 4.3) - restriction: || (>= dnxcore50) (&& (< monotouch) (< net45) (>= netstandard1.3) (< win8) (< wpa81) (< xamarinios) (< xamarinmac) (< xamarintvos) (< xamarinwatchos))
    System.Xml.XDocument (4.3) - restriction: || (&& (< monoandroid) (< net20) (>= netstandard1.2) (< netstandard1.3) (< wpa81)) (&& (< monoandroid) (< net20) (>= netstandard1.3) (< netstandard1.4) (< wpa81)) (&& (< monoandroid) (< net20) (< netstandard1.3) (>= netstandard1.4) (< wpa81)) (&& (< monoandroid) (< net20) (>= netstandard1.4) (< netstandard1.5) (< wpa81)) (&& (< monoandroid) (< net20) (>= netstandard1.5)) (&& (< net20) (>= netstandard1.0) (< portable-net45+win8+wpa81)) (&& (< net20) (>= netstandard1.1) (< portable-net451+win81+wpa81)) (&& (< net20) (>= netstandard1.3) (< portable-net45+win8+wpa81)) (&& (< net20) (>= netstandard1.3) (< portable-net451+win81+wpa81)) (&& (< net45) (>= net46) (< netstandard1.3)) (&& (< net45) (>= net46) (>= netstandard1.4) (< netstandard1.5)) (&& (< net45) (>= net46) (< netstandard1.4)) (&& (< net45) (>= net46) (>= netstandard1.5)) (&& (< net45) (>= net46) (< portable-net451+win81+wpa81)) (&& (>= net46) (< portable-net45+win8+wpa81)) (&& (>= net46) (>= uap10.0)) (&& (< net46) (>= netstandard2.0)) (&& (< netstandard1.3) (>= uap10.0)) (>= netstandard1.6) (&& (>= uap10.0) (< uap10.1))
      System.Collections (>= 4.3) - restriction: || (>= dnxcore50) (&& (< monotouch) (< net45) (>= netstandard1.3) (< win8) (< wpa81) (< xamarinios) (< xamarinmac) (< xamarintvos) (< xamarinwatchos))
      System.Diagnostics.Debug (>= 4.3) - restriction: || (>= dnxcore50) (&& (< monotouch) (< net45) (>= netstandard1.3) (< win8) (< wpa81) (< xamarinios) (< xamarinmac) (< xamarintvos) (< xamarinwatchos))
      System.Diagnostics.Tools (>= 4.3) - restriction: || (>= dnxcore50) (&& (< monotouch) (< net45) (>= netstandard1.3) (< win8) (< wpa81) (< xamarinios) (< xamarinmac) (< xamarintvos) (< xamarinwatchos))
      System.Globalization (>= 4.3) - restriction: || (>= dnxcore50) (&& (< monotouch) (< net45) (>= netstandard1.3) (< win8) (< wpa81) (< xamarinios) (< xamarinmac) (< xamarintvos) (< xamarinwatchos))
      System.IO (>= 4.3) - restriction: || (>= dnxcore50) (&& (< monoandroid) (< net45) (>= netstandard1.0) (< netstandard1.3) (< win8) (< wp8) (< wpa81)) (&& (< monotouch) (< net45) (>= netstandard1.3) (< win8) (< wpa81) (< xamarinios) (< xamarinmac) (< xamarintvos) (< xamarinwatchos))
      System.Reflection (>= 4.3) - restriction: || (>= dnxcore50) (&& (< monotouch) (< net45) (>= netstandard1.3) (< win8) (< wpa81) (< xamarinios) (< xamarinmac) (< xamarintvos) (< xamarinwatchos))
      System.Resources.ResourceManager (>= 4.3) - restriction: || (>= dnxcore50) (&& (< monotouch) (< net45) (>= netstandard1.3) (< win8) (< wpa81) (< xamarinios) (< xamarinmac) (< xamarintvos) (< xamarinwatchos))
      System.Runtime (>= 4.3) - restriction: || (>= dnxcore50) (&& (< monoandroid) (< net45) (>= netstandard1.0) (< netstandard1.3) (< win8) (< wp8) (< wpa81)) (&& (< monotouch) (< net45) (>= netstandard1.3) (< win8) (< wpa81) (< xamarinios) (< xamarinmac) (< xamarintvos) (< xamarinwatchos))
      System.Runtime.Extensions (>= 4.3) - restriction: || (>= dnxcore50) (&& (< monotouch) (< net45) (>= netstandard1.3) (< win8) (< wpa81) (< xamarinios) (< xamarinmac) (< xamarintvos) (< xamarinwatchos))
      System.Text.Encoding (>= 4.3) - restriction: || (>= dnxcore50) (&& (< monotouch) (< net45) (>= netstandard1.3) (< win8) (< wpa81) (< xamarinios) (< xamarinmac) (< xamarintvos) (< xamarinwatchos))
      System.Threading (>= 4.3) - restriction: || (>= dnxcore50) (&& (< monotouch) (< net45) (>= netstandard1.3) (< win8) (< wpa81) (< xamarinios) (< xamarinmac) (< xamarintvos) (< xamarinwatchos))
      System.Xml.ReaderWriter (>= 4.3) - restriction: || (>= dnxcore50) (&& (< monoandroid) (< net45) (>= netstandard1.0) (< netstandard1.3) (< win8) (< wp8) (< wpa81)) (&& (< monotouch) (< net45) (>= netstandard1.3) (< win8) (< wpa81) (< xamarinios) (< xamarinmac) (< xamarintvos) (< xamarinwatchos))
    System.Xml.XmlDocument (4.3) - restriction: || (&& (< monotouch) (>= netstandard1.6) (< xamarinios) (< xamarinmac) (< xamarintvos) (< xamarinwatchos)) (&& (< net20) (>= net46)) (&& (< net20) (>= netstandard1.3)) (&& (< net20) (>= netstandard1.6)) (&& (>= net46) (>= netstandard1.6))
      System.Collections (>= 4.3) - restriction: && (< monotouch) (< net46) (>= netstandard1.3) (< xamarinios) (< xamarinmac) (< xamarintvos) (< xamarinwatchos)
      System.Diagnostics.Debug (>= 4.3) - restriction: && (< monotouch) (< net46) (>= netstandard1.3) (< xamarinios) (< xamarinmac) (< xamarintvos) (< xamarinwatchos)
      System.Globalization (>= 4.3) - restriction: && (< monotouch) (< net46) (>= netstandard1.3) (< xamarinios) (< xamarinmac) (< xamarintvos) (< xamarinwatchos)
      System.IO (>= 4.3) - restriction: && (< monotouch) (< net46) (>= netstandard1.3) (< xamarinios) (< xamarinmac) (< xamarintvos) (< xamarinwatchos)
      System.Resources.ResourceManager (>= 4.3) - restriction: && (< monotouch) (< net46) (>= netstandard1.3) (< xamarinios) (< xamarinmac) (< xamarintvos) (< xamarinwatchos)
      System.Runtime (>= 4.3) - restriction: && (< monotouch) (< net46) (>= netstandard1.3) (< xamarinios) (< xamarinmac) (< xamarintvos) (< xamarinwatchos)
      System.Runtime.Extensions (>= 4.3) - restriction: && (< monotouch) (< net46) (>= netstandard1.3) (< xamarinios) (< xamarinmac) (< xamarintvos) (< xamarinwatchos)
      System.Text.Encoding (>= 4.3) - restriction: && (< monotouch) (< net46) (>= netstandard1.3) (< xamarinios) (< xamarinmac) (< xamarintvos) (< xamarinwatchos)
      System.Threading (>= 4.3) - restriction: && (< monotouch) (< net46) (>= netstandard1.3) (< xamarinios) (< xamarinmac) (< xamarintvos) (< xamarinwatchos)
      System.Xml.ReaderWriter (>= 4.3) - restriction: && (< monotouch) (< net46) (>= netstandard1.3) (< xamarinios) (< xamarinmac) (< xamarintvos) (< xamarinwatchos)
    System.Xml.XPath (4.3) - restriction: || (&& (< monotouch) (>= netstandard1.6) (< xamarinios) (< xamarinmac) (< xamarintvos) (< xamarinwatchos)) (&& (>= net46) (>= netstandard1.6)) (&& (< net46) (>= netstandard1.6) (< netstandard2.0)) (&& (< net46) (>= netstandard2.0))
      System.Collections (>= 4.3) - restriction: && (< monotouch) (< net46) (>= netstandard1.3) (< xamarinios) (< xamarinmac) (< xamarintvos) (< xamarinwatchos)
      System.Diagnostics.Debug (>= 4.3) - restriction: && (< monotouch) (< net46) (>= netstandard1.3) (< xamarinios) (< xamarinmac) (< xamarintvos) (< xamarinwatchos)
      System.Globalization (>= 4.3) - restriction: && (< monotouch) (< net46) (>= netstandard1.3) (< xamarinios) (< xamarinmac) (< xamarintvos) (< xamarinwatchos)
      System.IO (>= 4.3) - restriction: && (< monotouch) (< net46) (>= netstandard1.3) (< xamarinios) (< xamarinmac) (< xamarintvos) (< xamarinwatchos)
      System.Resources.ResourceManager (>= 4.3) - restriction: && (< monotouch) (< net46) (>= netstandard1.3) (< xamarinios) (< xamarinmac) (< xamarintvos) (< xamarinwatchos)
      System.Runtime (>= 4.3) - restriction: && (< monotouch) (< net46) (>= netstandard1.3) (< xamarinios) (< xamarinmac) (< xamarintvos) (< xamarinwatchos)
      System.Runtime.Extensions (>= 4.3) - restriction: && (< monotouch) (< net46) (>= netstandard1.3) (< xamarinios) (< xamarinmac) (< xamarintvos) (< xamarinwatchos)
      System.Threading (>= 4.3) - restriction: && (< monotouch) (< net46) (>= netstandard1.3) (< xamarinios) (< xamarinmac) (< xamarintvos) (< xamarinwatchos)
      System.Xml.ReaderWriter (>= 4.3) - restriction: && (< monotouch) (< net46) (>= netstandard1.3) (< xamarinios) (< xamarinmac) (< xamarintvos) (< xamarinwatchos)
    System.Xml.XPath.XDocument (4.3) - restriction: || (&& (< net46) (>= netstandard2.0)) (>= netstandard1.6)
      System.Diagnostics.Debug (>= 4.3) - restriction: && (< monotouch) (< net46) (>= netstandard1.3) (< xamarinios) (< xamarinmac) (< xamarintvos) (< xamarinwatchos)
      System.Linq (>= 4.3) - restriction: && (< monotouch) (< net46) (>= netstandard1.3) (< xamarinios) (< xamarinmac) (< xamarintvos) (< xamarinwatchos)
      System.Resources.ResourceManager (>= 4.3) - restriction: && (< monotouch) (< net46) (>= netstandard1.3) (< xamarinios) (< xamarinmac) (< xamarintvos) (< xamarinwatchos)
      System.Runtime (>= 4.3) - restriction: && (< monotouch) (< net46) (>= netstandard1.3) (< xamarinios) (< xamarinmac) (< xamarintvos) (< xamarinwatchos)
      System.Runtime.Extensions (>= 4.3) - restriction: && (< monotouch) (< net46) (>= netstandard1.3) (< xamarinios) (< xamarinmac) (< xamarintvos) (< xamarinwatchos)
      System.Threading (>= 4.3) - restriction: && (< monotouch) (< net46) (>= netstandard1.3) (< xamarinios) (< xamarinmac) (< xamarintvos) (< xamarinwatchos)
      System.Xml.ReaderWriter (>= 4.3) - restriction: && (< monotouch) (< net46) (>= netstandard1.3) (< xamarinios) (< xamarinmac) (< xamarintvos) (< xamarinwatchos)
      System.Xml.XDocument (>= 4.3) - restriction: && (< monotouch) (< net46) (>= netstandard1.3) (< xamarinios) (< xamarinmac) (< xamarintvos) (< xamarinwatchos)
      System.Xml.XPath (>= 4.3) - restriction: || (&& (< monotouch) (>= netstandard1.3) (< xamarinios) (< xamarinmac) (< xamarintvos) (< xamarinwatchos)) (>= net46)
    System.Xml.XPath.XmlDocument (4.3) - restriction: || (&& (< net46) (>= netstandard2.0)) (>= netstandard1.6)
      System.Collections (>= 4.3) - restriction: && (< monotouch) (< net46) (>= netstandard1.3) (< xamarinios) (< xamarinmac) (< xamarintvos) (< xamarinwatchos)
      System.Globalization (>= 4.3) - restriction: && (< monotouch) (< net46) (>= netstandard1.3) (< xamarinios) (< xamarinmac) (< xamarintvos) (< xamarinwatchos)
      System.IO (>= 4.3) - restriction: && (< monotouch) (< net46) (>= netstandard1.3) (< xamarinios) (< xamarinmac) (< xamarintvos) (< xamarinwatchos)
      System.Resources.ResourceManager (>= 4.3) - restriction: && (< monotouch) (< net46) (>= netstandard1.3) (< xamarinios) (< xamarinmac) (< xamarintvos) (< xamarinwatchos)
      System.Runtime (>= 4.3) - restriction: && (< monotouch) (< net46) (>= netstandard1.3) (< xamarinios) (< xamarinmac) (< xamarintvos) (< xamarinwatchos)
      System.Runtime.Extensions (>= 4.3) - restriction: && (< monotouch) (< net46) (>= netstandard1.3) (< xamarinios) (< xamarinmac) (< xamarintvos) (< xamarinwatchos)
      System.Threading (>= 4.3) - restriction: && (< monotouch) (< net46) (>= netstandard1.3) (< xamarinios) (< xamarinmac) (< xamarintvos) (< xamarinwatchos)
      System.Xml.ReaderWriter (>= 4.3) - restriction: && (< monotouch) (< net46) (>= netstandard1.3) (< xamarinios) (< xamarinmac) (< xamarintvos) (< xamarinwatchos)
      System.Xml.XmlDocument (>= 4.3) - restriction: || (&& (< monotouch) (>= netstandard1.3) (< xamarinios) (< xamarinmac) (< xamarintvos) (< xamarinwatchos)) (>= net46)
      System.Xml.XPath (>= 4.3) - restriction: || (&& (< monotouch) (>= netstandard1.3) (< xamarinios) (< xamarinmac) (< xamarintvos) (< xamarinwatchos)) (>= net46)
